{
  "bids_meta": {
    "AcquisitionMatrixPE": 238,
    "ConversionSoftware": "dcm2niix",
    "DeviceSerialNumber": "42292",
    "EchoTime": 0.003996,
    "EchoTrainLength": 159,
    "FlipAngle": 8,
    "ImageType": [
      "ORIGINAL",
      "PRIMARY",
      "M",
      "FFE",
      "M",
      "FFE"
    ],
    "InPlanePhaseEncodingDirectionDICOM": "ROW",
    "InstitutionName": "Klinikum_rechts_der_Isar",
    "InstitutionalDepartmentName": "MRT",
    "MRAcquisitionType": "3D",
    "MagneticFieldStrength": 3,
    "Manufacturer": "Philips",
    "ManufacturersModelName": "Ingenia",
    "Modality": "MR",
    "PatientPosition": "HFS",
    "PercentPhaseFOV": 100,
    "PhaseEncodingSteps": 238,
    "ProcedureStepDescription": "Studie_MR",
    "ReconMatrixPE": 256,
    "RepetitionTime": 0.009,
    "ScanOptions": "OTHER",
    "ScanningSequence": "GR",
    "SequenceVariant": "MP",
    "SliceThickness": 1,
    "SoftwareVersions": "5.1.8_5.1.8.1",
    "SpacingBetweenSlices": 1,
    "StationName": "mrkh",
    "dataset": "ds001927",
    "modality": "T1w",
    "session_id": "ctr",
    "subject_id": "s012"
  },
  "cjv": 0.2601566273842509,
  "cnr": 4.729666634550136,
  "efc": 0.7972728155157335,
  "fber": 940.8737182617188,
  "fwhm_avg": 4.490566237184815,
  "fwhm_x": 4.82436,
  "fwhm_y": 4.63347138390068,
  "fwhm_z": 4.013867327653765,
  "icvs_csf": 0.24570744870873484,
  "icvs_gm": 0.3803168723885615,
  "icvs_wm": 0.37397567890270367,
  "inu_med": 1.1509227752685547,
  "inu_range": 0.39601905941963167,
  "provenance": {
    "md5sum": "9387739a28c03fa8c5f5eea753ad9b05",
    "settings": {
      "testing": false
    },
    "software": "mriqc",
    "version": "22.0.0rc1",
    "warnings": {
      "large_rot_frame": true,
      "small_air_mask": true
    },
    "webapi_port": null,
    "webapi_url": "https://mriqc.nimh.nih.gov/api/v1"
  },
  "qi_1": 0.0,
  "qi_2": 0.001699213573928066,
  "rpve_csf": 20.732199007559036,
  "rpve_gm": 12.77292521882036,
  "rpve_wm": 17.40977889497826,
  "size_x": 170,
  "size_y": 256,
  "size_z": 256,
  "snr_csf": 2.6181352079245883,
  "snr_gm": 9.464384446076073,
  "snr_total": 12.185472232093174,
  "snr_wm": 24.473897042278857,
  "snrd_csf": 18.145048786002743,
  "snrd_gm": 35.544369230916686,
  "snrd_total": 36.761846633685415,
  "snrd_wm": 56.596121884136814,
  "spacing_x": 1.0,
  "spacing_y": 0.943651020526886,
  "spacing_z": 0.943651020526886,
  "summary_bg_k": 21.55322643370394,
  "summary_bg_mad": 11.57570791876152,
  "summary_bg_mean": 14.67884635925293,
  "summary_bg_median": 15.925651550292969,
  "summary_bg_n": 207199.0,
  "summary_bg_p05": 0.0,
  "summary_bg_p95": 32.610565948486325,
  "summary_bg_stdv": 10.600168228149414,
  "summary_csf_k": -0.3266746079224023,
  "summary_csf_mad": 104.08492639511397,
  "summary_csf_mean": 293.9039306640625,
  "summary_csf_median": 320.60772705078125,
  "summary_csf_n": 11432.0,
  "summary_csf_p05": 51.65425605773926,
  "summary_csf_p95": 457.16033630371084,
  "summary_csf_stdv": 122.45116424560547,
  "summary_gm_k": 0.4038647353158984,
  "summary_gm_mad": 63.34789895991824,
  "summary_gm_mean": 628.9818725585938,
  "summary_gm_median": 628.0390625,
  "summary_gm_n": 21776.0,
  "summary_gm_p05": 521.4207153320312,
  "summary_gm_p95": 738.7833099365234,
  "summary_gm_stdv": 66.35662841796875,
  "summary_wm_k": 2.124398219827439,
  "summary_wm_mad": 33.421712535304074,
  "summary_wm_mean": 997.9939575195312,
  "summary_wm_median": 1000.0057983398438,
  "summary_wm_n": 231105.0,
  "summary_wm_p05": 928.4978637695312,
  "summary_wm_p95": 1060.0549560546874,
  "summary_wm_stdv": 40.860008239746094,
  "tpm_overlap_csf": 0.1552230268716812,
  "tpm_overlap_gm": 0.4302351474761963,
  "tpm_overlap_wm": 0.511984646320343,
  "wm2max": 0.5452884738180975
}