{
  "aor": 0.0003683166666666667,
  "aqi": 0.010900101583333335,
  "bids_meta": {
    "AcquisitionMatrixPE": 62,
    "ConversionSoftware": "dcm2niix",
    "DeviceSerialNumber": "42292",
    "EchoTime": 0.03,
    "EchoTrainLength": 31,
    "FlipAngle": 70,
    "ImageType": [
      "ORIGINAL",
      "PRIMARY",
      "M",
      "FFE",
      "M",
      "FFE"
    ],
    "InPlanePhaseEncodingDirectionDICOM": "COL",
    "InstitutionName": "Klinikum_rechts_der_Isar",
    "InstitutionalDepartmentName": "MRT",
    "MRAcquisitionType": "2D",
    "MagneticFieldStrength": 3,
    "Manufacturer": "Philips",
    "ManufacturersModelName": "Ingenia",
    "Modality": "MR",
    "MultibandAccelerationFactor": 2,
    "PatientPosition": "HFS",
    "PercentPhaseFOV": 100,
    "PhaseEncodingSteps": 62,
    "ProcedureStepDescription": "Studie_MR",
    "ReconMatrixPE": 64,
    "RepetitionTime": 1.25,
    "ScanOptions": "FS",
    "ScanningSequence": "GR",
    "SequenceVariant": "SK",
    "SliceThickness": 3,
    "SoftwareVersions": "5.1.8_5.1.8.1",
    "SpacingBetweenSlices": 3.3,
    "StationName": "mrkh",
    "TaskName": "Rest Post",
    "dataset": "ds001927",
    "modality": "bold",
    "session_id": "occ",
    "subject_id": "s008",
    "task_id": "restpost"
  },
  "dummy_trs": 0,
  "dvars_nstd": 29.896810050651112,
  "dvars_std": 1.202512590684473,
  "dvars_vstd": 0.9937898877629392,
  "efc": 0.513491956189687,
  "fber": 25154.580078125,
  "fd_mean": 0.11236379242029633,
  "fd_num": 29,
  "fd_perc": 4.833333333333333,
  "fwhm_avg": 1.56529586568812,
  "fwhm_x": 1.5237100000000001,
  "fwhm_y": 1.69762,
  "fwhm_z": 1.4745575970643592,
  "gcor": 0.016948,
  "gsr_x": -0.002531853737309575,
  "gsr_y": 0.015636160969734192,
  "provenance": {
    "md5sum": "fa4cea165e06af85bbc8b8edab26a5a8",
    "settings": {
      "fd_thres": 0.2,
      "testing": false
    },
    "software": "mriqc",
    "version": "22.0.0rc1",
    "webapi_port": null,
    "webapi_url": "https://mriqc.nimh.nih.gov/api/v1"
  },
  "size_t": 600,
  "size_x": 64,
  "size_y": 64,
  "size_z": 40,
  "snr": 7.132674861570252,
  "spacing_tr": 1.25,
  "spacing_x": 3.0,
  "spacing_y": 3.0,
  "spacing_z": 3.299999952316284,
  "summary_bg_k": 31.927097825341775,
  "summary_bg_mad": 10.028482855801872,
  "summary_bg_mean": 39.17996597290039,
  "summary_bg_median": 7.735445976257324,
  "summary_bg_n": 93681.0,
  "summary_bg_p05": 0.6604554653167725,
  "summary_bg_p95": 167.3563232421875,
  "summary_bg_stdv": 86.79090118408203,
  "summary_fg_k": 3.069900826278979,
  "summary_fg_mad": 166.95762392527115,
  "summary_fg_mean": 1327.2445068359375,
  "summary_fg_median": 1315.855712890625,
  "summary_fg_n": 34018.0,
  "summary_fg_p05": 1072.7692626953126,
  "summary_fg_p95": 1616.5043334960938,
  "summary_fg_stdv": 184.48007202148438,
  "tsnr": 56.61377716064453
}