{
  "aor": 0.00024206666666666662,
  "aqi": 0.010700339516666667,
  "bids_meta": {
    "AcquisitionMatrixPE": 62,
    "ConversionSoftware": "dcm2niix",
    "DeviceSerialNumber": "42292",
    "EchoTime": 0.03,
    "EchoTrainLength": 31,
    "FlipAngle": 70,
    "ImageType": [
      "ORIGINAL",
      "PRIMARY",
      "M",
      "FFE",
      "M",
      "FFE"
    ],
    "InPlanePhaseEncodingDirectionDICOM": "COL",
    "InstitutionName": "Klinikum_rechts_der_Isar",
    "InstitutionalDepartmentName": "MRT",
    "MRAcquisitionType": "2D",
    "MagneticFieldStrength": 3,
    "Manufacturer": "Philips",
    "ManufacturersModelName": "Ingenia",
    "Modality": "MR",
    "MultibandAccelerationFactor": 2,
    "PatientPosition": "HFS",
    "PercentPhaseFOV": 100,
    "PhaseEncodingSteps": 62,
    "ProcedureStepDescription": "Studie_MR",
    "ReconMatrixPE": 64,
    "RepetitionTime": 1.25,
    "ScanOptions": "FS",
    "ScanningSequence": "GR",
    "SequenceVariant": "SK",
    "SliceThickness": 3,
    "SoftwareVersions": "5.1.8_5.1.8.1",
    "SpacingBetweenSlices": 3.3,
    "StationName": "mrkh",
    "TaskName": "Rest Pre",
    "dataset": "ds001927",
    "modality": "bold",
    "session_id": "occ",
    "subject_id": "s008",
    "task_id": "restpre"
  },
  "dummy_trs": 0,
  "dvars_nstd": 28.33622467864777,
  "dvars_std": 1.1561060960601004,
  "dvars_vstd": 0.994488119415693,
  "efc": 0.5073938514567575,
  "fber": 38102.57421875,
  "fd_mean": 0.12587716608679195,
  "fd_num": 37,
  "fd_perc": 6.166666666666667,
  "fwhm_avg": 1.6023132396251167,
  "fwhm_x": 1.5658733333333332,
  "fwhm_y": 1.7250633333333332,
  "fwhm_z": 1.5160030522086845,
  "gcor": 0.0101207,
  "gsr_x": -0.0012623067013919353,
  "gsr_y": 0.016741635277867317,
  "provenance": {
    "md5sum": "2ff80b5f6a4683610a5ebcb44a7b0f8a",
    "settings": {
      "fd_thres": 0.2,
      "testing": false
    },
    "software": "mriqc",
    "version": "22.0.0rc1",
    "webapi_port": null,
    "webapi_url": "https://mriqc.nimh.nih.gov/api/v1"
  },
  "size_t": 600,
  "size_x": 64,
  "size_y": 64,
  "size_z": 40,
  "snr": 7.170117201182079,
  "spacing_tr": 1.25,
  "spacing_x": 3.0,
  "spacing_y": 3.0,
  "spacing_z": 3.299999952316284,
  "summary_bg_k": 33.510764147991075,
  "summary_bg_mad": 7.87655851043923,
  "summary_bg_mean": 34.70000457763672,
  "summary_bg_median": 6.069643497467041,
  "summary_bg_n": 94112.0,
  "summary_bg_p05": 0.644180366396904,
  "summary_bg_p95": 144.46008377075194,
  "summary_bg_stdv": 76.72128295898438,
  "summary_fg_k": 2.1968246496885655,
  "summary_fg_mad": 168.8485208953574,
  "summary_fg_mean": 1304.70654296875,
  "summary_fg_median": 1293.53271484375,
  "summary_fg_n": 33655.0,
  "summary_fg_p05": 1053.82685546875,
  "summary_fg_p95": 1594.477783203125,
  "summary_fg_stdv": 180.4033966064453,
  "tsnr": 55.13428497314453
}