{
  "aor": 0.00060885,
  "aqi": 0.0181985845,
  "bids_meta": {
    "AcquisitionMatrixPE": 62,
    "ConversionSoftware": "dcm2niix",
    "DeviceSerialNumber": "42292",
    "EchoTime": 0.03,
    "EchoTrainLength": 31,
    "FlipAngle": 70,
    "ImageType": [
      "ORIGINAL",
      "PRIMARY",
      "M",
      "FFE",
      "M",
      "FFE"
    ],
    "InPlanePhaseEncodingDirectionDICOM": "COL",
    "InstitutionName": "Klinikum_rechts_der_Isar",
    "InstitutionalDepartmentName": "MRT",
    "MRAcquisitionType": "2D",
    "MagneticFieldStrength": 3,
    "Manufacturer": "Philips",
    "ManufacturersModelName": "Ingenia",
    "Modality": "MR",
    "MultibandAccelerationFactor": 2,
    "PatientPosition": "HFS",
    "PercentPhaseFOV": 100,
    "PhaseEncodingSteps": 62,
    "ProcedureStepDescription": "Studie_MR",
    "ReconMatrixPE": 64,
    "RepetitionTime": 1.25,
    "ScanOptions": "FS",
    "ScanningSequence": "GR",
    "SequenceVariant": "SK",
    "SliceThickness": 3,
    "SoftwareVersions": "5.1.8_5.1.8.1",
    "SpacingBetweenSlices": 3.3,
    "StationName": "mrkh",
    "TaskName": "Rest Pre",
    "dataset": "ds001927",
    "modality": "bold",
    "session_id": "fro",
    "subject_id": "s022",
    "task_id": "restpre"
  },
  "dummy_trs": 0,
  "dvars_nstd": 38.027822121886466,
  "dvars_std": 1.1980991474123552,
  "dvars_vstd": 0.9897196108681128,
  "efc": 0.5479567395584004,
  "fber": 12494.5966796875,
  "fd_mean": 0.1875237756004878,
  "fd_num": 213,
  "fd_perc": 35.5,
  "fwhm_avg": 1.647172532865339,
  "fwhm_x": 1.6093866666666665,
  "fwhm_y": 1.7515733333333332,
  "fwhm_z": 1.580557598596018,
  "gcor": 0.031094,
  "gsr_x": 0.010805401019752026,
  "gsr_y": 0.01456387434154749,
  "provenance": {
    "md5sum": "f7b63040938e84b928f3233de6e5ea6d",
    "settings": {
      "fd_thres": 0.2,
      "testing": false
    },
    "software": "mriqc",
    "version": "22.0.0rc1",
    "webapi_port": null,
    "webapi_url": "https://mriqc.nimh.nih.gov/api/v1"
  },
  "size_t": 600,
  "size_x": 64,
  "size_y": 64,
  "size_z": 40,
  "snr": 6.165799796464001,
  "spacing_tr": 1.25,
  "spacing_x": 3.0,
  "spacing_y": 3.0,
  "spacing_z": 3.299999952316284,
  "summary_bg_k": 14.19383752497572,
  "summary_bg_mad": 13.094312685129335,
  "summary_bg_mean": 54.35612869262695,
  "summary_bg_median": 9.633427619934082,
  "summary_bg_n": 89711.0,
  "summary_bg_p05": 0.559695303440094,
  "summary_bg_p95": 259.1202850341797,
  "summary_bg_stdv": 107.26392364501953,
  "summary_fg_k": 2.5253159147799638,
  "summary_fg_mad": 172.01497700070092,
  "summary_fg_mean": 1229.7733154296875,
  "summary_fg_median": 1205.168701171875,
  "summary_fg_n": 37191.0,
  "summary_fg_p05": 975.61083984375,
  "summary_fg_p95": 1558.6404418945312,
  "summary_fg_stdv": 195.45761108398438,
  "tsnr": 40.5499267578125
}