{
  "aor": 0.0004022166666666667,
  "aqi": 0.010507586933333334,
  "bids_meta": {
    "AcquisitionMatrixPE": 62,
    "ConversionSoftware": "dcm2niix",
    "DeviceSerialNumber": "42292",
    "EchoTime": 0.03,
    "EchoTrainLength": 31,
    "FlipAngle": 70,
    "ImageType": [
      "ORIGINAL",
      "PRIMARY",
      "M",
      "FFE",
      "M",
      "FFE"
    ],
    "InPlanePhaseEncodingDirectionDICOM": "COL",
    "InstitutionName": "Klinikum_rechts_der_Isar",
    "InstitutionalDepartmentName": "MRT",
    "MRAcquisitionType": "2D",
    "MagneticFieldStrength": 3,
    "Manufacturer": "Philips",
    "ManufacturersModelName": "Ingenia",
    "Modality": "MR",
    "MultibandAccelerationFactor": 2,
    "PatientPosition": "HFS",
    "PercentPhaseFOV": 100,
    "PhaseEncodingSteps": 62,
    "ProcedureStepDescription": "Studie_MR",
    "ReconMatrixPE": 64,
    "RepetitionTime": 1.25,
    "ScanOptions": "FS",
    "ScanningSequence": "GR",
    "SequenceVariant": "SK",
    "SliceThickness": 3,
    "SoftwareVersions": "5.1.8_5.1.8.1",
    "SpacingBetweenSlices": 3.3,
    "StationName": "mrkh",
    "TaskName": "Rest Post",
    "dataset": "ds001927",
    "modality": "bold",
    "session_id": "fro",
    "subject_id": "s011",
    "task_id": "restpost"
  },
  "dummy_trs": 0,
  "dvars_nstd": 30.263659013989997,
  "dvars_std": 1.1600340924373955,
  "dvars_vstd": 0.9838530933222035,
  "efc": 0.520508210210486,
  "fber": 20972.197265625,
  "fd_mean": 0.09409263250480786,
  "fd_num": 12,
  "fd_perc": 2.0,
  "fwhm_avg": 1.6996853753679986,
  "fwhm_x": 1.6620303068278774,
  "fwhm_y": 1.8095257957593762,
  "fwhm_z": 1.627500023516742,
  "gcor": 0.00577053,
  "gsr_x": -0.005624423269182444,
  "gsr_y": 0.02454029582440853,
  "provenance": {
    "md5sum": "b20ab49da27be067dbac288d4f5c9efd",
    "settings": {
      "fd_thres": 0.2,
      "testing": false
    },
    "software": "mriqc",
    "version": "22.0.0rc1",
    "webapi_port": null,
    "webapi_url": "https://mriqc.nimh.nih.gov/api/v1"
  },
  "size_t": 600,
  "size_x": 64,
  "size_y": 64,
  "size_z": 40,
  "snr": 6.285353499882906,
  "spacing_tr": 1.25,
  "spacing_x": 2.9997527599334717,
  "spacing_y": 2.9997527599334717,
  "spacing_z": 3.299999952316284,
  "summary_bg_k": 22.995418241186993,
  "summary_bg_mad": 10.083200751207087,
  "summary_bg_mean": 40.721187591552734,
  "summary_bg_median": 7.795199394226074,
  "summary_bg_n": 92604.0,
  "summary_bg_p05": 0.7233201503753662,
  "summary_bg_p95": 176.0612121582029,
  "summary_bg_stdv": 83.25505828857422,
  "summary_fg_k": 1.9349276762402905,
  "summary_fg_mad": 181.92137319629921,
  "summary_fg_mean": 1296.170166015625,
  "summary_fg_median": 1279.962158203125,
  "summary_fg_n": 34718.0,
  "summary_fg_p05": 1001.2477722167969,
  "summary_fg_p95": 1632.1607788085937,
  "summary_fg_stdv": 203.63909912109375,
  "tsnr": 51.699462890625
}