{
  "bids_meta": {
    "AcquisitionMatrixPE": 238,
    "ConversionSoftware": "dcm2niix",
    "DeviceSerialNumber": "42292",
    "EchoTime": 0.003996,
    "EchoTrainLength": 159,
    "FlipAngle": 8,
    "ImageType": [
      "ORIGINAL",
      "PRIMARY",
      "M",
      "FFE",
      "M",
      "FFE"
    ],
    "InPlanePhaseEncodingDirectionDICOM": "ROW",
    "InstitutionName": "Klinikum_rechts_der_Isar",
    "InstitutionalDepartmentName": "MRT",
    "MRAcquisitionType": "3D",
    "MagneticFieldStrength": 3,
    "Manufacturer": "Philips",
    "ManufacturersModelName": "Ingenia",
    "Modality": "MR",
    "PatientPosition": "HFS",
    "PercentPhaseFOV": 100,
    "PhaseEncodingSteps": 238,
    "ProcedureStepDescription": "Studie_MR",
    "ReconMatrixPE": 256,
    "RepetitionTime": 0.009,
    "ScanOptions": "OTHER",
    "ScanningSequence": "GR",
    "SequenceVariant": "MP",
    "SliceThickness": 1,
    "SoftwareVersions": "5.1.8_5.1.8.1",
    "SpacingBetweenSlices": 1,
    "StationName": "mrkh",
    "dataset": "ds001927",
    "modality": "T1w",
    "session_id": "occ",
    "subject_id": "s007"
  },
  "cjv": 0.3417677785734542,
  "cnr": 3.568883915032096,
  "efc": 0.7960887576582532,
  "fber": 166.058837890625,
  "fwhm_avg": 3.5213166390745854,
  "fwhm_x": 3.43321,
  "fwhm_y": 3.79427343595819,
  "fwhm_z": 3.336466481265566,
  "icvs_csf": 0.24799398399579867,
  "icvs_gm": 0.3544007771119495,
  "icvs_wm": 0.39760523889225186,
  "inu_med": 0.4230419993400574,
  "inu_range": 0.1518283635377884,
  "provenance": {
    "md5sum": "d39084e4f264cd2bff5538df4c39aae0",
    "settings": {
      "testing": false
    },
    "software": "mriqc",
    "version": "22.0.0rc1",
    "warnings": {
      "large_rot_frame": true,
      "small_air_mask": true
    },
    "webapi_port": null,
    "webapi_url": "https://mriqc.nimh.nih.gov/api/v1"
  },
  "qi_1": 0.0,
  "qi_2": 0.0029388604886161043,
  "rpve_csf": 19.535453589173674,
  "rpve_gm": 12.508909915552975,
  "rpve_wm": 15.72908897971012,
  "size_x": 170,
  "size_y": 256,
  "size_z": 256,
  "snr_csf": 3.6866107304100932,
  "snr_gm": 7.649419019053175,
  "snr_total": 10.78321458744076,
  "snr_wm": 21.01361401285901,
  "snrd_csf": 23.21583208008485,
  "snrd_gm": 39.16943890762714,
  "snrd_total": 40.89570354476053,
  "snrd_wm": 60.301839646569604,
  "spacing_x": 1.0,
  "spacing_y": 0.943651020526886,
  "spacing_z": 0.943651020526886,
  "summary_bg_k": 4.267803372029419,
  "summary_bg_mad": 10.864381906242116,
  "summary_bg_mean": 16.127506256103516,
  "summary_bg_median": 14.626168251037598,
  "summary_bg_n": 150294.0,
  "summary_bg_p05": 0.0,
  "summary_bg_p95": 37.566005325317384,
  "summary_bg_stdv": 12.931678771972656,
  "summary_csf_k": 1.1804317014423233,
  "summary_csf_mad": 92.95573854586647,
  "summary_csf_mean": 375.09576416015625,
  "summary_csf_median": 384.9971923828125,
  "summary_csf_n": 11136.0,
  "summary_csf_p05": 184.88800430297852,
  "summary_csf_p95": 525.158447265625,
  "summary_csf_stdv": 104.426513671875,
  "summary_gm_k": 0.5204447426192944,
  "summary_gm_mad": 76.14715215150629,
  "summary_gm_mean": 652.442138671875,
  "summary_gm_median": 649.5620727539062,
  "summary_gm_n": 16435.0,
  "summary_gm_p05": 515.5361755371093,
  "summary_gm_p95": 800.5155944824219,
  "summary_gm_stdv": 84.9139404296875,
  "summary_wm_k": 0.8780690090823096,
  "summary_wm_mad": 43.62428530934284,
  "summary_wm_mean": 998.5938720703125,
  "summary_wm_median": 1000.0089111328125,
  "summary_wm_n": 255230.0,
  "summary_wm_p05": 918.5349761962891,
  "summary_wm_p95": 1073.2210449218749,
  "summary_wm_stdv": 47.58852767944336,
  "tpm_overlap_csf": 0.14243116974830627,
  "tpm_overlap_gm": 0.3984644114971161,
  "tpm_overlap_wm": 0.4956091344356537,
  "wm2max": 0.6027334492581247
}