{
  "bids_meta": {
    "AcquisitionMatrixPE": 238,
    "ConversionSoftware": "dcm2niix",
    "DeviceSerialNumber": "42292",
    "EchoTime": 0.003996,
    "EchoTrainLength": 159,
    "FlipAngle": 8,
    "ImageType": [
      "ORIGINAL",
      "PRIMARY",
      "M",
      "FFE",
      "M",
      "FFE"
    ],
    "InPlanePhaseEncodingDirectionDICOM": "ROW",
    "InstitutionName": "Klinikum_rechts_der_Isar",
    "InstitutionalDepartmentName": "MRT",
    "MRAcquisitionType": "3D",
    "MagneticFieldStrength": 3,
    "Manufacturer": "Philips",
    "ManufacturersModelName": "Ingenia",
    "Modality": "MR",
    "PatientPosition": "HFS",
    "PercentPhaseFOV": 100,
    "PhaseEncodingSteps": 238,
    "ProcedureStepDescription": "Studie_MR",
    "ReconMatrixPE": 256,
    "RepetitionTime": 0.009,
    "ScanOptions": "OTHER",
    "ScanningSequence": "GR",
    "SequenceVariant": "MP",
    "SliceThickness": 1,
    "SoftwareVersions": "5.1.8_5.1.8.1",
    "SpacingBetweenSlices": 1,
    "StationName": "mrkh",
    "dataset": "ds001927",
    "modality": "T1w",
    "session_id": "ctr",
    "subject_id": "s004"
  },
  "cjv": 0.3387347091092972,
  "cnr": 3.694049851775804,
  "efc": 0.7846320285781251,
  "fber": 915.1948852539062,
  "fwhm_avg": 3.7619262198174894,
  "fwhm_x": 3.64609,
  "fwhm_y": 4.054125854560024,
  "fwhm_z": 3.5855628048924455,
  "icvs_csf": 0.22158451597063394,
  "icvs_gm": 0.4088126966228114,
  "icvs_wm": 0.36960278740655467,
  "inu_med": 0.8875848650932312,
  "inu_range": 0.3772623300552369,
  "provenance": {
    "md5sum": "2c60847376e3a5489f3d2d81fd28259d",
    "settings": {
      "testing": false
    },
    "software": "mriqc",
    "version": "22.0.0rc1",
    "warnings": {
      "large_rot_frame": true,
      "small_air_mask": true
    },
    "webapi_port": null,
    "webapi_url": "https://mriqc.nimh.nih.gov/api/v1"
  },
  "qi_1": 0.0,
  "qi_2": 0.003081143886562001,
  "rpve_csf": 22.80815041054165,
  "rpve_gm": 12.643240472187841,
  "rpve_wm": 18.309411848379643,
  "size_x": 170,
  "size_y": 256,
  "size_z": 256,
  "snr_csf": 3.6353445455019813,
  "snr_gm": 7.785166943442216,
  "snr_total": 10.215615122280685,
  "snr_wm": 19.226333877897858,
  "snrd_csf": 18.765737202082793,
  "snrd_gm": 31.616214716626704,
  "snrd_total": 33.321623534901576,
  "snrd_wm": 49.58291868599523,
  "spacing_x": 1.0,
  "spacing_y": 0.943651020526886,
  "spacing_z": 0.943651020526886,
  "summary_bg_k": 1.5618203744969215,
  "summary_bg_mad": 13.21301274264391,
  "summary_bg_mean": 19.711599349975586,
  "summary_bg_median": 17.804649353027344,
  "summary_bg_n": 152934.0,
  "summary_bg_p05": 0.0,
  "summary_bg_p95": 44.74586868286133,
  "summary_bg_stdv": 14.448480606079102,
  "summary_csf_k": 1.0924198458708974,
  "summary_csf_mad": 98.08362924515639,
  "summary_csf_mean": 374.6579895019531,
  "summary_csf_median": 378.4737548828125,
  "summary_csf_n": 6676.0,
  "summary_csf_p05": 195.14583206176758,
  "summary_csf_p95": 525.2996520996094,
  "summary_csf_stdv": 104.1016616821289,
  "summary_gm_k": 0.4075323929332826,
  "summary_gm_mad": 75.9397471048257,
  "summary_gm_mean": 639.6303100585938,
  "summary_gm_median": 637.6465454101562,
  "summary_gm_n": 18487.0,
  "summary_gm_p05": 508.42308044433594,
  "summary_gm_p95": 778.5317016601563,
  "summary_gm_stdv": 81.9030990600586,
  "summary_wm_k": 1.007154917192623,
  "summary_wm_mad": 46.80368160738937,
  "summary_wm_mean": 998.243408203125,
  "summary_wm_median": 1000.005126953125,
  "summary_wm_n": 203059.0,
  "summary_wm_p05": 909.9346801757813,
  "summary_wm_p95": 1079.484045410156,
  "summary_wm_stdv": 52.01213455200195,
  "tpm_overlap_csf": 0.1432066708803177,
  "tpm_overlap_gm": 0.4336794912815094,
  "tpm_overlap_wm": 0.5033582448959351,
  "wm2max": 0.552744318851663
}