{
  "aor": 0.0009010000000000001,
  "aqi": 0.010592825666666666,
  "bids_meta": {
    "AcquisitionMatrixPE": 62,
    "ConversionSoftware": "dcm2niix",
    "DeviceSerialNumber": "42292",
    "EchoTime": 0.03,
    "EchoTrainLength": 31,
    "FlipAngle": 70,
    "ImageType": [
      "ORIGINAL",
      "PRIMARY",
      "M",
      "FFE",
      "M",
      "FFE"
    ],
    "InPlanePhaseEncodingDirectionDICOM": "COL",
    "InstitutionName": "Klinikum_rechts_der_Isar",
    "InstitutionalDepartmentName": "MRT",
    "MRAcquisitionType": "2D",
    "MagneticFieldStrength": 3,
    "Manufacturer": "Philips",
    "ManufacturersModelName": "Ingenia",
    "Modality": "MR",
    "MultibandAccelerationFactor": 2,
    "PatientPosition": "HFS",
    "PercentPhaseFOV": 100,
    "PhaseEncodingSteps": 62,
    "ProcedureStepDescription": "Studie_MR",
    "ReconMatrixPE": 64,
    "RepetitionTime": 1.25,
    "ScanOptions": "FS",
    "ScanningSequence": "GR",
    "SequenceVariant": "SK",
    "SliceThickness": 3,
    "SoftwareVersions": "5.1.8_5.1.8.1",
    "SpacingBetweenSlices": 3.3,
    "StationName": "mrkh",
    "TaskName": "Rest Post",
    "dataset": "ds001927",
    "modality": "bold",
    "session_id": "fro",
    "subject_id": "s001",
    "task_id": "restpost"
  },
  "dummy_trs": 0,
  "dvars_nstd": 31.880348231035047,
  "dvars_std": 1.2343988666277128,
  "dvars_vstd": 1.0158353853923203,
  "efc": 0.5420410389434472,
  "fber": 17439.54296875,
  "fd_mean": 0.13084293333508393,
  "fd_num": 89,
  "fd_perc": 14.833333333333334,
  "fwhm_avg": 1.6249683912321622,
  "fwhm_x": 1.5750666666666666,
  "fwhm_y": 1.7647566666666668,
  "fwhm_z": 1.5350818403631532,
  "gcor": 0.0177444,
  "gsr_x": -0.004267998039722443,
  "gsr_y": 0.02996549755334854,
  "provenance": {
    "md5sum": "4c7157f3d365b69e5ab97e8219fe07ba",
    "settings": {
      "fd_thres": 0.2,
      "testing": false
    },
    "software": "mriqc",
    "version": "22.0.0rc1",
    "webapi_port": null,
    "webapi_url": "https://mriqc.nimh.nih.gov/api/v1"
  },
  "size_t": 600,
  "size_x": 64,
  "size_y": 64,
  "size_z": 40,
  "snr": 6.135666180416433,
  "spacing_tr": 1.25,
  "spacing_x": 3.0,
  "spacing_y": 3.0,
  "spacing_z": 3.299999952316284,
  "summary_bg_k": 17.666833000268976,
  "summary_bg_mad": 9.998867203956339,
  "summary_bg_mean": 45.4903678894043,
  "summary_bg_median": 7.675339698791504,
  "summary_bg_n": 89014.0,
  "summary_bg_p05": 0.6583171367645265,
  "summary_bg_p95": 211.40915985107398,
  "summary_bg_stdv": 95.03636932373047,
  "summary_fg_k": 1.9640820675311828,
  "summary_fg_mad": 178.38019444771646,
  "summary_fg_mean": 1213.9813232421875,
  "summary_fg_median": 1201.0367431640625,
  "summary_fg_n": 37660.0,
  "summary_fg_p05": 941.4723266601562,
  "summary_fg_p95": 1542.4177856445308,
  "summary_fg_stdv": 195.74415588378906,
  "tsnr": 51.27651596069336
}