{
  "aor": 0.00045291666666666673,
  "aqi": 0.010296871333333332,
  "bids_meta": {
    "AcquisitionMatrixPE": 62,
    "ConversionSoftware": "dcm2niix",
    "DeviceSerialNumber": "42292",
    "EchoTime": 0.03,
    "EchoTrainLength": 31,
    "FlipAngle": 70,
    "ImageType": [
      "ORIGINAL",
      "PRIMARY",
      "M",
      "FFE",
      "M",
      "FFE"
    ],
    "InPlanePhaseEncodingDirectionDICOM": "COL",
    "InstitutionName": "Klinikum_rechts_der_Isar",
    "InstitutionalDepartmentName": "MRT",
    "MRAcquisitionType": "2D",
    "MagneticFieldStrength": 3,
    "Manufacturer": "Philips",
    "ManufacturersModelName": "Ingenia",
    "Modality": "MR",
    "MultibandAccelerationFactor": 2,
    "PatientPosition": "HFS",
    "PercentPhaseFOV": 100,
    "PhaseEncodingSteps": 62,
    "ProcedureStepDescription": "Studie_MR",
    "ReconMatrixPE": 64,
    "RepetitionTime": 1.25,
    "ScanOptions": "FS",
    "ScanningSequence": "GR",
    "SequenceVariant": "SK",
    "SliceThickness": 3,
    "SoftwareVersions": "5.1.8_5.1.8.1",
    "SpacingBetweenSlices": 3.3,
    "StationName": "mrkh",
    "TaskName": "Rest Pre",
    "dataset": "ds001927",
    "modality": "bold",
    "session_id": "fro",
    "subject_id": "s001",
    "task_id": "restpre"
  },
  "dummy_trs": 0,
  "dvars_nstd": 31.377140073622712,
  "dvars_std": 1.1908142326043405,
  "dvars_vstd": 0.9966216230050079,
  "efc": 0.5393908291808583,
  "fber": 16809.03125,
  "fd_mean": 0.12922934776361503,
  "fd_num": 89,
  "fd_perc": 14.833333333333334,
  "fwhm_avg": 1.6290066741685836,
  "fwhm_x": 1.5865033333333332,
  "fwhm_y": 1.7429833333333333,
  "fwhm_z": 1.557533355839084,
  "gcor": 0.0173296,
  "gsr_x": -0.006398479919880629,
  "gsr_y": 0.02772531285881996,
  "provenance": {
    "md5sum": "c94549f2382c5f8e5964b3dd9919f4d2",
    "settings": {
      "fd_thres": 0.2,
      "testing": false
    },
    "software": "mriqc",
    "version": "22.0.0rc1",
    "webapi_port": null,
    "webapi_url": "https://mriqc.nimh.nih.gov/api/v1"
  },
  "size_t": 600,
  "size_x": 64,
  "size_y": 64,
  "size_z": 40,
  "snr": 6.208193160222475,
  "spacing_tr": 1.25,
  "spacing_x": 3.0,
  "spacing_y": 3.0,
  "spacing_z": 3.299999952316284,
  "summary_bg_k": 17.020210392539806,
  "summary_bg_mad": 10.757160932204766,
  "summary_bg_mean": 48.06442642211914,
  "summary_bg_median": 8.250405311584473,
  "summary_bg_n": 89651.0,
  "summary_bg_p05": 0.7695724666118622,
  "summary_bg_p95": 227.94957733154297,
  "summary_bg_stdv": 101.0840072631836,
  "summary_fg_k": 2.6200652905330486,
  "summary_fg_mad": 182.52358985670904,
  "summary_fg_mean": 1304.2908935546875,
  "summary_fg_median": 1288.38525390625,
  "summary_fg_n": 37210.0,
  "summary_fg_p05": 1020.1108764648437,
  "summary_fg_p95": 1648.3633972167966,
  "summary_fg_stdv": 207.52703857421875,
  "tsnr": 52.98419189453125
}