{
  "bids_meta": {
    "AcquisitionMatrixPE": 238,
    "ConversionSoftware": "dcm2niix",
    "DeviceSerialNumber": "42292",
    "EchoTime": 0.003996,
    "EchoTrainLength": 159,
    "FlipAngle": 8,
    "ImageType": [
      "ORIGINAL",
      "PRIMARY",
      "M",
      "FFE",
      "M",
      "FFE"
    ],
    "InPlanePhaseEncodingDirectionDICOM": "ROW",
    "InstitutionName": "Klinikum_rechts_der_Isar",
    "InstitutionalDepartmentName": "MRT",
    "MRAcquisitionType": "3D",
    "MagneticFieldStrength": 3,
    "Manufacturer": "Philips",
    "ManufacturersModelName": "Ingenia",
    "Modality": "MR",
    "PatientPosition": "HFS",
    "PercentPhaseFOV": 100,
    "PhaseEncodingSteps": 238,
    "ProcedureStepDescription": "Studie_MR",
    "ReconMatrixPE": 256,
    "RepetitionTime": 0.009,
    "ScanOptions": "OTHER",
    "ScanningSequence": "GR",
    "SequenceVariant": "MP",
    "SliceThickness": 1,
    "SoftwareVersions": "5.1.8_5.1.8.1",
    "SpacingBetweenSlices": 1,
    "StationName": "mrkh",
    "dataset": "ds001927",
    "modality": "T1w",
    "session_id": "ctr",
    "subject_id": "s014"
  },
  "cjv": 0.2658627797141073,
  "cnr": 4.645596719539583,
  "efc": 0.7849875705353367,
  "fber": 3473.8916015625,
  "fwhm_avg": 4.3768743356253195,
  "fwhm_x": 4.47327,
  "fwhm_y": 4.625099644954657,
  "fwhm_z": 4.032253361921298,
  "icvs_csf": 0.2238430218285702,
  "icvs_gm": 0.4113026483095841,
  "icvs_wm": 0.36485432986184574,
  "inu_med": 0.990472674369812,
  "inu_range": 0.2835813939571381,
  "provenance": {
    "md5sum": "09766eaea9cf280fee67529b24765c2e",
    "settings": {
      "testing": false
    },
    "software": "mriqc",
    "version": "22.0.0rc1",
    "warnings": {
      "large_rot_frame": true,
      "small_air_mask": true
    },
    "webapi_port": null,
    "webapi_url": "https://mriqc.nimh.nih.gov/api/v1"
  },
  "qi_1": 1.9957120700665997e-05,
  "qi_2": 0.001789789891108912,
  "rpve_csf": 22.501597750497893,
  "rpve_gm": 12.520602727823572,
  "rpve_wm": 17.95722351238147,
  "size_x": 170,
  "size_y": 256,
  "size_z": 256,
  "snr_csf": 2.2553306537692612,
  "snr_gm": 9.313523679466805,
  "snr_total": 12.79610464527967,
  "snr_wm": 26.819459602602947,
  "snrd_csf": 148.6468793728377,
  "snrd_gm": 345.34884249596445,
  "snrd_total": 345.56038269663304,
  "snrd_wm": 542.685426221097,
  "spacing_x": 1.0,
  "spacing_y": 0.943651020526886,
  "spacing_z": 0.943651020526886,
  "summary_bg_k": 20.795374591748292,
  "summary_bg_mad": 0.20720709792858022,
  "summary_bg_mean": 10.474624633789062,
  "summary_bg_median": 8.502120971679688,
  "summary_bg_n": 186530.0,
  "summary_bg_p05": 0.0,
  "summary_bg_p95": 25.482499885559083,
  "summary_bg_stdv": 8.250686645507812,
  "summary_csf_k": -0.9464890042836087,
  "summary_csf_mad": 137.3468886318649,
  "summary_csf_mean": 252.3259735107422,
  "summary_csf_median": 273.9087219238281,
  "summary_csf_n": 11801.0,
  "summary_csf_p05": 50.71498107910156,
  "summary_csf_p95": 425.6410827636719,
  "summary_csf_stdv": 121.44432830810547,
  "summary_gm_k": 0.24532346220800427,
  "summary_gm_mad": 65.1609285466412,
  "summary_gm_mean": 639.7941284179688,
  "summary_gm_median": 636.3676147460938,
  "summary_gm_n": 28617.0,
  "summary_gm_p05": 533.1580810546875,
  "summary_gm_p95": 760.0638305664061,
  "summary_gm_stdv": 68.3260726928711,
  "summary_wm_k": 1.5963632923387285,
  "summary_wm_mad": 31.514300983621318,
  "summary_wm_mean": 997.2073974609375,
  "summary_wm_median": 999.9959106445312,
  "summary_wm_n": 209452.0,
  "summary_wm_p05": 930.5295104980469,
  "summary_wm_p95": 1052.7955017089844,
  "summary_wm_stdv": 37.28611755371094,
  "tpm_overlap_csf": 0.16108475625514984,
  "tpm_overlap_gm": 0.4318048357963562,
  "tpm_overlap_wm": 0.48438629508018494,
  "wm2max": 0.6645794713956531
}