{
  "bids_meta": {
    "AcquisitionMatrixPE": 238,
    "ConversionSoftware": "dcm2niix",
    "DeviceSerialNumber": "42292",
    "EchoTime": 0.003996,
    "EchoTrainLength": 159,
    "FlipAngle": 8,
    "ImageType": [
      "ORIGINAL",
      "PRIMARY",
      "M",
      "FFE",
      "M",
      "FFE"
    ],
    "InPlanePhaseEncodingDirectionDICOM": "ROW",
    "InstitutionName": "Klinikum_rechts_der_Isar",
    "InstitutionalDepartmentName": "MRT",
    "MRAcquisitionType": "3D",
    "MagneticFieldStrength": 3,
    "Manufacturer": "Philips",
    "ManufacturersModelName": "Ingenia",
    "Modality": "MR",
    "PatientPosition": "HFS",
    "PercentPhaseFOV": 100,
    "PhaseEncodingSteps": 238,
    "ProcedureStepDescription": "Studie_MR",
    "ReconMatrixPE": 256,
    "RepetitionTime": 0.009,
    "ScanOptions": "OTHER",
    "ScanningSequence": "GR",
    "SequenceVariant": "MP",
    "SliceThickness": 1,
    "SoftwareVersions": "5.1.8_5.1.8.1",
    "SpacingBetweenSlices": 1,
    "StationName": "mrkh",
    "dataset": "ds001927",
    "modality": "T1w",
    "session_id": "ctr",
    "subject_id": "s020"
  },
  "cjv": 0.34344269725917803,
  "cnr": 3.5835782352833454,
  "efc": 0.7734831339078584,
  "fber": 860.5018310546875,
  "fwhm_avg": 3.637273707346995,
  "fwhm_x": 3.51007,
  "fwhm_y": 3.9451448883310256,
  "fwhm_z": 3.45660623370996,
  "icvs_csf": 0.22462735110031506,
  "icvs_gm": 0.36705835134315995,
  "icvs_wm": 0.408314297556525,
  "inu_med": 0.8841273188591003,
  "inu_range": 0.2646478861570358,
  "provenance": {
    "md5sum": "cdd0a1456436f700ca7faa2bd3138d34",
    "settings": {
      "testing": false
    },
    "software": "mriqc",
    "version": "22.0.0rc1",
    "warnings": {
      "large_rot_frame": true,
      "small_air_mask": true
    },
    "webapi_port": null,
    "webapi_url": "https://mriqc.nimh.nih.gov/api/v1"
  },
  "qi_1": 0.0,
  "qi_2": 0.0023730914170337486,
  "rpve_csf": 21.02176609794267,
  "rpve_gm": 12.305123138193478,
  "rpve_wm": 15.441751507887897,
  "size_x": 170,
  "size_y": 256,
  "size_z": 256,
  "snr_csf": 2.50191739059436,
  "snr_gm": 7.674308099564335,
  "snr_total": 10.356297483424878,
  "snr_wm": 20.89266696011594,
  "snrd_csf": 22.586790318796684,
  "snrd_gm": 45.54797748837428,
  "snrd_total": 46.10357475072505,
  "snrd_wm": 70.1759564450042,
  "spacing_x": 1.0,
  "spacing_y": 0.943651020526886,
  "spacing_z": 0.943651020526886,
  "summary_bg_k": 2.74544974187316,
  "summary_bg_mad": 9.3354603867253,
  "summary_bg_mean": 14.091276168823242,
  "summary_bg_median": 12.472138404846191,
  "summary_bg_n": 207658.0,
  "summary_bg_p05": 0.0,
  "summary_bg_p95": 37.70240745544434,
  "summary_bg_stdv": 12.143446922302246,
  "summary_csf_k": 0.2724566488544635,
  "summary_csf_mad": 122.83052616310079,
  "summary_csf_mean": 299.6139221191406,
  "summary_csf_median": 321.8537292480469,
  "summary_csf_n": 7509.0,
  "summary_csf_p05": 62.963923645019534,
  "summary_csf_p95": 476.97848510742176,
  "summary_csf_stdv": 128.63426208496094,
  "summary_gm_k": 0.47070857868174043,
  "summary_gm_mad": 77.40877569462182,
  "summary_gm_mean": 651.289794921875,
  "summary_gm_median": 649.04248046875,
  "summary_gm_n": 10552.0,
  "summary_gm_p05": 514.8088073730469,
  "summary_gm_p95": 798.730679321289,
  "summary_gm_stdv": 84.56941223144531,
  "summary_wm_k": 1.091840161375936,
  "summary_wm_mad": 43.11898435791857,
  "summary_wm_mean": 999.1467895507812,
  "summary_wm_median": 999.982421875,
  "summary_wm_n": 262423.0,
  "summary_wm_p05": 919.3876403808594,
  "summary_wm_p95": 1074.9755004882813,
  "summary_wm_stdv": 47.86275100708008,
  "tpm_overlap_csf": 0.15573912858963013,
  "tpm_overlap_gm": 0.40495413541793823,
  "tpm_overlap_wm": 0.5050344467163086,
  "wm2max": 0.5872276775548325
}