{
  "aor": 0.00015196666666666666,
  "aqi": 0.011574299666666666,
  "bids_meta": {
    "AcquisitionMatrixPE": 62,
    "ConversionSoftware": "dcm2niix",
    "DeviceSerialNumber": "42292",
    "EchoTime": 0.03,
    "EchoTrainLength": 31,
    "FlipAngle": 70,
    "ImageType": [
      "ORIGINAL",
      "PRIMARY",
      "M",
      "FFE",
      "M",
      "FFE"
    ],
    "InPlanePhaseEncodingDirectionDICOM": "COL",
    "InstitutionName": "Klinikum_rechts_der_Isar",
    "InstitutionalDepartmentName": "MRT",
    "MRAcquisitionType": "2D",
    "MagneticFieldStrength": 3,
    "Manufacturer": "Philips",
    "ManufacturersModelName": "Ingenia",
    "Modality": "MR",
    "MultibandAccelerationFactor": 2,
    "PatientPosition": "HFS",
    "PercentPhaseFOV": 100,
    "PhaseEncodingSteps": 62,
    "ProcedureStepDescription": "Studie_MR",
    "ReconMatrixPE": 64,
    "RepetitionTime": 1.25,
    "ScanOptions": "FS",
    "ScanningSequence": "GR",
    "SequenceVariant": "SK",
    "SliceThickness": 3,
    "SoftwareVersions": "5.1.8_5.1.8.1",
    "SpacingBetweenSlices": 3.3,
    "StationName": "mrkh",
    "TaskName": "Rest Post",
    "dataset": "ds001927",
    "modality": "bold",
    "session_id": "fro",
    "subject_id": "s004",
    "task_id": "restpost"
  },
  "dummy_trs": 0,
  "dvars_nstd": 29.46969069858097,
  "dvars_std": 1.1545445895325535,
  "dvars_vstd": 0.9857280763439068,
  "efc": 0.5158155867259019,
  "fber": 17423.609375,
  "fd_mean": 0.09692657634933542,
  "fd_num": 6,
  "fd_perc": 1.0,
  "fwhm_avg": 1.6534383913591582,
  "fwhm_x": 1.5911600000000001,
  "fwhm_y": 1.8077066666666666,
  "fwhm_z": 1.5614485074108082,
  "gcor": 0.0243423,
  "gsr_x": 0.0016393320402130485,
  "gsr_y": 0.027355903759598732,
  "provenance": {
    "md5sum": "bc4fb67d5f1bd0bb5e43497a1249fa34",
    "settings": {
      "fd_thres": 0.2,
      "testing": false
    },
    "software": "mriqc",
    "version": "22.0.0rc1",
    "webapi_port": null,
    "webapi_url": "https://mriqc.nimh.nih.gov/api/v1"
  },
  "size_t": 600,
  "size_x": 64,
  "size_y": 64,
  "size_z": 40,
  "snr": 6.986309472709682,
  "spacing_tr": 1.25,
  "spacing_x": 3.0,
  "spacing_y": 3.0,
  "spacing_z": 3.299999952316284,
  "summary_bg_k": 16.248307849981803,
  "summary_bg_mad": 12.294798073413729,
  "summary_bg_mean": 44.98814392089844,
  "summary_bg_median": 9.126630783081055,
  "summary_bg_n": 94498.0,
  "summary_bg_p05": 0.5384740948677064,
  "summary_bg_p95": 216.53786087036127,
  "summary_bg_stdv": 87.01805877685547,
  "summary_fg_k": 2.054306566970534,
  "summary_fg_mad": 168.52465411434963,
  "summary_fg_mean": 1318.956787109375,
  "summary_fg_median": 1306.8482666015625,
  "summary_fg_n": 33494.0,
  "summary_fg_p05": 1053.7427062988281,
  "summary_fg_p95": 1638.2914855957029,
  "summary_fg_stdv": 187.0556640625,
  "tsnr": 52.34880828857422
}