{
  "aor": 0.0002955333333333333,
  "aqi": 0.015499026249999999,
  "bids_meta": {
    "AcquisitionMatrixPE": 62,
    "ConversionSoftware": "dcm2niix",
    "DeviceSerialNumber": "42292",
    "EchoTime": 0.03,
    "EchoTrainLength": 31,
    "FlipAngle": 70,
    "ImageType": [
      "ORIGINAL",
      "PRIMARY",
      "M",
      "FFE",
      "M",
      "FFE"
    ],
    "InPlanePhaseEncodingDirectionDICOM": "COL",
    "InstitutionName": "Klinikum_rechts_der_Isar",
    "InstitutionalDepartmentName": "MRT",
    "MRAcquisitionType": "2D",
    "MagneticFieldStrength": 3,
    "Manufacturer": "Philips",
    "ManufacturersModelName": "Ingenia",
    "Modality": "MR",
    "MultibandAccelerationFactor": 2,
    "PatientPosition": "HFS",
    "PercentPhaseFOV": 100,
    "PhaseEncodingSteps": 62,
    "ProcedureStepDescription": "Studie_MR",
    "ReconMatrixPE": 64,
    "RepetitionTime": 1.25,
    "ScanOptions": "FS",
    "ScanningSequence": "GR",
    "SequenceVariant": "SK",
    "SliceThickness": 3,
    "SoftwareVersions": "5.1.8_5.1.8.1",
    "SpacingBetweenSlices": 3.3,
    "StationName": "mrkh",
    "TaskName": "Rest Pre",
    "dataset": "ds001927",
    "modality": "bold",
    "session_id": "fro",
    "subject_id": "s004",
    "task_id": "restpre"
  },
  "dummy_trs": 0,
  "dvars_nstd": 26.671879900517528,
  "dvars_std": 1.107521729616027,
  "dvars_vstd": 0.9823691666944906,
  "efc": 0.5105491764510325,
  "fber": 22662.880859375,
  "fd_mean": 0.10068511888031251,
  "fd_num": 31,
  "fd_perc": 5.166666666666667,
  "fwhm_avg": 1.607330714359631,
  "fwhm_x": 1.53451,
  "fwhm_y": 1.77417,
  "fwhm_z": 1.5133121430788927,
  "gcor": 0.0222376,
  "gsr_x": 0.001832111505791545,
  "gsr_y": 0.027948535978794098,
  "provenance": {
    "md5sum": "27b1ed2a8311a2448b8f12145e1e3b17",
    "settings": {
      "fd_thres": 0.2,
      "testing": false
    },
    "software": "mriqc",
    "version": "22.0.0rc1",
    "webapi_port": null,
    "webapi_url": "https://mriqc.nimh.nih.gov/api/v1"
  },
  "size_t": 600,
  "size_x": 64,
  "size_y": 64,
  "size_z": 40,
  "snr": 7.383839505216812,
  "spacing_tr": 1.25,
  "spacing_x": 3.0,
  "spacing_y": 3.0,
  "spacing_z": 3.299999952316284,
  "summary_bg_k": 15.749425807789738,
  "summary_bg_mad": 10.398723020247761,
  "summary_bg_mean": 43.08824157714844,
  "summary_bg_median": 7.94918155670166,
  "summary_bg_n": 95395.0,
  "summary_bg_p05": 0.671002334356308,
  "summary_bg_p95": 207.65388946533247,
  "summary_bg_stdv": 83.71876525878906,
  "summary_fg_k": 3.8578007960494034,
  "summary_fg_mad": 141.6807220516513,
  "summary_fg_mean": 1293.96533203125,
  "summary_fg_median": 1284.7869873046875,
  "summary_fg_n": 32890.0,
  "summary_fg_p05": 1048.4605773925782,
  "summary_fg_p95": 1571.820086669922,
  "summary_fg_stdv": 173.99720764160156,
  "tsnr": 50.998817443847656
}