{
  "aor": 0.00021778333333333336,
  "aqi": 0.010547076366666665,
  "bids_meta": {
    "AcquisitionMatrixPE": 62,
    "ConversionSoftware": "dcm2niix",
    "DeviceSerialNumber": "42292",
    "EchoTime": 0.03,
    "EchoTrainLength": 31,
    "FlipAngle": 70,
    "ImageType": [
      "ORIGINAL",
      "PRIMARY",
      "M",
      "FFE",
      "M",
      "FFE"
    ],
    "InPlanePhaseEncodingDirectionDICOM": "COL",
    "InstitutionName": "Klinikum_rechts_der_Isar",
    "InstitutionalDepartmentName": "MRT",
    "MRAcquisitionType": "2D",
    "MagneticFieldStrength": 3,
    "Manufacturer": "Philips",
    "ManufacturersModelName": "Ingenia",
    "Modality": "MR",
    "MultibandAccelerationFactor": 2,
    "PatientPosition": "HFS",
    "PercentPhaseFOV": 100,
    "PhaseEncodingSteps": 62,
    "ProcedureStepDescription": "Studie_MR",
    "ReconMatrixPE": 64,
    "RepetitionTime": 1.25,
    "ScanOptions": "FS",
    "ScanningSequence": "GR",
    "SequenceVariant": "SK",
    "SliceThickness": 3,
    "SoftwareVersions": "5.1.8_5.1.8.1",
    "SpacingBetweenSlices": 3.3,
    "StationName": "mrkh",
    "TaskName": "Rest Post",
    "dataset": "ds001927",
    "modality": "bold",
    "session_id": "fro",
    "subject_id": "s023",
    "task_id": "restpost"
  },
  "dummy_trs": 0,
  "dvars_nstd": 37.27376152631051,
  "dvars_std": 1.2427053827879804,
  "dvars_vstd": 0.9911921740901504,
  "efc": 0.5300607907288084,
  "fber": 9889.0693359375,
  "fd_mean": 0.13721271223761053,
  "fd_num": 94,
  "fd_perc": 15.666666666666666,
  "fwhm_avg": 1.6116995024336636,
  "fwhm_x": 1.6116866666666667,
  "fwhm_y": 1.6695633333333333,
  "fwhm_z": 1.553848507300991,
  "gcor": 0.0105751,
  "gsr_x": 0.010663429275155067,
  "gsr_y": 0.009952066466212273,
  "provenance": {
    "md5sum": "b8dcbedd9ab0b6a7f7bcb6d484cd5ea4",
    "settings": {
      "fd_thres": 0.2,
      "testing": false
    },
    "software": "mriqc",
    "version": "22.0.0rc1",
    "webapi_port": null,
    "webapi_url": "https://mriqc.nimh.nih.gov/api/v1"
  },
  "size_t": 600,
  "size_x": 64,
  "size_y": 64,
  "size_z": 40,
  "snr": 5.8011598122705745,
  "spacing_tr": 1.25,
  "spacing_x": 3.0,
  "spacing_y": 3.0,
  "spacing_z": 3.299999952316284,
  "summary_bg_k": 24.59130546697557,
  "summary_bg_mad": 18.391386736335612,
  "summary_bg_mean": 62.309391021728516,
  "summary_bg_median": 13.5182466506958,
  "summary_bg_n": 93136.0,
  "summary_bg_p05": 0.6503566652536392,
  "summary_bg_p95": 282.9592971801758,
  "summary_bg_stdv": 129.0255584716797,
  "summary_fg_k": 3.261334123281091,
  "summary_fg_mad": 201.2866882943738,
  "summary_fg_mean": 1411.8297119140625,
  "summary_fg_median": 1383.497314453125,
  "summary_fg_n": 34558.0,
  "summary_fg_p05": 1096.84638671875,
  "summary_fg_p95": 1814.4437072753908,
  "summary_fg_stdv": 238.48287963867188,
  "tsnr": 49.65784454345703
}