{
  "bids_meta": {
    "AcquisitionMatrixPE": 238,
    "ConversionSoftware": "dcm2niix",
    "DeviceSerialNumber": "42292",
    "EchoTime": 0.003996,
    "EchoTrainLength": 159,
    "FlipAngle": 8,
    "ImageType": [
      "ORIGINAL",
      "PRIMARY",
      "M",
      "FFE",
      "M",
      "FFE"
    ],
    "InPlanePhaseEncodingDirectionDICOM": "ROW",
    "InstitutionName": "Klinikum_rechts_der_Isar",
    "InstitutionalDepartmentName": "MRT",
    "MRAcquisitionType": "3D",
    "MagneticFieldStrength": 3,
    "Manufacturer": "Philips",
    "ManufacturersModelName": "Ingenia",
    "Modality": "MR",
    "PatientPosition": "HFS",
    "PercentPhaseFOV": 100,
    "PhaseEncodingSteps": 238,
    "ProcedureStepDescription": "Studie_MR",
    "ReconMatrixPE": 256,
    "RepetitionTime": 0.009,
    "ScanOptions": "OTHER",
    "ScanningSequence": "GR",
    "SequenceVariant": "MP",
    "SliceThickness": 1,
    "SoftwareVersions": "5.1.8_5.1.8.1",
    "SpacingBetweenSlices": 1,
    "StationName": "mrkh",
    "dataset": "ds001927",
    "modality": "T1w",
    "session_id": "fro",
    "subject_id": "s021"
  },
  "cjv": 0.32366935825575205,
  "cnr": 3.800815146977232,
  "efc": 0.7967260177523663,
  "fber": 632.3508911132812,
  "fwhm_avg": 3.626141651252263,
  "fwhm_x": 3.53233,
  "fwhm_y": 3.8280253201899437,
  "fwhm_z": 3.518069633566844,
  "icvs_csf": 0.21585400704728677,
  "icvs_gm": 0.39571749243101956,
  "icvs_wm": 0.3884285005216937,
  "inu_med": 1.4187088012695312,
  "inu_range": 0.41833049058914185,
  "provenance": {
    "md5sum": "451b2aa07f92137d43dd97e0cd01a79c",
    "settings": {
      "testing": false
    },
    "software": "mriqc",
    "version": "22.0.0rc1",
    "warnings": {
      "large_rot_frame": true,
      "small_air_mask": true
    },
    "webapi_port": null,
    "webapi_url": "https://mriqc.nimh.nih.gov/api/v1"
  },
  "qi_1": 0.0,
  "qi_2": 0.00229770503288153,
  "rpve_csf": 22.013825888086608,
  "rpve_gm": 12.212077169671998,
  "rpve_wm": 16.545561488053956,
  "size_x": 170,
  "size_y": 256,
  "size_z": 256,
  "snr_csf": 2.6690256841746303,
  "snr_gm": 7.405434343747371,
  "snr_total": 10.21143076570037,
  "snr_wm": 20.55983226917911,
  "snrd_csf": 22.208283240018265,
  "snrd_gm": 39.79720969792046,
  "snrd_total": 41.86035225102017,
  "snrd_wm": 63.575563815121775,
  "spacing_x": 1.0,
  "spacing_y": 0.943651020526886,
  "spacing_z": 0.943651020526886,
  "summary_bg_k": 7.614657574224331,
  "summary_bg_mad": 10.30467968904587,
  "summary_bg_mean": 16.688838958740234,
  "summary_bg_median": 13.818732261657715,
  "summary_bg_n": 159138.0,
  "summary_bg_p05": 0.0,
  "summary_bg_p95": 41.530832862854005,
  "summary_bg_stdv": 13.146831512451172,
  "summary_csf_k": 57.03764947050787,
  "summary_csf_mad": 84.70039330105821,
  "summary_csf_mean": 340.78729248046875,
  "summary_csf_median": 349.3154296875,
  "summary_csf_n": 9630.0,
  "summary_csf_p05": 112.71067428588867,
  "summary_csf_p95": 482.9723983764648,
  "summary_csf_stdv": 130.87071228027344,
  "summary_gm_k": 0.37676020944160626,
  "summary_gm_mad": 77.82557658686041,
  "summary_gm_mean": 628.0711059570312,
  "summary_gm_median": 625.9727172851562,
  "summary_gm_n": 15689.0,
  "summary_gm_p05": 492.564306640625,
  "summary_gm_p95": 774.2444213867187,
  "summary_gm_stdv": 84.52613830566406,
  "summary_wm_k": 1.1147322471611094,
  "summary_wm_mad": 43.23037860419423,
  "summary_wm_mean": 998.0987548828125,
  "summary_wm_median": 999.98388671875,
  "summary_wm_n": 235053.0,
  "summary_wm_p05": 914.9996826171875,
  "summary_wm_p95": 1073.489990234375,
  "summary_wm_stdv": 48.63764190673828,
  "tpm_overlap_csf": 0.15220658481121063,
  "tpm_overlap_gm": 0.42612534761428833,
  "tpm_overlap_wm": 0.4939718246459961,
  "wm2max": 0.579196360392692
}