{
  "aor": 0.0007892166666666668,
  "aqi": 0.011992787983333333,
  "bids_meta": {
    "AcquisitionMatrixPE": 62,
    "ConversionSoftware": "dcm2niix",
    "DeviceSerialNumber": "42292",
    "EchoTime": 0.03,
    "EchoTrainLength": 31,
    "FlipAngle": 70,
    "ImageType": [
      "ORIGINAL",
      "PRIMARY",
      "M",
      "FFE",
      "M",
      "FFE"
    ],
    "InPlanePhaseEncodingDirectionDICOM": "COL",
    "InstitutionName": "Klinikum_rechts_der_Isar",
    "InstitutionalDepartmentName": "MRT",
    "MRAcquisitionType": "2D",
    "MagneticFieldStrength": 3,
    "Manufacturer": "Philips",
    "ManufacturersModelName": "Ingenia",
    "Modality": "MR",
    "MultibandAccelerationFactor": 2,
    "PatientPosition": "HFS",
    "PercentPhaseFOV": 100,
    "PhaseEncodingSteps": 62,
    "ProcedureStepDescription": "Studie_MR",
    "ReconMatrixPE": 64,
    "RepetitionTime": 1.25,
    "ScanOptions": "FS",
    "ScanningSequence": "GR",
    "SequenceVariant": "SK",
    "SliceThickness": 3,
    "SoftwareVersions": "5.1.8_5.1.8.1",
    "SpacingBetweenSlices": 3.3,
    "StationName": "mrkh",
    "TaskName": "Rest Pre",
    "dataset": "ds001927",
    "modality": "bold",
    "session_id": "fro",
    "subject_id": "s011",
    "task_id": "restpre"
  },
  "dummy_trs": 0,
  "dvars_nstd": 30.625198806894822,
  "dvars_std": 1.167079671068447,
  "dvars_vstd": 0.9872369930717869,
  "efc": 0.5218072932429476,
  "fber": 22874.037109375,
  "fd_mean": 0.10083610792229036,
  "fd_num": 9,
  "fd_perc": 1.5,
  "fwhm_avg": 1.7006009169276046,
  "fwhm_x": 1.6714166666666666,
  "fwhm_y": 1.8033466666666669,
  "fwhm_z": 1.6270394174494804,
  "gcor": 0.00619302,
  "gsr_x": -0.004520032554864883,
  "gsr_y": 0.024230487644672394,
  "provenance": {
    "md5sum": "76045dd1c7c967debf4a85d107d16ff7",
    "settings": {
      "fd_thres": 0.2,
      "testing": false
    },
    "software": "mriqc",
    "version": "22.0.0rc1",
    "webapi_port": null,
    "webapi_url": "https://mriqc.nimh.nih.gov/api/v1"
  },
  "size_t": 600,
  "size_x": 64,
  "size_y": 64,
  "size_z": 40,
  "snr": 6.359577148005195,
  "spacing_tr": 1.25,
  "spacing_x": 3.0,
  "spacing_y": 3.0,
  "spacing_z": 3.299999952316284,
  "summary_bg_k": 22.155157947132803,
  "summary_bg_mad": 9.537147365572075,
  "summary_bg_mean": 42.443241119384766,
  "summary_bg_median": 7.631651401519775,
  "summary_bg_n": 92469.0,
  "summary_bg_p05": 0.951140058040619,
  "summary_bg_p95": 182.10736389160124,
  "summary_bg_stdv": 88.36451721191406,
  "summary_fg_k": 2.3046069901904067,
  "summary_fg_mad": 180.44727711845155,
  "summary_fg_mean": 1335.2789306640625,
  "summary_fg_median": 1318.314208984375,
  "summary_fg_n": 34926.0,
  "summary_fg_p05": 1040.025634765625,
  "summary_fg_p95": 1678.1987915039062,
  "summary_fg_stdv": 207.2929229736328,
  "tsnr": 49.9705810546875
}