{
  "aor": 0.0010125000000000002,
  "aqi": 0.013063463233333334,
  "bids_meta": {
    "AcquisitionMatrixPE": 62,
    "ConversionSoftware": "dcm2niix",
    "DeviceSerialNumber": "42292",
    "EchoTime": 0.03,
    "EchoTrainLength": 31,
    "FlipAngle": 70,
    "ImageType": [
      "ORIGINAL",
      "PRIMARY",
      "M",
      "FFE",
      "M",
      "FFE"
    ],
    "InPlanePhaseEncodingDirectionDICOM": "COL",
    "InstitutionName": "Klinikum_rechts_der_Isar",
    "InstitutionalDepartmentName": "MRT",
    "MRAcquisitionType": "2D",
    "MagneticFieldStrength": 3,
    "Manufacturer": "Philips",
    "ManufacturersModelName": "Ingenia",
    "Modality": "MR",
    "MultibandAccelerationFactor": 2,
    "PatientPosition": "HFS",
    "PercentPhaseFOV": 100,
    "PhaseEncodingSteps": 62,
    "ProcedureStepDescription": "Studie_MR",
    "ReconMatrixPE": 64,
    "RepetitionTime": 1.25,
    "ScanOptions": "FS",
    "ScanningSequence": "GR",
    "SequenceVariant": "SK",
    "SliceThickness": 3,
    "SoftwareVersions": "5.1.8_5.1.8.1",
    "SpacingBetweenSlices": 3.3,
    "StationName": "mrkh",
    "TaskName": "Rest Post",
    "dataset": "ds001927",
    "modality": "bold",
    "session_id": "occ",
    "subject_id": "s001",
    "task_id": "restpost"
  },
  "dummy_trs": 0,
  "dvars_nstd": 30.279100937245417,
  "dvars_std": 1.1914783557929893,
  "dvars_vstd": 0.9914498165108521,
  "efc": 0.5398056214700709,
  "fber": 22376.595703125,
  "fd_mean": 0.12608051253404381,
  "fd_num": 78,
  "fd_perc": 13.0,
  "fwhm_avg": 1.6793006136454405,
  "fwhm_x": 1.63842,
  "fwhm_y": 1.8247333333333333,
  "fwhm_z": 1.5747485076029881,
  "gcor": 0.0243772,
  "gsr_x": -0.00399458734318614,
  "gsr_y": 0.0308840312063694,
  "provenance": {
    "md5sum": "66aab960c539b9b2baf49ca5f2efe78b",
    "settings": {
      "fd_thres": 0.2,
      "testing": false
    },
    "software": "mriqc",
    "version": "22.0.0rc1",
    "webapi_port": null,
    "webapi_url": "https://mriqc.nimh.nih.gov/api/v1"
  },
  "size_t": 600,
  "size_x": 64,
  "size_y": 64,
  "size_z": 40,
  "snr": 6.0360669029304095,
  "spacing_tr": 1.25,
  "spacing_x": 3.0,
  "spacing_y": 3.0,
  "spacing_z": 3.299999952316284,
  "summary_bg_k": 18.802320574971468,
  "summary_bg_mad": 9.629257338382654,
  "summary_bg_mean": 46.13151931762695,
  "summary_bg_median": 7.3567657470703125,
  "summary_bg_n": 89266.0,
  "summary_bg_p05": 0.5419370532035828,
  "summary_bg_p95": 221.22700881958008,
  "summary_bg_stdv": 98.89397430419922,
  "summary_fg_k": 1.726839925403536,
  "summary_fg_mad": 186.50527810234288,
  "summary_fg_mean": 1248.1600341796875,
  "summary_fg_median": 1234.0205078125,
  "summary_fg_n": 37481.0,
  "summary_fg_p05": 961.3884887695312,
  "summary_fg_p95": 1592.6353759765625,
  "summary_fg_stdv": 204.4384307861328,
  "tsnr": 47.84913635253906
}