{
  "aor": 0.0010268666666666667,
  "aqi": 0.017450039833333333,
  "bids_meta": {
    "AcquisitionMatrixPE": 62,
    "ConversionSoftware": "dcm2niix",
    "DeviceSerialNumber": "42292",
    "EchoTime": 0.03,
    "EchoTrainLength": 31,
    "FlipAngle": 70,
    "ImageType": [
      "ORIGINAL",
      "PRIMARY",
      "M",
      "FFE",
      "M",
      "FFE"
    ],
    "InPlanePhaseEncodingDirectionDICOM": "COL",
    "InstitutionName": "Klinikum_rechts_der_Isar",
    "InstitutionalDepartmentName": "MRT",
    "MRAcquisitionType": "2D",
    "MagneticFieldStrength": 3,
    "Manufacturer": "Philips",
    "ManufacturersModelName": "Ingenia",
    "Modality": "MR",
    "MultibandAccelerationFactor": 2,
    "PatientPosition": "HFS",
    "PercentPhaseFOV": 100,
    "PhaseEncodingSteps": 62,
    "ProcedureStepDescription": "Studie_MR",
    "ReconMatrixPE": 64,
    "RepetitionTime": 1.25,
    "ScanOptions": "FS",
    "ScanningSequence": "GR",
    "SequenceVariant": "SK",
    "SliceThickness": 3,
    "SoftwareVersions": "5.1.8_5.1.8.1",
    "SpacingBetweenSlices": 3.3,
    "StationName": "mrkh",
    "TaskName": "Rest Post",
    "dataset": "ds001927",
    "modality": "bold",
    "session_id": "fro",
    "subject_id": "s014",
    "task_id": "restpost"
  },
  "dummy_trs": 0,
  "dvars_nstd": 33.72443705123538,
  "dvars_std": 1.2089939481803003,
  "dvars_vstd": 1.005892971969949,
  "efc": 0.526682923668261,
  "fber": 23018.669921875,
  "fd_mean": 0.13013007987413783,
  "fd_num": 69,
  "fd_perc": 11.5,
  "fwhm_avg": 1.6453599066963729,
  "fwhm_x": 1.5968799999999999,
  "fwhm_y": 1.7391966666666667,
  "fwhm_z": 1.6000030534224519,
  "gcor": 0.0221328,
  "gsr_x": -0.008945303969085217,
  "gsr_y": 0.024839051067829132,
  "provenance": {
    "md5sum": "73995316e9587920dc56cde136a4a363",
    "settings": {
      "fd_thres": 0.2,
      "testing": false
    },
    "software": "mriqc",
    "version": "22.0.0rc1",
    "webapi_port": null,
    "webapi_url": "https://mriqc.nimh.nih.gov/api/v1"
  },
  "size_t": 600,
  "size_x": 64,
  "size_y": 64,
  "size_z": 40,
  "snr": 6.51262211009044,
  "spacing_tr": 1.25,
  "spacing_x": 3.0,
  "spacing_y": 3.0,
  "spacing_z": 3.299999952316284,
  "summary_bg_k": 21.604883927103035,
  "summary_bg_mad": 11.474968440802916,
  "summary_bg_mean": 60.853031158447266,
  "summary_bg_median": 8.706270217895508,
  "summary_bg_n": 93648.0,
  "summary_bg_p05": 0.7409647881984711,
  "summary_bg_p95": 303.2442245483397,
  "summary_bg_stdv": 128.9550018310547,
  "summary_fg_k": 3.4123066241372904,
  "summary_fg_mad": 183.33465941752848,
  "summary_fg_mean": 1506.858642578125,
  "summary_fg_median": 1483.4970703125,
  "summary_fg_n": 34019.0,
  "summary_fg_p05": 1215.3559692382812,
  "summary_fg_p95": 1875.6579833984374,
  "summary_fg_stdv": 227.78463745117188,
  "tsnr": 45.199771881103516
}