{
  "bids_meta": {
    "AcquisitionMatrixPE": 238,
    "ConversionSoftware": "dcm2niix",
    "DeviceSerialNumber": "42292",
    "EchoTime": 0.003996,
    "EchoTrainLength": 159,
    "FlipAngle": 8,
    "ImageType": [
      "ORIGINAL",
      "PRIMARY",
      "M",
      "FFE",
      "M",
      "FFE"
    ],
    "InPlanePhaseEncodingDirectionDICOM": "ROW",
    "InstitutionName": "Klinikum_rechts_der_Isar",
    "InstitutionalDepartmentName": "MRT",
    "MRAcquisitionType": "3D",
    "MagneticFieldStrength": 3,
    "Manufacturer": "Philips",
    "ManufacturersModelName": "Ingenia",
    "Modality": "MR",
    "PatientPosition": "HFS",
    "PercentPhaseFOV": 100,
    "PhaseEncodingSteps": 238,
    "ProcedureStepDescription": "Studie_MR",
    "ReconMatrixPE": 256,
    "RepetitionTime": 0.009,
    "ScanOptions": "OTHER",
    "ScanningSequence": "GR",
    "SequenceVariant": "MP",
    "SliceThickness": 1,
    "SoftwareVersions": "5.1.8_5.1.8.1",
    "SpacingBetweenSlices": 1,
    "StationName": "mrkh",
    "dataset": "ds001927",
    "modality": "T1w",
    "session_id": "fro",
    "subject_id": "s017"
  },
  "cjv": 0.33456972237212024,
  "cnr": 3.8095748853829465,
  "efc": 0.7986182796819907,
  "fber": 508.8371887207031,
  "fwhm_avg": 3.6181748077949933,
  "fwhm_x": 3.54127,
  "fwhm_y": 3.7464379554488847,
  "fwhm_z": 3.566816467936096,
  "icvs_csf": 0.24409332093116431,
  "icvs_gm": 0.3778574748717831,
  "icvs_wm": 0.37804920419705257,
  "inu_med": 1.1833786964416504,
  "inu_range": 0.37374517321586587,
  "provenance": {
    "md5sum": "549dc6a568db4f8676dfab7f6d6e9eda",
    "settings": {
      "testing": false
    },
    "software": "mriqc",
    "version": "22.0.0rc1",
    "warnings": {
      "large_rot_frame": true,
      "small_air_mask": true
    },
    "webapi_port": null,
    "webapi_url": "https://mriqc.nimh.nih.gov/api/v1"
  },
  "qi_1": 0.0,
  "qi_2": 0.002324690620487854,
  "rpve_csf": 19.72916987635389,
  "rpve_gm": 12.28141343041708,
  "rpve_wm": 16.773983498419835,
  "size_x": 170,
  "size_y": 256,
  "size_z": 256,
  "snr_csf": 3.2445224556886525,
  "snr_gm": 7.303436415802603,
  "snr_total": 10.182101193410345,
  "snr_wm": 19.99834470873978,
  "snrd_csf": 19.57445269758816,
  "snrd_gm": 35.97531406307179,
  "snrd_total": 37.84273234346152,
  "snrd_wm": 57.97843026972461,
  "spacing_x": 1.0,
  "spacing_y": 0.943651020526886,
  "spacing_z": 0.943651020526886,
  "summary_bg_k": 1.7471945958133137,
  "summary_bg_mad": 11.29962738040933,
  "summary_bg_mean": 18.872196197509766,
  "summary_bg_median": 15.151386260986328,
  "summary_bg_n": 183921.0,
  "summary_bg_p05": 0.0,
  "summary_bg_p95": 45.421791076660156,
  "summary_bg_stdv": 14.350056648254395,
  "summary_csf_k": 0.46240954522782163,
  "summary_csf_mad": 92.35318254473889,
  "summary_csf_mean": 331.1169738769531,
  "summary_csf_median": 337.615234375,
  "summary_csf_n": 7498.0,
  "summary_csf_p05": 135.15700607299806,
  "summary_csf_p95": 491.290950012207,
  "summary_csf_stdv": 104.050048828125,
  "summary_gm_k": 0.0961620316899312,
  "summary_gm_mad": 81.64492423312907,
  "summary_gm_mean": 619.9788818359375,
  "summary_gm_median": 620.4931640625,
  "summary_gm_n": 14197.0,
  "summary_gm_p05": 478.45428466796875,
  "summary_gm_p95": 764.0278686523437,
  "summary_gm_stdv": 84.9560775756836,
  "summary_wm_k": 1.1007350622772023,
  "summary_wm_mad": 45.325694422644986,
  "summary_wm_mean": 997.8142700195312,
  "summary_wm_median": 999.9973754882812,
  "summary_wm_n": 238344.0,
  "summary_wm_p05": 912.1627777099609,
  "summary_wm_p95": 1074.3450683593749,
  "summary_wm_stdv": 50.003902435302734,
  "tpm_overlap_csf": 0.1376589834690094,
  "tpm_overlap_gm": 0.4167983829975128,
  "tpm_overlap_wm": 0.5002586245536804,
  "wm2max": 0.5665902196472047
}