{
  "bids_meta": {
    "AcquisitionMatrixPE": 238,
    "ConversionSoftware": "dcm2niix",
    "DeviceSerialNumber": "42292",
    "EchoTime": 0.003996,
    "EchoTrainLength": 159,
    "FlipAngle": 8,
    "ImageType": [
      "ORIGINAL",
      "PRIMARY",
      "M",
      "FFE",
      "M",
      "FFE"
    ],
    "InPlanePhaseEncodingDirectionDICOM": "ROW",
    "InstitutionName": "Klinikum_rechts_der_Isar",
    "InstitutionalDepartmentName": "MRT",
    "MRAcquisitionType": "3D",
    "MagneticFieldStrength": 3,
    "Manufacturer": "Philips",
    "ManufacturersModelName": "Ingenia",
    "Modality": "MR",
    "PatientPosition": "HFS",
    "PercentPhaseFOV": 100,
    "PhaseEncodingSteps": 238,
    "ProcedureStepDescription": "Studie_MR",
    "ReconMatrixPE": 256,
    "RepetitionTime": 0.009,
    "ScanOptions": "OTHER",
    "ScanningSequence": "GR",
    "SequenceVariant": "MP",
    "SliceThickness": 1,
    "SoftwareVersions": "5.1.8_5.1.8.1",
    "SpacingBetweenSlices": 1,
    "StationName": "mrkh",
    "dataset": "ds001927",
    "modality": "T1w",
    "session_id": "ctr",
    "subject_id": "s001"
  },
  "cjv": 0.3500034862592412,
  "cnr": 3.628793688673676,
  "efc": 0.7730450492327203,
  "fber": 479.34814453125,
  "fwhm_avg": 3.54116921063698,
  "fwhm_x": 3.43247,
  "fwhm_y": 3.8212855404814996,
  "fwhm_z": 3.369752091429441,
  "icvs_csf": 0.2333670044102558,
  "icvs_gm": 0.3918694953758988,
  "icvs_wm": 0.3747635002138454,
  "inu_med": 1.1217992305755615,
  "inu_range": 0.33882030844688416,
  "provenance": {
    "md5sum": "2bf570e885512c7701dda0a0741224c2",
    "settings": {
      "testing": false
    },
    "software": "mriqc",
    "version": "22.0.0rc1",
    "warnings": {
      "large_rot_frame": true,
      "small_air_mask": true
    },
    "webapi_port": null,
    "webapi_url": "https://mriqc.nimh.nih.gov/api/v1"
  },
  "qi_1": 0.0,
  "qi_2": 0.0021663693489833973,
  "rpve_csf": 20.92185923872882,
  "rpve_gm": 12.228646046358815,
  "rpve_wm": 17.254347395770825,
  "size_x": 170,
  "size_y": 256,
  "size_z": 256,
  "snr_csf": 3.3710478890079694,
  "snr_gm": 7.616826482704209,
  "snr_total": 10.281852895158778,
  "snr_wm": 19.857684313764157,
  "snrd_csf": 19.329558432107454,
  "snrd_gm": 37.09369475409983,
  "snrd_total": 38.104712507556634,
  "snrd_wm": 57.89088433646261,
  "spacing_x": 1.0,
  "spacing_y": 0.943651020526886,
  "spacing_z": 0.943651020526886,
  "summary_bg_k": 47.28788985406186,
  "summary_bg_mad": 11.31661102985213,
  "summary_bg_mean": 16.0194149017334,
  "summary_bg_median": 15.248079299926758,
  "summary_bg_n": 192152.0,
  "summary_bg_p05": 0.0,
  "summary_bg_p95": 38.41993827819824,
  "summary_bg_stdv": 13.73083782196045,
  "summary_csf_k": 1.8491323249751783,
  "summary_csf_mad": 85.3071345043712,
  "summary_csf_mean": 323.4263916015625,
  "summary_csf_median": 333.8924560546875,
  "summary_csf_n": 5075.0,
  "summary_csf_p05": 125.46413116455078,
  "summary_csf_p95": 462.06238708496096,
  "summary_csf_stdv": 99.03732299804688,
  "summary_gm_k": 0.18184481855826196,
  "summary_gm_mad": 80.17408582617168,
  "summary_gm_mean": 641.9771118164062,
  "summary_gm_median": 640.7443237304688,
  "summary_gm_n": 20717.0,
  "summary_gm_p05": 503.2993957519531,
  "summary_gm_p95": 783.3184936523437,
  "summary_gm_stdv": 84.12018585205078,
  "summary_wm_k": 0.9087679220951901,
  "summary_wm_mad": 45.56250899819608,
  "summary_wm_mean": 998.3093872070312,
  "summary_wm_median": 999.9881591796875,
  "summary_wm_n": 219087.0,
  "summary_wm_p05": 912.5145202636719,
  "summary_wm_p95": 1077.383935546875,
  "summary_wm_stdv": 50.357627868652344,
  "tpm_overlap_csf": 0.13908465206623077,
  "tpm_overlap_gm": 0.4176119267940521,
  "tpm_overlap_wm": 0.48927590250968933,
  "wm2max": 0.6018662944234296
}