{
  "aor": 0.00051715,
  "aqi": 0.008488241533333333,
  "bids_meta": {
    "AcquisitionMatrixPE": 62,
    "ConversionSoftware": "dcm2niix",
    "DeviceSerialNumber": "42292",
    "EchoTime": 0.03,
    "EchoTrainLength": 31,
    "FlipAngle": 70,
    "ImageType": [
      "ORIGINAL",
      "PRIMARY",
      "M",
      "FFE",
      "M",
      "FFE"
    ],
    "InPlanePhaseEncodingDirectionDICOM": "COL",
    "InstitutionName": "Klinikum_rechts_der_Isar",
    "InstitutionalDepartmentName": "MRT",
    "MRAcquisitionType": "2D",
    "MagneticFieldStrength": 3,
    "Manufacturer": "Philips",
    "ManufacturersModelName": "Ingenia",
    "Modality": "MR",
    "MultibandAccelerationFactor": 2,
    "PatientPosition": "HFS",
    "PercentPhaseFOV": 100,
    "PhaseEncodingSteps": 62,
    "ProcedureStepDescription": "Studie_MR",
    "ReconMatrixPE": 64,
    "RepetitionTime": 1.25,
    "ScanOptions": "FS",
    "ScanningSequence": "GR",
    "SequenceVariant": "SK",
    "SliceThickness": 3,
    "SoftwareVersions": "5.1.8_5.1.8.1",
    "SpacingBetweenSlices": 3.3,
    "StationName": "mrkh",
    "TaskName": "Rest Post",
    "dataset": "ds001927",
    "modality": "bold",
    "session_id": "fro",
    "subject_id": "s007",
    "task_id": "restpost"
  },
  "dummy_trs": 0,
  "dvars_nstd": 26.33667255544241,
  "dvars_std": 1.0812396627378962,
  "dvars_vstd": 0.9886857099499166,
  "efc": 0.5172593472190553,
  "fber": 7492.7470703125,
  "fd_mean": 0.08453965292975388,
  "fd_num": 15,
  "fd_perc": 2.5,
  "fwhm_avg": 1.8487729374188067,
  "fwhm_x": 1.83876,
  "fwhm_y": 2.02048,
  "fwhm_z": 1.6870788122564202,
  "gcor": 0.0173293,
  "gsr_x": -0.0065488615073263645,
  "gsr_y": 0.03733167424798012,
  "provenance": {
    "md5sum": "c04c2aad2685e263e026ad5e92525423",
    "settings": {
      "fd_thres": 0.2,
      "testing": false
    },
    "software": "mriqc",
    "version": "22.0.0rc1",
    "webapi_port": null,
    "webapi_url": "https://mriqc.nimh.nih.gov/api/v1"
  },
  "size_t": 600,
  "size_x": 64,
  "size_y": 64,
  "size_z": 40,
  "snr": 5.609697423276004,
  "spacing_tr": 1.25,
  "spacing_x": 3.0,
  "spacing_y": 3.0,
  "spacing_z": 3.299999952316284,
  "summary_bg_k": 16.409103889259825,
  "summary_bg_mad": 20.10504384029858,
  "summary_bg_mean": 57.51323699951172,
  "summary_bg_median": 15.0817289352417,
  "summary_bg_n": 96432.0,
  "summary_bg_p05": 0.7257713466882706,
  "summary_bg_p95": 276.714778137207,
  "summary_bg_stdv": 107.18843078613281,
  "summary_fg_k": 1.517138958763148,
  "summary_fg_mad": 212.4880991597129,
  "summary_fg_mean": 1372.554443359375,
  "summary_fg_median": 1350.416015625,
  "summary_fg_n": 32331.0,
  "summary_fg_p05": 1020.4802856445312,
  "summary_fg_p95": 1788.8203735351562,
  "summary_fg_stdv": 240.72512817382812,
  "tsnr": 50.594947814941406
}