{
  "aor": 0.0004423833333333334,
  "aqi": 0.008823164299999998,
  "bids_meta": {
    "AcquisitionMatrixPE": 62,
    "ConversionSoftware": "dcm2niix",
    "DeviceSerialNumber": "42292",
    "EchoTime": 0.03,
    "EchoTrainLength": 31,
    "FlipAngle": 70,
    "ImageType": [
      "ORIGINAL",
      "PRIMARY",
      "M",
      "FFE",
      "M",
      "FFE"
    ],
    "InPlanePhaseEncodingDirectionDICOM": "COL",
    "InstitutionName": "Klinikum_rechts_der_Isar",
    "InstitutionalDepartmentName": "MRT",
    "MRAcquisitionType": "2D",
    "MagneticFieldStrength": 3,
    "Manufacturer": "Philips",
    "ManufacturersModelName": "Ingenia",
    "Modality": "MR",
    "MultibandAccelerationFactor": 2,
    "PatientPosition": "HFS",
    "PercentPhaseFOV": 100,
    "PhaseEncodingSteps": 62,
    "ProcedureStepDescription": "Studie_MR",
    "ReconMatrixPE": 64,
    "RepetitionTime": 1.25,
    "ScanOptions": "FS",
    "ScanningSequence": "GR",
    "SequenceVariant": "SK",
    "SliceThickness": 3,
    "SoftwareVersions": "5.1.8_5.1.8.1",
    "SpacingBetweenSlices": 3.3,
    "StationName": "mrkh",
    "TaskName": "Rest Pre",
    "dataset": "ds001927",
    "modality": "bold",
    "session_id": "fro",
    "subject_id": "s007",
    "task_id": "restpre"
  },
  "dummy_trs": 0,
  "dvars_nstd": 28.25114557782975,
  "dvars_std": 1.0991346759265446,
  "dvars_vstd": 0.9912322194156927,
  "efc": 0.5292240727478076,
  "fber": 8018.45849609375,
  "fd_mean": 0.10430487324744483,
  "fd_num": 13,
  "fd_perc": 2.1666666666666665,
  "fwhm_avg": 1.704743239963559,
  "fwhm_x": 1.678,
  "fwhm_y": 1.84996,
  "fwhm_z": 1.586269719890677,
  "gcor": 0.0229993,
  "gsr_x": -0.00241654715500772,
  "gsr_y": 0.030907731503248215,
  "provenance": {
    "md5sum": "61dd0814605dc1da855ac3e82076888a",
    "settings": {
      "fd_thres": 0.2,
      "testing": false
    },
    "software": "mriqc",
    "version": "22.0.0rc1",
    "webapi_port": null,
    "webapi_url": "https://mriqc.nimh.nih.gov/api/v1"
  },
  "size_t": 600,
  "size_x": 64,
  "size_y": 64,
  "size_z": 40,
  "snr": 6.155319502819619,
  "spacing_tr": 1.25,
  "spacing_x": 3.0,
  "spacing_y": 3.0,
  "spacing_z": 3.299999952316284,
  "summary_bg_k": 13.2590222620025,
  "summary_bg_mad": 19.333549095355362,
  "summary_bg_mean": 60.162376403808594,
  "summary_bg_median": 14.555042266845703,
  "summary_bg_n": 93949.0,
  "summary_bg_p05": 0.8031896591186524,
  "summary_bg_p95": 296.0767883300781,
  "summary_bg_stdv": 113.80931854248047,
  "summary_fg_k": 1.6314083822261303,
  "summary_fg_mad": 210.08665276843473,
  "summary_fg_mean": 1403.8961181640625,
  "summary_fg_median": 1380.82275390625,
  "summary_fg_n": 34011.0,
  "summary_fg_p05": 1092.0142822265625,
  "summary_fg_p95": 1775.3828735351562,
  "summary_fg_stdv": 224.32669067382812,
  "tsnr": 51.96368408203125
}