{
  "aor": 0.00040055000000000006,
  "aqi": 0.024453198,
  "bids_meta": {
    "AcquisitionMatrixPE": 62,
    "ConversionSoftware": "dcm2niix",
    "DeviceSerialNumber": "42292",
    "EchoTime": 0.03,
    "EchoTrainLength": 31,
    "FlipAngle": 70,
    "ImageType": [
      "ORIGINAL",
      "PRIMARY",
      "M",
      "FFE",
      "M",
      "FFE"
    ],
    "InPlanePhaseEncodingDirectionDICOM": "COL",
    "InstitutionName": "Klinikum_rechts_der_Isar",
    "InstitutionalDepartmentName": "MRT",
    "MRAcquisitionType": "2D",
    "MagneticFieldStrength": 3,
    "Manufacturer": "Philips",
    "ManufacturersModelName": "Ingenia",
    "Modality": "MR",
    "MultibandAccelerationFactor": 2,
    "PatientPosition": "HFS",
    "PercentPhaseFOV": 100,
    "PhaseEncodingSteps": 62,
    "ProcedureStepDescription": "Studie_MR",
    "ReconMatrixPE": 64,
    "RepetitionTime": 1.25,
    "ScanOptions": "FS",
    "ScanningSequence": "GR",
    "SequenceVariant": "SK",
    "SliceThickness": 3,
    "SoftwareVersions": "5.1.8_5.1.8.1",
    "SpacingBetweenSlices": 3.3,
    "StationName": "mrkh",
    "TaskName": "Rest Post",
    "dataset": "ds001927",
    "modality": "bold",
    "session_id": "occ",
    "subject_id": "s021",
    "task_id": "restpost"
  },
  "dummy_trs": 0,
  "dvars_nstd": 32.20374107363941,
  "dvars_std": 1.0839361874457438,
  "dvars_vstd": 0.9498809968614343,
  "efc": 0.5347661739616618,
  "fber": 10309.2587890625,
  "fd_mean": 0.13778105039010696,
  "fd_num": 96,
  "fd_perc": 16.0,
  "fwhm_avg": 1.6487073812250603,
  "fwhm_x": 1.6510166666666668,
  "fwhm_y": 1.7405266666666668,
  "fwhm_z": 1.5545788103418468,
  "gcor": 0.0169031,
  "gsr_x": 0.005968871526420116,
  "gsr_y": 0.020130904391407967,
  "provenance": {
    "md5sum": "4a1aeddeb3d274ad820f29b26db53dff",
    "settings": {
      "fd_thres": 0.2,
      "testing": false
    },
    "software": "mriqc",
    "version": "22.0.0rc1",
    "webapi_port": null,
    "webapi_url": "https://mriqc.nimh.nih.gov/api/v1"
  },
  "size_t": 600,
  "size_x": 64,
  "size_y": 64,
  "size_z": 40,
  "snr": 6.656088893988859,
  "spacing_tr": 1.25,
  "spacing_x": 3.0,
  "spacing_y": 3.0,
  "spacing_z": 3.299999952316284,
  "summary_bg_k": 15.663567561914977,
  "summary_bg_mad": 18.42892577301535,
  "summary_bg_mean": 68.2789077758789,
  "summary_bg_median": 13.732120513916016,
  "summary_bg_n": 93262.0,
  "summary_bg_p05": 0.806456333398819,
  "summary_bg_p95": 347.17293243408193,
  "summary_bg_stdv": 136.18182373046875,
  "summary_fg_k": 3.0335966378118346,
  "summary_fg_mad": 202.7158104157641,
  "summary_fg_mean": 1484.5882568359375,
  "summary_fg_median": 1472.1571044921875,
  "summary_fg_n": 34389.0,
  "summary_fg_p05": 1181.4865478515626,
  "summary_fg_p95": 1848.0896484375,
  "summary_fg_stdv": 221.17127990722656,
  "tsnr": 36.88902282714844
}