{
  "bids_meta": {
    "AcquisitionMatrixPE": 238,
    "ConversionSoftware": "dcm2niix",
    "DeviceSerialNumber": "42292",
    "EchoTime": 0.003996,
    "EchoTrainLength": 159,
    "FlipAngle": 8,
    "ImageType": [
      "ORIGINAL",
      "PRIMARY",
      "M",
      "FFE",
      "M",
      "FFE"
    ],
    "InPlanePhaseEncodingDirectionDICOM": "ROW",
    "InstitutionName": "Klinikum_rechts_der_Isar",
    "InstitutionalDepartmentName": "MRT",
    "MRAcquisitionType": "3D",
    "MagneticFieldStrength": 3,
    "Manufacturer": "Philips",
    "ManufacturersModelName": "Ingenia",
    "Modality": "MR",
    "PatientPosition": "HFS",
    "PercentPhaseFOV": 100,
    "PhaseEncodingSteps": 238,
    "ProcedureStepDescription": "Studie_MR",
    "ReconMatrixPE": 256,
    "RepetitionTime": 0.009,
    "ScanOptions": "OTHER",
    "ScanningSequence": "GR",
    "SequenceVariant": "MP",
    "SliceThickness": 1,
    "SoftwareVersions": "5.1.8_5.1.8.1",
    "SpacingBetweenSlices": 1,
    "StationName": "mrkh",
    "dataset": "ds001927",
    "modality": "T1w",
    "session_id": "fro",
    "subject_id": "s004"
  },
  "cjv": 0.32613680372662157,
  "cnr": 3.83155104246643,
  "efc": 0.774581713662175,
  "fber": 1409.59912109375,
  "fwhm_avg": 3.727190890814081,
  "fwhm_x": 3.58192,
  "fwhm_y": 4.077270003747512,
  "fwhm_z": 3.522382668694732,
  "icvs_csf": 0.19681323362342226,
  "icvs_gm": 0.42914952031427434,
  "icvs_wm": 0.37403724606230343,
  "inu_med": 1.3585323095321655,
  "inu_range": 0.46182236075401306,
  "provenance": {
    "md5sum": "e181848621f50994c628153fe83a0bdd",
    "settings": {
      "testing": false
    },
    "software": "mriqc",
    "version": "22.0.0rc1",
    "warnings": {
      "large_rot_frame": true,
      "small_air_mask": true
    },
    "webapi_port": null,
    "webapi_url": "https://mriqc.nimh.nih.gov/api/v1"
  },
  "qi_1": 0.0,
  "qi_2": 0.0026549955893851273,
  "rpve_csf": 24.84134815672198,
  "rpve_gm": 12.37423777130485,
  "rpve_wm": 17.98985261747847,
  "size_x": 170,
  "size_y": 256,
  "size_z": 256,
  "snr_csf": 2.4191751151713374,
  "snr_gm": 7.561531108581671,
  "snr_total": 9.946235847200295,
  "snr_wm": 19.858001317847876,
  "snrd_csf": 21.30799094004938,
  "snrd_gm": 42.78311595405655,
  "snrd_total": 44.13909818473081,
  "snrd_wm": 68.3261876600865,
  "spacing_x": 1.0,
  "spacing_y": 0.943651020526886,
  "spacing_z": 0.943651020526886,
  "summary_bg_k": 2.625924351295361,
  "summary_bg_mad": 9.58830810422962,
  "summary_bg_mean": 14.529810905456543,
  "summary_bg_median": 12.891266822814941,
  "summary_bg_n": 173041.0,
  "summary_bg_p05": 0.0,
  "summary_bg_p95": 32.95857620239258,
  "summary_bg_stdv": 11.263167381286621,
  "summary_csf_k": -0.46196225650137324,
  "summary_csf_mad": 118.49504128515477,
  "summary_csf_mean": 284.53863525390625,
  "summary_csf_median": 311.85504150390625,
  "summary_csf_n": 6022.0,
  "summary_csf_p05": 54.822475051879884,
  "summary_csf_p95": 457.9665374755859,
  "summary_csf_stdv": 128.89895629882812,
  "summary_gm_k": 0.2575095976390833,
  "summary_gm_mad": 78.0609433086825,
  "summary_gm_mean": 627.0187377929688,
  "summary_gm_median": 626.1561889648438,
  "summary_gm_n": 22229.0,
  "summary_gm_p05": 489.6365905761719,
  "summary_gm_p95": 767.753662109375,
  "summary_gm_stdv": 82.80625915527344,
  "summary_wm_k": 1.3698418462733102,
  "summary_wm_mad": 43.86137135746813,
  "summary_wm_mean": 997.5053100585938,
  "summary_wm_median": 999.994140625,
  "summary_wm_n": 204010.0,
  "summary_wm_p05": 910.4295379638672,
  "summary_wm_p95": 1074.325079345703,
  "summary_wm_stdv": 50.35711669921875,
  "tpm_overlap_csf": 0.16093651950359344,
  "tpm_overlap_gm": 0.4383072257041931,
  "tpm_overlap_wm": 0.5037593245506287,
  "wm2max": 0.6424544929753836
}