{
  "aor": 0.0006916166666666667,
  "aqi": 0.02292465905,
  "bids_meta": {
    "AcquisitionMatrixPE": 62,
    "ConversionSoftware": "dcm2niix",
    "DeviceSerialNumber": "42292",
    "EchoTime": 0.03,
    "EchoTrainLength": 31,
    "FlipAngle": 70,
    "ImageType": [
      "ORIGINAL",
      "PRIMARY",
      "M",
      "FFE",
      "M",
      "FFE"
    ],
    "InPlanePhaseEncodingDirectionDICOM": "COL",
    "InstitutionName": "Klinikum_rechts_der_Isar",
    "InstitutionalDepartmentName": "MRT",
    "MRAcquisitionType": "2D",
    "MagneticFieldStrength": 3,
    "Manufacturer": "Philips",
    "ManufacturersModelName": "Ingenia",
    "Modality": "MR",
    "MultibandAccelerationFactor": 2,
    "PatientPosition": "HFS",
    "PercentPhaseFOV": 100,
    "PhaseEncodingSteps": 62,
    "ProcedureStepDescription": "Studie_MR",
    "ReconMatrixPE": 64,
    "RepetitionTime": 1.25,
    "ScanOptions": "FS",
    "ScanningSequence": "GR",
    "SequenceVariant": "SK",
    "SliceThickness": 3,
    "SoftwareVersions": "5.1.8_5.1.8.1",
    "SpacingBetweenSlices": 3.3,
    "StationName": "mrkh",
    "TaskName": "Rest Pre",
    "dataset": "ds001927",
    "modality": "bold",
    "session_id": "occ",
    "subject_id": "s012",
    "task_id": "restpre"
  },
  "dummy_trs": 0,
  "dvars_nstd": 37.79203503123538,
  "dvars_std": 1.0660308581636055,
  "dvars_vstd": 0.965346228363939,
  "efc": 0.536598453719048,
  "fber": 4406.49658203125,
  "fd_mean": 0.30671252150369055,
  "fd_num": 360,
  "fd_perc": 60.0,
  "fwhm_avg": 1.6817022296656985,
  "fwhm_x": 1.6766566666666665,
  "fwhm_y": 1.82305,
  "fwhm_z": 1.545400022330429,
  "gcor": 0.0300175,
  "gsr_x": 0.03621114417910576,
  "gsr_y": 0.016427157446742058,
  "provenance": {
    "md5sum": "2aad3cc2f36947232450dd49be8f4483",
    "settings": {
      "fd_thres": 0.2,
      "testing": false
    },
    "software": "mriqc",
    "version": "22.0.0rc1",
    "webapi_port": null,
    "webapi_url": "https://mriqc.nimh.nih.gov/api/v1"
  },
  "size_t": 600,
  "size_x": 64,
  "size_y": 64,
  "size_z": 40,
  "snr": 6.057179003658904,
  "spacing_tr": 1.25,
  "spacing_x": 3.0,
  "spacing_y": 3.0,
  "spacing_z": 3.299999952316284,
  "summary_bg_k": 13.722951858581869,
  "summary_bg_mad": 26.759692231809883,
  "summary_bg_mean": 60.142391204833984,
  "summary_bg_median": 19.837963104248047,
  "summary_bg_n": 93190.0,
  "summary_bg_p05": 0.8495545238256454,
  "summary_bg_p95": 263.1119766235352,
  "summary_bg_stdv": 107.4117660522461,
  "summary_fg_k": 2.585062464862787,
  "summary_fg_mad": 181.8951308474609,
  "summary_fg_mean": 1297.3466796875,
  "summary_fg_median": 1275.5191650390625,
  "summary_fg_n": 35263.0,
  "summary_fg_p05": 1006.2429565429687,
  "summary_fg_p95": 1654.7226440429688,
  "summary_fg_stdv": 210.57675170898438,
  "tsnr": 35.22825622558594
}