{
  "aor": 0.0004030666666666667,
  "aqi": 0.021520671666666668,
  "bids_meta": {
    "AcquisitionMatrixPE": 62,
    "ConversionSoftware": "dcm2niix",
    "DeviceSerialNumber": "42292",
    "EchoTime": 0.03,
    "EchoTrainLength": 31,
    "FlipAngle": 70,
    "ImageType": [
      "ORIGINAL",
      "PRIMARY",
      "M",
      "FFE",
      "M",
      "FFE"
    ],
    "InPlanePhaseEncodingDirectionDICOM": "COL",
    "InstitutionName": "Klinikum_rechts_der_Isar",
    "InstitutionalDepartmentName": "MRT",
    "MRAcquisitionType": "2D",
    "MagneticFieldStrength": 3,
    "Manufacturer": "Philips",
    "ManufacturersModelName": "Ingenia",
    "Modality": "MR",
    "MultibandAccelerationFactor": 2,
    "PatientPosition": "HFS",
    "PercentPhaseFOV": 100,
    "PhaseEncodingSteps": 62,
    "ProcedureStepDescription": "Studie_MR",
    "ReconMatrixPE": 64,
    "RepetitionTime": 1.25,
    "ScanOptions": "FS",
    "ScanningSequence": "GR",
    "SequenceVariant": "SK",
    "SliceThickness": 3,
    "SoftwareVersions": "5.1.8_5.1.8.1",
    "SpacingBetweenSlices": 3.3,
    "StationName": "mrkh",
    "TaskName": "Rest Post",
    "dataset": "ds001927",
    "modality": "bold",
    "session_id": "occ",
    "subject_id": "s012",
    "task_id": "restpost"
  },
  "dummy_trs": 0,
  "dvars_nstd": 34.60468933227047,
  "dvars_std": 1.1160035137896491,
  "dvars_vstd": 0.9586283285308848,
  "efc": 0.5480667547108015,
  "fber": 3846.6044921875,
  "fd_mean": 0.20392048009898692,
  "fd_num": 227,
  "fd_perc": 37.833333333333336,
  "fwhm_avg": 1.6416042496595127,
  "fwhm_x": 1.6255433333333331,
  "fwhm_y": 1.7970966666666666,
  "fwhm_z": 1.5021727489785388,
  "gcor": 0.0304728,
  "gsr_x": 0.029532304033637047,
  "gsr_y": 0.01910298503935337,
  "provenance": {
    "md5sum": "e5470835fe65cc3da4b730dd015c95fa",
    "settings": {
      "fd_thres": 0.2,
      "testing": false
    },
    "software": "mriqc",
    "version": "22.0.0rc1",
    "webapi_port": null,
    "webapi_url": "https://mriqc.nimh.nih.gov/api/v1"
  },
  "size_t": 600,
  "size_x": 64,
  "size_y": 64,
  "size_z": 40,
  "snr": 6.257223565110206,
  "spacing_tr": 1.25,
  "spacing_x": 3.0,
  "spacing_y": 3.0,
  "spacing_z": 3.299999952316284,
  "summary_bg_k": 13.622776781351295,
  "summary_bg_mad": 27.488266208378015,
  "summary_bg_mean": 65.76885986328125,
  "summary_bg_median": 20.579954147338867,
  "summary_bg_n": 91303.0,
  "summary_bg_p05": 0.9130010783672335,
  "summary_bg_p95": 303.00250854492185,
  "summary_bg_stdv": 119.81641387939453,
  "summary_fg_k": 2.271415605214205,
  "summary_fg_mad": 180.81448902047154,
  "summary_fg_mean": 1318.2967529296875,
  "summary_fg_median": 1294.8720703125,
  "summary_fg_n": 36233.0,
  "summary_fg_p05": 1034.5925048828126,
  "summary_fg_p95": 1667.7537353515627,
  "summary_fg_stdv": 206.9375,
  "tsnr": 37.60017776489258
}