{
  "aor": 0.00021293333333333335,
  "aqi": 0.009637487033333333,
  "bids_meta": {
    "AcquisitionMatrixPE": 62,
    "ConversionSoftware": "dcm2niix",
    "DeviceSerialNumber": "42292",
    "EchoTime": 0.03,
    "EchoTrainLength": 31,
    "FlipAngle": 70,
    "ImageType": [
      "ORIGINAL",
      "PRIMARY",
      "M",
      "FFE",
      "M",
      "FFE"
    ],
    "InPlanePhaseEncodingDirectionDICOM": "COL",
    "InstitutionName": "Klinikum_rechts_der_Isar",
    "InstitutionalDepartmentName": "MRT",
    "MRAcquisitionType": "2D",
    "MagneticFieldStrength": 3,
    "Manufacturer": "Philips",
    "ManufacturersModelName": "Ingenia",
    "Modality": "MR",
    "MultibandAccelerationFactor": 2,
    "PatientPosition": "HFS",
    "PercentPhaseFOV": 100,
    "PhaseEncodingSteps": 62,
    "ProcedureStepDescription": "Studie_MR",
    "ReconMatrixPE": 64,
    "RepetitionTime": 1.25,
    "ScanOptions": "FS",
    "ScanningSequence": "GR",
    "SequenceVariant": "SK",
    "SliceThickness": 3,
    "SoftwareVersions": "5.1.8_5.1.8.1",
    "SpacingBetweenSlices": 3.3,
    "StationName": "mrkh",
    "TaskName": "Rest Pre",
    "dataset": "ds001927",
    "modality": "bold",
    "session_id": "ctr",
    "subject_id": "s007",
    "task_id": "restpre"
  },
  "dummy_trs": 0,
  "dvars_nstd": 28.791820462454062,
  "dvars_std": 1.059482068898162,
  "dvars_vstd": 0.9837075577963277,
  "efc": 0.501212908830536,
  "fber": 6712.2197265625,
  "fd_mean": 0.10477817887803245,
  "fd_num": 24,
  "fd_perc": 4.0,
  "fwhm_avg": 1.8867971798978262,
  "fwhm_x": 1.8872333333333333,
  "fwhm_y": 2.0747066666666667,
  "fwhm_z": 1.698451539693479,
  "gcor": 0.00752587,
  "gsr_x": 0.0007553958566859365,
  "gsr_y": 0.02748597413301468,
  "provenance": {
    "md5sum": "4eab2eff28da39b6a1c17cf2b9024bd6",
    "settings": {
      "fd_thres": 0.2,
      "testing": false
    },
    "software": "mriqc",
    "version": "22.0.0rc1",
    "webapi_port": null,
    "webapi_url": "https://mriqc.nimh.nih.gov/api/v1"
  },
  "size_t": 600,
  "size_x": 64,
  "size_y": 64,
  "size_z": 40,
  "snr": 5.441548662249031,
  "spacing_tr": 1.25,
  "spacing_x": 3.0,
  "spacing_y": 3.0,
  "spacing_z": 3.299999952316284,
  "summary_bg_k": 23.149683348358657,
  "summary_bg_mad": 20.934864185022434,
  "summary_bg_mean": 51.76409912109375,
  "summary_bg_median": 16.029773712158203,
  "summary_bg_n": 98936.0,
  "summary_bg_p05": 1.0248356759548187,
  "summary_bg_p95": 245.80474090576172,
  "summary_bg_stdv": 95.15919494628906,
  "summary_fg_k": 1.3510677041302905,
  "summary_fg_mad": 219.52159159352433,
  "summary_fg_mean": 1360.4049072265625,
  "summary_fg_median": 1337.5341796875,
  "summary_fg_n": 30615.0,
  "summary_fg_p05": 998.53740234375,
  "summary_fg_p95": 1783.9329833984375,
  "summary_fg_stdv": 245.7962646484375,
  "tsnr": 46.33744430541992
}