{
  "aor": 0.00026228333333333336,
  "aqi": 0.007374731516666667,
  "bids_meta": {
    "AcquisitionMatrixPE": 62,
    "ConversionSoftware": "dcm2niix",
    "DeviceSerialNumber": "42292",
    "EchoTime": 0.03,
    "EchoTrainLength": 31,
    "FlipAngle": 70,
    "ImageType": [
      "ORIGINAL",
      "PRIMARY",
      "M",
      "FFE",
      "M",
      "FFE"
    ],
    "InPlanePhaseEncodingDirectionDICOM": "COL",
    "InstitutionName": "Klinikum_rechts_der_Isar",
    "InstitutionalDepartmentName": "MRT",
    "MRAcquisitionType": "2D",
    "MagneticFieldStrength": 3,
    "Manufacturer": "Philips",
    "ManufacturersModelName": "Ingenia",
    "Modality": "MR",
    "MultibandAccelerationFactor": 2,
    "PatientPosition": "HFS",
    "PercentPhaseFOV": 100,
    "PhaseEncodingSteps": 62,
    "ProcedureStepDescription": "Studie_MR",
    "ReconMatrixPE": 64,
    "RepetitionTime": 1.25,
    "ScanOptions": "FS",
    "ScanningSequence": "GR",
    "SequenceVariant": "SK",
    "SliceThickness": 3,
    "SoftwareVersions": "5.1.8_5.1.8.1",
    "SpacingBetweenSlices": 3.3,
    "StationName": "mrkh",
    "TaskName": "Rest Post",
    "dataset": "ds001927",
    "modality": "bold",
    "session_id": "ctr",
    "subject_id": "s007",
    "task_id": "restpost"
  },
  "dummy_trs": 0,
  "dvars_nstd": 26.07134083155258,
  "dvars_std": 1.0835293854590982,
  "dvars_vstd": 0.9863719533055091,
  "efc": 0.520071264185105,
  "fber": 10988.814453125,
  "fd_mean": 0.09693655745732056,
  "fd_num": 4,
  "fd_perc": 0.6666666666666666,
  "fwhm_avg": 1.7813205130545533,
  "fwhm_x": 1.74864,
  "fwhm_y": 1.9335366666666667,
  "fwhm_z": 1.661784872496993,
  "gcor": 0.0097097,
  "gsr_x": 0.0010635933140292764,
  "gsr_y": 0.03440611809492111,
  "provenance": {
    "md5sum": "9c975cf9fa3d7a4584f271b2f3656c22",
    "settings": {
      "fd_thres": 0.2,
      "testing": false
    },
    "software": "mriqc",
    "version": "22.0.0rc1",
    "webapi_port": null,
    "webapi_url": "https://mriqc.nimh.nih.gov/api/v1"
  },
  "size_t": 600,
  "size_x": 64,
  "size_y": 64,
  "size_z": 40,
  "snr": 5.718740930513431,
  "spacing_tr": 1.25,
  "spacing_x": 3.0,
  "spacing_y": 3.0,
  "spacing_z": 3.299999952316284,
  "summary_bg_k": 13.688685037490266,
  "summary_bg_mad": 15.181227788306606,
  "summary_bg_mean": 49.922645568847656,
  "summary_bg_median": 11.373432159423828,
  "summary_bg_n": 95183.0,
  "summary_bg_p05": 0.5584211766719819,
  "summary_bg_p95": 244.26929779052693,
  "summary_bg_stdv": 91.60969543457031,
  "summary_fg_k": 1.2788704636700343,
  "summary_fg_mad": 202.028532348775,
  "summary_fg_mean": 1245.077880859375,
  "summary_fg_median": 1226.77392578125,
  "summary_fg_n": 33508.0,
  "summary_fg_p05": 937.9632446289063,
  "summary_fg_p95": 1609.0606506347656,
  "summary_fg_stdv": 214.51498413085938,
  "tsnr": 54.27702713012695
}