{
  "bids_meta": {
    "AcquisitionMatrixPE": 238,
    "ConversionSoftware": "dcm2niix",
    "DeviceSerialNumber": "42292",
    "EchoTime": 0.003996,
    "EchoTrainLength": 159,
    "FlipAngle": 8,
    "ImageType": [
      "ORIGINAL",
      "PRIMARY",
      "M",
      "FFE",
      "M",
      "FFE"
    ],
    "InPlanePhaseEncodingDirectionDICOM": "ROW",
    "InstitutionName": "Klinikum_rechts_der_Isar",
    "InstitutionalDepartmentName": "MRT",
    "MRAcquisitionType": "3D",
    "MagneticFieldStrength": 3,
    "Manufacturer": "Philips",
    "ManufacturersModelName": "Ingenia",
    "Modality": "MR",
    "PatientPosition": "HFS",
    "PercentPhaseFOV": 100,
    "PhaseEncodingSteps": 238,
    "ProcedureStepDescription": "Studie_MR",
    "ReconMatrixPE": 256,
    "RepetitionTime": 0.009,
    "ScanOptions": "OTHER",
    "ScanningSequence": "GR",
    "SequenceVariant": "MP",
    "SliceThickness": 1,
    "SoftwareVersions": "5.1.8_5.1.8.1",
    "SpacingBetweenSlices": 1,
    "StationName": "mrkh",
    "dataset": "ds001927",
    "modality": "T1w",
    "session_id": "ctr",
    "subject_id": "s008"
  },
  "cjv": 0.32635296892288324,
  "cnr": 3.735753127958335,
  "efc": 0.7779423404514588,
  "fber": 183.5669403076172,
  "fwhm_avg": 3.6283687242505924,
  "fwhm_x": 3.53686,
  "fwhm_y": 3.8821237092019074,
  "fwhm_z": 3.466122463549871,
  "icvs_csf": 0.2210761009455063,
  "icvs_gm": 0.4014292262896378,
  "icvs_wm": 0.37749467276485593,
  "inu_med": 1.886078119277954,
  "inu_range": 0.5856048524379729,
  "provenance": {
    "md5sum": "5e32db7e24c19555950a986a7975ef78",
    "settings": {
      "testing": false
    },
    "software": "mriqc",
    "version": "22.0.0rc1",
    "warnings": {
      "large_rot_frame": true,
      "small_air_mask": true
    },
    "webapi_port": null,
    "webapi_url": "https://mriqc.nimh.nih.gov/api/v1"
  },
  "qi_1": 0.0,
  "qi_2": 0.005312594108714378,
  "rpve_csf": 22.17453495508003,
  "rpve_gm": 12.499591368982395,
  "rpve_wm": 17.675678609686283,
  "size_x": 170,
  "size_y": 256,
  "size_z": 256,
  "snr_csf": 3.7301463114042037,
  "snr_gm": 7.4931949927798325,
  "snr_total": 10.775815019058994,
  "snr_wm": 21.104103752992945,
  "snrd_csf": 22.42800119397417,
  "snrd_gm": 42.65244106754416,
  "snrd_total": 44.08191717174223,
  "snrd_wm": 67.16530925370836,
  "spacing_x": 1.0,
  "spacing_y": 0.943651020526886,
  "spacing_z": 0.943651020526886,
  "summary_bg_k": 3.678718635389421,
  "summary_bg_mad": 9.754002874501673,
  "summary_bg_mean": 13.574345588684082,
  "summary_bg_median": 13.141483306884766,
  "summary_bg_n": 103312.0,
  "summary_bg_p05": 0.0,
  "summary_bg_p95": 33.261695289611815,
  "summary_bg_stdv": 10.822279930114746,
  "summary_csf_k": 3.441870262119018,
  "summary_csf_mad": 86.16810977341244,
  "summary_csf_mean": 335.1332092285156,
  "summary_csf_median": 333.9194641113281,
  "summary_csf_n": 6542.0,
  "summary_csf_p05": 198.103515625,
  "summary_csf_p95": 471.78991851806643,
  "summary_csf_stdv": 89.51229095458984,
  "summary_gm_k": 0.44781961506557444,
  "summary_gm_mad": 77.08210369701409,
  "summary_gm_mean": 639.2619018554688,
  "summary_gm_median": 635.0311889648438,
  "summary_gm_n": 17031.0,
  "summary_gm_p05": 507.1840515136719,
  "summary_gm_p95": 788.0424194335938,
  "summary_gm_stdv": 84.74523162841797,
  "summary_wm_k": 1.2506491338321197,
  "summary_wm_mad": 42.02368301192298,
  "summary_wm_mean": 997.7405395507812,
  "summary_wm_median": 999.9912109375,
  "summary_wm_n": 220059.0,
  "summary_wm_p05": 916.2885925292969,
  "summary_wm_p95": 1069.9050048828126,
  "summary_wm_stdv": 47.38362503051758,
  "tpm_overlap_csf": 0.15543414652347565,
  "tpm_overlap_gm": 0.43960341811180115,
  "tpm_overlap_wm": 0.515622615814209,
  "wm2max": 0.5658375133552317
}