{
  "aor": 0.0006916833333333333,
  "aqi": 0.013867102183333332,
  "bids_meta": {
    "AcquisitionMatrixPE": 62,
    "ConversionSoftware": "dcm2niix",
    "DeviceSerialNumber": "42292",
    "EchoTime": 0.03,
    "EchoTrainLength": 31,
    "FlipAngle": 70,
    "ImageType": [
      "ORIGINAL",
      "PRIMARY",
      "M",
      "FFE",
      "M",
      "FFE"
    ],
    "InPlanePhaseEncodingDirectionDICOM": "COL",
    "InstitutionName": "Klinikum_rechts_der_Isar",
    "InstitutionalDepartmentName": "MRT",
    "MRAcquisitionType": "2D",
    "MagneticFieldStrength": 3,
    "Manufacturer": "Philips",
    "ManufacturersModelName": "Ingenia",
    "Modality": "MR",
    "MultibandAccelerationFactor": 2,
    "PatientPosition": "HFS",
    "PercentPhaseFOV": 100,
    "PhaseEncodingSteps": 62,
    "ProcedureStepDescription": "Studie_MR",
    "ReconMatrixPE": 64,
    "RepetitionTime": 1.25,
    "ScanOptions": "FS",
    "ScanningSequence": "GR",
    "SequenceVariant": "SK",
    "SliceThickness": 3,
    "SoftwareVersions": "5.1.8_5.1.8.1",
    "SpacingBetweenSlices": 3.3,
    "StationName": "mrkh",
    "TaskName": "Rest Pre",
    "dataset": "ds001927",
    "modality": "bold",
    "session_id": "ctr",
    "subject_id": "s023",
    "task_id": "restpre"
  },
  "dummy_trs": 0,
  "dvars_nstd": 39.81873276973292,
  "dvars_std": 1.2321083279465772,
  "dvars_vstd": 0.9780412577462437,
  "efc": 0.5348362521066844,
  "fber": 9078.958984375,
  "fd_mean": 0.16746173553724916,
  "fd_num": 187,
  "fd_perc": 31.166666666666668,
  "fwhm_avg": 1.5822495022914154,
  "fwhm_x": 1.58913,
  "fwhm_y": 1.6333033333333333,
  "fwhm_z": 1.5243151735409126,
  "gcor": 0.0496992,
  "gsr_x": 0.011983376927673817,
  "gsr_y": 0.009135580621659756,
  "provenance": {
    "md5sum": "4aaf6dd372f16c01cabe9956ab792a12",
    "settings": {
      "fd_thres": 0.2,
      "testing": false
    },
    "software": "mriqc",
    "version": "22.0.0rc1",
    "webapi_port": null,
    "webapi_url": "https://mriqc.nimh.nih.gov/api/v1"
  },
  "size_t": 600,
  "size_x": 64,
  "size_y": 64,
  "size_z": 40,
  "snr": 6.0601706350485305,
  "spacing_tr": 1.25,
  "spacing_x": 3.0,
  "spacing_y": 3.0,
  "spacing_z": 3.299999952316284,
  "summary_bg_k": 22.831893869740956,
  "summary_bg_mad": 17.827644950678643,
  "summary_bg_mean": 62.036617279052734,
  "summary_bg_median": 13.03016185760498,
  "summary_bg_n": 92977.0,
  "summary_bg_p05": 0.5893826127052307,
  "summary_bg_p95": 295.4128784179686,
  "summary_bg_stdv": 125.81040954589844,
  "summary_fg_k": 3.280222709629644,
  "summary_fg_mad": 184.07161696559425,
  "summary_fg_mean": 1319.6058349609375,
  "summary_fg_median": 1293.91064453125,
  "summary_fg_n": 34563.0,
  "summary_fg_p05": 1034.4899536132812,
  "summary_fg_p95": 1677.9015136718751,
  "summary_fg_stdv": 213.50750732421875,
  "tsnr": 43.552528381347656
}