{
  "aor": 0.0010643666666666667,
  "aqi": 0.011707780383333335,
  "bids_meta": {
    "AcquisitionMatrixPE": 62,
    "ConversionSoftware": "dcm2niix",
    "DeviceSerialNumber": "42292",
    "EchoTime": 0.03,
    "EchoTrainLength": 31,
    "FlipAngle": 70,
    "ImageType": [
      "ORIGINAL",
      "PRIMARY",
      "M",
      "FFE",
      "M",
      "FFE"
    ],
    "InPlanePhaseEncodingDirectionDICOM": "COL",
    "InstitutionName": "Klinikum_rechts_der_Isar",
    "InstitutionalDepartmentName": "MRT",
    "MRAcquisitionType": "2D",
    "MagneticFieldStrength": 3,
    "Manufacturer": "Philips",
    "ManufacturersModelName": "Ingenia",
    "Modality": "MR",
    "MultibandAccelerationFactor": 2,
    "PatientPosition": "HFS",
    "PercentPhaseFOV": 100,
    "PhaseEncodingSteps": 62,
    "ProcedureStepDescription": "Studie_MR",
    "ReconMatrixPE": 64,
    "RepetitionTime": 1.25,
    "ScanOptions": "FS",
    "ScanningSequence": "GR",
    "SequenceVariant": "SK",
    "SliceThickness": 3,
    "SoftwareVersions": "5.1.8_5.1.8.1",
    "SpacingBetweenSlices": 3.3,
    "StationName": "mrkh",
    "TaskName": "Rest Pre",
    "dataset": "ds001927",
    "modality": "bold",
    "session_id": "occ",
    "subject_id": "s009",
    "task_id": "restpre"
  },
  "dummy_trs": 0,
  "dvars_nstd": 33.89268352886476,
  "dvars_std": 1.2599474164273807,
  "dvars_vstd": 1.0033584049081798,
  "efc": 0.49798122628756264,
  "fber": 39216.546875,
  "fd_mean": 0.15907067555366874,
  "fd_num": 148,
  "fd_perc": 24.666666666666668,
  "fwhm_avg": 1.6761710180508793,
  "fwhm_x": 1.6613366666666665,
  "fwhm_y": 1.71664,
  "fwhm_z": 1.6505363874859722,
  "gcor": 0.0267624,
  "gsr_x": -0.001368235214613378,
  "gsr_y": 0.011810731142759323,
  "provenance": {
    "md5sum": "5b7fe201f522fde01fcf27bc53321178",
    "settings": {
      "fd_thres": 0.2,
      "testing": false
    },
    "software": "mriqc",
    "version": "22.0.0rc1",
    "webapi_port": null,
    "webapi_url": "https://mriqc.nimh.nih.gov/api/v1"
  },
  "size_t": 600,
  "size_x": 64,
  "size_y": 64,
  "size_z": 40,
  "snr": 6.003982669275234,
  "spacing_tr": 1.25,
  "spacing_x": 3.0,
  "spacing_y": 3.0,
  "spacing_z": 3.299999952316284,
  "summary_bg_k": 25.30653609656522,
  "summary_bg_mad": 7.531540728538898,
  "summary_bg_mean": 34.38568878173828,
  "summary_bg_median": 5.769039154052734,
  "summary_bg_n": 96542.0,
  "summary_bg_p05": 0.3685937121510506,
  "summary_bg_p95": 149.77195053100567,
  "summary_bg_stdv": 77.75676727294922,
  "summary_fg_k": 1.3773462706205155,
  "summary_fg_mad": 181.68863070936095,
  "summary_fg_mean": 1192.8560791015625,
  "summary_fg_median": 1166.3251953125,
  "summary_fg_n": 32342.0,
  "summary_fg_p05": 931.2657440185546,
  "summary_fg_p95": 1536.6583007812494,
  "summary_fg_stdv": 194.25558471679688,
  "tsnr": 49.40121078491211
}