{
  "aor": 0.0013101333333333334,
  "aqi": 0.016456601066666666,
  "bids_meta": {
    "AcquisitionMatrixPE": 62,
    "ConversionSoftware": "dcm2niix",
    "DeviceSerialNumber": "42292",
    "EchoTime": 0.03,
    "EchoTrainLength": 31,
    "FlipAngle": 70,
    "ImageType": [
      "ORIGINAL",
      "PRIMARY",
      "M",
      "FFE",
      "M",
      "FFE"
    ],
    "InPlanePhaseEncodingDirectionDICOM": "COL",
    "InstitutionName": "Klinikum_rechts_der_Isar",
    "InstitutionalDepartmentName": "MRT",
    "MRAcquisitionType": "2D",
    "MagneticFieldStrength": 3,
    "Manufacturer": "Philips",
    "ManufacturersModelName": "Ingenia",
    "Modality": "MR",
    "MultibandAccelerationFactor": 2,
    "PatientPosition": "HFS",
    "PercentPhaseFOV": 100,
    "PhaseEncodingSteps": 62,
    "ProcedureStepDescription": "Studie_MR",
    "ReconMatrixPE": 64,
    "RepetitionTime": 1.25,
    "ScanOptions": "FS",
    "ScanningSequence": "GR",
    "SequenceVariant": "SK",
    "SliceThickness": 3,
    "SoftwareVersions": "5.1.8_5.1.8.1",
    "SpacingBetweenSlices": 3.3,
    "StationName": "mrkh",
    "TaskName": "Rest Post",
    "dataset": "ds001927",
    "modality": "bold",
    "session_id": "occ",
    "subject_id": "s009",
    "task_id": "restpost"
  },
  "dummy_trs": 0,
  "dvars_nstd": 34.684587370434045,
  "dvars_std": 1.226566735158598,
  "dvars_vstd": 0.993311902804675,
  "efc": 0.5008204712184096,
  "fber": 28482.70703125,
  "fd_mean": 0.14622793007347762,
  "fd_num": 114,
  "fd_perc": 19.0,
  "fwhm_avg": 1.6543717250473098,
  "fwhm_x": 1.6440733333333333,
  "fwhm_y": 1.6839266666666666,
  "fwhm_z": 1.6351151751419295,
  "gcor": 0.0201093,
  "gsr_x": -0.002784984651952982,
  "gsr_y": 0.013794549740850925,
  "provenance": {
    "md5sum": "f6975d3b38b3a9db24579909ca3d3a7a",
    "settings": {
      "fd_thres": 0.2,
      "testing": false
    },
    "software": "mriqc",
    "version": "22.0.0rc1",
    "webapi_port": null,
    "webapi_url": "https://mriqc.nimh.nih.gov/api/v1"
  },
  "size_t": 600,
  "size_x": 64,
  "size_y": 64,
  "size_z": 40,
  "snr": 6.2778679515813565,
  "spacing_tr": 1.25,
  "spacing_x": 3.0,
  "spacing_y": 3.0,
  "spacing_z": 3.299999952316284,
  "summary_bg_k": 23.663251744233108,
  "summary_bg_mad": 9.479131502566357,
  "summary_bg_mean": 39.64583969116211,
  "summary_bg_median": 7.228350639343262,
  "summary_bg_n": 96717.0,
  "summary_bg_p05": 0.45805163979530333,
  "summary_bg_p95": 169.77095336914053,
  "summary_bg_stdv": 85.06249237060547,
  "summary_fg_k": 1.0011850497421495,
  "summary_fg_mad": 190.2068971422715,
  "summary_fg_mean": 1287.383544921875,
  "summary_fg_median": 1263.3321533203125,
  "summary_fg_n": 32121.0,
  "summary_fg_p05": 1011.722412109375,
  "summary_fg_p95": 1646.471923828125,
  "summary_fg_stdv": 201.23272705078125,
  "tsnr": 42.26615905761719
}