{
  "aor": 0.00015978333333333333,
  "aqi": 0.018318915183333333,
  "bids_meta": {
    "AcquisitionMatrixPE": 62,
    "ConversionSoftware": "dcm2niix",
    "DeviceSerialNumber": "42292",
    "EchoTime": 0.03,
    "EchoTrainLength": 31,
    "FlipAngle": 70,
    "ImageType": [
      "ORIGINAL",
      "PRIMARY",
      "M",
      "FFE",
      "M",
      "FFE"
    ],
    "InPlanePhaseEncodingDirectionDICOM": "COL",
    "InstitutionName": "Klinikum_rechts_der_Isar",
    "InstitutionalDepartmentName": "MRT",
    "MRAcquisitionType": "2D",
    "MagneticFieldStrength": 3,
    "Manufacturer": "Philips",
    "ManufacturersModelName": "Ingenia",
    "Modality": "MR",
    "MultibandAccelerationFactor": 2,
    "PatientPosition": "HFS",
    "PercentPhaseFOV": 100,
    "PhaseEncodingSteps": 62,
    "ProcedureStepDescription": "Studie_MR",
    "ReconMatrixPE": 64,
    "RepetitionTime": 1.25,
    "ScanOptions": "FS",
    "ScanningSequence": "GR",
    "SequenceVariant": "SK",
    "SliceThickness": 3,
    "SoftwareVersions": "5.1.8_5.1.8.1",
    "SpacingBetweenSlices": 3.3,
    "StationName": "mrkh",
    "TaskName": "Rest Post",
    "dataset": "ds001927",
    "modality": "bold",
    "session_id": "ctr",
    "subject_id": "s005",
    "task_id": "restpost"
  },
  "dummy_trs": 0,
  "dvars_nstd": 31.70365712472454,
  "dvars_std": 1.1058019083806345,
  "dvars_vstd": 0.9573493972787975,
  "efc": 0.5083132566253621,
  "fber": 16471.26953125,
  "fd_mean": 0.12782489251196932,
  "fd_num": 41,
  "fd_perc": 6.833333333333333,
  "fwhm_avg": 1.6918640479739289,
  "fwhm_x": 1.6836900000000001,
  "fwhm_y": 1.8202566666666666,
  "fwhm_z": 1.57164547725512,
  "gcor": 0.0042889,
  "gsr_x": -0.007719337474554777,
  "gsr_y": 0.026909902691841125,
  "provenance": {
    "md5sum": "c226ce7fe577c90d2eea1976918a7479",
    "settings": {
      "fd_thres": 0.2,
      "testing": false
    },
    "software": "mriqc",
    "version": "22.0.0rc1",
    "webapi_port": null,
    "webapi_url": "https://mriqc.nimh.nih.gov/api/v1"
  },
  "size_t": 600,
  "size_x": 64,
  "size_y": 64,
  "size_z": 40,
  "snr": 6.7027560090519405,
  "spacing_tr": 1.25,
  "spacing_x": 3.0,
  "spacing_y": 3.0,
  "spacing_z": 3.299999952316284,
  "summary_bg_k": 19.46633862629718,
  "summary_bg_mad": 14.970782284143084,
  "summary_bg_mean": 51.23894119262695,
  "summary_bg_median": 11.258285522460938,
  "summary_bg_n": 96001.0,
  "summary_bg_p05": 0.7684754133224487,
  "summary_bg_p95": 219.13165283203125,
  "summary_bg_stdv": 99.48304748535156,
  "summary_fg_k": 2.649753141992421,
  "summary_fg_mad": 193.68111265588755,
  "summary_fg_mean": 1560.95947265625,
  "summary_fg_median": 1547.439453125,
  "summary_fg_n": 32496.0,
  "summary_fg_p05": 1217.4042358398438,
  "summary_fg_p95": 1941.0267944335938,
  "summary_fg_stdv": 230.8625946044922,
  "tsnr": 44.22612762451172
}