{
  "aor": 0.00028331666666666673,
  "aqi": 0.010470441366666666,
  "bids_meta": {
    "AcquisitionMatrixPE": 62,
    "ConversionSoftware": "dcm2niix",
    "DeviceSerialNumber": "42292",
    "EchoTime": 0.03,
    "EchoTrainLength": 31,
    "FlipAngle": 70,
    "ImageType": [
      "ORIGINAL",
      "PRIMARY",
      "M",
      "FFE",
      "M",
      "FFE"
    ],
    "InPlanePhaseEncodingDirectionDICOM": "COL",
    "InstitutionName": "Klinikum_rechts_der_Isar",
    "InstitutionalDepartmentName": "MRT",
    "MRAcquisitionType": "2D",
    "MagneticFieldStrength": 3,
    "Manufacturer": "Philips",
    "ManufacturersModelName": "Ingenia",
    "Modality": "MR",
    "MultibandAccelerationFactor": 2,
    "PatientPosition": "HFS",
    "PercentPhaseFOV": 100,
    "PhaseEncodingSteps": 62,
    "ProcedureStepDescription": "Studie_MR",
    "ReconMatrixPE": 64,
    "RepetitionTime": 1.25,
    "ScanOptions": "FS",
    "ScanningSequence": "GR",
    "SequenceVariant": "SK",
    "SliceThickness": 3,
    "SoftwareVersions": "5.1.8_5.1.8.1",
    "SpacingBetweenSlices": 3.3,
    "StationName": "mrkh",
    "TaskName": "Rest Pre",
    "dataset": "ds001927",
    "modality": "bold",
    "session_id": "ctr",
    "subject_id": "s005",
    "task_id": "restpre"
  },
  "dummy_trs": 0,
  "dvars_nstd": 30.13957221671118,
  "dvars_std": 1.158115542721203,
  "dvars_vstd": 1.0004364218030057,
  "efc": 0.5100634017826681,
  "fber": 15165.90625,
  "fd_mean": 0.11056826680777987,
  "fd_num": 11,
  "fd_perc": 1.8333333333333333,
  "fwhm_avg": 1.6117225324140299,
  "fwhm_x": 1.5870600000000001,
  "fwhm_y": 1.7612500000000002,
  "fwhm_z": 1.4868575972420894,
  "gcor": 0.00390249,
  "gsr_x": -0.005539155099540949,
  "gsr_y": 0.027583729475736618,
  "provenance": {
    "md5sum": "68437c40522e442eafa498b01e730e36",
    "settings": {
      "fd_thres": 0.2,
      "testing": false
    },
    "software": "mriqc",
    "version": "22.0.0rc1",
    "webapi_port": null,
    "webapi_url": "https://mriqc.nimh.nih.gov/api/v1"
  },
  "size_t": 600,
  "size_x": 64,
  "size_y": 64,
  "size_z": 40,
  "snr": 6.70014914754915,
  "spacing_tr": 1.25,
  "spacing_x": 3.0,
  "spacing_y": 3.0,
  "spacing_z": 3.299999952316284,
  "summary_bg_k": 24.80057585592377,
  "summary_bg_mad": 14.7459084368373,
  "summary_bg_mean": 47.4809684753418,
  "summary_bg_median": 11.025469779968262,
  "summary_bg_n": 95373.0,
  "summary_bg_p05": 0.7393761396408081,
  "summary_bg_p95": 204.0142730712886,
  "summary_bg_stdv": 92.80614471435547,
  "summary_fg_k": 3.234189144665079,
  "summary_fg_mad": 183.4600797468039,
  "summary_fg_mean": 1480.6331787109375,
  "summary_fg_median": 1465.3582763671875,
  "summary_fg_n": 33029.0,
  "summary_fg_p05": 1175.2892578125,
  "summary_fg_p95": 1841.2552978515625,
  "summary_fg_stdv": 218.70201110839844,
  "tsnr": 54.804439544677734
}