{
  "bids_meta": {
    "AcquisitionMatrixPE": 238,
    "ConversionSoftware": "dcm2niix",
    "DeviceSerialNumber": "42292",
    "EchoTime": 0.003996,
    "EchoTrainLength": 159,
    "FlipAngle": 8,
    "ImageType": [
      "ORIGINAL",
      "PRIMARY",
      "M",
      "FFE",
      "M",
      "FFE"
    ],
    "InPlanePhaseEncodingDirectionDICOM": "ROW",
    "InstitutionName": "Klinikum_rechts_der_Isar",
    "InstitutionalDepartmentName": "MRT",
    "MRAcquisitionType": "3D",
    "MagneticFieldStrength": 3,
    "Manufacturer": "Philips",
    "ManufacturersModelName": "Ingenia",
    "Modality": "MR",
    "PatientPosition": "HFS",
    "PercentPhaseFOV": 100,
    "PhaseEncodingSteps": 238,
    "ProcedureStepDescription": "Studie_MR",
    "ReconMatrixPE": 256,
    "RepetitionTime": 0.009,
    "ScanOptions": "OTHER",
    "ScanningSequence": "GR",
    "SequenceVariant": "MP",
    "SliceThickness": 1,
    "SoftwareVersions": "5.1.8_5.1.8.1",
    "SpacingBetweenSlices": 1,
    "StationName": "mrkh",
    "dataset": "ds001927",
    "modality": "T1w",
    "session_id": "ctr",
    "subject_id": "s017"
  },
  "cjv": 0.2447729033389558,
  "cnr": 4.948991930073501,
  "efc": 0.8037469544781689,
  "fber": 1173.0694580078125,
  "fwhm_avg": 4.470207835045716,
  "fwhm_x": 4.76178,
  "fwhm_y": 4.4705403885904085,
  "fwhm_z": 4.178303116546741,
  "icvs_csf": 0.2961939386136611,
  "icvs_gm": 0.3479611036580851,
  "icvs_wm": 0.3558449577282538,
  "inu_med": 1.248524785041809,
  "inu_range": 0.3731674909591671,
  "provenance": {
    "md5sum": "409f68c45293ecef862dc63b45581746",
    "settings": {
      "testing": false
    },
    "software": "mriqc",
    "version": "22.0.0rc1",
    "warnings": {
      "large_rot_frame": true,
      "small_air_mask": true
    },
    "webapi_port": null,
    "webapi_url": "https://mriqc.nimh.nih.gov/api/v1"
  },
  "qi_1": 0.0,
  "qi_2": 0.0012921168303132843,
  "rpve_csf": 17.26778078537523,
  "rpve_gm": 12.697929972548273,
  "rpve_wm": 17.544614238974578,
  "size_x": 170,
  "size_y": 256,
  "size_z": 256,
  "snr_csf": 3.979447843684338,
  "snr_gm": 9.856718524377463,
  "snr_total": 14.495775953806742,
  "snr_wm": 29.651161493358426,
  "snrd_csf": 22.977435085569393,
  "snrd_gm": 41.26347114157936,
  "snrd_total": 42.993163183495746,
  "snrd_wm": 64.73858332333847,
  "spacing_x": 1.0,
  "spacing_y": 0.943651020526886,
  "spacing_z": 0.943651020526886,
  "summary_bg_k": 7.282022764672732,
  "summary_bg_mad": 10.119615633389344,
  "summary_bg_mean": 9.392788887023926,
  "summary_bg_median": 7.11306095123291,
  "summary_bg_n": 140666.0,
  "summary_bg_p05": 0.0,
  "summary_bg_p95": 21.277414321899414,
  "summary_bg_stdv": 7.054998874664307,
  "summary_csf_k": 0.7097529872576014,
  "summary_csf_mad": 79.03982816577992,
  "summary_csf_mean": 346.04901123046875,
  "summary_csf_median": 354.9227600097656,
  "summary_csf_n": 22961.0,
  "summary_csf_p05": 177.82809448242188,
  "summary_csf_p95": 474.72283935546875,
  "summary_csf_stdv": 89.18700408935547,
  "summary_gm_k": 0.4223441544150264,
  "summary_gm_mad": 60.37554574512005,
  "summary_gm_mean": 638.8818969726562,
  "summary_gm_median": 637.3794555664062,
  "summary_gm_n": 18418.0,
  "summary_gm_p05": 536.9554138183594,
  "summary_gm_p95": 752.0248016357422,
  "summary_gm_stdv": 64.66271209716797,
  "summary_wm_k": 2.0430990933871858,
  "summary_wm_mad": 28.381597968335342,
  "summary_wm_mean": 998.0722045898438,
  "summary_wm_median": 999.9896240234375,
  "summary_wm_n": 238228.0,
  "summary_wm_p05": 940.2821472167968,
  "summary_wm_p95": 1047.8701782226562,
  "summary_wm_stdv": 33.72507095336914,
  "tpm_overlap_csf": 0.13790203630924225,
  "tpm_overlap_gm": 0.40898898243904114,
  "tpm_overlap_wm": 0.5099762678146362,
  "wm2max": 0.6651406124408198
}