{
  "bids_meta": {
    "AcquisitionMatrixPE": 238,
    "ConversionSoftware": "dcm2niix",
    "DeviceSerialNumber": "42292",
    "EchoTime": 0.003996,
    "EchoTrainLength": 159,
    "FlipAngle": 8,
    "ImageType": [
      "ORIGINAL",
      "PRIMARY",
      "M",
      "FFE",
      "M",
      "FFE"
    ],
    "InPlanePhaseEncodingDirectionDICOM": "ROW",
    "InstitutionName": "Klinikum_rechts_der_Isar",
    "InstitutionalDepartmentName": "MRT",
    "MRAcquisitionType": "3D",
    "MagneticFieldStrength": 3,
    "Manufacturer": "Philips",
    "ManufacturersModelName": "Ingenia",
    "Modality": "MR",
    "PatientPosition": "HFS",
    "PercentPhaseFOV": 100,
    "PhaseEncodingSteps": 238,
    "ProcedureStepDescription": "Studie_MR",
    "ReconMatrixPE": 256,
    "RepetitionTime": 0.009,
    "ScanOptions": "OTHER",
    "ScanningSequence": "GR",
    "SequenceVariant": "MP",
    "SliceThickness": 1,
    "SoftwareVersions": "5.1.8_5.1.8.1",
    "SpacingBetweenSlices": 1,
    "StationName": "mrkh",
    "dataset": "ds001927",
    "modality": "T1w",
    "session_id": "occ",
    "subject_id": "s018"
  },
  "cjv": 0.3467961498613363,
  "cnr": 3.5083946179777916,
  "efc": 0.7861014573783466,
  "fber": 653.7897338867188,
  "fwhm_avg": 3.659389152272096,
  "fwhm_x": 3.58358,
  "fwhm_y": 3.892349947281544,
  "fwhm_z": 3.502237509534743,
  "icvs_csf": 0.22609501230710044,
  "icvs_gm": 0.3731901567872857,
  "icvs_wm": 0.4007148309056139,
  "inu_med": 1.932479977607727,
  "inu_range": 0.6005183339118958,
  "provenance": {
    "md5sum": "8fb5cc546f1592f0bd13a4ce6c5c4b12",
    "settings": {
      "testing": false
    },
    "software": "mriqc",
    "version": "22.0.0rc1",
    "warnings": {
      "large_rot_frame": true,
      "small_air_mask": true
    },
    "webapi_port": null,
    "webapi_url": "https://mriqc.nimh.nih.gov/api/v1"
  },
  "qi_1": 0.0,
  "qi_2": 0.0012618319810865542,
  "rpve_csf": 21.672847749851012,
  "rpve_gm": 12.708031950454048,
  "rpve_wm": 16.412886087508227,
  "size_x": 170,
  "size_y": 256,
  "size_z": 256,
  "snr_csf": 2.683207647983788,
  "snr_gm": 7.306931863429665,
  "snr_total": 10.23960324681399,
  "snr_wm": 20.728670229028516,
  "snrd_csf": 21.825736833531302,
  "snrd_gm": 42.099660163892,
  "snrd_total": 43.08235112479064,
  "snrd_wm": 65.32165637694861,
  "spacing_x": 1.0,
  "spacing_y": 0.943651020526886,
  "spacing_z": 0.943651020526886,
  "summary_bg_k": 4.823486901290164,
  "summary_bg_mad": 10.029483203959366,
  "summary_bg_mean": 16.459590911865234,
  "summary_bg_median": 13.465734481811523,
  "summary_bg_n": 193650.0,
  "summary_bg_p05": 0.0,
  "summary_bg_p95": 40.23004779815674,
  "summary_bg_stdv": 12.688496589660645,
  "summary_csf_k": 21.25766755320415,
  "summary_csf_mad": 87.35516884948399,
  "summary_csf_mean": 317.02081298828125,
  "summary_csf_median": 334.1302185058594,
  "summary_csf_n": 8666.0,
  "summary_csf_p05": 71.72394943237305,
  "summary_csf_p95": 472.44248962402344,
  "summary_csf_stdv": 124.51922607421875,
  "summary_gm_k": 0.2781706674140665,
  "summary_gm_mad": 80.22756592328696,
  "summary_gm_mean": 646.5224609375,
  "summary_gm_median": 644.5037231445312,
  "summary_gm_n": 12694.0,
  "summary_gm_p05": 502.47271118164065,
  "summary_gm_p95": 798.5696594238278,
  "summary_gm_stdv": 88.2009506225586,
  "summary_wm_k": 1.1872661459025124,
  "summary_wm_mad": 43.06039152732272,
  "summary_wm_mean": 998.0418090820312,
  "summary_wm_median": 1000.00927734375,
  "summary_wm_n": 244090.0,
  "summary_wm_p05": 915.5541412353516,
  "summary_wm_p95": 1072.0578002929688,
  "summary_wm_stdv": 48.24271011352539,
  "tpm_overlap_csf": 0.16033457219600677,
  "tpm_overlap_gm": 0.41709062457084656,
  "tpm_overlap_wm": 0.510829746723175,
  "wm2max": 0.5749452514709242
}