{
  "aor": 0.00019143333333333332,
  "aqi": 0.012009290933333335,
  "bids_meta": {
    "AcquisitionMatrixPE": 62,
    "ConversionSoftware": "dcm2niix",
    "DeviceSerialNumber": "42292",
    "EchoTime": 0.03,
    "EchoTrainLength": 31,
    "FlipAngle": 70,
    "ImageType": [
      "ORIGINAL",
      "PRIMARY",
      "M",
      "FFE",
      "M",
      "FFE"
    ],
    "InPlanePhaseEncodingDirectionDICOM": "COL",
    "InstitutionName": "Klinikum_rechts_der_Isar",
    "InstitutionalDepartmentName": "MRT",
    "MRAcquisitionType": "2D",
    "MagneticFieldStrength": 3,
    "Manufacturer": "Philips",
    "ManufacturersModelName": "Ingenia",
    "Modality": "MR",
    "MultibandAccelerationFactor": 2,
    "PatientPosition": "HFS",
    "PercentPhaseFOV": 100,
    "PhaseEncodingSteps": 62,
    "ProcedureStepDescription": "Studie_MR",
    "ReconMatrixPE": 64,
    "RepetitionTime": 1.25,
    "ScanOptions": "FS",
    "ScanningSequence": "GR",
    "SequenceVariant": "SK",
    "SliceThickness": 3,
    "SoftwareVersions": "5.1.8_5.1.8.1",
    "SpacingBetweenSlices": 3.3,
    "StationName": "mrkh",
    "TaskName": "Rest Pre",
    "dataset": "ds001927",
    "modality": "bold",
    "session_id": "occ",
    "subject_id": "s004",
    "task_id": "restpre"
  },
  "dummy_trs": 0,
  "dvars_nstd": 30.05201059811349,
  "dvars_std": 1.2055873080634385,
  "dvars_vstd": 0.9962190085642738,
  "efc": 0.5294247624892879,
  "fber": 13050.802734375,
  "fd_mean": 0.08199900906086514,
  "fd_num": 4,
  "fd_perc": 0.6666666666666666,
  "fwhm_avg": 1.5591952597396659,
  "fwhm_x": 1.51495,
  "fwhm_y": 1.6647933333333331,
  "fwhm_z": 1.4978424458856647,
  "gcor": 0.0111478,
  "gsr_x": -0.012027405202388763,
  "gsr_y": 0.03254316747188568,
  "provenance": {
    "md5sum": "3de213b5a611485a85c60a6413983d68",
    "settings": {
      "fd_thres": 0.2,
      "testing": false
    },
    "software": "mriqc",
    "version": "22.0.0rc1",
    "webapi_port": null,
    "webapi_url": "https://mriqc.nimh.nih.gov/api/v1"
  },
  "size_t": 600,
  "size_x": 64,
  "size_y": 64,
  "size_z": 40,
  "snr": 7.56247510574006,
  "spacing_tr": 1.25,
  "spacing_x": 3.0,
  "spacing_y": 3.0,
  "spacing_z": 3.299999952316284,
  "summary_bg_k": 30.24042685225472,
  "summary_bg_mad": 13.682764660936027,
  "summary_bg_mean": 57.943260192871094,
  "summary_bg_median": 10.507942199707031,
  "summary_bg_n": 94578.0,
  "summary_bg_p05": 0.8592385441064836,
  "summary_bg_p95": 291.9655609130857,
  "summary_bg_stdv": 113.58868408203125,
  "summary_fg_k": 4.074425350693727,
  "summary_fg_mad": 148.19932150308375,
  "summary_fg_mean": 1312.6815185546875,
  "summary_fg_median": 1304.807373046875,
  "summary_fg_n": 33438.0,
  "summary_fg_p05": 1071.6823669433593,
  "summary_fg_p95": 1588.9232971191407,
  "summary_fg_stdv": 172.5345001220703,
  "tsnr": 57.14967727661133
}