{
  "bids_meta": {
    "AcquisitionMatrixPE": 238,
    "ConversionSoftware": "dcm2niix",
    "DeviceSerialNumber": "42292",
    "EchoTime": 0.003996,
    "EchoTrainLength": 159,
    "FlipAngle": 8,
    "ImageType": [
      "ORIGINAL",
      "PRIMARY",
      "M",
      "FFE",
      "M",
      "FFE"
    ],
    "InPlanePhaseEncodingDirectionDICOM": "ROW",
    "InstitutionName": "Klinikum_rechts_der_Isar",
    "InstitutionalDepartmentName": "MRT",
    "MRAcquisitionType": "3D",
    "MagneticFieldStrength": 3,
    "Manufacturer": "Philips",
    "ManufacturersModelName": "Ingenia",
    "Modality": "MR",
    "PatientPosition": "HFS",
    "PercentPhaseFOV": 100,
    "PhaseEncodingSteps": 238,
    "ProcedureStepDescription": "Studie_MR",
    "ReconMatrixPE": 256,
    "RepetitionTime": 0.009,
    "ScanOptions": "OTHER",
    "ScanningSequence": "GR",
    "SequenceVariant": "MP",
    "SliceThickness": 1,
    "SoftwareVersions": "5.1.8_5.1.8.1",
    "SpacingBetweenSlices": 1,
    "StationName": "mrkh",
    "dataset": "ds001927",
    "modality": "T1w",
    "session_id": "fro",
    "subject_id": "s019"
  },
  "cjv": 0.32709020667666777,
  "cnr": 3.821459823014898,
  "efc": 0.7926799187309596,
  "fber": 832.9759521484375,
  "fwhm_avg": 3.5297818786122757,
  "fwhm_x": 3.35167,
  "fwhm_y": 3.8081768808913328,
  "fwhm_z": 3.429498754945494,
  "icvs_csf": 0.2162793646415156,
  "icvs_gm": 0.4122743275326371,
  "icvs_wm": 0.3714463078258473,
  "inu_med": 1.5786685943603516,
  "inu_range": 0.512961149215698,
  "provenance": {
    "md5sum": "4bed1d68ef0fad646158b6fab75f2a52",
    "settings": {
      "testing": false
    },
    "software": "mriqc",
    "version": "22.0.0rc1",
    "warnings": {
      "large_rot_frame": true,
      "small_air_mask": true
    },
    "webapi_port": null,
    "webapi_url": "https://mriqc.nimh.nih.gov/api/v1"
  },
  "qi_1": 0.0,
  "qi_2": 0.0035883962478574075,
  "rpve_csf": 20.637491612593667,
  "rpve_gm": 11.266010446086428,
  "rpve_wm": 16.38915082112423,
  "size_x": 170,
  "size_y": 256,
  "size_z": 256,
  "snr_csf": 3.5963475296195004,
  "snr_gm": 7.0245772148926315,
  "snr_total": 10.15167981860608,
  "snr_wm": 19.83411471130611,
  "snrd_csf": 23.549226434510835,
  "snrd_gm": 41.01760452833699,
  "snrd_total": 43.83718545622917,
  "snrd_wm": 66.94472540583968,
  "spacing_x": 1.0,
  "spacing_y": 0.943651020526886,
  "spacing_z": 0.943651020526886,
  "summary_bg_k": 2.451399271821507,
  "summary_bg_mad": 9.786227870889647,
  "summary_bg_mean": 14.089334487915039,
  "summary_bg_median": 13.158516883850098,
  "summary_bg_n": 150079.0,
  "summary_bg_p05": 0.0,
  "summary_bg_p95": 33.37998847961426,
  "summary_bg_stdv": 11.022956848144531,
  "summary_csf_k": 4.805055978416307,
  "summary_csf_mad": 80.91669905286639,
  "summary_csf_mean": 339.5461120605469,
  "summary_csf_median": 351.77117919921875,
  "summary_csf_n": 5103.0,
  "summary_csf_p05": 147.35799560546874,
  "summary_csf_p95": 471.157177734375,
  "summary_csf_stdv": 97.80387115478516,
  "summary_gm_k": 0.23419848842719793,
  "summary_gm_mad": 81.69786138509599,
  "summary_gm_mean": 616.9089965820312,
  "summary_gm_median": 612.70849609375,
  "summary_gm_n": 23245.0,
  "summary_gm_p05": 477.7604919433594,
  "summary_gm_p95": 769.4364013671875,
  "summary_gm_stdv": 87.22166442871094,
  "summary_wm_k": 1.086735825731214,
  "summary_wm_mad": 44.981376707714944,
  "summary_wm_mean": 996.9602661132812,
  "summary_wm_median": 999.9999389648438,
  "summary_wm_n": 227679.0,
  "summary_wm_p05": 908.8373718261719,
  "summary_wm_p95": 1073.2602294921874,
  "summary_wm_stdv": 50.418067932128906,
  "tpm_overlap_csf": 0.13887763023376465,
  "tpm_overlap_gm": 0.41889455914497375,
  "tpm_overlap_wm": 0.4709468185901642,
  "wm2max": 0.5676051251083343
}