{
  "aor": 0.0019447333333333335,
  "aqi": 0.023938212333333334,
  "bids_meta": {
    "AcquisitionMatrixPE": 62,
    "ConversionSoftware": "dcm2niix",
    "DeviceSerialNumber": "42292",
    "EchoTime": 0.03,
    "EchoTrainLength": 31,
    "FlipAngle": 70,
    "ImageType": [
      "ORIGINAL",
      "PRIMARY",
      "M",
      "FFE",
      "M",
      "FFE"
    ],
    "InPlanePhaseEncodingDirectionDICOM": "COL",
    "InstitutionName": "Klinikum_rechts_der_Isar",
    "InstitutionalDepartmentName": "MRT",
    "MRAcquisitionType": "2D",
    "MagneticFieldStrength": 3,
    "Manufacturer": "Philips",
    "ManufacturersModelName": "Ingenia",
    "Modality": "MR",
    "MultibandAccelerationFactor": 2,
    "PatientPosition": "HFS",
    "PercentPhaseFOV": 100,
    "PhaseEncodingSteps": 62,
    "ProcedureStepDescription": "Studie_MR",
    "ReconMatrixPE": 64,
    "RepetitionTime": 1.25,
    "ScanOptions": "FS",
    "ScanningSequence": "GR",
    "SequenceVariant": "SK",
    "SliceThickness": 3,
    "SoftwareVersions": "5.1.8_5.1.8.1",
    "SpacingBetweenSlices": 3.3,
    "StationName": "mrkh",
    "TaskName": "Rest Pre",
    "dataset": "ds001927",
    "modality": "bold",
    "session_id": "fro",
    "subject_id": "s014",
    "task_id": "restpre"
  },
  "dummy_trs": 0,
  "dvars_nstd": 37.47157826998332,
  "dvars_std": 1.2373956965943238,
  "dvars_vstd": 0.9969430835559273,
  "efc": 0.5317977240207804,
  "fber": 12993.8564453125,
  "fd_mean": 0.16221113808936505,
  "fd_num": 118,
  "fd_perc": 19.666666666666668,
  "fwhm_avg": 1.6824751593896057,
  "fwhm_x": 1.6288,
  "fwhm_y": 1.7837466666666666,
  "fwhm_z": 1.6348788115021506,
  "gcor": 0.0265804,
  "gsr_x": -0.01583387702703476,
  "gsr_y": 0.03426244482398033,
  "provenance": {
    "md5sum": "2eb9fe13ce1d6116626028ad9cc009b3",
    "settings": {
      "fd_thres": 0.2,
      "testing": false
    },
    "software": "mriqc",
    "version": "22.0.0rc1",
    "webapi_port": null,
    "webapi_url": "https://mriqc.nimh.nih.gov/api/v1"
  },
  "size_t": 600,
  "size_x": 64,
  "size_y": 64,
  "size_z": 40,
  "snr": 6.240255385142875,
  "spacing_tr": 1.25,
  "spacing_x": 3.0,
  "spacing_y": 3.0,
  "spacing_z": 3.299999952316284,
  "summary_bg_k": 16.65658949271932,
  "summary_bg_mad": 14.645170549538314,
  "summary_bg_mean": 66.1011734008789,
  "summary_bg_median": 11.003076553344727,
  "summary_bg_n": 93897.0,
  "summary_bg_p05": 0.8568427205085755,
  "summary_bg_p95": 352.82941894531245,
  "summary_bg_stdv": 133.6765899658203,
  "summary_fg_k": 3.671136844595118,
  "summary_fg_mad": 179.6927643439215,
  "summary_fg_mean": 1442.0340576171875,
  "summary_fg_median": 1421.867431640625,
  "summary_fg_n": 33831.0,
  "summary_fg_p05": 1140.23388671875,
  "summary_fg_p95": 1800.5330810546875,
  "summary_fg_stdv": 227.85067749023438,
  "tsnr": 39.569297790527344
}