{
  "bids_meta": {
    "AcquisitionMatrixPE": 238,
    "ConversionSoftware": "dcm2niix",
    "DeviceSerialNumber": "42292",
    "EchoTime": 0.003996,
    "EchoTrainLength": 159,
    "FlipAngle": 8,
    "ImageType": [
      "ORIGINAL",
      "PRIMARY",
      "M",
      "FFE",
      "M",
      "FFE"
    ],
    "InPlanePhaseEncodingDirectionDICOM": "ROW",
    "InstitutionName": "Klinikum_rechts_der_Isar",
    "InstitutionalDepartmentName": "MRT",
    "MRAcquisitionType": "3D",
    "MagneticFieldStrength": 3,
    "Manufacturer": "Philips",
    "ManufacturersModelName": "Ingenia",
    "Modality": "MR",
    "PatientPosition": "HFS",
    "PercentPhaseFOV": 100,
    "PhaseEncodingSteps": 238,
    "ProcedureStepDescription": "Studie_MR",
    "ReconMatrixPE": 256,
    "RepetitionTime": 0.009,
    "ScanOptions": "OTHER",
    "ScanningSequence": "GR",
    "SequenceVariant": "MP",
    "SliceThickness": 1,
    "SoftwareVersions": "5.1.8_5.1.8.1",
    "SpacingBetweenSlices": 1,
    "StationName": "mrkh",
    "dataset": "ds001927",
    "modality": "T1w",
    "session_id": "ctr",
    "subject_id": "s007"
  },
  "cjv": 0.2703002338119885,
  "cnr": 4.459109997418945,
  "efc": 0.7964391714535594,
  "fber": 291.2281188964844,
  "fwhm_avg": 4.268476864616111,
  "fwhm_x": 4.53606,
  "fwhm_y": 4.319488784873164,
  "fwhm_z": 3.949881808975168,
  "icvs_csf": 0.28974628175800116,
  "icvs_gm": 0.340034042779399,
  "icvs_wm": 0.3702196754625999,
  "inu_med": 1.0136669874191284,
  "inu_range": 0.29919469356536865,
  "provenance": {
    "md5sum": "10db35373edb13f583898370bf3095e5",
    "settings": {
      "testing": false
    },
    "software": "mriqc",
    "version": "22.0.0rc1",
    "warnings": {
      "large_rot_frame": true,
      "small_air_mask": true
    },
    "webapi_port": null,
    "webapi_url": "https://mriqc.nimh.nih.gov/api/v1"
  },
  "qi_1": 0.0,
  "qi_2": 0.0023616003283669644,
  "rpve_csf": 17.289200838495418,
  "rpve_gm": 12.597704749643599,
  "rpve_wm": 16.336814239992208,
  "size_x": 170,
  "size_y": 256,
  "size_z": 256,
  "snr_csf": 3.82857154971603,
  "snr_gm": 9.98971228772805,
  "snr_total": 14.839297993028575,
  "snr_wm": 30.699610141641642,
  "snrd_csf": 22.602281904012663,
  "snrd_gm": 41.46922956483351,
  "snrd_total": 42.089449372921514,
  "snrd_wm": 62.196836649918374,
  "spacing_x": 1.0,
  "spacing_y": 0.943651020526886,
  "spacing_z": 0.943651020526886,
  "summary_bg_k": 21.463877437584266,
  "summary_bg_mad": 10.533389323641776,
  "summary_bg_mean": 11.168558120727539,
  "summary_bg_median": 7.35498046875,
  "summary_bg_n": 147608.0,
  "summary_bg_p05": 0.0,
  "summary_bg_p95": 22.203744983673094,
  "summary_bg_stdv": 8.372130393981934,
  "summary_csf_k": 0.5198275753977812,
  "summary_csf_mad": 90.68018756086855,
  "summary_csf_mean": 355.1446533203125,
  "summary_csf_median": 363.4031677246094,
  "summary_csf_n": 26092.0,
  "summary_csf_p05": 182.2144989013672,
  "summary_csf_p95": 490.9781890869141,
  "summary_csf_stdv": 94.91691589355469,
  "summary_gm_k": 1.3881348956829545,
  "summary_gm_mad": 60.93491498423702,
  "summary_gm_mean": 667.04541015625,
  "summary_gm_median": 666.7490234375,
  "summary_gm_n": 22581.0,
  "summary_gm_p05": 556.5578002929688,
  "summary_gm_p95": 778.5204467773438,
  "summary_gm_stdv": 66.7420883178711,
  "summary_wm_k": 1.7197887787569295,
  "summary_wm_mad": 29.145838510107136,
  "summary_wm_mean": 999.4345092773438,
  "summary_wm_median": 1000.0108642578125,
  "summary_wm_n": 255439.0,
  "summary_wm_p05": 946.1291320800781,
  "summary_wm_p95": 1050.6572021484376,
  "summary_wm_stdv": 32.57399368286133,
  "tpm_overlap_csf": 0.1520012766122818,
  "tpm_overlap_gm": 0.40280836820602417,
  "tpm_overlap_wm": 0.5129666924476624,
  "wm2max": 0.6950725955549977
}