{
  "aor": 0.00022541666666666663,
  "aqi": 0.009977838083333334,
  "bids_meta": {
    "AcquisitionMatrixPE": 62,
    "ConversionSoftware": "dcm2niix",
    "DeviceSerialNumber": "42292",
    "EchoTime": 0.03,
    "EchoTrainLength": 31,
    "FlipAngle": 70,
    "ImageType": [
      "ORIGINAL",
      "PRIMARY",
      "M",
      "FFE",
      "M",
      "FFE"
    ],
    "InPlanePhaseEncodingDirectionDICOM": "COL",
    "InstitutionName": "Klinikum_rechts_der_Isar",
    "InstitutionalDepartmentName": "MRT",
    "MRAcquisitionType": "2D",
    "MagneticFieldStrength": 3,
    "Manufacturer": "Philips",
    "ManufacturersModelName": "Ingenia",
    "Modality": "MR",
    "MultibandAccelerationFactor": 2,
    "PatientPosition": "HFS",
    "PercentPhaseFOV": 100,
    "PhaseEncodingSteps": 62,
    "ProcedureStepDescription": "Studie_MR",
    "ReconMatrixPE": 64,
    "RepetitionTime": 1.25,
    "ScanOptions": "FS",
    "ScanningSequence": "GR",
    "SequenceVariant": "SK",
    "SliceThickness": 3,
    "SoftwareVersions": "5.1.8_5.1.8.1",
    "SpacingBetweenSlices": 3.3,
    "StationName": "mrkh",
    "TaskName": "Rest Post",
    "dataset": "ds001927",
    "modality": "bold",
    "session_id": "ctr",
    "subject_id": "s013",
    "task_id": "restpost"
  },
  "dummy_trs": 0,
  "dvars_nstd": 30.110020686911476,
  "dvars_std": 1.1906423787813016,
  "dvars_vstd": 0.9805260760267116,
  "efc": 0.514692176290676,
  "fber": 44736.8671875,
  "fd_mean": 0.1456007123134451,
  "fd_num": 117,
  "fd_perc": 19.5,
  "fwhm_avg": 1.7283004118317364,
  "fwhm_x": 1.7087700000000001,
  "fwhm_y": 1.8585099999999999,
  "fwhm_z": 1.6176212354952093,
  "gcor": 0.0177091,
  "gsr_x": 0.00011158660345245153,
  "gsr_y": 0.02105630747973919,
  "provenance": {
    "md5sum": "2204739920841933fba3e461595bad53",
    "settings": {
      "fd_thres": 0.2,
      "testing": false
    },
    "software": "mriqc",
    "version": "22.0.0rc1",
    "webapi_port": null,
    "webapi_url": "https://mriqc.nimh.nih.gov/api/v1"
  },
  "size_t": 600,
  "size_x": 64,
  "size_y": 64,
  "size_z": 40,
  "snr": 6.325330188030194,
  "spacing_tr": 1.25,
  "spacing_x": 3.0,
  "spacing_y": 3.0,
  "spacing_z": 3.299999952316284,
  "summary_bg_k": 23.462693308698313,
  "summary_bg_mad": 7.6324068848617905,
  "summary_bg_mean": 45.75741958618164,
  "summary_bg_median": 6.5122599601745605,
  "summary_bg_n": 93109.0,
  "summary_bg_p05": 0.9196356058120728,
  "summary_bg_p95": 210.03379821777278,
  "summary_bg_stdv": 105.96832275390625,
  "summary_fg_k": 2.039645158258355,
  "summary_fg_mad": 213.0127651547627,
  "summary_fg_mean": 1516.750732421875,
  "summary_fg_median": 1498.278564453125,
  "summary_fg_n": 34271.0,
  "summary_fg_p05": 1184.1681518554688,
  "summary_fg_p95": 1920.5779418945312,
  "summary_fg_stdv": 236.8661651611328,
  "tsnr": 54.73652648925781
}