{
  "aor": 0.0003098,
  "aqi": 0.011273056416666666,
  "bids_meta": {
    "AcquisitionMatrixPE": 62,
    "ConversionSoftware": "dcm2niix",
    "DeviceSerialNumber": "42292",
    "EchoTime": 0.03,
    "EchoTrainLength": 31,
    "FlipAngle": 70,
    "ImageType": [
      "ORIGINAL",
      "PRIMARY",
      "M",
      "FFE",
      "M",
      "FFE"
    ],
    "InPlanePhaseEncodingDirectionDICOM": "COL",
    "InstitutionName": "Klinikum_rechts_der_Isar",
    "InstitutionalDepartmentName": "MRT",
    "MRAcquisitionType": "2D",
    "MagneticFieldStrength": 3,
    "Manufacturer": "Philips",
    "ManufacturersModelName": "Ingenia",
    "Modality": "MR",
    "MultibandAccelerationFactor": 2,
    "PatientPosition": "HFS",
    "PercentPhaseFOV": 100,
    "PhaseEncodingSteps": 62,
    "ProcedureStepDescription": "Studie_MR",
    "ReconMatrixPE": 64,
    "RepetitionTime": 1.25,
    "ScanOptions": "FS",
    "ScanningSequence": "GR",
    "SequenceVariant": "SK",
    "SliceThickness": 3,
    "SoftwareVersions": "5.1.8_5.1.8.1",
    "SpacingBetweenSlices": 3.3,
    "StationName": "mrkh",
    "TaskName": "Rest Pre",
    "dataset": "ds001927",
    "modality": "bold",
    "session_id": "occ",
    "subject_id": "s023",
    "task_id": "restpre"
  },
  "dummy_trs": 0,
  "dvars_nstd": 38.57120143899832,
  "dvars_std": 1.265420581836394,
  "dvars_vstd": 0.9934471264607678,
  "efc": 0.5289300459500891,
  "fber": 13049.7177734375,
  "fd_mean": 0.16923406037209154,
  "fd_num": 209,
  "fd_perc": 34.833333333333336,
  "fwhm_avg": 1.701106068516026,
  "fwhm_x": 1.7129133333333335,
  "fwhm_y": 1.7481533333333334,
  "fwhm_z": 1.642251538881411,
  "gcor": 0.0230594,
  "gsr_x": 0.006356469821184874,
  "gsr_y": 0.005014224909245968,
  "provenance": {
    "md5sum": "c69f3d76bf99428b11d5a4ed7d88edd8",
    "settings": {
      "fd_thres": 0.2,
      "testing": false
    },
    "software": "mriqc",
    "version": "22.0.0rc1",
    "webapi_port": null,
    "webapi_url": "https://mriqc.nimh.nih.gov/api/v1"
  },
  "size_t": 600,
  "size_x": 64,
  "size_y": 64,
  "size_z": 40,
  "snr": 5.314140928445983,
  "spacing_tr": 1.25,
  "spacing_x": 3.0,
  "spacing_y": 3.0,
  "spacing_z": 3.299999952316284,
  "summary_bg_k": 27.367145138814013,
  "summary_bg_mad": 14.288975821117512,
  "summary_bg_mean": 56.50848388671875,
  "summary_bg_median": 10.426526069641113,
  "summary_bg_n": 93195.0,
  "summary_bg_p05": 0.4386510133743286,
  "summary_bg_p95": 271.48235778808595,
  "summary_bg_stdv": 121.02741241455078,
  "summary_fg_k": 3.79858098099323,
  "summary_fg_mad": 192.61304905816894,
  "summary_fg_mean": 1259.855712890625,
  "summary_fg_median": 1227.0390625,
  "summary_fg_n": 34428.0,
  "summary_fg_p05": 964.7626159667968,
  "summary_fg_p95": 1666.558697509765,
  "summary_fg_stdv": 230.8973846435547,
  "tsnr": 47.37054443359375
}