{
  "aor": 0.00021838333333333335,
  "aqi": 0.01810821533333333,
  "bids_meta": {
    "AcquisitionMatrixPE": 62,
    "ConversionSoftware": "dcm2niix",
    "DeviceSerialNumber": "42292",
    "EchoTime": 0.03,
    "EchoTrainLength": 31,
    "FlipAngle": 70,
    "ImageType": [
      "ORIGINAL",
      "PRIMARY",
      "M",
      "FFE",
      "M",
      "FFE"
    ],
    "InPlanePhaseEncodingDirectionDICOM": "COL",
    "InstitutionName": "Klinikum_rechts_der_Isar",
    "InstitutionalDepartmentName": "MRT",
    "MRAcquisitionType": "2D",
    "MagneticFieldStrength": 3,
    "Manufacturer": "Philips",
    "ManufacturersModelName": "Ingenia",
    "Modality": "MR",
    "MultibandAccelerationFactor": 2,
    "PatientPosition": "HFS",
    "PercentPhaseFOV": 100,
    "PhaseEncodingSteps": 62,
    "ProcedureStepDescription": "Studie_MR",
    "ReconMatrixPE": 64,
    "RepetitionTime": 1.25,
    "ScanOptions": "FS",
    "ScanningSequence": "GR",
    "SequenceVariant": "SK",
    "SliceThickness": 3,
    "SoftwareVersions": "5.1.8_5.1.8.1",
    "SpacingBetweenSlices": 3.3,
    "StationName": "mrkh",
    "TaskName": "Rest Pre",
    "dataset": "ds001927",
    "modality": "bold",
    "session_id": "ctr",
    "subject_id": "s021",
    "task_id": "restpre"
  },
  "dummy_trs": 0,
  "dvars_nstd": 32.440646376844725,
  "dvars_std": 1.1348967636727876,
  "dvars_vstd": 0.9775589960934888,
  "efc": 0.5382881156601481,
  "fber": 11131.798828125,
  "fd_mean": 0.1583691521905876,
  "fd_num": 156,
  "fd_perc": 26.0,
  "fwhm_avg": 1.597598795200902,
  "fwhm_x": 1.5942666666666667,
  "fwhm_y": 1.6783266666666667,
  "fwhm_z": 1.520203052269373,
  "gcor": 0.0467876,
  "gsr_x": 0.009362930431962013,
  "gsr_y": 0.02447238564491272,
  "provenance": {
    "md5sum": "17e96a067402650df1dcebae3e1c170e",
    "settings": {
      "fd_thres": 0.2,
      "testing": false
    },
    "software": "mriqc",
    "version": "22.0.0rc1",
    "webapi_port": null,
    "webapi_url": "https://mriqc.nimh.nih.gov/api/v1"
  },
  "size_t": 600,
  "size_x": 64,
  "size_y": 64,
  "size_z": 40,
  "snr": 7.041897991666323,
  "spacing_tr": 1.25,
  "spacing_x": 3.0,
  "spacing_y": 3.0,
  "spacing_z": 3.299999952316284,
  "summary_bg_k": 12.285676521085303,
  "summary_bg_mad": 16.941380933237944,
  "summary_bg_mean": 70.02849578857422,
  "summary_bg_median": 12.863018035888672,
  "summary_bg_n": 92854.0,
  "summary_bg_p05": 0.9658878952264786,
  "summary_bg_p95": 363.19283447265605,
  "summary_bg_stdv": 136.2555694580078,
  "summary_fg_k": 3.7710306084734206,
  "summary_fg_mad": 188.56412610499422,
  "summary_fg_mean": 1470.728271484375,
  "summary_fg_median": 1461.223876953125,
  "summary_fg_n": 34585.0,
  "summary_fg_p05": 1184.758349609375,
  "summary_fg_p95": 1794.3648437499999,
  "summary_fg_stdv": 207.5012664794922,
  "tsnr": 44.30952835083008
}