{
  "aor": 0.0003092666666666667,
  "aqi": 0.016657252600000002,
  "bids_meta": {
    "AcquisitionMatrixPE": 62,
    "ConversionSoftware": "dcm2niix",
    "DeviceSerialNumber": "42292",
    "EchoTime": 0.03,
    "EchoTrainLength": 31,
    "FlipAngle": 70,
    "ImageType": [
      "ORIGINAL",
      "PRIMARY",
      "M",
      "FFE",
      "M",
      "FFE"
    ],
    "InPlanePhaseEncodingDirectionDICOM": "COL",
    "InstitutionName": "Klinikum_rechts_der_Isar",
    "InstitutionalDepartmentName": "MRT",
    "MRAcquisitionType": "2D",
    "MagneticFieldStrength": 3,
    "Manufacturer": "Philips",
    "ManufacturersModelName": "Ingenia",
    "Modality": "MR",
    "MultibandAccelerationFactor": 2,
    "PatientPosition": "HFS",
    "PercentPhaseFOV": 100,
    "PhaseEncodingSteps": 62,
    "ProcedureStepDescription": "Studie_MR",
    "ReconMatrixPE": 64,
    "RepetitionTime": 1.25,
    "ScanOptions": "FS",
    "ScanningSequence": "GR",
    "SequenceVariant": "SK",
    "SliceThickness": 3,
    "SoftwareVersions": "5.1.8_5.1.8.1",
    "SpacingBetweenSlices": 3.3,
    "StationName": "mrkh",
    "TaskName": "Rest Pre",
    "dataset": "ds001927",
    "modality": "bold",
    "session_id": "fro",
    "subject_id": "s016",
    "task_id": "restpre"
  },
  "dummy_trs": 0,
  "dvars_nstd": 28.56824675545906,
  "dvars_std": 1.053420438230384,
  "dvars_vstd": 0.9571261292487482,
  "efc": 0.507569976171058,
  "fber": 34489.875,
  "fd_mean": 0.19748636631708455,
  "fd_num": 288,
  "fd_perc": 48.0,
  "fwhm_avg": 1.562395562764306,
  "fwhm_x": 1.5144233333333332,
  "fwhm_y": 1.6760966666666668,
  "fwhm_z": 1.4966666882929178,
  "gcor": 0.0069085,
  "gsr_x": -0.0057459669187664986,
  "gsr_y": 0.029124608263373375,
  "provenance": {
    "md5sum": "2119685367f72d819ada2eb4c910e4c5",
    "settings": {
      "fd_thres": 0.2,
      "testing": false
    },
    "software": "mriqc",
    "version": "22.0.0rc1",
    "webapi_port": null,
    "webapi_url": "https://mriqc.nimh.nih.gov/api/v1"
  },
  "size_t": 600,
  "size_x": 64,
  "size_y": 64,
  "size_z": 40,
  "snr": 6.594216135471398,
  "spacing_tr": 1.25,
  "spacing_x": 3.0,
  "spacing_y": 3.0,
  "spacing_z": 3.299999952316284,
  "summary_bg_k": 19.676357687770572,
  "summary_bg_mad": 8.631496300381208,
  "summary_bg_mean": 44.4753532409668,
  "summary_bg_median": 6.847105503082275,
  "summary_bg_n": 95593.0,
  "summary_bg_p05": 0.7019936203956605,
  "summary_bg_p95": 212.00373229980454,
  "summary_bg_stdv": 92.27198028564453,
  "summary_fg_k": 1.4227992308430268,
  "summary_fg_mad": 209.71002981717618,
  "summary_fg_mean": 1371.08349609375,
  "summary_fg_median": 1365.447509765625,
  "summary_fg_n": 32574.0,
  "summary_fg_p05": 1072.441827392578,
  "summary_fg_p95": 1701.3885314941404,
  "summary_fg_stdv": 207.06427001953125,
  "tsnr": 42.77523422241211
}