{
  "aor": 0.0009074,
  "aqi": 0.010424109649999999,
  "bids_meta": {
    "AcquisitionMatrixPE": 62,
    "ConversionSoftware": "dcm2niix",
    "DeviceSerialNumber": "42292",
    "EchoTime": 0.03,
    "EchoTrainLength": 31,
    "FlipAngle": 70,
    "ImageType": [
      "ORIGINAL",
      "PRIMARY",
      "M",
      "FFE",
      "M",
      "FFE"
    ],
    "InPlanePhaseEncodingDirectionDICOM": "COL",
    "InstitutionName": "Klinikum_rechts_der_Isar",
    "InstitutionalDepartmentName": "MRT",
    "MRAcquisitionType": "2D",
    "MagneticFieldStrength": 3,
    "Manufacturer": "Philips",
    "ManufacturersModelName": "Ingenia",
    "Modality": "MR",
    "MultibandAccelerationFactor": 2,
    "PatientPosition": "HFS",
    "PercentPhaseFOV": 100,
    "PhaseEncodingSteps": 62,
    "ProcedureStepDescription": "Studie_MR",
    "ReconMatrixPE": 64,
    "RepetitionTime": 1.25,
    "ScanOptions": "FS",
    "ScanningSequence": "GR",
    "SequenceVariant": "SK",
    "SliceThickness": 3,
    "SoftwareVersions": "5.1.8_5.1.8.1",
    "SpacingBetweenSlices": 3.3,
    "StationName": "mrkh",
    "TaskName": "Rest Post",
    "dataset": "ds001927",
    "modality": "bold",
    "session_id": "fro",
    "subject_id": "s016",
    "task_id": "restpost"
  },
  "dummy_trs": 0,
  "dvars_nstd": 28.12884640575961,
  "dvars_std": 1.1161953075292155,
  "dvars_vstd": 0.9996345357929886,
  "efc": 0.5061943848842096,
  "fber": 32282.76953125,
  "fd_mean": 0.21116201591493375,
  "fd_num": 317,
  "fd_perc": 52.833333333333336,
  "fwhm_avg": 1.6626447551561172,
  "fwhm_x": 1.6130166666666668,
  "fwhm_y": 1.7801266666666666,
  "fwhm_z": 1.5947909321350175,
  "gcor": 0.0063184,
  "gsr_x": -0.007642967626452446,
  "gsr_y": 0.02669517509639263,
  "provenance": {
    "md5sum": "552465fbd1358e90347e5176726c8efc",
    "settings": {
      "fd_thres": 0.2,
      "testing": false
    },
    "software": "mriqc",
    "version": "22.0.0rc1",
    "webapi_port": null,
    "webapi_url": "https://mriqc.nimh.nih.gov/api/v1"
  },
  "size_t": 600,
  "size_x": 64,
  "size_y": 64,
  "size_z": 40,
  "snr": 5.839999864770455,
  "spacing_tr": 1.25,
  "spacing_x": 3.0,
  "spacing_y": 3.0,
  "spacing_z": 3.299999952316284,
  "summary_bg_k": 20.58677173250323,
  "summary_bg_mad": 8.495341051218144,
  "summary_bg_mean": 43.31134796142578,
  "summary_bg_median": 6.645493030548096,
  "summary_bg_n": 95812.0,
  "summary_bg_p05": 0.6100506991147996,
  "summary_bg_p95": 204.89716110229483,
  "summary_bg_stdv": 90.90640258789062,
  "summary_fg_k": 1.4029761263829377,
  "summary_fg_mad": 221.41728457908795,
  "summary_fg_mean": 1305.3101806640625,
  "summary_fg_median": 1295.4024658203125,
  "summary_fg_n": 32400.0,
  "summary_fg_p05": 988.1840209960938,
  "summary_fg_p95": 1670.7437866210937,
  "summary_fg_stdv": 221.81207275390625,
  "tsnr": 48.683380126953125
}