{
  "aor": 0.00018865,
  "aqi": 0.009668349883333332,
  "bids_meta": {
    "AcquisitionMatrixPE": 62,
    "ConversionSoftware": "dcm2niix",
    "DeviceSerialNumber": "42292",
    "EchoTime": 0.03,
    "EchoTrainLength": 31,
    "FlipAngle": 70,
    "ImageType": [
      "ORIGINAL",
      "PRIMARY",
      "M",
      "FFE",
      "M",
      "FFE"
    ],
    "InPlanePhaseEncodingDirectionDICOM": "COL",
    "InstitutionName": "Klinikum_rechts_der_Isar",
    "InstitutionalDepartmentName": "MRT",
    "MRAcquisitionType": "2D",
    "MagneticFieldStrength": 3,
    "Manufacturer": "Philips",
    "ManufacturersModelName": "Ingenia",
    "Modality": "MR",
    "MultibandAccelerationFactor": 2,
    "PatientPosition": "HFS",
    "PercentPhaseFOV": 100,
    "PhaseEncodingSteps": 62,
    "ProcedureStepDescription": "Studie_MR",
    "ReconMatrixPE": 64,
    "RepetitionTime": 1.25,
    "ScanOptions": "FS",
    "ScanningSequence": "GR",
    "SequenceVariant": "SK",
    "SliceThickness": 3,
    "SoftwareVersions": "5.1.8_5.1.8.1",
    "SpacingBetweenSlices": 3.3,
    "StationName": "mrkh",
    "TaskName": "Rest Pre",
    "dataset": "ds001927",
    "modality": "bold",
    "session_id": "ctr",
    "subject_id": "s011",
    "task_id": "restpre"
  },
  "dummy_trs": 0,
  "dvars_nstd": 31.904778829382337,
  "dvars_std": 1.1794786199332223,
  "dvars_vstd": 0.9921296597829726,
  "efc": 0.5356411711874707,
  "fber": 9271.9287109375,
  "fd_mean": 0.08713351962421072,
  "fd_num": 9,
  "fd_perc": 1.5,
  "fwhm_avg": 1.5895806134163337,
  "fwhm_x": 1.5564466666666668,
  "fwhm_y": 1.6851133333333335,
  "fwhm_z": 1.5271818402490014,
  "gcor": 0.00918249,
  "gsr_x": -0.0093455221503973,
  "gsr_y": 0.020235320553183556,
  "provenance": {
    "md5sum": "6ba1989261b9f4b58b6c6b5c5bde4235",
    "settings": {
      "fd_thres": 0.2,
      "testing": false
    },
    "software": "mriqc",
    "version": "22.0.0rc1",
    "webapi_port": null,
    "webapi_url": "https://mriqc.nimh.nih.gov/api/v1"
  },
  "size_t": 600,
  "size_x": 64,
  "size_y": 64,
  "size_z": 40,
  "snr": 6.337758322981778,
  "spacing_tr": 1.25,
  "spacing_x": 3.0,
  "spacing_y": 3.0,
  "spacing_z": 3.299999952316284,
  "summary_bg_k": 19.34730030093255,
  "summary_bg_mad": 17.80282739100495,
  "summary_bg_mean": 57.08811569213867,
  "summary_bg_median": 13.526506423950195,
  "summary_bg_n": 91964.0,
  "summary_bg_p05": 0.8742740333080292,
  "summary_bg_p95": 253.01450805663998,
  "summary_bg_stdv": 114.21692657470703,
  "summary_fg_k": 1.7820251416581039,
  "summary_fg_mad": 215.46796311573033,
  "summary_fg_mean": 1438.988037109375,
  "summary_fg_median": 1418.4866943359375,
  "summary_fg_n": 35699.0,
  "summary_fg_p05": 1131.2421508789062,
  "summary_fg_p95": 1814.4332397460937,
  "summary_fg_stdv": 223.81207275390625,
  "tsnr": 50.39896011352539
}