{
  "aor": 0.0007745833333333333,
  "aqi": 0.01334894125,
  "bids_meta": {
    "AcquisitionMatrixPE": 62,
    "ConversionSoftware": "dcm2niix",
    "DeviceSerialNumber": "42292",
    "EchoTime": 0.03,
    "EchoTrainLength": 31,
    "FlipAngle": 70,
    "ImageType": [
      "ORIGINAL",
      "PRIMARY",
      "M",
      "FFE",
      "M",
      "FFE"
    ],
    "InPlanePhaseEncodingDirectionDICOM": "COL",
    "InstitutionName": "Klinikum_rechts_der_Isar",
    "InstitutionalDepartmentName": "MRT",
    "MRAcquisitionType": "2D",
    "MagneticFieldStrength": 3,
    "Manufacturer": "Philips",
    "ManufacturersModelName": "Ingenia",
    "Modality": "MR",
    "MultibandAccelerationFactor": 2,
    "PatientPosition": "HFS",
    "PercentPhaseFOV": 100,
    "PhaseEncodingSteps": 62,
    "ProcedureStepDescription": "Studie_MR",
    "ReconMatrixPE": 64,
    "RepetitionTime": 1.25,
    "ScanOptions": "FS",
    "ScanningSequence": "GR",
    "SequenceVariant": "SK",
    "SliceThickness": 3,
    "SoftwareVersions": "5.1.8_5.1.8.1",
    "SpacingBetweenSlices": 3.3,
    "StationName": "mrkh",
    "TaskName": "Rest Pre",
    "dataset": "ds001927",
    "modality": "bold",
    "session_id": "ctr",
    "subject_id": "s014",
    "task_id": "restpre"
  },
  "dummy_trs": 0,
  "dvars_nstd": 33.677332013789645,
  "dvars_std": 1.2189122932053424,
  "dvars_vstd": 1.0104093959599332,
  "efc": 0.5190315958773004,
  "fber": 19198.5625,
  "fd_mean": 0.13855924713232257,
  "fd_num": 77,
  "fd_perc": 12.833333333333334,
  "fwhm_avg": 1.6530780884268352,
  "fwhm_x": 1.5854133333333333,
  "fwhm_y": 1.7920299999999998,
  "fwhm_z": 1.5817909319471724,
  "gcor": 0.0246709,
  "gsr_x": -0.007552741095423698,
  "gsr_y": 0.026786357164382935,
  "provenance": {
    "md5sum": "4d65f0881d37ba8ebb4cba29b9a90126",
    "settings": {
      "fd_thres": 0.2,
      "testing": false
    },
    "software": "mriqc",
    "version": "22.0.0rc1",
    "webapi_port": null,
    "webapi_url": "https://mriqc.nimh.nih.gov/api/v1"
  },
  "size_t": 600,
  "size_x": 64,
  "size_y": 64,
  "size_z": 40,
  "snr": 6.207868587558864,
  "spacing_tr": 1.25,
  "spacing_x": 3.0,
  "spacing_y": 3.0,
  "spacing_z": 3.299999952316284,
  "summary_bg_k": 17.013020512797763,
  "summary_bg_mad": 11.81830100721178,
  "summary_bg_mean": 53.68156814575195,
  "summary_bg_median": 9.097213745117188,
  "summary_bg_n": 94464.0,
  "summary_bg_p05": 0.8569970518350601,
  "summary_bg_p95": 260.93518829345686,
  "summary_bg_stdv": 113.18165588378906,
  "summary_fg_k": 4.136285481345282,
  "summary_fg_mad": 174.7373039746708,
  "summary_fg_mean": 1420.922119140625,
  "summary_fg_median": 1398.7391357421875,
  "summary_fg_n": 33491.0,
  "summary_fg_p05": 1134.4713745117188,
  "summary_fg_p95": 1769.0872192382812,
  "summary_fg_stdv": 225.3137664794922,
  "tsnr": 49.18486785888672
}