{
  "aor": 0.0013603166666666668,
  "aqi": 0.01760309185,
  "bids_meta": {
    "AcquisitionMatrixPE": 62,
    "ConversionSoftware": "dcm2niix",
    "DeviceSerialNumber": "42292",
    "EchoTime": 0.03,
    "EchoTrainLength": 31,
    "FlipAngle": 70,
    "ImageType": [
      "ORIGINAL",
      "PRIMARY",
      "M",
      "FFE",
      "M",
      "FFE"
    ],
    "InPlanePhaseEncodingDirectionDICOM": "COL",
    "InstitutionName": "Klinikum_rechts_der_Isar",
    "InstitutionalDepartmentName": "MRT",
    "MRAcquisitionType": "2D",
    "MagneticFieldStrength": 3,
    "Manufacturer": "Philips",
    "ManufacturersModelName": "Ingenia",
    "Modality": "MR",
    "MultibandAccelerationFactor": 2,
    "PatientPosition": "HFS",
    "PercentPhaseFOV": 100,
    "PhaseEncodingSteps": 62,
    "ProcedureStepDescription": "Studie_MR",
    "ReconMatrixPE": 64,
    "RepetitionTime": 1.25,
    "ScanOptions": "FS",
    "ScanningSequence": "GR",
    "SequenceVariant": "SK",
    "SliceThickness": 3,
    "SoftwareVersions": "5.1.8_5.1.8.1",
    "SpacingBetweenSlices": 3.3,
    "StationName": "mrkh",
    "TaskName": "Rest Post",
    "dataset": "ds001927",
    "modality": "bold",
    "session_id": "ctr",
    "subject_id": "s014",
    "task_id": "restpost"
  },
  "dummy_trs": 0,
  "dvars_nstd": 31.423539647328845,
  "dvars_std": 1.1356234636560947,
  "dvars_vstd": 1.0035005849749585,
  "efc": 0.5269794622274497,
  "fber": 14359.345703125,
  "fd_mean": 0.14163758328602616,
  "fd_num": 90,
  "fd_perc": 15.0,
  "fwhm_avg": 1.675884351094097,
  "fwhm_x": 1.6010900000000001,
  "fwhm_y": 1.83626,
  "fwhm_z": 1.5903030532822906,
  "gcor": 0.0265674,
  "gsr_x": -0.011913208290934563,
  "gsr_y": 0.030521996319293976,
  "provenance": {
    "md5sum": "4333a69886c95c9c319552f1c054510b",
    "settings": {
      "fd_thres": 0.2,
      "testing": false
    },
    "software": "mriqc",
    "version": "22.0.0rc1",
    "webapi_port": null,
    "webapi_url": "https://mriqc.nimh.nih.gov/api/v1"
  },
  "size_t": 600,
  "size_x": 64,
  "size_y": 64,
  "size_z": 40,
  "snr": 6.241021461187005,
  "spacing_tr": 1.25,
  "spacing_x": 3.0,
  "spacing_y": 3.0,
  "spacing_z": 3.299999952316284,
  "summary_bg_k": 14.113190204373687,
  "summary_bg_mad": 14.91265127505528,
  "summary_bg_mean": 62.656036376953125,
  "summary_bg_median": 11.122669219970703,
  "summary_bg_n": 93956.0,
  "summary_bg_p05": 0.788351759314537,
  "summary_bg_p95": 315.5003204345703,
  "summary_bg_stdv": 127.24492645263672,
  "summary_fg_k": 3.4868839822399,
  "summary_fg_mad": 187.59605490543532,
  "summary_fg_mean": 1476.9822998046875,
  "summary_fg_median": 1463.74951171875,
  "summary_fg_n": 33860.0,
  "summary_fg_p05": 1155.6150512695312,
  "summary_fg_p95": 1843.2595947265622,
  "summary_fg_stdv": 234.53338623046875,
  "tsnr": 42.809715270996094
}