{
  "aor": 0.0004927166666666666,
  "aqi": 0.012662332766666668,
  "bids_meta": {
    "AcquisitionMatrixPE": 62,
    "ConversionSoftware": "dcm2niix",
    "DeviceSerialNumber": "42292",
    "EchoTime": 0.03,
    "EchoTrainLength": 31,
    "FlipAngle": 70,
    "ImageType": [
      "ORIGINAL",
      "PRIMARY",
      "M",
      "FFE",
      "M",
      "FFE"
    ],
    "InPlanePhaseEncodingDirectionDICOM": "COL",
    "InstitutionName": "Klinikum_rechts_der_Isar",
    "InstitutionalDepartmentName": "MRT",
    "MRAcquisitionType": "2D",
    "MagneticFieldStrength": 3,
    "Manufacturer": "Philips",
    "ManufacturersModelName": "Ingenia",
    "Modality": "MR",
    "MultibandAccelerationFactor": 2,
    "PatientPosition": "HFS",
    "PercentPhaseFOV": 100,
    "PhaseEncodingSteps": 62,
    "ProcedureStepDescription": "Studie_MR",
    "ReconMatrixPE": 64,
    "RepetitionTime": 1.25,
    "ScanOptions": "FS",
    "ScanningSequence": "GR",
    "SequenceVariant": "SK",
    "SliceThickness": 3,
    "SoftwareVersions": "5.1.8_5.1.8.1",
    "SpacingBetweenSlices": 3.3,
    "StationName": "mrkh",
    "TaskName": "Rest Pre",
    "dataset": "ds001927",
    "modality": "bold",
    "session_id": "fro",
    "subject_id": "s006",
    "task_id": "restpre"
  },
  "dummy_trs": 0,
  "dvars_nstd": 34.733456142053384,
  "dvars_std": 1.2289055562270448,
  "dvars_vstd": 0.9963285395325548,
  "efc": 0.509883007073868,
  "fber": 59480.984375,
  "fd_mean": 0.1576239466266936,
  "fd_num": 130,
  "fd_perc": 21.666666666666668,
  "fwhm_avg": 1.6682177853328373,
  "fwhm_x": 1.64727,
  "fwhm_y": 1.7888166666666667,
  "fwhm_z": 1.5685666893318448,
  "gcor": 0.0280059,
  "gsr_x": -0.004751571919769049,
  "gsr_y": 0.026619644835591316,
  "provenance": {
    "md5sum": "d993dd52598533abc109175c917b4430",
    "settings": {
      "fd_thres": 0.2,
      "testing": false
    },
    "software": "mriqc",
    "version": "22.0.0rc1",
    "webapi_port": null,
    "webapi_url": "https://mriqc.nimh.nih.gov/api/v1"
  },
  "size_t": 600,
  "size_x": 64,
  "size_y": 64,
  "size_z": 40,
  "snr": 6.267885876676126,
  "spacing_tr": 1.25,
  "spacing_x": 3.0,
  "spacing_y": 3.0,
  "spacing_z": 3.299999952316284,
  "summary_bg_k": 33.55072417148454,
  "summary_bg_mad": 5.245781376170715,
  "summary_bg_mean": 29.2639217376709,
  "summary_bg_median": 4.694119930267334,
  "summary_bg_n": 92503.0,
  "summary_bg_p05": 0.8366336822509766,
  "summary_bg_p95": 124.84803161621085,
  "summary_bg_stdv": 68.46142578125,
  "summary_fg_k": 1.9588092209703696,
  "summary_fg_mad": 175.16514475159306,
  "summary_fg_mean": 1255.5145263671875,
  "summary_fg_median": 1233.85888671875,
  "summary_fg_n": 35294.0,
  "summary_fg_p05": 987.7474761962891,
  "summary_fg_p95": 1590.3959533691404,
  "summary_fg_stdv": 196.85128784179688,
  "tsnr": 49.50466537475586
}