{
  "aor": 0.00018731666666666668,
  "aqi": 0.010085147633333333,
  "bids_meta": {
    "AcquisitionMatrixPE": 62,
    "ConversionSoftware": "dcm2niix",
    "DeviceSerialNumber": "42292",
    "EchoTime": 0.03,
    "EchoTrainLength": 31,
    "FlipAngle": 70,
    "ImageType": [
      "ORIGINAL",
      "PRIMARY",
      "M",
      "FFE",
      "M",
      "FFE"
    ],
    "InPlanePhaseEncodingDirectionDICOM": "COL",
    "InstitutionName": "Klinikum_rechts_der_Isar",
    "InstitutionalDepartmentName": "MRT",
    "MRAcquisitionType": "2D",
    "MagneticFieldStrength": 3,
    "Manufacturer": "Philips",
    "ManufacturersModelName": "Ingenia",
    "Modality": "MR",
    "MultibandAccelerationFactor": 2,
    "PatientPosition": "HFS",
    "PercentPhaseFOV": 100,
    "PhaseEncodingSteps": 62,
    "ProcedureStepDescription": "Studie_MR",
    "ReconMatrixPE": 64,
    "RepetitionTime": 1.25,
    "ScanOptions": "FS",
    "ScanningSequence": "GR",
    "SequenceVariant": "SK",
    "SliceThickness": 3,
    "SoftwareVersions": "5.1.8_5.1.8.1",
    "SpacingBetweenSlices": 3.3,
    "StationName": "mrkh",
    "TaskName": "Rest Post",
    "dataset": "ds001927",
    "modality": "bold",
    "session_id": "fro",
    "subject_id": "s006",
    "task_id": "restpost"
  },
  "dummy_trs": 0,
  "dvars_nstd": 37.03405079669448,
  "dvars_std": 1.2224323828380637,
  "dvars_vstd": 0.9762368257929882,
  "efc": 0.501142529274137,
  "fber": 32298.810546875,
  "fd_mean": 0.14604225131981236,
  "fd_num": 72,
  "fd_perc": 12.0,
  "fwhm_avg": 2.0423110189435447,
  "fwhm_x": 2.0806400000000003,
  "fwhm_y": 2.2104233333333334,
  "fwhm_z": 1.8358697234973,
  "gcor": 0.00550393,
  "gsr_x": -0.010553413070738316,
  "gsr_y": 0.025867393240332603,
  "provenance": {
    "md5sum": "21ffb4499c796a46cb693556db74b56c",
    "settings": {
      "fd_thres": 0.2,
      "testing": false
    },
    "software": "mriqc",
    "version": "22.0.0rc1",
    "webapi_port": null,
    "webapi_url": "https://mriqc.nimh.nih.gov/api/v1"
  },
  "size_t": 600,
  "size_x": 64,
  "size_y": 64,
  "size_z": 40,
  "snr": 5.1870891624030415,
  "spacing_tr": 1.25,
  "spacing_x": 3.0,
  "spacing_y": 3.0,
  "spacing_z": 3.299999952316284,
  "summary_bg_k": 31.352322453443044,
  "summary_bg_mad": 9.370897631834556,
  "summary_bg_mean": 38.01472854614258,
  "summary_bg_median": 7.154662609100342,
  "summary_bg_n": 95555.0,
  "summary_bg_p05": 0.6644917964935303,
  "summary_bg_p95": 158.50167846679688,
  "summary_bg_stdv": 79.06324768066406,
  "summary_fg_k": 1.1413276687876968,
  "summary_fg_mad": 230.008034189307,
  "summary_fg_mean": 1440.9827880859375,
  "summary_fg_median": 1412.0997314453125,
  "summary_fg_n": 33240.0,
  "summary_fg_p05": 1039.5641845703126,
  "summary_fg_p95": 1941.0529174804688,
  "summary_fg_stdv": 272.2294616699219,
  "tsnr": 47.64117431640625
}