{
  "aor": 0.00033288333333333334,
  "aqi": 0.01695201725,
  "bids_meta": {
    "AcquisitionMatrixPE": 62,
    "ConversionSoftware": "dcm2niix",
    "DeviceSerialNumber": "42292",
    "EchoTime": 0.03,
    "EchoTrainLength": 31,
    "FlipAngle": 70,
    "ImageType": [
      "ORIGINAL",
      "PRIMARY",
      "M",
      "FFE",
      "M",
      "FFE"
    ],
    "InPlanePhaseEncodingDirectionDICOM": "COL",
    "InstitutionName": "Klinikum_rechts_der_Isar",
    "InstitutionalDepartmentName": "MRT",
    "MRAcquisitionType": "2D",
    "MagneticFieldStrength": 3,
    "Manufacturer": "Philips",
    "ManufacturersModelName": "Ingenia",
    "Modality": "MR",
    "MultibandAccelerationFactor": 2,
    "PatientPosition": "HFS",
    "PercentPhaseFOV": 100,
    "PhaseEncodingSteps": 62,
    "ProcedureStepDescription": "Studie_MR",
    "ReconMatrixPE": 64,
    "RepetitionTime": 1.25,
    "ScanOptions": "FS",
    "ScanningSequence": "GR",
    "SequenceVariant": "SK",
    "SliceThickness": 3,
    "SoftwareVersions": "5.1.8_5.1.8.1",
    "SpacingBetweenSlices": 3.3,
    "StationName": "mrkh",
    "TaskName": "Rest Pre",
    "dataset": "ds001927",
    "modality": "bold",
    "session_id": "occ",
    "subject_id": "s017",
    "task_id": "restpre"
  },
  "dummy_trs": 0,
  "dvars_nstd": 30.164460954223724,
  "dvars_std": 1.071067032420701,
  "dvars_vstd": 0.9487626336727876,
  "efc": 0.5268452336944746,
  "fber": 5880.21826171875,
  "fd_mean": 0.12818535011799118,
  "fd_num": 54,
  "fd_perc": 9.0,
  "fwhm_avg": 1.7205920279375684,
  "fwhm_x": 1.74461,
  "fwhm_y": 1.8111266666666666,
  "fwhm_z": 1.6060394171460384,
  "gcor": 0.00653488,
  "gsr_x": 0.018497521057724953,
  "gsr_y": 0.009859463199973106,
  "provenance": {
    "md5sum": "cede3f4d006c69937e8dd2260f2f0988",
    "settings": {
      "fd_thres": 0.2,
      "testing": false
    },
    "software": "mriqc",
    "version": "22.0.0rc1",
    "webapi_port": null,
    "webapi_url": "https://mriqc.nimh.nih.gov/api/v1"
  },
  "size_t": 600,
  "size_x": 64,
  "size_y": 64,
  "size_z": 40,
  "snr": 5.859055490028587,
  "spacing_tr": 1.25,
  "spacing_x": 3.0,
  "spacing_y": 3.0,
  "spacing_z": 3.299999952316284,
  "summary_bg_k": 11.16393560257764,
  "summary_bg_mad": 22.54667930717407,
  "summary_bg_mean": 57.361968994140625,
  "summary_bg_median": 16.693084716796875,
  "summary_bg_n": 95196.0,
  "summary_bg_p05": 0.8066341578960419,
  "summary_bg_p95": 258.0123825073242,
  "summary_bg_stdv": 96.99522399902344,
  "summary_fg_k": 1.4809206680407643,
  "summary_fg_mad": 197.36454303334546,
  "summary_fg_mean": 1284.5184326171875,
  "summary_fg_median": 1260.4405517578125,
  "summary_fg_n": 33937.0,
  "summary_fg_p05": 989.9314819335938,
  "summary_fg_p95": 1656.0369873046866,
  "summary_fg_stdv": 215.12374877929688,
  "tsnr": 41.53366470336914
}