{
  "aor": 0.0012657500000000004,
  "aqi": 0.017150516983333332,
  "bids_meta": {
    "AcquisitionMatrixPE": 62,
    "ConversionSoftware": "dcm2niix",
    "DeviceSerialNumber": "42292",
    "EchoTime": 0.03,
    "EchoTrainLength": 31,
    "FlipAngle": 70,
    "ImageType": [
      "ORIGINAL",
      "PRIMARY",
      "M",
      "FFE",
      "M",
      "FFE"
    ],
    "InPlanePhaseEncodingDirectionDICOM": "COL",
    "InstitutionName": "Klinikum_rechts_der_Isar",
    "InstitutionalDepartmentName": "MRT",
    "MRAcquisitionType": "2D",
    "MagneticFieldStrength": 3,
    "Manufacturer": "Philips",
    "ManufacturersModelName": "Ingenia",
    "Modality": "MR",
    "MultibandAccelerationFactor": 2,
    "PatientPosition": "HFS",
    "PercentPhaseFOV": 100,
    "PhaseEncodingSteps": 62,
    "ProcedureStepDescription": "Studie_MR",
    "ReconMatrixPE": 64,
    "RepetitionTime": 1.25,
    "ScanOptions": "FS",
    "ScanningSequence": "GR",
    "SequenceVariant": "SK",
    "SliceThickness": 3,
    "SoftwareVersions": "5.1.8_5.1.8.1",
    "SpacingBetweenSlices": 3.3,
    "StationName": "mrkh",
    "TaskName": "Rest Post",
    "dataset": "ds001927",
    "modality": "bold",
    "session_id": "occ",
    "subject_id": "s017",
    "task_id": "restpost"
  },
  "dummy_trs": 0,
  "dvars_nstd": 31.67742759135228,
  "dvars_std": 1.0733951830884814,
  "dvars_vstd": 0.9701808746410692,
  "efc": 0.5236854377647824,
  "fber": 4302.9931640625,
  "fd_mean": 0.14118767601843343,
  "fd_num": 81,
  "fd_perc": 13.5,
  "fwhm_avg": 1.8113999069776583,
  "fwhm_x": 1.8572833333333334,
  "fwhm_y": 1.9185133333333333,
  "fwhm_z": 1.658403054266309,
  "gcor": 0.00602785,
  "gsr_x": 0.01677754335105419,
  "gsr_y": 0.008722661063075066,
  "provenance": {
    "md5sum": "9c92b49dfa6194155d8902b136afc3d0",
    "settings": {
      "fd_thres": 0.2,
      "testing": false
    },
    "software": "mriqc",
    "version": "22.0.0rc1",
    "webapi_port": null,
    "webapi_url": "https://mriqc.nimh.nih.gov/api/v1"
  },
  "size_t": 600,
  "size_x": 64,
  "size_y": 64,
  "size_z": 40,
  "snr": 5.495937499296482,
  "spacing_tr": 1.25,
  "spacing_x": 3.0,
  "spacing_y": 3.0,
  "spacing_z": 3.299999952316284,
  "summary_bg_k": 11.57706546434263,
  "summary_bg_mad": 29.319904745189767,
  "summary_bg_mean": 64.28507232666016,
  "summary_bg_median": 21.448013305664062,
  "summary_bg_n": 96241.0,
  "summary_bg_p05": 0.7386988997459412,
  "summary_bg_p95": 285.3529357910156,
  "summary_bg_stdv": 105.2900390625,
  "summary_fg_k": 1.3972173142824849,
  "summary_fg_mad": 226.11774171031686,
  "summary_fg_mean": 1410.522216796875,
  "summary_fg_median": 1384.3779296875,
  "summary_fg_n": 32968.0,
  "summary_fg_p05": 1052.2026062011719,
  "summary_fg_p95": 1848.8836364746094,
  "summary_fg_stdv": 251.88731384277344,
  "tsnr": 38.60296630859375
}