{
  "bids_meta": {
    "AcquisitionMatrixPE": 238,
    "ConversionSoftware": "dcm2niix",
    "DeviceSerialNumber": "42292",
    "EchoTime": 0.003996,
    "EchoTrainLength": 159,
    "FlipAngle": 8,
    "ImageType": [
      "ORIGINAL",
      "PRIMARY",
      "M",
      "FFE",
      "M",
      "FFE"
    ],
    "InPlanePhaseEncodingDirectionDICOM": "ROW",
    "InstitutionName": "Klinikum_rechts_der_Isar",
    "InstitutionalDepartmentName": "MRT",
    "MRAcquisitionType": "3D",
    "MagneticFieldStrength": 3,
    "Manufacturer": "Philips",
    "ManufacturersModelName": "Ingenia",
    "Modality": "MR",
    "PatientPosition": "HFS",
    "PercentPhaseFOV": 100,
    "PhaseEncodingSteps": 238,
    "ProcedureStepDescription": "Studie_MR",
    "ReconMatrixPE": 256,
    "RepetitionTime": 0.009,
    "ScanOptions": "OTHER",
    "ScanningSequence": "GR",
    "SequenceVariant": "MP",
    "SliceThickness": 1,
    "SoftwareVersions": "5.1.8_5.1.8.1",
    "SpacingBetweenSlices": 1,
    "StationName": "mrkh",
    "dataset": "ds001927",
    "modality": "T1w",
    "session_id": "occ",
    "subject_id": "s011"
  },
  "cjv": 0.3222276759009513,
  "cnr": 3.7926029032178636,
  "efc": 0.7743293688566242,
  "fber": 1774.0677490234375,
  "fwhm_avg": 3.61640308750947,
  "fwhm_x": 3.47908,
  "fwhm_y": 3.9121559980285294,
  "fwhm_z": 3.4579732644998806,
  "icvs_csf": 0.23585804768647478,
  "icvs_gm": 0.3687511630268131,
  "icvs_wm": 0.3953907892867121,
  "inu_med": 1.609309434890747,
  "inu_range": 0.42573821544647217,
  "provenance": {
    "md5sum": "8f12a97a9ea3b6dd7976c0e6b232e312",
    "settings": {
      "testing": false
    },
    "software": "mriqc",
    "version": "22.0.0rc1",
    "warnings": {
      "large_rot_frame": true,
      "small_air_mask": true
    },
    "webapi_port": null,
    "webapi_url": "https://mriqc.nimh.nih.gov/api/v1"
  },
  "qi_1": 0.0,
  "qi_2": 0.0035726012488927796,
  "rpve_csf": 20.926402929901943,
  "rpve_gm": 12.707169478340628,
  "rpve_wm": 16.40925140824192,
  "size_x": 170,
  "size_y": 256,
  "size_z": 256,
  "snr_csf": 3.488298008444664,
  "snr_gm": 8.160681372100498,
  "snr_total": 10.830217668680207,
  "snr_wm": 20.841673625495464,
  "snrd_csf": 24.387759345755267,
  "snrd_gm": 47.707894921451455,
  "snrd_total": 48.61994033556562,
  "snrd_wm": 73.76416673949015,
  "spacing_x": 1.0,
  "spacing_y": 0.943651020526886,
  "spacing_z": 0.943651020526886,
  "summary_bg_k": 2.76063814989252,
  "summary_bg_mad": 8.881409074157022,
  "summary_bg_mean": 12.307220458984375,
  "summary_bg_median": 11.963090896606445,
  "summary_bg_n": 151523.0,
  "summary_bg_p05": 0.0,
  "summary_bg_p95": 30.127392768859863,
  "summary_bg_stdv": 9.59881591796875,
  "summary_csf_k": 1.0919175738774456,
  "summary_csf_mad": 82.2885630838173,
  "summary_csf_mean": 325.9394226074219,
  "summary_csf_median": 330.6146240234375,
  "summary_csf_n": 6988.0,
  "summary_csf_p05": 145.3541145324707,
  "summary_csf_p95": 466.15992279052733,
  "summary_csf_stdv": 94.77142333984375,
  "summary_gm_k": 0.6388273778499278,
  "summary_gm_mad": 69.83116173127706,
  "summary_gm_mean": 650.2596435546875,
  "summary_gm_median": 646.7559204101562,
  "summary_gm_n": 10263.0,
  "summary_gm_p05": 521.205615234375,
  "summary_gm_p95": 789.0040222167968,
  "summary_gm_stdv": 79.24882507324219,
  "summary_wm_k": 0.8274500066690371,
  "summary_wm_mad": 43.99059230278221,
  "summary_wm_mean": 998.4843139648438,
  "summary_wm_median": 999.9898681640625,
  "summary_wm_n": 231115.0,
  "summary_wm_p05": 916.7270324707031,
  "summary_wm_p95": 1073.8883666992188,
  "summary_wm_stdv": 47.980201721191406,
  "tpm_overlap_csf": 0.14956650137901306,
  "tpm_overlap_gm": 0.4154475927352905,
  "tpm_overlap_wm": 0.5115470290184021,
  "wm2max": 0.6146565448833312
}