{
  "bids_meta": {
    "AcquisitionMatrixPE": 238,
    "ConversionSoftware": "dcm2niix",
    "DeviceSerialNumber": "42292",
    "EchoTime": 0.003996,
    "EchoTrainLength": 159,
    "FlipAngle": 8,
    "ImageType": [
      "ORIGINAL",
      "PRIMARY",
      "M",
      "FFE",
      "M",
      "FFE"
    ],
    "InPlanePhaseEncodingDirectionDICOM": "ROW",
    "InstitutionName": "Klinikum_rechts_der_Isar",
    "InstitutionalDepartmentName": "MRT",
    "MRAcquisitionType": "3D",
    "MagneticFieldStrength": 3,
    "Manufacturer": "Philips",
    "ManufacturersModelName": "Ingenia",
    "Modality": "MR",
    "PatientPosition": "HFS",
    "PercentPhaseFOV": 100,
    "PhaseEncodingSteps": 238,
    "ProcedureStepDescription": "Studie_MR",
    "ReconMatrixPE": 256,
    "RepetitionTime": 0.009,
    "ScanOptions": "OTHER",
    "ScanningSequence": "GR",
    "SequenceVariant": "MP",
    "SliceThickness": 1,
    "SoftwareVersions": "5.1.8_5.1.8.1",
    "SpacingBetweenSlices": 1,
    "StationName": "mrkh",
    "dataset": "ds001927",
    "modality": "T1w",
    "session_id": "fro",
    "subject_id": "s009"
  },
  "cjv": 0.3485561993801118,
  "cnr": 3.543938641670253,
  "efc": 0.7640418611481811,
  "fber": 486.8277893066406,
  "fwhm_avg": 3.427755430742918,
  "fwhm_x": 3.362,
  "fwhm_y": 3.6343202363996046,
  "fwhm_z": 3.2869460558291497,
  "icvs_csf": 0.21201733655740862,
  "icvs_gm": 0.3998261024149045,
  "icvs_wm": 0.38815656102768686,
  "inu_med": 1.1060490608215332,
  "inu_range": 0.28228716850280744,
  "provenance": {
    "md5sum": "e1777e6a7e3665c293d54e990dbcc84d",
    "settings": {
      "testing": false
    },
    "software": "mriqc",
    "version": "22.0.0rc1",
    "warnings": {
      "large_rot_frame": true,
      "small_air_mask": true
    },
    "webapi_port": null,
    "webapi_url": "https://mriqc.nimh.nih.gov/api/v1"
  },
  "qi_1": 0.0,
  "qi_2": 0.0033599326362635943,
  "rpve_csf": 26.143560262276747,
  "rpve_gm": 14.176651426769668,
  "rpve_wm": 19.857334886638586,
  "size_x": 170,
  "size_y": 256,
  "size_z": 256,
  "snr_csf": 2.286116093845507,
  "snr_gm": 6.91427223889825,
  "snr_total": 9.579833008268944,
  "snr_wm": 19.539110692063073,
  "snrd_csf": 18.84088995623636,
  "snrd_gm": 38.05193733225441,
  "snrd_total": 39.14963339223076,
  "snrd_wm": 60.5560728882015,
  "spacing_x": 1.0,
  "spacing_y": 0.943651020526886,
  "spacing_z": 0.943651020526886,
  "summary_bg_k": 2.0400330742080754,
  "summary_bg_mad": 10.81851364560156,
  "summary_bg_mean": 13.41037368774414,
  "summary_bg_median": 14.724023818969727,
  "summary_bg_n": 124269.0,
  "summary_bg_p05": 0.0,
  "summary_bg_p95": 36.98576736450195,
  "summary_bg_stdv": 10.870457649230957,
  "summary_csf_k": 21.371052157831393,
  "summary_csf_mad": 93.80418083106595,
  "summary_csf_mean": 301.4324951171875,
  "summary_csf_median": 311.126708984375,
  "summary_csf_n": 1185.0,
  "summary_csf_p05": 65.50148315429688,
  "summary_csf_p95": 457.97340087890615,
  "summary_csf_stdv": 136.0365753173828,
  "summary_gm_k": 0.08571304673648106,
  "summary_gm_mad": 85.12307609907089,
  "summary_gm_mean": 627.8549194335938,
  "summary_gm_median": 628.365966796875,
  "summary_gm_n": 10718.0,
  "summary_gm_p05": 474.2651596069336,
  "summary_gm_p95": 781.0675079345702,
  "summary_gm_stdv": 90.87531280517578,
  "summary_wm_k": 1.4395993711525854,
  "summary_wm_mad": 44.4071217224466,
  "summary_wm_mean": 997.1825561523438,
  "summary_wm_median": 999.9852294921875,
  "summary_wm_n": 191769.0,
  "summary_wm_p05": 908.184130859375,
  "summary_wm_p95": 1074.4921875,
  "summary_wm_stdv": 51.17851257324219,
  "tpm_overlap_csf": 0.1375066488981247,
  "tpm_overlap_gm": 0.40866246819496155,
  "tpm_overlap_wm": 0.49343717098236084,
  "wm2max": 0.5954330011464977
}