{
  "bids_meta": {
    "AcquisitionMatrixPE": 238,
    "ConversionSoftware": "dcm2niix",
    "DeviceSerialNumber": "42292",
    "EchoTime": 0.003996,
    "EchoTrainLength": 159,
    "FlipAngle": 8,
    "ImageType": [
      "ORIGINAL",
      "PRIMARY",
      "M",
      "FFE",
      "M",
      "FFE"
    ],
    "InPlanePhaseEncodingDirectionDICOM": "ROW",
    "InstitutionName": "Klinikum_rechts_der_Isar",
    "InstitutionalDepartmentName": "MRT",
    "MRAcquisitionType": "3D",
    "MagneticFieldStrength": 3,
    "Manufacturer": "Philips",
    "ManufacturersModelName": "Ingenia",
    "Modality": "MR",
    "PatientPosition": "HFS",
    "PercentPhaseFOV": 100,
    "PhaseEncodingSteps": 238,
    "ProcedureStepDescription": "Studie_MR",
    "ReconMatrixPE": 256,
    "RepetitionTime": 0.009,
    "ScanOptions": "OTHER",
    "ScanningSequence": "GR",
    "SequenceVariant": "MP",
    "SliceThickness": 1,
    "SoftwareVersions": "5.1.8_5.1.8.1",
    "SpacingBetweenSlices": 1,
    "StationName": "mrkh",
    "dataset": "ds001927",
    "modality": "T1w",
    "session_id": "fro",
    "subject_id": "s018"
  },
  "cjv": 0.3421109801705977,
  "cnr": 3.598245500781259,
  "efc": 0.7885259232773487,
  "fber": 645.2024536132812,
  "fwhm_avg": 3.564877655711505,
  "fwhm_x": 3.48114,
  "fwhm_y": 3.8115785621592746,
  "fwhm_z": 3.401914404975241,
  "icvs_csf": 0.2124383766900625,
  "icvs_gm": 0.38249849160086,
  "icvs_wm": 0.4050631317090775,
  "inu_med": 1.2440427541732788,
  "inu_range": 0.36743789315223685,
  "provenance": {
    "md5sum": "7f46f327e09f0922f1a9c08270cf6dbb",
    "settings": {
      "testing": false
    },
    "software": "mriqc",
    "version": "22.0.0rc1",
    "warnings": {
      "large_rot_frame": true,
      "small_air_mask": true
    },
    "webapi_port": null,
    "webapi_url": "https://mriqc.nimh.nih.gov/api/v1"
  },
  "qi_1": 0.0,
  "qi_2": 0.0026214838961379633,
  "rpve_csf": 22.422989665759868,
  "rpve_gm": 12.444185824495047,
  "rpve_wm": 16.183029769743815,
  "size_x": 170,
  "size_y": 256,
  "size_z": 256,
  "snr_csf": 2.3721273280630504,
  "snr_gm": 7.041069118067485,
  "snr_total": 10.204227954479869,
  "snr_wm": 21.19948741730907,
  "snrd_csf": 21.22542356397392,
  "snrd_gm": 41.10317164704339,
  "snrd_total": 42.4472268937976,
  "snrd_wm": 65.01308547037549,
  "spacing_x": 1.0,
  "spacing_y": 0.943651020526886,
  "spacing_z": 0.943651020526886,
  "summary_bg_k": 3.231152589161457,
  "summary_bg_mad": 10.076939649854912,
  "summary_bg_mean": 15.973552703857422,
  "summary_bg_median": 13.546712875366211,
  "summary_bg_n": 152122.0,
  "summary_bg_p05": 0.0,
  "summary_bg_p95": 40.54671916961669,
  "summary_bg_stdv": 12.630887985229492,
  "summary_csf_k": 31.123292013603212,
  "summary_csf_mad": 94.96929587405721,
  "summary_csf_mean": 317.29754638671875,
  "summary_csf_median": 326.4775390625,
  "summary_csf_n": 8005.0,
  "summary_csf_p05": 75.21321716308594,
  "summary_csf_p95": 480.4615356445312,
  "summary_csf_stdv": 137.62210083007812,
  "summary_gm_k": 0.26372474470420926,
  "summary_gm_mad": 84.45642994772012,
  "summary_gm_mean": 633.704833984375,
  "summary_gm_median": 632.2258911132812,
  "summary_gm_n": 12982.0,
  "summary_gm_p05": 487.09346160888674,
  "summary_gm_p95": 785.6146759033203,
  "summary_gm_stdv": 89.7877197265625,
  "summary_wm_k": 1.456313920923117,
  "summary_wm_mad": 41.361335176330215,
  "summary_wm_mean": 997.9168090820312,
  "summary_wm_median": 999.9947509765625,
  "summary_wm_n": 246404.0,
  "summary_wm_p05": 917.6805816650391,
  "summary_wm_p95": 1069.6204650878906,
  "summary_wm_stdv": 47.17060852050781,
  "tpm_overlap_csf": 0.1649676114320755,
  "tpm_overlap_gm": 0.42849665880203247,
  "tpm_overlap_wm": 0.5125964283943176,
  "wm2max": 0.5630594287756583
}