{
  "aor": 0.00021585000000000002,
  "aqi": 0.010047352349999998,
  "bids_meta": {
    "AcquisitionMatrixPE": 62,
    "ConversionSoftware": "dcm2niix",
    "DeviceSerialNumber": "42292",
    "EchoTime": 0.03,
    "EchoTrainLength": 31,
    "FlipAngle": 70,
    "ImageType": [
      "ORIGINAL",
      "PRIMARY",
      "M",
      "FFE",
      "M",
      "FFE"
    ],
    "InPlanePhaseEncodingDirectionDICOM": "COL",
    "InstitutionName": "Klinikum_rechts_der_Isar",
    "InstitutionalDepartmentName": "MRT",
    "MRAcquisitionType": "2D",
    "MagneticFieldStrength": 3,
    "Manufacturer": "Philips",
    "ManufacturersModelName": "Ingenia",
    "Modality": "MR",
    "MultibandAccelerationFactor": 2,
    "PatientPosition": "HFS",
    "PercentPhaseFOV": 100,
    "PhaseEncodingSteps": 62,
    "ProcedureStepDescription": "Studie_MR",
    "ReconMatrixPE": 64,
    "RepetitionTime": 1.25,
    "ScanOptions": "FS",
    "ScanningSequence": "GR",
    "SequenceVariant": "SK",
    "SliceThickness": 3,
    "SoftwareVersions": "5.1.8_5.1.8.1",
    "SpacingBetweenSlices": 3.3,
    "StationName": "mrkh",
    "TaskName": "Rest Pre",
    "dataset": "ds001927",
    "modality": "bold",
    "session_id": "occ",
    "subject_id": "s003",
    "task_id": "restpre"
  },
  "dummy_trs": 0,
  "dvars_nstd": 29.315214800283815,
  "dvars_std": 1.1851563000333867,
  "dvars_vstd": 1.0074198225876465,
  "efc": 0.5500503932143906,
  "fber": 30129.048828125,
  "fd_mean": 0.10314524413659704,
  "fd_num": 12,
  "fd_perc": 2.0,
  "fwhm_avg": 1.7345328360128007,
  "fwhm_x": 1.68621,
  "fwhm_y": 1.9125066666666666,
  "fwhm_z": 1.604881841371736,
  "gcor": 0.0180785,
  "gsr_x": -0.009399428963661194,
  "gsr_y": 0.026178020983934402,
  "provenance": {
    "md5sum": "57fbccf73b8427c548cb381d53ecdc6b",
    "settings": {
      "fd_thres": 0.2,
      "testing": false
    },
    "software": "mriqc",
    "version": "22.0.0rc1",
    "webapi_port": null,
    "webapi_url": "https://mriqc.nimh.nih.gov/api/v1"
  },
  "size_t": 600,
  "size_x": 64,
  "size_y": 64,
  "size_z": 40,
  "snr": 6.259983984974581,
  "spacing_tr": 1.25,
  "spacing_x": 3.0,
  "spacing_y": 3.0,
  "spacing_z": 3.299999952316284,
  "summary_bg_k": 18.164566114958824,
  "summary_bg_mad": 9.548968087386479,
  "summary_bg_mean": 48.807594299316406,
  "summary_bg_median": 7.387384414672852,
  "summary_bg_n": 87073.0,
  "summary_bg_p05": 0.8316659927368164,
  "summary_bg_p95": 234.06774597167964,
  "summary_bg_stdv": 96.40687561035156,
  "summary_fg_k": 4.423869240997925,
  "summary_fg_mad": 184.68170633065557,
  "summary_fg_mean": 1516.9356689453125,
  "summary_fg_median": 1501.41943359375,
  "summary_fg_n": 39965.0,
  "summary_fg_p05": 1196.6773193359375,
  "summary_fg_p95": 1887.914184570312,
  "summary_fg_stdv": 239.84097290039062,
  "tsnr": 58.25579071044922
}