{
  "bids_meta": {
    "AcquisitionMatrixPE": 238,
    "ConversionSoftware": "dcm2niix",
    "DeviceSerialNumber": "42292",
    "EchoTime": 0.003996,
    "EchoTrainLength": 159,
    "FlipAngle": 8,
    "ImageType": [
      "ORIGINAL",
      "PRIMARY",
      "M",
      "FFE",
      "M",
      "FFE"
    ],
    "InPlanePhaseEncodingDirectionDICOM": "ROW",
    "InstitutionName": "Klinikum_rechts_der_Isar",
    "InstitutionalDepartmentName": "MRT",
    "MRAcquisitionType": "3D",
    "MagneticFieldStrength": 3,
    "Manufacturer": "Philips",
    "ManufacturersModelName": "Ingenia",
    "Modality": "MR",
    "PatientPosition": "HFS",
    "PercentPhaseFOV": 100,
    "PhaseEncodingSteps": 238,
    "ProcedureStepDescription": "Studie_MR",
    "ReconMatrixPE": 256,
    "RepetitionTime": 0.009,
    "ScanOptions": "OTHER",
    "ScanningSequence": "GR",
    "SequenceVariant": "MP",
    "SliceThickness": 1,
    "SoftwareVersions": "5.1.8_5.1.8.1",
    "SpacingBetweenSlices": 1,
    "StationName": "mrkh",
    "dataset": "ds001927",
    "modality": "T1w",
    "session_id": "occ",
    "subject_id": "s004"
  },
  "cjv": 0.3259968886722339,
  "cnr": 3.8972617179876385,
  "efc": 0.7794369003268863,
  "fber": 1431.9957275390625,
  "fwhm_avg": 3.751334510801031,
  "fwhm_x": 3.59311,
  "fwhm_y": 4.078594645985807,
  "fwhm_z": 3.582298886417287,
  "icvs_csf": 0.19598887889056693,
  "icvs_gm": 0.4294149299032506,
  "icvs_wm": 0.3745961912061825,
  "inu_med": 1.3528293371200562,
  "inu_range": 0.4759365797042845,
  "provenance": {
    "md5sum": "b5bdcf7e45224bc32eac8946800497c6",
    "settings": {
      "testing": false
    },
    "software": "mriqc",
    "version": "22.0.0rc1",
    "warnings": {
      "large_rot_frame": true,
      "small_air_mask": true
    },
    "webapi_port": null,
    "webapi_url": "https://mriqc.nimh.nih.gov/api/v1"
  },
  "qi_1": 0.0,
  "qi_2": 0.0034151597939017803,
  "rpve_csf": 24.470934992268116,
  "rpve_gm": 12.181505139067927,
  "rpve_wm": 17.578871019508025,
  "size_x": 170,
  "size_y": 256,
  "size_z": 256,
  "snr_csf": 2.5543270008450847,
  "snr_gm": 7.7396543930676245,
  "snr_total": 10.110081945249359,
  "snr_wm": 20.036264441835367,
  "snrd_csf": 21.22359638711542,
  "snrd_gm": 42.716791867531555,
  "snrd_total": 44.026648472626796,
  "snrd_wm": 68.13955716323342,
  "spacing_x": 1.0,
  "spacing_y": 0.943651020526886,
  "spacing_z": 0.943651020526886,
  "summary_bg_k": 1.7574830136891375,
  "summary_bg_mad": 9.614554694826888,
  "summary_bg_mean": 14.01461410522461,
  "summary_bg_median": 12.946555137634277,
  "summary_bg_n": 162271.0,
  "summary_bg_p05": 0.0,
  "summary_bg_p95": 32.61543083190918,
  "summary_bg_stdv": 10.651020050048828,
  "summary_csf_k": -0.49507440053182394,
  "summary_csf_mad": 110.93876054159838,
  "summary_csf_mean": 285.993408203125,
  "summary_csf_median": 311.47015380859375,
  "summary_csf_n": 6734.0,
  "summary_csf_p05": 70.05249557495117,
  "summary_csf_p95": 453.41652526855466,
  "summary_csf_stdv": 121.92919158935547,
  "summary_gm_k": 0.2537407181650386,
  "summary_gm_mad": 77.61228963440571,
  "summary_gm_mean": 628.6812744140625,
  "summary_gm_median": 626.8968505859375,
  "summary_gm_n": 24201.0,
  "summary_gm_p05": 499.123046875,
  "summary_gm_p95": 768.6159057617188,
  "summary_gm_stdv": 80.99636840820312,
  "summary_wm_k": 1.2399119733592245,
  "summary_wm_mad": 44.01574876132375,
  "summary_wm_mean": 997.0640258789062,
  "summary_wm_median": 999.9925537109375,
  "summary_wm_n": 208816.0,
  "summary_wm_p05": 910.3507537841797,
  "summary_wm_p95": 1072.6380920410156,
  "summary_wm_stdv": 49.90901184082031,
  "tpm_overlap_csf": 0.16251195967197418,
  "tpm_overlap_gm": 0.44154900312423706,
  "tpm_overlap_wm": 0.5053631067276001,
  "wm2max": 0.6466621459196634
}