{
  "aor": 0.00026409999999999997,
  "aqi": 0.014200527783333335,
  "bids_meta": {
    "AcquisitionMatrixPE": 62,
    "ConversionSoftware": "dcm2niix",
    "DeviceSerialNumber": "42292",
    "EchoTime": 0.03,
    "EchoTrainLength": 31,
    "FlipAngle": 70,
    "ImageType": [
      "ORIGINAL",
      "PRIMARY",
      "M",
      "FFE",
      "M",
      "FFE"
    ],
    "InPlanePhaseEncodingDirectionDICOM": "COL",
    "InstitutionName": "Klinikum_rechts_der_Isar",
    "InstitutionalDepartmentName": "MRT",
    "MRAcquisitionType": "2D",
    "MagneticFieldStrength": 3,
    "Manufacturer": "Philips",
    "ManufacturersModelName": "Ingenia",
    "Modality": "MR",
    "MultibandAccelerationFactor": 2,
    "PatientPosition": "HFS",
    "PercentPhaseFOV": 100,
    "PhaseEncodingSteps": 62,
    "ProcedureStepDescription": "Studie_MR",
    "ReconMatrixPE": 64,
    "RepetitionTime": 1.25,
    "ScanOptions": "FS",
    "ScanningSequence": "GR",
    "SequenceVariant": "SK",
    "SliceThickness": 3,
    "SoftwareVersions": "5.1.8_5.1.8.1",
    "SpacingBetweenSlices": 3.3,
    "StationName": "mrkh",
    "TaskName": "Rest Post",
    "dataset": "ds001927",
    "modality": "bold",
    "session_id": "occ",
    "subject_id": "s020",
    "task_id": "restpost"
  },
  "dummy_trs": 0,
  "dvars_nstd": 33.07716631994989,
  "dvars_std": 1.2123879854257098,
  "dvars_vstd": 0.9777183113355594,
  "efc": 0.5341103530417551,
  "fber": 16076.6572265625,
  "fd_mean": 0.08619199870221744,
  "fd_num": 10,
  "fd_perc": 1.6666666666666667,
  "fwhm_avg": 1.5960760681042119,
  "fwhm_x": 1.5787033333333333,
  "fwhm_y": 1.6527733333333332,
  "fwhm_z": 1.5567515376459689,
  "gcor": 0.00875116,
  "gsr_x": -0.01142961997538805,
  "gsr_y": 0.02702936716377735,
  "provenance": {
    "md5sum": "c6d60e2bf1186adcfed05edd8a766769",
    "settings": {
      "fd_thres": 0.2,
      "testing": false
    },
    "software": "mriqc",
    "version": "22.0.0rc1",
    "webapi_port": null,
    "webapi_url": "https://mriqc.nimh.nih.gov/api/v1"
  },
  "size_t": 600,
  "size_x": 64,
  "size_y": 64,
  "size_z": 40,
  "snr": 7.265406098526836,
  "spacing_tr": 1.25,
  "spacing_x": 3.0,
  "spacing_y": 3.0,
  "spacing_z": 3.299999952316284,
  "summary_bg_k": 16.92957211560056,
  "summary_bg_mad": 11.984945312903648,
  "summary_bg_mean": 48.08810043334961,
  "summary_bg_median": 9.221848487854004,
  "summary_bg_n": 91176.0,
  "summary_bg_p05": 0.746492326259613,
  "summary_bg_p95": 226.22527694702148,
  "summary_bg_stdv": 94.0013656616211,
  "summary_fg_k": 1.8079192527193513,
  "summary_fg_mad": 173.43143040196242,
  "summary_fg_mean": 1325.28369140625,
  "summary_fg_median": 1315.777099609375,
  "summary_fg_n": 35676.0,
  "summary_fg_p05": 1059.6119995117188,
  "summary_fg_p95": 1618.7459106445312,
  "summary_fg_stdv": 181.09912109375,
  "tsnr": 49.65630340576172
}