{
  "aor": 0.00017336666666666666,
  "aqi": 0.030758907666666672,
  "bids_meta": {
    "AcquisitionMatrixPE": 62,
    "ConversionSoftware": "dcm2niix",
    "DeviceSerialNumber": "42292",
    "EchoTime": 0.03,
    "EchoTrainLength": 31,
    "FlipAngle": 70,
    "ImageType": [
      "ORIGINAL",
      "PRIMARY",
      "M",
      "FFE",
      "M",
      "FFE"
    ],
    "InPlanePhaseEncodingDirectionDICOM": "COL",
    "InstitutionName": "Klinikum_rechts_der_Isar",
    "InstitutionalDepartmentName": "MRT",
    "MRAcquisitionType": "2D",
    "MagneticFieldStrength": 3,
    "Manufacturer": "Philips",
    "ManufacturersModelName": "Ingenia",
    "Modality": "MR",
    "MultibandAccelerationFactor": 2,
    "PatientPosition": "HFS",
    "PercentPhaseFOV": 100,
    "PhaseEncodingSteps": 62,
    "ProcedureStepDescription": "Studie_MR",
    "ReconMatrixPE": 64,
    "RepetitionTime": 1.25,
    "ScanOptions": "FS",
    "ScanningSequence": "GR",
    "SequenceVariant": "SK",
    "SliceThickness": 3,
    "SoftwareVersions": "5.1.8_5.1.8.1",
    "SpacingBetweenSlices": 3.3,
    "StationName": "mrkh",
    "TaskName": "Rest Pre",
    "dataset": "ds001927",
    "modality": "bold",
    "session_id": "occ",
    "subject_id": "s020",
    "task_id": "restpre"
  },
  "dummy_trs": 0,
  "dvars_nstd": 32.8165823501002,
  "dvars_std": 1.1146995971118538,
  "dvars_vstd": 0.9381894632721198,
  "efc": 0.5317554259576198,
  "fber": 19849.048828125,
  "fd_mean": 0.10558156430225511,
  "fd_num": 34,
  "fd_perc": 5.666666666666667,
  "fwhm_avg": 1.5710850578530717,
  "fwhm_x": 1.5549166666666665,
  "fwhm_y": 1.6327566666666666,
  "fwhm_z": 1.525581840225882,
  "gcor": 0.0105313,
  "gsr_x": -0.009199787862598896,
  "gsr_y": 0.028439069166779518,
  "provenance": {
    "md5sum": "d09521713243ca5ad2fcd83cdc713909",
    "settings": {
      "fd_thres": 0.2,
      "testing": false
    },
    "software": "mriqc",
    "version": "22.0.0rc1",
    "webapi_port": null,
    "webapi_url": "https://mriqc.nimh.nih.gov/api/v1"
  },
  "size_t": 600,
  "size_x": 64,
  "size_y": 64,
  "size_z": 40,
  "snr": 7.734398206657848,
  "spacing_tr": 1.25,
  "spacing_x": 3.0,
  "spacing_y": 3.0,
  "spacing_z": 3.299999952316284,
  "summary_bg_k": 17.21746055118218,
  "summary_bg_mad": 10.67918052363888,
  "summary_bg_mean": 43.651405334472656,
  "summary_bg_median": 8.258957862854004,
  "summary_bg_n": 91091.0,
  "summary_bg_p05": 0.8129954934120178,
  "summary_bg_p95": 201.66127014160156,
  "summary_bg_stdv": 83.84370422363281,
  "summary_fg_k": 2.3885273522909394,
  "summary_fg_mad": 154.20474729844045,
  "summary_fg_mean": 1306.8739013671875,
  "summary_fg_median": 1291.7606201171875,
  "summary_fg_n": 35789.0,
  "summary_fg_p05": 1074.1909912109375,
  "summary_fg_p95": 1581.1515869140624,
  "summary_fg_stdv": 167.01268005371094,
  "tsnr": 37.37525177001953
}