{
  "aor": 0.0018644000000000002,
  "aqi": 0.03601976816666666,
  "bids_meta": {
    "AcquisitionMatrixPE": 62,
    "ConversionSoftware": "dcm2niix",
    "DeviceSerialNumber": "42292",
    "EchoTime": 0.03,
    "EchoTrainLength": 31,
    "FlipAngle": 70,
    "ImageType": [
      "ORIGINAL",
      "PRIMARY",
      "M",
      "FFE",
      "M",
      "FFE"
    ],
    "InPlanePhaseEncodingDirectionDICOM": "COL",
    "InstitutionName": "Klinikum_rechts_der_Isar",
    "InstitutionalDepartmentName": "MRT",
    "MRAcquisitionType": "2D",
    "MagneticFieldStrength": 3,
    "Manufacturer": "Philips",
    "ManufacturersModelName": "Ingenia",
    "Modality": "MR",
    "MultibandAccelerationFactor": 2,
    "PatientPosition": "HFS",
    "PercentPhaseFOV": 100,
    "PhaseEncodingSteps": 62,
    "ProcedureStepDescription": "Studie_MR",
    "ReconMatrixPE": 64,
    "RepetitionTime": 1.25,
    "ScanOptions": "FS",
    "ScanningSequence": "GR",
    "SequenceVariant": "SK",
    "SliceThickness": 3,
    "SoftwareVersions": "5.1.8_5.1.8.1",
    "SpacingBetweenSlices": 3.3,
    "StationName": "mrkh",
    "TaskName": "Rest Post",
    "dataset": "ds001927",
    "modality": "bold",
    "session_id": "occ",
    "subject_id": "s014",
    "task_id": "restpost"
  },
  "dummy_trs": 0,
  "dvars_nstd": 38.88393551439063,
  "dvars_std": 1.1112876463939896,
  "dvars_vstd": 0.9676656934891493,
  "efc": 0.5274784487611481,
  "fber": 14497.8583984375,
  "fd_mean": 0.24352114768233787,
  "fd_num": 216,
  "fd_perc": 36.0,
  "fwhm_avg": 1.686579704671544,
  "fwhm_x": 1.63033,
  "fwhm_y": 1.8303666666666667,
  "fwhm_z": 1.5990424473479654,
  "gcor": 0.018592,
  "gsr_x": -0.010372576303780079,
  "gsr_y": 0.031563736498355865,
  "provenance": {
    "md5sum": "257f94b6d9b0d039d20b23f4b778fe0c",
    "settings": {
      "fd_thres": 0.2,
      "testing": false
    },
    "software": "mriqc",
    "version": "22.0.0rc1",
    "webapi_port": null,
    "webapi_url": "https://mriqc.nimh.nih.gov/api/v1"
  },
  "size_t": 600,
  "size_x": 64,
  "size_y": 64,
  "size_z": 40,
  "snr": 6.488120996803236,
  "spacing_tr": 1.25,
  "spacing_x": 3.0,
  "spacing_y": 3.0,
  "spacing_z": 3.299999952316284,
  "summary_bg_k": 13.371080544003018,
  "summary_bg_mad": 13.761707948788489,
  "summary_bg_mean": 57.49060821533203,
  "summary_bg_median": 10.48804759979248,
  "summary_bg_n": 93843.0,
  "summary_bg_p05": 0.902722054719925,
  "summary_bg_p95": 286.3686340332031,
  "summary_bg_stdv": 112.18797302246094,
  "summary_fg_k": 3.5744877956427725,
  "summary_fg_mad": 176.41265172085076,
  "summary_fg_mean": 1418.197021484375,
  "summary_fg_median": 1401.896484375,
  "summary_fg_n": 34015.0,
  "summary_fg_p05": 1127.6122436523438,
  "summary_fg_p95": 1756.314599609375,
  "summary_fg_stdv": 216.06808471679688,
  "tsnr": 31.513755798339844
}