{
  "aor": 0.0005118166666666666,
  "aqi": 0.03245018933333333,
  "bids_meta": {
    "AcquisitionMatrixPE": 62,
    "ConversionSoftware": "dcm2niix",
    "DeviceSerialNumber": "42292",
    "EchoTime": 0.03,
    "EchoTrainLength": 31,
    "FlipAngle": 70,
    "ImageType": [
      "ORIGINAL",
      "PRIMARY",
      "M",
      "FFE",
      "M",
      "FFE"
    ],
    "InPlanePhaseEncodingDirectionDICOM": "COL",
    "InstitutionName": "Klinikum_rechts_der_Isar",
    "InstitutionalDepartmentName": "MRT",
    "MRAcquisitionType": "2D",
    "MagneticFieldStrength": 3,
    "Manufacturer": "Philips",
    "ManufacturersModelName": "Ingenia",
    "Modality": "MR",
    "MultibandAccelerationFactor": 2,
    "PatientPosition": "HFS",
    "PercentPhaseFOV": 100,
    "PhaseEncodingSteps": 62,
    "ProcedureStepDescription": "Studie_MR",
    "ReconMatrixPE": 64,
    "RepetitionTime": 1.25,
    "ScanOptions": "FS",
    "ScanningSequence": "GR",
    "SequenceVariant": "SK",
    "SliceThickness": 3,
    "SoftwareVersions": "5.1.8_5.1.8.1",
    "SpacingBetweenSlices": 3.3,
    "StationName": "mrkh",
    "TaskName": "Rest Pre",
    "dataset": "ds001927",
    "modality": "bold",
    "session_id": "ctr",
    "subject_id": "s015",
    "task_id": "restpre"
  },
  "dummy_trs": 0,
  "dvars_nstd": 34.88449454592658,
  "dvars_std": 1.081950445792989,
  "dvars_vstd": 0.9422668137896512,
  "efc": 0.5264686704148407,
  "fber": 5425.06396484375,
  "fd_mean": 0.1943594231201703,
  "fd_num": 243,
  "fd_perc": 40.5,
  "fwhm_avg": 1.734895361381682,
  "fwhm_x": 1.76511,
  "fwhm_y": 1.8105366666666667,
  "fwhm_z": 1.6290394174783795,
  "gcor": 0.0118383,
  "gsr_x": -0.007417882792651653,
  "gsr_y": 0.029551777988672256,
  "provenance": {
    "md5sum": "233a294548639e634a9fde77f49ff7fd",
    "settings": {
      "fd_thres": 0.2,
      "testing": false
    },
    "software": "mriqc",
    "version": "22.0.0rc1",
    "webapi_port": null,
    "webapi_url": "https://mriqc.nimh.nih.gov/api/v1"
  },
  "size_t": 600,
  "size_x": 64,
  "size_y": 64,
  "size_z": 40,
  "snr": 6.292196030232845,
  "spacing_tr": 1.25,
  "spacing_x": 3.0,
  "spacing_y": 3.0,
  "spacing_z": 3.299999952316284,
  "summary_bg_k": 13.928362482778457,
  "summary_bg_mad": 22.108414849428723,
  "summary_bg_mean": 58.224815368652344,
  "summary_bg_median": 16.31207847595215,
  "summary_bg_n": 95915.0,
  "summary_bg_p05": 0.8809455871582031,
  "summary_bg_p95": 260.544418334961,
  "summary_bg_stdv": 105.02092742919922,
  "summary_fg_k": 3.6714862022921375,
  "summary_fg_mad": 159.7648675812687,
  "summary_fg_mean": 1267.747314453125,
  "summary_fg_median": 1251.625,
  "summary_fg_n": 32423.0,
  "summary_fg_p05": 992.9612060546875,
  "summary_fg_p95": 1606.9329467773437,
  "summary_fg_stdv": 198.91397094726562,
  "tsnr": 31.18024444580078
}