{
  "aor": 0.0014546333333333335,
  "aqi": 0.022319562333333334,
  "bids_meta": {
    "AcquisitionMatrixPE": 62,
    "ConversionSoftware": "dcm2niix",
    "DeviceSerialNumber": "42292",
    "EchoTime": 0.03,
    "EchoTrainLength": 31,
    "FlipAngle": 70,
    "ImageType": [
      "ORIGINAL",
      "PRIMARY",
      "M",
      "FFE",
      "M",
      "FFE"
    ],
    "InPlanePhaseEncodingDirectionDICOM": "COL",
    "InstitutionName": "Klinikum_rechts_der_Isar",
    "InstitutionalDepartmentName": "MRT",
    "MRAcquisitionType": "2D",
    "MagneticFieldStrength": 3,
    "Manufacturer": "Philips",
    "ManufacturersModelName": "Ingenia",
    "Modality": "MR",
    "MultibandAccelerationFactor": 2,
    "PatientPosition": "HFS",
    "PercentPhaseFOV": 100,
    "PhaseEncodingSteps": 62,
    "ProcedureStepDescription": "Studie_MR",
    "ReconMatrixPE": 64,
    "RepetitionTime": 1.25,
    "ScanOptions": "FS",
    "ScanningSequence": "GR",
    "SequenceVariant": "SK",
    "SliceThickness": 3,
    "SoftwareVersions": "5.1.8_5.1.8.1",
    "SpacingBetweenSlices": 3.3,
    "StationName": "mrkh",
    "TaskName": "Rest Post",
    "dataset": "ds001927",
    "modality": "bold",
    "session_id": "ctr",
    "subject_id": "s015",
    "task_id": "restpost"
  },
  "dummy_trs": 0,
  "dvars_nstd": 35.444554342971664,
  "dvars_std": 1.1913836504173614,
  "dvars_vstd": 1.0094280899499162,
  "efc": 0.5375518179027317,
  "fber": 5788.26953125,
  "fd_mean": 0.18947434712516772,
  "fd_num": 203,
  "fd_perc": 33.833333333333336,
  "fwhm_avg": 1.5866377850884783,
  "fwhm_x": 1.5810566666666668,
  "fwhm_y": 1.6610233333333333,
  "fwhm_z": 1.5178333552654346,
  "gcor": 0.0230977,
  "gsr_x": -0.008141702972352505,
  "gsr_y": 0.033630676567554474,
  "provenance": {
    "md5sum": "341bb58ae0484b861c01ca0a0818503c",
    "settings": {
      "fd_thres": 0.2,
      "testing": false
    },
    "software": "mriqc",
    "version": "22.0.0rc1",
    "webapi_port": null,
    "webapi_url": "https://mriqc.nimh.nih.gov/api/v1"
  },
  "size_t": 600,
  "size_x": 64,
  "size_y": 64,
  "size_z": 40,
  "snr": 6.639233608656168,
  "spacing_tr": 1.25,
  "spacing_x": 3.0,
  "spacing_y": 3.0,
  "spacing_z": 3.299999952316284,
  "summary_bg_k": 28.395770434435796,
  "summary_bg_mad": 21.945409265974753,
  "summary_bg_mean": 69.38101959228516,
  "summary_bg_median": 16.124618530273438,
  "summary_bg_n": 93928.0,
  "summary_bg_p05": 0.7109750807285309,
  "summary_bg_p95": 332.21546630859285,
  "summary_bg_stdv": 134.46273803710938,
  "summary_fg_k": 4.154691507188422,
  "summary_fg_mad": 171.64758411696477,
  "summary_fg_mean": 1382.1507568359375,
  "summary_fg_median": 1367.70849609375,
  "summary_fg_n": 33364.0,
  "summary_fg_p05": 1105.3762451171874,
  "summary_fg_p95": 1715.3921142578122,
  "summary_fg_stdv": 206.00088500976562,
  "tsnr": 38.59893035888672
}