{
  "aor": 0.00019358333333333334,
  "aqi": 0.012533178316666668,
  "bids_meta": {
    "AcquisitionMatrixPE": 62,
    "ConversionSoftware": "dcm2niix",
    "DeviceSerialNumber": "42292",
    "EchoTime": 0.03,
    "EchoTrainLength": 31,
    "FlipAngle": 70,
    "ImageType": [
      "ORIGINAL",
      "PRIMARY",
      "M",
      "FFE",
      "M",
      "FFE"
    ],
    "InPlanePhaseEncodingDirectionDICOM": "COL",
    "InstitutionName": "Klinikum_rechts_der_Isar",
    "InstitutionalDepartmentName": "MRT",
    "MRAcquisitionType": "2D",
    "MagneticFieldStrength": 3,
    "Manufacturer": "Philips",
    "ManufacturersModelName": "Ingenia",
    "Modality": "MR",
    "MultibandAccelerationFactor": 2,
    "PatientPosition": "HFS",
    "PercentPhaseFOV": 100,
    "PhaseEncodingSteps": 62,
    "ProcedureStepDescription": "Studie_MR",
    "ReconMatrixPE": 64,
    "RepetitionTime": 1.25,
    "ScanOptions": "FS",
    "ScanningSequence": "GR",
    "SequenceVariant": "SK",
    "SliceThickness": 3,
    "SoftwareVersions": "5.1.8_5.1.8.1",
    "SpacingBetweenSlices": 3.3,
    "StationName": "mrkh",
    "TaskName": "Rest Post",
    "dataset": "ds001927",
    "modality": "bold",
    "session_id": "fro",
    "subject_id": "s015",
    "task_id": "restpost"
  },
  "dummy_trs": 0,
  "dvars_nstd": 28.974209408146894,
  "dvars_std": 1.081270381118531,
  "dvars_vstd": 0.986827565158598,
  "efc": 0.5167907027639187,
  "fber": 6185.3173828125,
  "fd_mean": 0.12909691003851423,
  "fd_num": 54,
  "fd_perc": 9.0,
  "fwhm_avg": 1.6228653606665866,
  "fwhm_x": 1.6423466666666666,
  "fwhm_y": 1.7456766666666665,
  "fwhm_z": 1.4805727486664273,
  "gcor": 0.00593117,
  "gsr_x": -0.0041987234726548195,
  "gsr_y": 0.03272244334220886,
  "provenance": {
    "md5sum": "2b9deff813161c3fa4e70922b81eecd3",
    "settings": {
      "fd_thres": 0.2,
      "testing": false
    },
    "software": "mriqc",
    "version": "22.0.0rc1",
    "webapi_port": null,
    "webapi_url": "https://mriqc.nimh.nih.gov/api/v1"
  },
  "size_t": 600,
  "size_x": 64,
  "size_y": 64,
  "size_z": 40,
  "snr": 6.613247058492738,
  "spacing_tr": 1.25,
  "spacing_x": 3.0,
  "spacing_y": 3.0,
  "spacing_z": 3.299999952316284,
  "summary_bg_k": 13.686791156792843,
  "summary_bg_mad": 24.36074008317705,
  "summary_bg_mean": 60.9631462097168,
  "summary_bg_median": 17.822628021240234,
  "summary_bg_n": 96504.0,
  "summary_bg_p05": 0.6190069884061815,
  "summary_bg_p95": 272.2484344482417,
  "summary_bg_stdv": 108.74398040771484,
  "summary_fg_k": 3.6105620928380997,
  "summary_fg_mad": 182.51010671885763,
  "summary_fg_mean": 1476.7666015625,
  "summary_fg_median": 1469.7259521484375,
  "summary_fg_n": 31789.0,
  "summary_fg_p05": 1155.6778076171875,
  "summary_fg_p95": 1833.741650390625,
  "summary_fg_stdv": 222.23619079589844,
  "tsnr": 48.74119186401367
}