{
  "bids_meta": {
    "AcquisitionMatrixPE": 238,
    "ConversionSoftware": "dcm2niix",
    "DeviceSerialNumber": "42292",
    "EchoTime": 0.003996,
    "EchoTrainLength": 159,
    "FlipAngle": 8,
    "ImageType": [
      "ORIGINAL",
      "PRIMARY",
      "M",
      "FFE",
      "M",
      "FFE"
    ],
    "InPlanePhaseEncodingDirectionDICOM": "ROW",
    "InstitutionName": "Klinikum_rechts_der_Isar",
    "InstitutionalDepartmentName": "MRT",
    "MRAcquisitionType": "3D",
    "MagneticFieldStrength": 3,
    "Manufacturer": "Philips",
    "ManufacturersModelName": "Ingenia",
    "Modality": "MR",
    "PatientPosition": "HFS",
    "PercentPhaseFOV": 100,
    "PhaseEncodingSteps": 238,
    "ProcedureStepDescription": "Studie_MR",
    "ReconMatrixPE": 256,
    "RepetitionTime": 0.009,
    "ScanOptions": "OTHER",
    "ScanningSequence": "GR",
    "SequenceVariant": "MP",
    "SliceThickness": 1,
    "SoftwareVersions": "5.1.8_5.1.8.1",
    "SpacingBetweenSlices": 1,
    "StationName": "mrkh",
    "dataset": "ds001927",
    "modality": "T1w",
    "session_id": "fro",
    "subject_id": "s008"
  },
  "cjv": 0.32960866865834004,
  "cnr": 3.7610642680214843,
  "efc": 0.7794544842866098,
  "fber": 197.44580078125,
  "fwhm_avg": 3.5354468580735983,
  "fwhm_x": 3.44471,
  "fwhm_y": 3.785509602909631,
  "fwhm_z": 3.3761209713111624,
  "icvs_csf": 0.22160908821025063,
  "icvs_gm": 0.39784094497086775,
  "icvs_wm": 0.38054996681888165,
  "inu_med": 1.6373119354248047,
  "inu_range": 0.4650559425354004,
  "provenance": {
    "md5sum": "4a9067f401ef1679488fd4891f71b24d",
    "settings": {
      "testing": false
    },
    "software": "mriqc",
    "version": "22.0.0rc1",
    "warnings": {
      "large_rot_frame": true,
      "small_air_mask": true
    },
    "webapi_port": null,
    "webapi_url": "https://mriqc.nimh.nih.gov/api/v1"
  },
  "qi_1": 0.0,
  "qi_2": 0.0031913204670624127,
  "rpve_csf": 22.39437263655409,
  "rpve_gm": 12.68481478564612,
  "rpve_wm": 17.854876914171278,
  "size_x": 170,
  "size_y": 256,
  "size_z": 256,
  "snr_csf": 3.043032138022267,
  "snr_gm": 7.437785445103488,
  "snr_total": 10.071139324565676,
  "snr_wm": 19.732600390571275,
  "snrd_csf": 19.184625238239185,
  "snrd_gm": 37.883815157898646,
  "snrd_total": 39.14574248766569,
  "snrd_wm": 60.36878706685925,
  "spacing_x": 1.0,
  "spacing_y": 0.943651020526886,
  "spacing_z": 0.943651020526886,
  "summary_bg_k": 1.908490199647808,
  "summary_bg_mad": 10.85211898105491,
  "summary_bg_mean": 14.1759614944458,
  "summary_bg_median": 14.682832717895508,
  "summary_bg_n": 89585.0,
  "summary_bg_p05": 0.0,
  "summary_bg_p95": 36.870156097412114,
  "summary_bg_stdv": 10.989235877990723,
  "summary_csf_k": 20.9100839433207,
  "summary_csf_mad": 93.35801565538591,
  "summary_csf_mean": 317.8690185546875,
  "summary_csf_median": 317.7870178222656,
  "summary_csf_n": 4295.0,
  "summary_csf_p05": 143.30272369384767,
  "summary_csf_p95": 467.88198547363277,
  "summary_csf_stdv": 104.41888427734375,
  "summary_gm_k": 0.35420101887599786,
  "summary_gm_mad": 77.56247441704198,
  "summary_gm_mean": 629.0203857421875,
  "summary_gm_median": 627.532958984375,
  "summary_gm_n": 13388.0,
  "summary_gm_p05": 491.84251556396487,
  "summary_gm_p95": 775.857192993164,
  "summary_gm_stdv": 84.36779022216797,
  "summary_wm_k": 1.104405732218546,
  "summary_wm_mad": 45.202310137675966,
  "summary_wm_mean": 999.0380249023438,
  "summary_wm_median": 999.9891357421875,
  "summary_wm_n": 218324.0,
  "summary_wm_p05": 914.5147979736328,
  "summary_wm_p95": 1079.610772705078,
  "summary_wm_stdv": 50.6768913269043,
  "tpm_overlap_csf": 0.15367324650287628,
  "tpm_overlap_gm": 0.4325196146965027,
  "tpm_overlap_wm": 0.5166321992874146,
  "wm2max": 0.5793967974808355
}