{
  "aor": 0.00026663333333333333,
  "aqi": 0.013908668683333332,
  "bids_meta": {
    "AcquisitionMatrixPE": 62,
    "ConversionSoftware": "dcm2niix",
    "DeviceSerialNumber": "42292",
    "EchoTime": 0.03,
    "EchoTrainLength": 31,
    "FlipAngle": 70,
    "ImageType": [
      "ORIGINAL",
      "PRIMARY",
      "M",
      "FFE",
      "M",
      "FFE"
    ],
    "InPlanePhaseEncodingDirectionDICOM": "COL",
    "InstitutionName": "Klinikum_rechts_der_Isar",
    "InstitutionalDepartmentName": "MRT",
    "MRAcquisitionType": "2D",
    "MagneticFieldStrength": 3,
    "Manufacturer": "Philips",
    "ManufacturersModelName": "Ingenia",
    "Modality": "MR",
    "MultibandAccelerationFactor": 2,
    "PatientPosition": "HFS",
    "PercentPhaseFOV": 100,
    "PhaseEncodingSteps": 62,
    "ProcedureStepDescription": "Studie_MR",
    "ReconMatrixPE": 64,
    "RepetitionTime": 1.25,
    "ScanOptions": "FS",
    "ScanningSequence": "GR",
    "SequenceVariant": "SK",
    "SliceThickness": 3,
    "SoftwareVersions": "5.1.8_5.1.8.1",
    "SpacingBetweenSlices": 3.3,
    "StationName": "mrkh",
    "TaskName": "Rest Post",
    "dataset": "ds001927",
    "modality": "bold",
    "session_id": "occ",
    "subject_id": "s004",
    "task_id": "restpost"
  },
  "dummy_trs": 0,
  "dvars_nstd": 27.615194467195302,
  "dvars_std": 1.1652837567779633,
  "dvars_vstd": 0.9926919843739571,
  "efc": 0.5252408209376779,
  "fber": 17917.53515625,
  "fd_mean": 0.07799091412295354,
  "fd_num": 4,
  "fd_perc": 0.6666666666666666,
  "fwhm_avg": 1.5944307144299523,
  "fwhm_x": 1.5515400000000001,
  "fwhm_y": 1.7038399999999998,
  "fwhm_z": 1.527912143289857,
  "gcor": 0.00548561,
  "gsr_x": -0.006673304829746485,
  "gsr_y": 0.031543828547000885,
  "provenance": {
    "md5sum": "6005a2a1195969467f59867f7b85fd19",
    "settings": {
      "fd_thres": 0.2,
      "testing": false
    },
    "software": "mriqc",
    "version": "22.0.0rc1",
    "webapi_port": null,
    "webapi_url": "https://mriqc.nimh.nih.gov/api/v1"
  },
  "size_t": 600,
  "size_x": 64,
  "size_y": 64,
  "size_z": 40,
  "snr": 7.651177978570348,
  "spacing_tr": 1.25,
  "spacing_x": 3.0,
  "spacing_y": 3.0,
  "spacing_z": 3.299999952316284,
  "summary_bg_k": 13.920083571263554,
  "summary_bg_mad": 11.32321527183112,
  "summary_bg_mean": 51.89999771118164,
  "summary_bg_median": 8.71792984008789,
  "summary_bg_n": 94678.0,
  "summary_bg_p05": 0.7605576545000077,
  "summary_bg_p95": 262.36772003173775,
  "summary_bg_stdv": 99.1467056274414,
  "summary_fg_k": 4.3493852706957545,
  "summary_fg_mad": 133.6351798612623,
  "summary_fg_mean": 1282.197509765625,
  "summary_fg_median": 1274.842529296875,
  "summary_fg_n": 33252.0,
  "summary_fg_p05": 1048.4476928710938,
  "summary_fg_p95": 1545.8601928710937,
  "summary_fg_stdv": 166.617919921875,
  "tsnr": 55.91981887817383
}