{
  "bids_meta": {
    "AcquisitionMatrixPE": 238,
    "ConversionSoftware": "dcm2niix",
    "DeviceSerialNumber": "42292",
    "EchoTime": 0.003996,
    "EchoTrainLength": 159,
    "FlipAngle": 8,
    "ImageType": [
      "ORIGINAL",
      "PRIMARY",
      "M",
      "FFE",
      "M",
      "FFE"
    ],
    "InPlanePhaseEncodingDirectionDICOM": "ROW",
    "InstitutionName": "Klinikum_rechts_der_Isar",
    "InstitutionalDepartmentName": "MRT",
    "MRAcquisitionType": "3D",
    "MagneticFieldStrength": 3,
    "Manufacturer": "Philips",
    "ManufacturersModelName": "Ingenia",
    "Modality": "MR",
    "PatientPosition": "HFS",
    "PercentPhaseFOV": 100,
    "PhaseEncodingSteps": 238,
    "ProcedureStepDescription": "Studie_MR",
    "ReconMatrixPE": 256,
    "RepetitionTime": 0.009,
    "ScanOptions": "OTHER",
    "ScanningSequence": "GR",
    "SequenceVariant": "MP",
    "SliceThickness": 1,
    "SoftwareVersions": "5.1.8_5.1.8.1",
    "SpacingBetweenSlices": 1,
    "StationName": "mrkh",
    "dataset": "ds001927",
    "modality": "T1w",
    "session_id": "occ",
    "subject_id": "s002"
  },
  "cjv": 0.2995804416577182,
  "cnr": 3.9185465995998547,
  "efc": 0.7794119023329703,
  "fber": 1008.515869140625,
  "fwhm_avg": 3.482725752819251,
  "fwhm_x": 3.41793,
  "fwhm_y": 3.7252330824982596,
  "fwhm_z": 3.305014175959492,
  "icvs_csf": 0.22473289751620693,
  "icvs_gm": 0.3935791822082439,
  "icvs_wm": 0.3816879202755492,
  "inu_med": 0.832439661026001,
  "inu_range": 0.27119710445404066,
  "provenance": {
    "md5sum": "ac63cde0ea7c50c85034222d7ff6dfc6",
    "settings": {
      "testing": false
    },
    "software": "mriqc",
    "version": "22.0.0rc1",
    "warnings": {
      "large_rot_frame": true,
      "small_air_mask": true
    },
    "webapi_port": null,
    "webapi_url": "https://mriqc.nimh.nih.gov/api/v1"
  },
  "qi_1": 0.0,
  "qi_2": 0.006313098096213626,
  "rpve_csf": 23.099339011325245,
  "rpve_gm": 13.15406888107271,
  "rpve_wm": 18.61031603353551,
  "size_x": 170,
  "size_y": 256,
  "size_z": 256,
  "snr_csf": 3.671407235947584,
  "snr_gm": 7.685186081525779,
  "snr_total": 10.469024182592007,
  "snr_wm": 20.05047923030266,
  "snrd_csf": 18.373317100483874,
  "snrd_gm": 33.946108461598016,
  "snrd_total": 35.57467981839568,
  "snrd_wm": 54.40461389310516,
  "spacing_x": 1.0,
  "spacing_y": 0.943651020526886,
  "spacing_z": 0.943651020526886,
  "summary_bg_k": 5.61953867420886,
  "summary_bg_mad": 12.04181360336756,
  "summary_bg_mean": 13.572901725769043,
  "summary_bg_median": 8.196643829345703,
  "summary_bg_n": 59103.0,
  "summary_bg_p05": 0.0,
  "summary_bg_p95": 32.74468803405762,
  "summary_bg_stdv": 11.434930801391602,
  "summary_csf_k": 1.1705584987294886,
  "summary_csf_mad": 87.58605627383196,
  "summary_csf_mean": 335.37799072265625,
  "summary_csf_median": 337.7129821777344,
  "summary_csf_n": 3083.0,
  "summary_csf_p05": 190.17131805419928,
  "summary_csf_p95": 476.0601470947265,
  "summary_csf_stdv": 91.96969604492188,
  "summary_gm_k": 0.7217294631536295,
  "summary_gm_mad": 69.94518021243655,
  "summary_gm_mean": 626.3554077148438,
  "summary_gm_median": 623.9505615234375,
  "summary_gm_n": 10678.0,
  "summary_gm_p05": 496.94127044677737,
  "summary_gm_p95": 771.5788940429687,
  "summary_gm_stdv": 81.1849365234375,
  "summary_wm_k": 1.4918366520090691,
  "summary_wm_mad": 42.70906077089279,
  "summary_wm_mean": 996.775390625,
  "summary_wm_median": 999.9906005859375,
  "summary_wm_n": 202201.0,
  "summary_wm_p05": 909.323974609375,
  "summary_wm_p95": 1071.35107421875,
  "summary_wm_stdv": 49.87352752685547,
  "tpm_overlap_csf": 0.1403994858264923,
  "tpm_overlap_gm": 0.42086195945739746,
  "tpm_overlap_wm": 0.49602457880973816,
  "wm2max": 0.581931781849017
}