{
  "aor": 0.0001828,
  "aqi": 0.008790449200000001,
  "bids_meta": {
    "AcquisitionMatrixPE": 62,
    "ConversionSoftware": "dcm2niix",
    "DeviceSerialNumber": "42292",
    "EchoTime": 0.03,
    "EchoTrainLength": 31,
    "FlipAngle": 70,
    "ImageType": [
      "ORIGINAL",
      "PRIMARY",
      "M",
      "FFE",
      "M",
      "FFE"
    ],
    "InPlanePhaseEncodingDirectionDICOM": "COL",
    "InstitutionName": "Klinikum_rechts_der_Isar",
    "InstitutionalDepartmentName": "MRT",
    "MRAcquisitionType": "2D",
    "MagneticFieldStrength": 3,
    "Manufacturer": "Philips",
    "ManufacturersModelName": "Ingenia",
    "Modality": "MR",
    "MultibandAccelerationFactor": 2,
    "PatientPosition": "HFS",
    "PercentPhaseFOV": 100,
    "PhaseEncodingSteps": 62,
    "ProcedureStepDescription": "Studie_MR",
    "ReconMatrixPE": 64,
    "RepetitionTime": 1.25,
    "ScanOptions": "FS",
    "ScanningSequence": "GR",
    "SequenceVariant": "SK",
    "SliceThickness": 3,
    "SoftwareVersions": "5.1.8_5.1.8.1",
    "SpacingBetweenSlices": 3.3,
    "StationName": "mrkh",
    "TaskName": "Rest Pre",
    "dataset": "ds001927",
    "modality": "bold",
    "session_id": "fro",
    "subject_id": "s002",
    "task_id": "restpre"
  },
  "dummy_trs": 0,
  "dvars_nstd": 32.763563484207,
  "dvars_std": 1.2285236433222038,
  "dvars_vstd": 0.9899181547913194,
  "efc": 0.5163982651517922,
  "fber": 36630.9921875,
  "fd_mean": 0.08640825289614024,
  "fd_num": 2,
  "fd_perc": 0.3333333333333333,
  "fwhm_avg": 1.6393041490991305,
  "fwhm_x": 1.6086099999999999,
  "fwhm_y": 1.71376,
  "fwhm_z": 1.5955424472973918,
  "gcor": 0.0130449,
  "gsr_x": -0.011667116545140743,
  "gsr_y": 0.023683125153183937,
  "provenance": {
    "md5sum": "878d349a9e36fed6466d86834ee8e1b6",
    "settings": {
      "fd_thres": 0.2,
      "testing": false
    },
    "software": "mriqc",
    "version": "22.0.0rc1",
    "webapi_port": null,
    "webapi_url": "https://mriqc.nimh.nih.gov/api/v1"
  },
  "size_t": 600,
  "size_x": 64,
  "size_y": 64,
  "size_z": 40,
  "snr": 6.16520729185445,
  "spacing_tr": 1.25,
  "spacing_x": 3.0,
  "spacing_y": 3.0,
  "spacing_z": 3.299999952316284,
  "summary_bg_k": 21.77498898723439,
  "summary_bg_mad": 7.805088892599989,
  "summary_bg_mean": 44.25273895263672,
  "summary_bg_median": 6.331975936889648,
  "summary_bg_n": 93785.0,
  "summary_bg_p05": 0.8744950294494629,
  "summary_bg_p95": 199.6959289550782,
  "summary_bg_stdv": 94.13232421875,
  "summary_fg_k": 1.6071728755591375,
  "summary_fg_mad": 194.40051497748908,
  "summary_fg_mean": 1347.6705322265625,
  "summary_fg_median": 1323.0911865234375,
  "summary_fg_n": 33912.0,
  "summary_fg_p05": 1053.9363525390625,
  "summary_fg_p95": 1718.5604614257809,
  "summary_fg_stdv": 214.6029510498047,
  "tsnr": 56.41277313232422
}