{
  "aor": 0.00020933333333333332,
  "aqi": 0.009094101933333333,
  "bids_meta": {
    "AcquisitionMatrixPE": 62,
    "ConversionSoftware": "dcm2niix",
    "DeviceSerialNumber": "42292",
    "EchoTime": 0.03,
    "EchoTrainLength": 31,
    "FlipAngle": 70,
    "ImageType": [
      "ORIGINAL",
      "PRIMARY",
      "M",
      "FFE",
      "M",
      "FFE"
    ],
    "InPlanePhaseEncodingDirectionDICOM": "COL",
    "InstitutionName": "Klinikum_rechts_der_Isar",
    "InstitutionalDepartmentName": "MRT",
    "MRAcquisitionType": "2D",
    "MagneticFieldStrength": 3,
    "Manufacturer": "Philips",
    "ManufacturersModelName": "Ingenia",
    "Modality": "MR",
    "MultibandAccelerationFactor": 2,
    "PatientPosition": "HFS",
    "PercentPhaseFOV": 100,
    "PhaseEncodingSteps": 62,
    "ProcedureStepDescription": "Studie_MR",
    "ReconMatrixPE": 64,
    "RepetitionTime": 1.25,
    "ScanOptions": "FS",
    "ScanningSequence": "GR",
    "SequenceVariant": "SK",
    "SliceThickness": 3,
    "SoftwareVersions": "5.1.8_5.1.8.1",
    "SpacingBetweenSlices": 3.3,
    "StationName": "mrkh",
    "TaskName": "Rest Post",
    "dataset": "ds001927",
    "modality": "bold",
    "session_id": "fro",
    "subject_id": "s002",
    "task_id": "restpost"
  },
  "dummy_trs": 0,
  "dvars_nstd": 33.991996609181975,
  "dvars_std": 1.2066305062437392,
  "dvars_vstd": 0.9887067730884797,
  "efc": 0.5150497506535942,
  "fber": 49015.33203125,
  "fd_mean": 0.10635771412851067,
  "fd_num": 16,
  "fd_perc": 2.6666666666666665,
  "fwhm_avg": 1.7270225333073368,
  "fwhm_x": 1.7175666666666667,
  "fwhm_y": 1.7911766666666666,
  "fwhm_z": 1.6723242665886773,
  "gcor": 0.00661103,
  "gsr_x": -0.010327961295843124,
  "gsr_y": 0.02290905825793743,
  "provenance": {
    "md5sum": "f8a96ec28381378f30f1e53daab86312",
    "settings": {
      "fd_thres": 0.2,
      "testing": false
    },
    "software": "mriqc",
    "version": "22.0.0rc1",
    "webapi_port": null,
    "webapi_url": "https://mriqc.nimh.nih.gov/api/v1"
  },
  "size_t": 600,
  "size_x": 64,
  "size_y": 64,
  "size_z": 40,
  "snr": 6.0093132443017225,
  "spacing_tr": 1.25,
  "spacing_x": 3.0,
  "spacing_y": 3.0,
  "spacing_z": 3.299999952316284,
  "summary_bg_k": 24.007776697652425,
  "summary_bg_mad": 6.7792722863548125,
  "summary_bg_mean": 39.77205276489258,
  "summary_bg_median": 5.371709823608398,
  "summary_bg_n": 93384.0,
  "summary_bg_p05": 0.5676215261220932,
  "summary_bg_p95": 180.82535247802727,
  "summary_bg_stdv": 87.7034683227539,
  "summary_fg_k": 1.4404478429082497,
  "summary_fg_mad": 195.5308362855551,
  "summary_fg_mean": 1307.9483642578125,
  "summary_fg_median": 1282.0843505859375,
  "summary_fg_n": 34284.0,
  "summary_fg_p05": 1016.4330505371094,
  "summary_fg_p95": 1675.7563415527343,
  "summary_fg_stdv": 213.34645080566406,
  "tsnr": 52.66677474975586
}