{
  "bids_meta": {
    "AcquisitionMatrixPE": 238,
    "ConversionSoftware": "dcm2niix",
    "DeviceSerialNumber": "42292",
    "EchoTime": 0.003996,
    "EchoTrainLength": 159,
    "FlipAngle": 8,
    "ImageType": [
      "ORIGINAL",
      "PRIMARY",
      "M",
      "FFE",
      "M",
      "FFE"
    ],
    "InPlanePhaseEncodingDirectionDICOM": "ROW",
    "InstitutionName": "Klinikum_rechts_der_Isar",
    "InstitutionalDepartmentName": "MRT",
    "MRAcquisitionType": "3D",
    "MagneticFieldStrength": 3,
    "Manufacturer": "Philips",
    "ManufacturersModelName": "Ingenia",
    "Modality": "MR",
    "PatientPosition": "HFS",
    "PercentPhaseFOV": 100,
    "PhaseEncodingSteps": 238,
    "ProcedureStepDescription": "Studie_MR",
    "ReconMatrixPE": 256,
    "RepetitionTime": 0.009,
    "ScanOptions": "OTHER",
    "ScanningSequence": "GR",
    "SequenceVariant": "MP",
    "SliceThickness": 1,
    "SoftwareVersions": "5.1.8_5.1.8.1",
    "SpacingBetweenSlices": 1,
    "StationName": "mrkh",
    "dataset": "ds001927",
    "modality": "T1w",
    "session_id": "occ",
    "subject_id": "s013"
  },
  "cjv": 0.33646080462181244,
  "cnr": 3.709447504397851,
  "efc": 0.7904132034224925,
  "fber": 675.4464111328125,
  "fwhm_avg": 3.544149977618306,
  "fwhm_x": 3.46178,
  "fwhm_y": 3.784078989292272,
  "fwhm_z": 3.3865909435626453,
  "icvs_csf": 0.22201689987228382,
  "icvs_gm": 0.4080574308225657,
  "icvs_wm": 0.36992566930515053,
  "inu_med": 1.1408052444458008,
  "inu_range": 0.3741975724697113,
  "provenance": {
    "md5sum": "ce746056aa7fc49e39037bd14e133810",
    "settings": {
      "testing": false
    },
    "software": "mriqc",
    "version": "22.0.0rc1",
    "warnings": {
      "large_rot_frame": true,
      "small_air_mask": true
    },
    "webapi_port": null,
    "webapi_url": "https://mriqc.nimh.nih.gov/api/v1"
  },
  "qi_1": 0.0,
  "qi_2": 0.005062824512890065,
  "rpve_csf": 21.55350012813816,
  "rpve_gm": 12.048789911563263,
  "rpve_wm": 17.54365348530568,
  "size_x": 170,
  "size_y": 256,
  "size_z": 256,
  "snr_csf": 3.709052969860404,
  "snr_gm": 7.585938965646964,
  "snr_total": 10.327168963628695,
  "snr_wm": 19.686514955378716,
  "snrd_csf": 23.646444668535164,
  "snrd_gm": 41.26780338103832,
  "snrd_total": 43.31683710608642,
  "snrd_wm": 65.03626326868577,
  "spacing_x": 1.0,
  "spacing_y": 0.943651020526886,
  "spacing_z": 0.943651020526886,
  "summary_bg_k": 7.799760572150188,
  "summary_bg_mad": 10.07333733604819,
  "summary_bg_mean": 13.652883529663086,
  "summary_bg_median": 13.59511947631836,
  "summary_bg_n": 59614.0,
  "summary_bg_p05": 0.0,
  "summary_bg_p95": 34.541473388671875,
  "summary_bg_stdv": 11.412519454956055,
  "summary_csf_k": 66.20197420153636,
  "summary_csf_mad": 73.09860563421898,
  "summary_csf_mean": 361.75299072265625,
  "summary_csf_median": 363.5863037109375,
  "summary_csf_n": 5658.0,
  "summary_csf_p05": 217.6854148864746,
  "summary_csf_p95": 489.85182800292966,
  "summary_csf_stdv": 98.01805877685547,
  "summary_gm_k": 0.25407780598064056,
  "summary_gm_mad": 78.94721077255235,
  "summary_gm_mean": 637.4481201171875,
  "summary_gm_median": 634.53125,
  "summary_gm_n": 15123.0,
  "summary_gm_p05": 502.90888061523435,
  "summary_gm_p95": 782.1211669921875,
  "summary_gm_stdv": 83.6429443359375,
  "summary_wm_k": 1.2818688777557465,
  "summary_wm_mad": 44.01656317904632,
  "summary_wm_mean": 997.2606201171875,
  "summary_wm_median": 999.99365234375,
  "summary_wm_n": 211245.0,
  "summary_wm_p05": 908.3104248046875,
  "summary_wm_p95": 1074.21728515625,
  "summary_wm_stdv": 50.79574966430664,
  "tpm_overlap_csf": 0.14155864715576172,
  "tpm_overlap_gm": 0.42310765385627747,
  "tpm_overlap_wm": 0.4852921664714813,
  "wm2max": 0.5913833096814204
}