{
  "bids_meta": {
    "AcquisitionMatrixPE": 238,
    "ConversionSoftware": "dcm2niix",
    "DeviceSerialNumber": "42292",
    "EchoTime": 0.003996,
    "EchoTrainLength": 159,
    "FlipAngle": 8,
    "ImageType": [
      "ORIGINAL",
      "PRIMARY",
      "M",
      "FFE",
      "M",
      "FFE"
    ],
    "InPlanePhaseEncodingDirectionDICOM": "ROW",
    "InstitutionName": "Klinikum_rechts_der_Isar",
    "InstitutionalDepartmentName": "MRT",
    "MRAcquisitionType": "3D",
    "MagneticFieldStrength": 3,
    "Manufacturer": "Philips",
    "ManufacturersModelName": "Ingenia",
    "Modality": "MR",
    "PatientPosition": "HFS",
    "PercentPhaseFOV": 100,
    "PhaseEncodingSteps": 238,
    "ProcedureStepDescription": "Studie_MR",
    "ReconMatrixPE": 256,
    "RepetitionTime": 0.009,
    "ScanOptions": "OTHER",
    "ScanningSequence": "GR",
    "SequenceVariant": "MP",
    "SliceThickness": 1,
    "SoftwareVersions": "5.1.8_5.1.8.1",
    "SpacingBetweenSlices": 1,
    "StationName": "mrkh",
    "dataset": "ds001927",
    "modality": "T1w",
    "session_id": "fro",
    "subject_id": "s005"
  },
  "cjv": 0.3599542289369616,
  "cnr": 3.500538902027452,
  "efc": 0.7513931800212975,
  "fber": 1660.3095703125,
  "fwhm_avg": 3.6525418576896667,
  "fwhm_x": 3.49386,
  "fwhm_y": 3.9678227634506342,
  "fwhm_z": 3.495942809618366,
  "icvs_csf": 0.20596345024009588,
  "icvs_gm": 0.3957068289434092,
  "icvs_wm": 0.3983297208164949,
  "inu_med": 0.7730798721313477,
  "inu_range": 0.23477104306220997,
  "provenance": {
    "md5sum": "6fea1a212a9dfb94364074370c5b26da",
    "settings": {
      "testing": false
    },
    "software": "mriqc",
    "version": "22.0.0rc1",
    "warnings": {
      "large_rot_frame": true,
      "small_air_mask": true
    },
    "webapi_port": null,
    "webapi_url": "https://mriqc.nimh.nih.gov/api/v1"
  },
  "qi_1": 0.0,
  "qi_2": 0.003228664139308358,
  "rpve_csf": 23.93099101014857,
  "rpve_gm": 12.852327380065837,
  "rpve_wm": 17.039092329119185,
  "size_x": 170,
  "size_y": 256,
  "size_z": 256,
  "snr_csf": 2.593133618148717,
  "snr_gm": 7.340980317594705,
  "snr_total": 10.273881216797115,
  "snr_wm": 20.887529714647922,
  "snrd_csf": 21.470042625043924,
  "snrd_gm": 42.04937234199041,
  "snrd_total": 42.87183120472315,
  "snrd_wm": 65.09607864713512,
  "spacing_x": 1.0,
  "spacing_y": 0.943651020526886,
  "spacing_z": 0.943651020526886,
  "summary_bg_k": 4.854286389425979,
  "summary_bg_mad": 10.06405106521938,
  "summary_bg_mean": 15.897529602050781,
  "summary_bg_median": 13.493850708007812,
  "summary_bg_n": 266993.0,
  "summary_bg_p05": 0.0,
  "summary_bg_p95": 40.8318115234375,
  "summary_bg_stdv": 13.952083587646484,
  "summary_csf_k": -0.18693954352887898,
  "summary_csf_mad": 108.03006764544759,
  "summary_csf_mean": 304.7724304199219,
  "summary_csf_median": 329.8177490234375,
  "summary_csf_n": 7884.0,
  "summary_csf_p05": 65.27232055664062,
  "summary_csf_p95": 476.8230316162109,
  "summary_csf_stdv": 127.1808090209961,
  "summary_gm_k": 0.11601771757514578,
  "summary_gm_mad": 84.6117122601564,
  "summary_gm_mean": 646.2532348632812,
  "summary_gm_median": 645.9525756835938,
  "summary_gm_n": 17146.0,
  "summary_gm_p05": 501.3240203857422,
  "summary_gm_p95": 796.8930969238281,
  "summary_gm_stdv": 87.99011993408203,
  "summary_wm_k": 1.1534120213159662,
  "summary_wm_mad": 42.82579397779417,
  "summary_wm_mean": 999.4754028320312,
  "summary_wm_median": 999.9906616210938,
  "summary_wm_n": 239365.0,
  "summary_wm_p05": 920.670263671875,
  "summary_wm_p95": 1076.3789306640624,
  "summary_wm_stdv": 47.874908447265625,
  "tpm_overlap_csf": 0.1643664687871933,
  "tpm_overlap_gm": 0.42358529567718506,
  "tpm_overlap_wm": 0.5054855346679688,
  "wm2max": 0.5390769960910287
}