{
  "bids_meta": {
    "AcquisitionMatrixPE": 238,
    "ConversionSoftware": "dcm2niix",
    "DeviceSerialNumber": "42292",
    "EchoTime": 0.003996,
    "EchoTrainLength": 159,
    "FlipAngle": 8,
    "ImageType": [
      "ORIGINAL",
      "PRIMARY",
      "M",
      "FFE",
      "M",
      "FFE"
    ],
    "InPlanePhaseEncodingDirectionDICOM": "ROW",
    "InstitutionName": "Klinikum_rechts_der_Isar",
    "InstitutionalDepartmentName": "MRT",
    "MRAcquisitionType": "3D",
    "MagneticFieldStrength": 3,
    "Manufacturer": "Philips",
    "ManufacturersModelName": "Ingenia",
    "Modality": "MR",
    "PatientPosition": "HFS",
    "PercentPhaseFOV": 100,
    "PhaseEncodingSteps": 238,
    "ProcedureStepDescription": "Studie_MR",
    "ReconMatrixPE": 256,
    "RepetitionTime": 0.009,
    "ScanOptions": "OTHER",
    "ScanningSequence": "GR",
    "SequenceVariant": "MP",
    "SliceThickness": 1,
    "SoftwareVersions": "5.1.8_5.1.8.1",
    "SpacingBetweenSlices": 1,
    "StationName": "mrkh",
    "dataset": "ds001927",
    "modality": "T1w",
    "session_id": "occ",
    "subject_id": "s015"
  },
  "cjv": 0.35158571837110614,
  "cnr": 3.5179763247985005,
  "efc": 0.7790632451575347,
  "fber": 641.0093994140625,
  "fwhm_avg": 3.4328914180359065,
  "fwhm_x": 3.29581,
  "fwhm_y": 3.6864899463126104,
  "fwhm_z": 3.3163743077951096,
  "icvs_csf": 0.20311662793729568,
  "icvs_gm": 0.4010328170531485,
  "icvs_wm": 0.3958505550095558,
  "inu_med": 1.1591558456420898,
  "inu_range": 0.34768531322479257,
  "provenance": {
    "md5sum": "94420b17dc1b3a3887e17173b24b8180",
    "settings": {
      "testing": false
    },
    "software": "mriqc",
    "version": "22.0.0rc1",
    "warnings": {
      "large_rot_frame": true,
      "small_air_mask": true
    },
    "webapi_port": null,
    "webapi_url": "https://mriqc.nimh.nih.gov/api/v1"
  },
  "qi_1": 0.0,
  "qi_2": 0.0015104040726125476,
  "rpve_csf": 23.951952017164025,
  "rpve_gm": 12.775217156151943,
  "rpve_wm": 17.072852880174562,
  "size_x": 170,
  "size_y": 256,
  "size_z": 256,
  "snr_csf": 2.173331969280484,
  "snr_gm": 7.353520765053027,
  "snr_total": 9.462964044217541,
  "snr_wm": 18.862039398319112,
  "snrd_csf": 20.428282848446088,
  "snrd_gm": 39.50940357049629,
  "snrd_total": 40.591228276115544,
  "snrd_wm": 61.83599840940425,
  "spacing_x": 1.0,
  "spacing_y": 0.943651020526886,
  "spacing_z": 0.943651020526886,
  "summary_bg_k": 16.075545498235837,
  "summary_bg_mad": 10.59466259242783,
  "summary_bg_mean": 17.00340461730957,
  "summary_bg_median": 14.229572296142578,
  "summary_bg_n": 210174.0,
  "summary_bg_p05": 0.0,
  "summary_bg_p95": 42.357677650451656,
  "summary_bg_stdv": 13.18007755279541,
  "summary_csf_k": 10.57233545122988,
  "summary_csf_mad": 131.03958533400976,
  "summary_csf_mean": 306.095703125,
  "summary_csf_median": 330.35986328125,
  "summary_csf_n": 3843.0,
  "summary_csf_p05": 50.610833740234376,
  "summary_csf_p95": 491.45781249999993,
  "summary_csf_stdv": 151.98638916015625,
  "summary_gm_k": 0.379754369488281,
  "summary_gm_mad": 80.24810734806728,
  "summary_gm_mean": 638.3642578125,
  "summary_gm_median": 638.933837890625,
  "summary_gm_n": 14236.0,
  "summary_gm_p05": 493.15594482421875,
  "summary_gm_p95": 784.5641479492188,
  "summary_gm_stdv": 86.88510131835938,
  "summary_wm_k": 1.142965441735761,
  "summary_wm_mad": 46.6950020868556,
  "summary_wm_mean": 999.1473388671875,
  "summary_wm_median": 999.9926147460938,
  "summary_wm_n": 222003.0,
  "summary_wm_p05": 910.3989624023437,
  "summary_wm_p95": 1084.2835693359375,
  "summary_wm_stdv": 53.01602554321289,
  "tpm_overlap_csf": 0.15816143155097961,
  "tpm_overlap_gm": 0.4218734800815582,
  "tpm_overlap_wm": 0.5048103332519531,
  "wm2max": 0.511505193457229
}