{
  "bids_meta": {
    "AcquisitionMatrixPE": 238,
    "ConversionSoftware": "dcm2niix",
    "DeviceSerialNumber": "42292",
    "EchoTime": 0.003996,
    "EchoTrainLength": 159,
    "FlipAngle": 8,
    "ImageType": [
      "ORIGINAL",
      "PRIMARY",
      "M",
      "FFE",
      "M",
      "FFE"
    ],
    "InPlanePhaseEncodingDirectionDICOM": "ROW",
    "InstitutionName": "Klinikum_rechts_der_Isar",
    "InstitutionalDepartmentName": "MRT",
    "MRAcquisitionType": "3D",
    "MagneticFieldStrength": 3,
    "Manufacturer": "Philips",
    "ManufacturersModelName": "Ingenia",
    "Modality": "MR",
    "PatientPosition": "HFS",
    "PercentPhaseFOV": 100,
    "PhaseEncodingSteps": 238,
    "ProcedureStepDescription": "Studie_MR",
    "ReconMatrixPE": 256,
    "RepetitionTime": 0.009,
    "ScanOptions": "OTHER",
    "ScanningSequence": "GR",
    "SequenceVariant": "MP",
    "SliceThickness": 1,
    "SoftwareVersions": "5.1.8_5.1.8.1",
    "SpacingBetweenSlices": 1,
    "StationName": "mrkh",
    "dataset": "ds001927",
    "modality": "T1w",
    "session_id": "ctr",
    "subject_id": "s011"
  },
  "cjv": 0.25654744027625676,
  "cnr": 4.7148481857798465,
  "efc": 0.7851956285494909,
  "fber": 1031.994873046875,
  "fwhm_avg": 4.543389920665976,
  "fwhm_x": 4.6994,
  "fwhm_y": 4.846611618611282,
  "fwhm_z": 4.084158143386645,
  "icvs_csf": 0.29773452115166205,
  "icvs_gm": 0.3331998565285313,
  "icvs_wm": 0.3690656223198066,
  "inu_med": 1.2664597034454346,
  "inu_range": 0.3250568747520446,
  "provenance": {
    "md5sum": "9f35bcfbf19cdcf36e8569983e159f86",
    "settings": {
      "testing": false
    },
    "software": "mriqc",
    "version": "22.0.0rc1",
    "warnings": {
      "large_rot_frame": true,
      "small_air_mask": true
    },
    "webapi_port": null,
    "webapi_url": "https://mriqc.nimh.nih.gov/api/v1"
  },
  "qi_1": 0.0,
  "qi_2": 0.0018577870351922507,
  "rpve_csf": 18.487589372288635,
  "rpve_gm": 13.761393913192105,
  "rpve_wm": 17.589513469201,
  "size_x": 170,
  "size_y": 256,
  "size_z": 256,
  "snr_csf": 3.796361051113964,
  "snr_gm": 10.760485195372386,
  "snr_total": 14.277069832637423,
  "snr_wm": 28.274363251425914,
  "snrd_csf": 180.66388627992254,
  "snrd_gm": 369.67519467713373,
  "snrd_total": 369.1797530751778,
  "snrd_wm": 557.2001782684773,
  "spacing_x": 1.0,
  "spacing_y": 0.943651020526886,
  "spacing_z": 0.943651020526886,
  "summary_bg_k": 2.6779872754885643,
  "summary_bg_mad": 0.17577495698840157,
  "summary_bg_mean": 8.852595329284668,
  "summary_bg_median": 7.739713191986084,
  "summary_bg_n": 139388.0,
  "summary_bg_p05": 0.0,
  "summary_bg_p95": 22.98455047607422,
  "summary_bg_stdv": 6.568489074707031,
  "summary_csf_k": 0.5073193826014508,
  "summary_csf_mad": 79.64600380123002,
  "summary_csf_mean": 317.7676086425781,
  "summary_csf_median": 324.2379455566406,
  "summary_csf_n": 23708.0,
  "summary_csf_p05": 156.5360206604004,
  "summary_csf_p95": 442.9598587036133,
  "summary_csf_stdv": 85.40576171875,
  "summary_gm_k": 0.4520402018232481,
  "summary_gm_mad": 55.70164768073262,
  "summary_gm_mean": 665.8084716796875,
  "summary_gm_median": 663.45703125,
  "summary_gm_n": 11869.0,
  "summary_gm_p05": 565.3709350585938,
  "summary_gm_p95": 774.4895141601563,
  "summary_gm_stdv": 61.654197692871094,
  "summary_wm_k": 1.251077605757735,
  "summary_wm_mad": 30.639797331299654,
  "summary_wm_mean": 1000.1015014648438,
  "summary_wm_median": 1000.0086059570312,
  "summary_wm_n": 225236.0,
  "summary_wm_p05": 942.428466796875,
  "summary_wm_p95": 1058.2622985839844,
  "summary_wm_stdv": 35.36795425415039,
  "tpm_overlap_csf": 0.1446530818939209,
  "tpm_overlap_gm": 0.392767071723938,
  "tpm_overlap_wm": 0.5107246041297913,
  "wm2max": 0.6403766724832528
}