{
  "bids_meta": {
    "AcquisitionMatrixPE": 238,
    "ConversionSoftware": "dcm2niix",
    "DeviceSerialNumber": "42292",
    "EchoTime": 0.003996,
    "EchoTrainLength": 159,
    "FlipAngle": 8,
    "ImageType": [
      "ORIGINAL",
      "PRIMARY",
      "M",
      "FFE",
      "M",
      "FFE"
    ],
    "InPlanePhaseEncodingDirectionDICOM": "ROW",
    "InstitutionName": "Klinikum_rechts_der_Isar",
    "InstitutionalDepartmentName": "MRT",
    "MRAcquisitionType": "3D",
    "MagneticFieldStrength": 3,
    "Manufacturer": "Philips",
    "ManufacturersModelName": "Ingenia",
    "Modality": "MR",
    "PatientPosition": "HFS",
    "PercentPhaseFOV": 100,
    "PhaseEncodingSteps": 238,
    "ProcedureStepDescription": "Studie_MR",
    "ReconMatrixPE": 256,
    "RepetitionTime": 0.009,
    "ScanOptions": "OTHER",
    "ScanningSequence": "GR",
    "SequenceVariant": "MP",
    "SliceThickness": 1,
    "SoftwareVersions": "5.1.8_5.1.8.1",
    "SpacingBetweenSlices": 1,
    "StationName": "mrkh",
    "dataset": "ds001927",
    "modality": "T1w",
    "session_id": "fro",
    "subject_id": "s003"
  },
  "cjv": 0.3333033657098838,
  "cnr": 3.676182460861625,
  "efc": 0.7962616416131236,
  "fber": 1541.8502197265625,
  "fwhm_avg": 3.412227238070562,
  "fwhm_x": 3.23404,
  "fwhm_y": 3.6526638821155117,
  "fwhm_z": 3.349977832096174,
  "icvs_csf": 0.22222748995771793,
  "icvs_gm": 0.39449616047341823,
  "icvs_wm": 0.3832763495688638,
  "inu_med": 0.8493451476097107,
  "inu_range": 0.30781220197677606,
  "provenance": {
    "md5sum": "70a8e75a8e49c56ee167180ec19f0b18",
    "settings": {
      "testing": false
    },
    "software": "mriqc",
    "version": "22.0.0rc1",
    "warnings": {
      "large_rot_frame": true,
      "small_air_mask": true
    },
    "webapi_port": null,
    "webapi_url": "https://mriqc.nimh.nih.gov/api/v1"
  },
  "qi_1": 0.0,
  "qi_2": 0.006799552593175191,
  "rpve_csf": 18.820561744732363,
  "rpve_gm": 10.598625548916914,
  "rpve_wm": 14.375347014988447,
  "size_x": 170,
  "size_y": 256,
  "size_z": 256,
  "snr_csf": 3.97393639639843,
  "snr_gm": 7.663211830830446,
  "snr_total": 10.55849867332825,
  "snr_wm": 20.03834779275588,
  "snrd_csf": 24.139054369197005,
  "snrd_gm": 41.16259014938738,
  "snrd_total": 43.20460750403496,
  "snrd_wm": 64.31217799352052,
  "spacing_x": 1.0,
  "spacing_y": 0.943651020526886,
  "spacing_z": 0.943651020526886,
  "summary_bg_k": 2.519290587854334,
  "summary_bg_mad": 10.186801914181956,
  "summary_bg_mean": 13.01386547088623,
  "summary_bg_median": 13.811466217041016,
  "summary_bg_n": 63282.0,
  "summary_bg_p05": 0.0,
  "summary_bg_p95": 35.2059757232666,
  "summary_bg_stdv": 11.028080940246582,
  "summary_csf_k": 2.3261609244344,
  "summary_csf_mad": 85.56281642382845,
  "summary_csf_mean": 368.9605712890625,
  "summary_csf_median": 375.3413391113281,
  "summary_csf_n": 10843.0,
  "summary_csf_p05": 207.3244827270508,
  "summary_csf_p95": 509.688784790039,
  "summary_csf_stdv": 94.4464111328125,
  "summary_gm_k": 0.480107795634769,
  "summary_gm_mad": 75.2944115505488,
  "summary_gm_mean": 642.0601806640625,
  "summary_gm_median": 640.0425415039062,
  "summary_gm_n": 17940.0,
  "summary_gm_p05": 506.8246185302734,
  "summary_gm_p95": 787.2133880615233,
  "summary_gm_stdv": 83.51911926269531,
  "summary_wm_k": 1.2467237880259736,
  "summary_wm_mad": 44.680132641222926,
  "summary_wm_mean": 998.9586181640625,
  "summary_wm_median": 999.99853515625,
  "summary_wm_n": 248500.0,
  "summary_wm_p05": 915.4468383789062,
  "summary_wm_p95": 1077.345233154297,
  "summary_wm_stdv": 49.90414047241211,
  "tpm_overlap_csf": 0.1351069062948227,
  "tpm_overlap_gm": 0.40902188420295715,
  "tpm_overlap_wm": 0.46620380878448486,
  "wm2max": 0.5515242636367385
}