{
  "bids_meta": {
    "AcquisitionMatrixPE": 238,
    "ConversionSoftware": "dcm2niix",
    "DeviceSerialNumber": "42292",
    "EchoTime": 0.003996,
    "EchoTrainLength": 159,
    "FlipAngle": 8,
    "ImageType": [
      "ORIGINAL",
      "PRIMARY",
      "M",
      "FFE",
      "M",
      "FFE"
    ],
    "InPlanePhaseEncodingDirectionDICOM": "ROW",
    "InstitutionName": "Klinikum_rechts_der_Isar",
    "InstitutionalDepartmentName": "MRT",
    "MRAcquisitionType": "3D",
    "MagneticFieldStrength": 3,
    "Manufacturer": "Philips",
    "ManufacturersModelName": "Ingenia",
    "Modality": "MR",
    "PatientPosition": "HFS",
    "PercentPhaseFOV": 100,
    "PhaseEncodingSteps": 238,
    "ProcedureStepDescription": "Studie_MR",
    "ReconMatrixPE": 256,
    "RepetitionTime": 0.009,
    "ScanOptions": "OTHER",
    "ScanningSequence": "GR",
    "SequenceVariant": "MP",
    "SliceThickness": 1,
    "SoftwareVersions": "5.1.8_5.1.8.1",
    "SpacingBetweenSlices": 1,
    "StationName": "mrkh",
    "dataset": "ds001927",
    "modality": "T1w",
    "session_id": "occ",
    "subject_id": "s008"
  },
  "cjv": 0.34248346995091705,
  "cnr": 3.6716366754832785,
  "efc": 0.7811517806379198,
  "fber": 191.5969696044922,
  "fwhm_avg": 3.56815982021522,
  "fwhm_x": 3.45875,
  "fwhm_y": 3.8253230500238224,
  "fwhm_z": 3.4204064106218373,
  "icvs_csf": 0.21418030104603294,
  "icvs_gm": 0.4059365077747368,
  "icvs_wm": 0.37988319117923025,
  "inu_med": 2.345156192779541,
  "inu_range": 0.6741171360015867,
  "provenance": {
    "md5sum": "db4a43f746bf8ddca2604640f7fd2f6b",
    "settings": {
      "testing": false
    },
    "software": "mriqc",
    "version": "22.0.0rc1",
    "warnings": {
      "large_rot_frame": true,
      "small_air_mask": true
    },
    "webapi_port": null,
    "webapi_url": "https://mriqc.nimh.nih.gov/api/v1"
  },
  "qi_1": 0.0,
  "qi_2": 0.002632157129572744,
  "rpve_csf": 22.72563044437207,
  "rpve_gm": 12.491470051963068,
  "rpve_wm": 17.533919753184183,
  "size_x": 170,
  "size_y": 256,
  "size_z": 256,
  "snr_csf": 2.985387704884179,
  "snr_gm": 7.559419658902144,
  "snr_total": 10.261168112288656,
  "snr_wm": 20.238696973079648,
  "snrd_csf": 22.598960395358098,
  "snrd_gm": 44.72355699046797,
  "snrd_total": 45.7923442986016,
  "snrd_wm": 70.05451550997876,
  "spacing_x": 1.0,
  "spacing_y": 0.943651020526886,
  "spacing_z": 0.943651020526886,
  "summary_bg_k": 3.2435757747239355,
  "summary_bg_mad": 9.351653301599791,
  "summary_bg_mean": 14.540243148803711,
  "summary_bg_median": 12.564739227294922,
  "summary_bg_n": 99521.0,
  "summary_bg_p05": 0.0,
  "summary_bg_p95": 37.26456069946289,
  "summary_bg_stdv": 11.203864097595215,
  "summary_csf_k": 73.95834772928137,
  "summary_csf_mad": 82.44999877460185,
  "summary_csf_mean": 330.7338562011719,
  "summary_csf_median": 322.5857238769531,
  "summary_csf_n": 6534.0,
  "summary_csf_p05": 192.33922653198243,
  "summary_csf_p95": 476.19420928955054,
  "summary_csf_stdv": 108.04661560058594,
  "summary_gm_k": 0.2986608450649775,
  "summary_gm_mad": 79.24981220191532,
  "summary_gm_mean": 638.8386840820312,
  "summary_gm_median": 638.4002075195312,
  "summary_gm_n": 16205.0,
  "summary_gm_p05": 501.61968383789065,
  "summary_gm_p95": 782.4922241210937,
  "summary_gm_stdv": 84.44834899902344,
  "summary_wm_k": 1.0885663588502368,
  "summary_wm_mad": 44.586474603127634,
  "summary_wm_mean": 998.3346557617188,
  "summary_wm_median": 999.9834594726562,
  "summary_wm_n": 221131.0,
  "summary_wm_p05": 914.3746643066406,
  "summary_wm_p95": 1074.702392578125,
  "summary_wm_stdv": 49.409366607666016,
  "tpm_overlap_csf": 0.15534457564353943,
  "tpm_overlap_gm": 0.43644312024116516,
  "tpm_overlap_wm": 0.515685498714447,
  "wm2max": 0.5846338598505082
}