{
  "aor": 0.0015340999999999998,
  "aqi": 0.015150597133333334,
  "bids_meta": {
    "AcquisitionMatrixPE": 62,
    "ConversionSoftware": "dcm2niix",
    "DeviceSerialNumber": "42292",
    "EchoTime": 0.03,
    "EchoTrainLength": 31,
    "FlipAngle": 70,
    "ImageType": [
      "ORIGINAL",
      "PRIMARY",
      "M",
      "FFE",
      "M",
      "FFE"
    ],
    "InPlanePhaseEncodingDirectionDICOM": "COL",
    "InstitutionName": "Klinikum_rechts_der_Isar",
    "InstitutionalDepartmentName": "MRT",
    "MRAcquisitionType": "2D",
    "MagneticFieldStrength": 3,
    "Manufacturer": "Philips",
    "ManufacturersModelName": "Ingenia",
    "Modality": "MR",
    "MultibandAccelerationFactor": 2,
    "PatientPosition": "HFS",
    "PercentPhaseFOV": 100,
    "PhaseEncodingSteps": 62,
    "ProcedureStepDescription": "Studie_MR",
    "ReconMatrixPE": 64,
    "RepetitionTime": 1.25,
    "ScanOptions": "FS",
    "ScanningSequence": "GR",
    "SequenceVariant": "SK",
    "SliceThickness": 3,
    "SoftwareVersions": "5.1.8_5.1.8.1",
    "SpacingBetweenSlices": 3.3,
    "StationName": "mrkh",
    "TaskName": "Rest Post",
    "dataset": "ds001927",
    "modality": "bold",
    "session_id": "occ",
    "subject_id": "s022",
    "task_id": "restpost"
  },
  "dummy_trs": 0,
  "dvars_nstd": 34.06521619470782,
  "dvars_std": 1.2005979107011686,
  "dvars_vstd": 1.0073568304173615,
  "efc": 0.5414045585868622,
  "fber": 21214.021484375,
  "fd_mean": 0.16806509992902013,
  "fd_num": 162,
  "fd_perc": 27.0,
  "fwhm_avg": 1.6310476843452282,
  "fwhm_x": 1.5926200000000001,
  "fwhm_y": 1.7272866666666669,
  "fwhm_z": 1.573236386369017,
  "gcor": 0.0521672,
  "gsr_x": 0.007390240207314491,
  "gsr_y": 0.016855986788868904,
  "provenance": {
    "md5sum": "212b5f3c2e1d13262a4221b11be98d75",
    "settings": {
      "fd_thres": 0.2,
      "testing": false
    },
    "software": "mriqc",
    "version": "22.0.0rc1",
    "webapi_port": null,
    "webapi_url": "https://mriqc.nimh.nih.gov/api/v1"
  },
  "size_t": 600,
  "size_x": 64,
  "size_y": 64,
  "size_z": 40,
  "snr": 6.155393811960836,
  "spacing_tr": 1.25,
  "spacing_x": 3.0,
  "spacing_y": 3.0,
  "spacing_z": 3.299999952316284,
  "summary_bg_k": 26.10287928852215,
  "summary_bg_mad": 8.8167052828026,
  "summary_bg_mean": 44.34760284423828,
  "summary_bg_median": 6.787447452545166,
  "summary_bg_n": 90131.0,
  "summary_bg_p05": 0.6066955327987671,
  "summary_bg_p95": 211.6531753540039,
  "summary_bg_stdv": 93.6240463256836,
  "summary_fg_k": 2.5242973219629947,
  "summary_fg_mad": 153.89712362645497,
  "summary_fg_mean": 1109.0567626953125,
  "summary_fg_median": 1087.822265625,
  "summary_fg_n": 37074.0,
  "summary_fg_p05": 878.0897338867187,
  "summary_fg_p95": 1406.720452880859,
  "summary_fg_stdv": 176.7242889404297,
  "tsnr": 44.908443450927734
}