{
  "aor": 0.00020519198664440736,
  "aqi": 0.006255489482470784,
  "bids_meta": {
    "AcquisitionMatrixPE": 62,
    "ConversionSoftware": "dcm2niix",
    "DeviceSerialNumber": "42292",
    "EchoTime": 0.03,
    "EchoTrainLength": 31,
    "FlipAngle": 70,
    "ImageType": [
      "ORIGINAL",
      "PRIMARY",
      "M",
      "FFE",
      "M",
      "FFE"
    ],
    "InPlanePhaseEncodingDirectionDICOM": "COL",
    "InstitutionName": "Klinikum_rechts_der_Isar",
    "InstitutionalDepartmentName": "MRT",
    "MRAcquisitionType": "2D",
    "MagneticFieldStrength": 3,
    "Manufacturer": "Philips",
    "ManufacturersModelName": "Ingenia",
    "Modality": "MR",
    "MultibandAccelerationFactor": 2,
    "PatientPosition": "HFS",
    "PercentPhaseFOV": 100,
    "PhaseEncodingSteps": 62,
    "ProcedureStepDescription": "Studie_MR",
    "ReconMatrixPE": 64,
    "RepetitionTime": 1.25,
    "ScanOptions": "FS",
    "ScanningSequence": "GR",
    "SequenceVariant": "SK",
    "SliceThickness": 3,
    "SoftwareVersions": "5.1.8_5.1.8.1",
    "SpacingBetweenSlices": 3.3,
    "StationName": "mrkh",
    "TaskName": "Rest Pre",
    "dataset": "ds001927",
    "modality": "bold",
    "session_id": "occ",
    "subject_id": "s007",
    "task_id": "restpre"
  },
  "dummy_trs": 1,
  "dvars_nstd": 28.06080361421404,
  "dvars_std": 1.12379127132107,
  "dvars_vstd": 1.001667173913043,
  "efc": 0.53713948713976,
  "fber": 8253.5849609375,
  "fd_mean": 0.09537669207973692,
  "fd_num": 21,
  "fd_perc": 3.5058430717863107,
  "fwhm_avg": 1.6909357653046648,
  "fwhm_x": 1.6631333333333334,
  "fwhm_y": 1.8050133333333334,
  "fwhm_z": 1.6046606292473276,
  "gcor": 0.0115727,
  "gsr_x": -0.006334303412586451,
  "gsr_y": 0.03286926820874214,
  "provenance": {
    "md5sum": "2fdafc3c5a9dea0981acd0eb0f2cce38",
    "settings": {
      "fd_thres": 0.2,
      "testing": false
    },
    "software": "mriqc",
    "version": "22.0.0rc1",
    "webapi_port": null,
    "webapi_url": "https://mriqc.nimh.nih.gov/api/v1"
  },
  "size_t": 599,
  "size_x": 64,
  "size_y": 64,
  "size_z": 40,
  "snr": 5.894060034190678,
  "spacing_tr": 1.25,
  "spacing_x": 3.0,
  "spacing_y": 3.0,
  "spacing_z": 3.299999952316284,
  "summary_bg_k": 12.58432707250009,
  "summary_bg_mad": 18.685171139456006,
  "summary_bg_mean": 67.02632141113281,
  "summary_bg_median": 14.442252159118652,
  "summary_bg_n": 92993.0,
  "summary_bg_p05": 1.1489559888839722,
  "summary_bg_p95": 330.3694152832029,
  "summary_bg_stdv": 126.63330841064453,
  "summary_fg_k": 1.4214595244723203,
  "summary_fg_mad": 224.798294508899,
  "summary_fg_mean": 1426.7779541015625,
  "summary_fg_median": 1406.5257568359375,
  "summary_fg_n": 34582.0,
  "summary_fg_p05": 1088.6288146972656,
  "summary_fg_p95": 1825.9124450683591,
  "summary_fg_stdv": 238.63099670410156,
  "tsnr": 56.104496002197266
}