{
  "aor": 0.0016569166666666666,
  "aqi": 0.010208304983333335,
  "bids_meta": {
    "AcquisitionMatrixPE": 62,
    "ConversionSoftware": "dcm2niix",
    "DeviceSerialNumber": "42292",
    "EchoTime": 0.03,
    "EchoTrainLength": 31,
    "FlipAngle": 70,
    "ImageType": [
      "ORIGINAL",
      "PRIMARY",
      "M",
      "FFE",
      "M",
      "FFE"
    ],
    "InPlanePhaseEncodingDirectionDICOM": "COL",
    "InstitutionName": "Klinikum_rechts_der_Isar",
    "InstitutionalDepartmentName": "MRT",
    "MRAcquisitionType": "2D",
    "MagneticFieldStrength": 3,
    "Manufacturer": "Philips",
    "ManufacturersModelName": "Ingenia",
    "Modality": "MR",
    "MultibandAccelerationFactor": 2,
    "PatientPosition": "HFS",
    "PercentPhaseFOV": 100,
    "PhaseEncodingSteps": 62,
    "ProcedureStepDescription": "Studie_MR",
    "ReconMatrixPE": 64,
    "RepetitionTime": 1.25,
    "ScanOptions": "FS",
    "ScanningSequence": "GR",
    "SequenceVariant": "SK",
    "SliceThickness": 3,
    "SoftwareVersions": "5.1.8_5.1.8.1",
    "SpacingBetweenSlices": 3.3,
    "StationName": "mrkh",
    "TaskName": "Rest Post",
    "dataset": "ds001927",
    "modality": "bold",
    "session_id": "occ",
    "subject_id": "s007",
    "task_id": "restpost"
  },
  "dummy_trs": 0,
  "dvars_nstd": 29.069761725358916,
  "dvars_std": 1.105697466878131,
  "dvars_vstd": 1.0051489470951582,
  "efc": 0.5392425347836493,
  "fber": 8593.24609375,
  "fd_mean": 0.09224782931990977,
  "fd_num": 9,
  "fd_perc": 1.5,
  "fwhm_avg": 1.6688612197454544,
  "fwhm_x": 1.6485233333333333,
  "fwhm_y": 1.7751299999999999,
  "fwhm_z": 1.5829303259030303,
  "gcor": 0.00864596,
  "gsr_x": -0.006998285185545683,
  "gsr_y": 0.0339127853512764,
  "provenance": {
    "md5sum": "30c8168387cc9ae5c1171caaff1865f6",
    "settings": {
      "fd_thres": 0.2,
      "testing": false
    },
    "software": "mriqc",
    "version": "22.0.0rc1",
    "webapi_port": null,
    "webapi_url": "https://mriqc.nimh.nih.gov/api/v1"
  },
  "size_t": 600,
  "size_x": 64,
  "size_y": 64,
  "size_z": 40,
  "snr": 5.987682030938844,
  "spacing_tr": 1.25,
  "spacing_x": 3.0,
  "spacing_y": 3.0,
  "spacing_z": 3.299999952316284,
  "summary_bg_k": 11.132837163480689,
  "summary_bg_mad": 18.513549748200692,
  "summary_bg_mean": 66.37682342529297,
  "summary_bg_median": 13.843240737915039,
  "summary_bg_n": 92577.0,
  "summary_bg_p05": 0.7566017627716064,
  "summary_bg_p95": 322.79982299804686,
  "summary_bg_stdv": 122.35771942138672,
  "summary_fg_k": 1.5674686077409188,
  "summary_fg_mad": 220.36894798842707,
  "summary_fg_mean": 1404.598388671875,
  "summary_fg_median": 1384.857177734375,
  "summary_fg_n": 34685.0,
  "summary_fg_p05": 1079.499560546875,
  "summary_fg_p95": 1787.921484375,
  "summary_fg_stdv": 231.28102111816406,
  "tsnr": 47.101898193359375
}