{
  "aor": 0.0006383666666666667,
  "aqi": 0.011117161116666666,
  "bids_meta": {
    "AcquisitionMatrixPE": 62,
    "ConversionSoftware": "dcm2niix",
    "DeviceSerialNumber": "42292",
    "EchoTime": 0.03,
    "EchoTrainLength": 31,
    "FlipAngle": 70,
    "ImageType": [
      "ORIGINAL",
      "PRIMARY",
      "M",
      "FFE",
      "M",
      "FFE"
    ],
    "InPlanePhaseEncodingDirectionDICOM": "COL",
    "InstitutionName": "Klinikum_rechts_der_Isar",
    "InstitutionalDepartmentName": "MRT",
    "MRAcquisitionType": "2D",
    "MagneticFieldStrength": 3,
    "Manufacturer": "Philips",
    "ManufacturersModelName": "Ingenia",
    "Modality": "MR",
    "MultibandAccelerationFactor": 2,
    "PatientPosition": "HFS",
    "PercentPhaseFOV": 100,
    "PhaseEncodingSteps": 62,
    "ProcedureStepDescription": "Studie_MR",
    "ReconMatrixPE": 64,
    "RepetitionTime": 1.25,
    "ScanOptions": "FS",
    "ScanningSequence": "GR",
    "SequenceVariant": "SK",
    "SliceThickness": 3,
    "SoftwareVersions": "5.1.8_5.1.8.1",
    "SpacingBetweenSlices": 3.3,
    "StationName": "mrkh",
    "TaskName": "Rest Pre",
    "dataset": "ds001927",
    "modality": "bold",
    "session_id": "ctr",
    "subject_id": "s017",
    "task_id": "restpre"
  },
  "dummy_trs": 0,
  "dvars_nstd": 32.23714779153585,
  "dvars_std": 1.1610754254590987,
  "dvars_vstd": 1.00300155081803,
  "efc": 0.546422354711397,
  "fber": 4011.43115234375,
  "fd_mean": 0.1106881464471468,
  "fd_num": 30,
  "fd_perc": 5.0,
  "fwhm_avg": 1.6465119267301647,
  "fwhm_x": 1.6637233333333334,
  "fwhm_y": 1.7107366666666666,
  "fwhm_z": 1.5650757801904935,
  "gcor": 0.0519394,
  "gsr_x": 0.017256885766983032,
  "gsr_y": 0.014701220206916332,
  "provenance": {
    "md5sum": "d9a098368ee5f0700cda8ef1bb38edbe",
    "settings": {
      "fd_thres": 0.2,
      "testing": false
    },
    "software": "mriqc",
    "version": "22.0.0rc1",
    "webapi_port": null,
    "webapi_url": "https://mriqc.nimh.nih.gov/api/v1"
  },
  "size_t": 600,
  "size_x": 64,
  "size_y": 64,
  "size_z": 40,
  "snr": 6.224756572175305,
  "spacing_tr": 1.25,
  "spacing_x": 3.0,
  "spacing_y": 3.0,
  "spacing_z": 3.299999952316284,
  "summary_bg_k": 10.193804783699012,
  "summary_bg_mad": 28.25877235837089,
  "summary_bg_mean": 74.6862564086914,
  "summary_bg_median": 20.83230209350586,
  "summary_bg_n": 92814.0,
  "summary_bg_p05": 0.9378236204385758,
  "summary_bg_p95": 343.38440093994114,
  "summary_bg_stdv": 129.53607177734375,
  "summary_fg_k": 1.6991924866703254,
  "summary_fg_mad": 201.7716288027339,
  "summary_fg_mean": 1378.7745361328125,
  "summary_fg_median": 1358.572998046875,
  "summary_fg_n": 35185.0,
  "summary_fg_p05": 1077.9858642578124,
  "summary_fg_p95": 1740.9443359374998,
  "summary_fg_stdv": 218.25009155273438,
  "tsnr": 46.116058349609375
}