{
  "bids_meta": {
    "AcquisitionMatrixPE": 238,
    "ConversionSoftware": "dcm2niix",
    "DeviceSerialNumber": "42292",
    "EchoTime": 0.003996,
    "EchoTrainLength": 159,
    "FlipAngle": 8,
    "ImageType": [
      "ORIGINAL",
      "PRIMARY",
      "M",
      "FFE",
      "M",
      "FFE"
    ],
    "InPlanePhaseEncodingDirectionDICOM": "ROW",
    "InstitutionName": "Klinikum_rechts_der_Isar",
    "InstitutionalDepartmentName": "MRT",
    "MRAcquisitionType": "3D",
    "MagneticFieldStrength": 3,
    "Manufacturer": "Philips",
    "ManufacturersModelName": "Ingenia",
    "Modality": "MR",
    "PatientPosition": "HFS",
    "PercentPhaseFOV": 100,
    "PhaseEncodingSteps": 238,
    "ProcedureStepDescription": "Studie_MR",
    "ReconMatrixPE": 256,
    "RepetitionTime": 0.009,
    "ScanOptions": "OTHER",
    "ScanningSequence": "GR",
    "SequenceVariant": "MP",
    "SliceThickness": 1,
    "SoftwareVersions": "5.1.8_5.1.8.1",
    "SpacingBetweenSlices": 1,
    "StationName": "mrkh",
    "dataset": "ds001927",
    "modality": "T1w",
    "session_id": "fro",
    "subject_id": "s010"
  },
  "cjv": 0.3712924414549249,
  "cnr": 3.3938636215407088,
  "efc": 0.7952361061489224,
  "fber": 777.447021484375,
  "fwhm_avg": 3.5796727774292183,
  "fwhm_x": 3.48763,
  "fwhm_y": 3.907980725693424,
  "fwhm_z": 3.3434076065942313,
  "icvs_csf": 0.2325510886837519,
  "icvs_gm": 0.37737571666951075,
  "icvs_wm": 0.39007319464673734,
  "inu_med": 0.7577114105224609,
  "inu_range": 0.2957904040813446,
  "provenance": {
    "md5sum": "ee37fe862d199ea580554b902810cd5a",
    "settings": {
      "testing": false
    },
    "software": "mriqc",
    "version": "22.0.0rc1",
    "warnings": {
      "large_rot_frame": true,
      "small_air_mask": true
    },
    "webapi_port": null,
    "webapi_url": "https://mriqc.nimh.nih.gov/api/v1"
  },
  "qi_1": 0.0,
  "qi_2": 0.0032743491182709444,
  "rpve_csf": 19.957745049720234,
  "rpve_gm": 11.823604259841234,
  "rpve_wm": 15.461909906485106,
  "size_x": 170,
  "size_y": 256,
  "size_z": 256,
  "snr_csf": 4.002356638695481,
  "snr_gm": 7.66248000598301,
  "snr_total": 9.905175299293411,
  "snr_wm": 18.050689253201742,
  "snrd_csf": 16.259735396815383,
  "snrd_gm": 28.62698363294865,
  "snrd_total": 29.61982642193648,
  "snrd_wm": 43.9727602360454,
  "spacing_x": 1.0,
  "spacing_y": 0.943651020526886,
  "spacing_z": 0.943651020526886,
  "summary_bg_k": 3.1881281688037886,
  "summary_bg_mad": 14.898824908207086,
  "summary_bg_mean": 22.056550979614258,
  "summary_bg_median": 20.091781616210938,
  "summary_bg_n": 120069.0,
  "summary_bg_p05": 0.0,
  "summary_bg_p95": 50.77531356811524,
  "summary_bg_stdv": 16.926904678344727,
  "summary_csf_k": 1.009028551373011,
  "summary_csf_mad": 83.25557101579395,
  "summary_csf_mean": 365.0169677734375,
  "summary_csf_median": 369.77178955078125,
  "summary_csf_n": 8415.0,
  "summary_csf_p05": 199.78509063720705,
  "summary_csf_p95": 502.63642883300747,
  "summary_csf_stdv": 92.38302612304688,
  "summary_gm_k": 0.3382902562680452,
  "summary_gm_mad": 79.1262921806592,
  "summary_gm_mean": 651.8603515625,
  "summary_gm_median": 651.0223388671875,
  "summary_gm_n": 14073.0,
  "summary_gm_p05": 511.51820068359376,
  "summary_gm_p95": 795.7290771484375,
  "summary_gm_stdv": 84.95933532714844,
  "summary_wm_k": 0.9536859966821569,
  "summary_wm_mad": 50.44992024218336,
  "summary_wm_mean": 998.5463256835938,
  "summary_wm_median": 1000.00927734375,
  "summary_wm_n": 246407.0,
  "summary_wm_p05": 904.7880249023438,
  "summary_wm_p95": 1085.5705078125,
  "summary_wm_stdv": 55.39994812011719,
  "tpm_overlap_csf": 0.12734241783618927,
  "tpm_overlap_gm": 0.40866512060165405,
  "tpm_overlap_wm": 0.49827396869659424,
  "wm2max": 0.523216819353269
}