{
  "aor": 0.00040921666666666665,
  "aqi": 0.009590844433333334,
  "bids_meta": {
    "AcquisitionMatrixPE": 62,
    "ConversionSoftware": "dcm2niix",
    "DeviceSerialNumber": "42292",
    "EchoTime": 0.03,
    "EchoTrainLength": 31,
    "FlipAngle": 70,
    "ImageType": [
      "ORIGINAL",
      "PRIMARY",
      "M",
      "FFE",
      "M",
      "FFE"
    ],
    "InPlanePhaseEncodingDirectionDICOM": "COL",
    "InstitutionName": "Klinikum_rechts_der_Isar",
    "InstitutionalDepartmentName": "MRT",
    "MRAcquisitionType": "2D",
    "MagneticFieldStrength": 3,
    "Manufacturer": "Philips",
    "ManufacturersModelName": "Ingenia",
    "Modality": "MR",
    "MultibandAccelerationFactor": 2,
    "PatientPosition": "HFS",
    "PercentPhaseFOV": 100,
    "PhaseEncodingSteps": 62,
    "ProcedureStepDescription": "Studie_MR",
    "ReconMatrixPE": 64,
    "RepetitionTime": 1.25,
    "ScanOptions": "FS",
    "ScanningSequence": "GR",
    "SequenceVariant": "SK",
    "SliceThickness": 3,
    "SoftwareVersions": "5.1.8_5.1.8.1",
    "SpacingBetweenSlices": 3.3,
    "StationName": "mrkh",
    "TaskName": "Rest Pre",
    "dataset": "ds001927",
    "modality": "bold",
    "session_id": "ctr",
    "subject_id": "s009",
    "task_id": "restpre"
  },
  "dummy_trs": 0,
  "dvars_nstd": 30.661649369716212,
  "dvars_std": 1.1964933044407362,
  "dvars_vstd": 0.991805671118531,
  "efc": 0.4984043073896273,
  "fber": 46075.875,
  "fd_mean": 0.12272819555035366,
  "fd_num": 45,
  "fd_perc": 7.5,
  "fwhm_avg": 1.640974710854023,
  "fwhm_x": 1.62557,
  "fwhm_y": 1.6769965333909564,
  "fwhm_z": 1.6203575991711126,
  "gcor": 0.0055623,
  "gsr_x": 0.0014288148377090693,
  "gsr_y": 0.012493071146309376,
  "provenance": {
    "md5sum": "4f05bda4ded6cd41ee4293b7f5149eb5",
    "settings": {
      "fd_thres": 0.2,
      "testing": false
    },
    "software": "mriqc",
    "version": "22.0.0rc1",
    "webapi_port": null,
    "webapi_url": "https://mriqc.nimh.nih.gov/api/v1"
  },
  "size_t": 600,
  "size_x": 64,
  "size_y": 64,
  "size_z": 40,
  "snr": 6.344925994057775,
  "spacing_tr": 1.25,
  "spacing_x": 3.0,
  "spacing_y": 3.000000238418579,
  "spacing_z": 3.299999952316284,
  "summary_bg_k": 23.68948068730003,
  "summary_bg_mad": 7.8958451257087425,
  "summary_bg_mean": 40.14167404174805,
  "summary_bg_median": 5.923471927642822,
  "summary_bg_n": 96730.0,
  "summary_bg_p05": 0.3418497309088707,
  "summary_bg_p95": 174.13827514648438,
  "summary_bg_stdv": 88.65509796142578,
  "summary_fg_k": 1.1620201822315241,
  "summary_fg_mad": 197.39947250455782,
  "summary_fg_mean": 1353.3284912109375,
  "summary_fg_median": 1329.8231201171875,
  "summary_fg_n": 31975.0,
  "summary_fg_p05": 1063.308349609375,
  "summary_fg_p95": 1720.1339233398437,
  "summary_fg_stdv": 209.5851593017578,
  "tsnr": 55.02638244628906
}