{
  "bids_meta": {
    "AcquisitionMatrixPE": 238,
    "ConversionSoftware": "dcm2niix",
    "DeviceSerialNumber": "42292",
    "EchoTime": 0.003996,
    "EchoTrainLength": 159,
    "FlipAngle": 8,
    "ImageType": [
      "ORIGINAL",
      "PRIMARY",
      "M",
      "FFE",
      "M",
      "FFE"
    ],
    "InPlanePhaseEncodingDirectionDICOM": "ROW",
    "InstitutionName": "Klinikum_rechts_der_Isar",
    "InstitutionalDepartmentName": "MRT",
    "MRAcquisitionType": "3D",
    "MagneticFieldStrength": 3,
    "Manufacturer": "Philips",
    "ManufacturersModelName": "Ingenia",
    "Modality": "MR",
    "PatientPosition": "HFS",
    "PercentPhaseFOV": 100,
    "PhaseEncodingSteps": 238,
    "ProcedureStepDescription": "Studie_MR",
    "ReconMatrixPE": 256,
    "RepetitionTime": 0.009,
    "ScanOptions": "OTHER",
    "ScanningSequence": "GR",
    "SequenceVariant": "MP",
    "SliceThickness": 1,
    "SoftwareVersions": "5.1.8_5.1.8.1",
    "SpacingBetweenSlices": 1,
    "StationName": "mrkh",
    "dataset": "ds001927",
    "modality": "T1w",
    "session_id": "occ",
    "subject_id": "s009"
  },
  "cjv": 0.3257907222855122,
  "cnr": 3.7141656301334414,
  "efc": 0.7627491656599648,
  "fber": 623.240966796875,
  "fwhm_avg": 3.5002938005288544,
  "fwhm_x": 3.42229,
  "fwhm_y": 3.690961938509094,
  "fwhm_z": 3.387629463077469,
  "icvs_csf": 0.21591866949004204,
  "icvs_gm": 0.39992966570901184,
  "icvs_wm": 0.38415166480094615,
  "inu_med": 1.0155103206634521,
  "inu_range": 0.2821995496749876,
  "provenance": {
    "md5sum": "7199e215426c40d1a01fd03c7f26f687",
    "settings": {
      "testing": false
    },
    "software": "mriqc",
    "version": "22.0.0rc1",
    "warnings": {
      "large_rot_frame": true,
      "small_air_mask": true
    },
    "webapi_port": null,
    "webapi_url": "https://mriqc.nimh.nih.gov/api/v1"
  },
  "qi_1": 0.0,
  "qi_2": 0.003256491032914364,
  "rpve_csf": 25.515032062848736,
  "rpve_gm": 14.004426123579005,
  "rpve_wm": 19.791214916206208,
  "size_x": 170,
  "size_y": 256,
  "size_z": 256,
  "snr_csf": 3.354435453724252,
  "snr_gm": 7.0486573521454785,
  "snr_total": 10.300040230693577,
  "snr_wm": 20.497027886210997,
  "snrd_csf": 21.890132699052135,
  "snrd_gm": 41.90071564690432,
  "snrd_total": 43.681187255971885,
  "snrd_wm": 67.2527134219592,
  "spacing_x": 1.0,
  "spacing_y": 0.943651020526886,
  "spacing_z": 0.943651020526886,
  "summary_bg_k": 1.9910685328899023,
  "summary_bg_mad": 9.741306582939526,
  "summary_bg_mean": 13.529717445373535,
  "summary_bg_median": 13.136056900024414,
  "summary_bg_n": 142830.0,
  "summary_bg_p05": 0.0,
  "summary_bg_p95": 33.03440685272217,
  "summary_bg_stdv": 10.423771858215332,
  "summary_csf_k": 1.970526742319099,
  "summary_csf_mad": 91.48055657772203,
  "summary_csf_mean": 319.1192626953125,
  "summary_csf_median": 325.4871826171875,
  "summary_csf_n": 2347.0,
  "summary_csf_p05": 146.9667434692383,
  "summary_csf_p95": 453.4307891845703,
  "summary_csf_stdv": 97.0112075805664,
  "summary_gm_k": 0.3503890683552924,
  "summary_gm_mad": 79.79293833200995,
  "summary_gm_mean": 623.4730834960938,
  "summary_gm_median": 623.027099609375,
  "summary_gm_n": 11636.0,
  "summary_gm_p05": 477.9054412841797,
  "summary_gm_p95": 777.4703216552734,
  "summary_gm_stdv": 88.38567352294922,
  "summary_wm_k": 1.278722420526866,
  "summary_wm_mad": 43.017815578604036,
  "summary_wm_mean": 997.6365966796875,
  "summary_wm_median": 999.9891967773438,
  "summary_wm_n": 192343.0,
  "summary_wm_p05": 913.3583740234375,
  "summary_wm_p95": 1072.1668579101563,
  "summary_wm_stdv": 48.78690719604492,
  "tpm_overlap_csf": 0.13817360997200012,
  "tpm_overlap_gm": 0.4119926691055298,
  "tpm_overlap_wm": 0.4933672845363617,
  "wm2max": 0.6127030574248106
}