{
  "bids_meta": {
    "AcquisitionMatrixPE": 238,
    "ConversionSoftware": "dcm2niix",
    "DeviceSerialNumber": "42292",
    "EchoTime": 0.003996,
    "EchoTrainLength": 159,
    "FlipAngle": 8,
    "ImageType": [
      "ORIGINAL",
      "PRIMARY",
      "M",
      "FFE",
      "M",
      "FFE"
    ],
    "InPlanePhaseEncodingDirectionDICOM": "ROW",
    "InstitutionName": "Klinikum_rechts_der_Isar",
    "InstitutionalDepartmentName": "MRT",
    "MRAcquisitionType": "3D",
    "MagneticFieldStrength": 3,
    "Manufacturer": "Philips",
    "ManufacturersModelName": "Ingenia",
    "Modality": "MR",
    "PatientPosition": "HFS",
    "PercentPhaseFOV": 100,
    "PhaseEncodingSteps": 238,
    "ProcedureStepDescription": "Studie_MR",
    "ReconMatrixPE": 256,
    "RepetitionTime": 0.009,
    "ScanOptions": "OTHER",
    "ScanningSequence": "GR",
    "SequenceVariant": "MP",
    "SliceThickness": 1,
    "SoftwareVersions": "5.1.8_5.1.8.1",
    "SpacingBetweenSlices": 1,
    "StationName": "mrkh",
    "dataset": "ds001927",
    "modality": "T1w",
    "session_id": "occ",
    "subject_id": "s012"
  },
  "cjv": 0.37782321250637463,
  "cnr": 3.3062048269389313,
  "efc": 0.7932783203603375,
  "fber": 320.93475341796875,
  "fwhm_avg": 3.5366703500383614,
  "fwhm_x": 3.50295,
  "fwhm_y": 3.761465335889731,
  "fwhm_z": 3.345595714225353,
  "icvs_csf": 0.23464629131788473,
  "icvs_gm": 0.37644173579989787,
  "icvs_wm": 0.38891197288221746,
  "inu_med": 0.9351525902748108,
  "inu_range": 0.3402252912521362,
  "provenance": {
    "md5sum": "c59be125de936b1285754b0145615bfc",
    "settings": {
      "testing": false
    },
    "software": "mriqc",
    "version": "22.0.0rc1",
    "warnings": {
      "large_rot_frame": true,
      "small_air_mask": true
    },
    "webapi_port": null,
    "webapi_url": "https://mriqc.nimh.nih.gov/api/v1"
  },
  "qi_1": 0.0,
  "qi_2": 0.0007101625022263048,
  "rpve_csf": 21.54081712412017,
  "rpve_gm": 12.875183667520059,
  "rpve_wm": 16.930016011108375,
  "size_x": 170,
  "size_y": 256,
  "size_z": 256,
  "snr_csf": 3.8071919315023477,
  "snr_gm": 7.432441998787191,
  "snr_total": 9.737717133670008,
  "snr_wm": 17.973517470720484,
  "snrd_csf": 11.041598725012228,
  "snrd_gm": 19.000609216406193,
  "snrd_total": 19.742278830813174,
  "snrd_wm": 29.184628551021103,
  "spacing_x": 1.0,
  "spacing_y": 0.943733274936676,
  "spacing_z": 0.943733274936676,
  "summary_bg_k": 2.238198169553212,
  "summary_bg_mad": 22.44819441247891,
  "summary_bg_mean": 25.294267654418945,
  "summary_bg_median": 23.08406639099121,
  "summary_bg_n": 232629.0,
  "summary_bg_p05": 0.0,
  "summary_bg_p95": 62.13296890258789,
  "summary_bg_stdv": 19.280067443847656,
  "summary_csf_k": 0.881553912204045,
  "summary_csf_mad": 87.49434378918502,
  "summary_csf_mean": 366.8466491699219,
  "summary_csf_median": 378.3394775390625,
  "summary_csf_n": 5962.0,
  "summary_csf_p05": 179.27966384887696,
  "summary_csf_p95": 504.6468139648437,
  "summary_csf_stdv": 99.36660766601562,
  "summary_gm_k": 0.3165943925171608,
  "summary_gm_mad": 81.50090803252166,
  "summary_gm_mean": 652.9490966796875,
  "summary_gm_median": 651.0543212890625,
  "summary_gm_n": 13460.0,
  "summary_gm_p05": 509.86149444580076,
  "summary_gm_p95": 801.4083740234374,
  "summary_gm_stdv": 87.59303283691406,
  "summary_wm_k": 0.9669640995238953,
  "summary_wm_mad": 50.342236121088284,
  "summary_wm_mean": 999.391845703125,
  "summary_wm_median": 1000.0089111328125,
  "summary_wm_n": 229689.0,
  "summary_wm_p05": 906.6977172851563,
  "summary_wm_p95": 1088.5725341796874,
  "summary_wm_stdv": 55.637786865234375,
  "tpm_overlap_csf": 0.13550691306591034,
  "tpm_overlap_gm": 0.4162895679473877,
  "tpm_overlap_wm": 0.5033907294273376,
  "wm2max": 0.4627820854463804
}