{
  "aor": 0.00033803333333333333,
  "aqi": 0.0145992503,
  "bids_meta": {
    "AcquisitionMatrixPE": 62,
    "ConversionSoftware": "dcm2niix",
    "DeviceSerialNumber": "42292",
    "EchoTime": 0.03,
    "EchoTrainLength": 31,
    "FlipAngle": 70,
    "ImageType": [
      "ORIGINAL",
      "PRIMARY",
      "M",
      "FFE",
      "M",
      "FFE"
    ],
    "InPlanePhaseEncodingDirectionDICOM": "COL",
    "InstitutionName": "Klinikum_rechts_der_Isar",
    "InstitutionalDepartmentName": "MRT",
    "MRAcquisitionType": "2D",
    "MagneticFieldStrength": 3,
    "Manufacturer": "Philips",
    "ManufacturersModelName": "Ingenia",
    "Modality": "MR",
    "MultibandAccelerationFactor": 2,
    "PatientPosition": "HFS",
    "PercentPhaseFOV": 100,
    "PhaseEncodingSteps": 62,
    "ProcedureStepDescription": "Studie_MR",
    "ReconMatrixPE": 64,
    "RepetitionTime": 1.25,
    "ScanOptions": "FS",
    "ScanningSequence": "GR",
    "SequenceVariant": "SK",
    "SliceThickness": 3,
    "SoftwareVersions": "5.1.8_5.1.8.1",
    "SpacingBetweenSlices": 3.3,
    "StationName": "mrkh",
    "TaskName": "Rest Post",
    "dataset": "ds001927",
    "modality": "bold",
    "session_id": "occ",
    "subject_id": "s013",
    "task_id": "restpost"
  },
  "dummy_trs": 0,
  "dvars_nstd": 29.72957610429043,
  "dvars_std": 1.1332580812020043,
  "dvars_vstd": 0.9609658806010012,
  "efc": 0.5233384128000397,
  "fber": 40580.66796875,
  "fd_mean": 0.12623803568512043,
  "fd_num": 47,
  "fd_perc": 7.833333333333333,
  "fwhm_avg": 1.7379408160501335,
  "fwhm_x": 1.7311433333333335,
  "fwhm_y": 1.8281033333333332,
  "fwhm_z": 1.6545757814837336,
  "gcor": 0.0115335,
  "gsr_x": -0.00011286108201602474,
  "gsr_y": 0.01852179318666458,
  "provenance": {
    "md5sum": "4ca7b0e099aaa5bac06b04b3b2235f4a",
    "settings": {
      "fd_thres": 0.2,
      "testing": false
    },
    "software": "mriqc",
    "version": "22.0.0rc1",
    "webapi_port": null,
    "webapi_url": "https://mriqc.nimh.nih.gov/api/v1"
  },
  "size_t": 600,
  "size_x": 64,
  "size_y": 64,
  "size_z": 40,
  "snr": 6.264557299016519,
  "spacing_tr": 1.25,
  "spacing_x": 3.0,
  "spacing_y": 3.0,
  "spacing_z": 3.299999952316284,
  "summary_bg_k": 18.52332013103488,
  "summary_bg_mad": 8.192728398867906,
  "summary_bg_mean": 54.42247772216797,
  "summary_bg_median": 6.9337944984436035,
  "summary_bg_n": 92298.0,
  "summary_bg_p05": 1.0861712157726289,
  "summary_bg_p95": 265.1732223510739,
  "summary_bg_stdv": 123.57131958007812,
  "summary_fg_k": 1.4743676417670981,
  "summary_fg_mad": 228.91336627931784,
  "summary_fg_mean": 1575.54931640625,
  "summary_fg_median": 1552.255615234375,
  "summary_fg_n": 34840.0,
  "summary_fg_p05": 1229.9620544433594,
  "summary_fg_p95": 2015.3129333496092,
  "summary_fg_stdv": 247.78021240234375,
  "tsnr": 46.480934143066406
}