{
  "aor": 0.0006741666666666667,
  "aqi": 0.010659954216666667,
  "bids_meta": {
    "AcquisitionMatrixPE": 62,
    "ConversionSoftware": "dcm2niix",
    "DeviceSerialNumber": "42292",
    "EchoTime": 0.03,
    "EchoTrainLength": 31,
    "FlipAngle": 70,
    "ImageType": [
      "ORIGINAL",
      "PRIMARY",
      "M",
      "FFE",
      "M",
      "FFE"
    ],
    "InPlanePhaseEncodingDirectionDICOM": "COL",
    "InstitutionName": "Klinikum_rechts_der_Isar",
    "InstitutionalDepartmentName": "MRT",
    "MRAcquisitionType": "2D",
    "MagneticFieldStrength": 3,
    "Manufacturer": "Philips",
    "ManufacturersModelName": "Ingenia",
    "Modality": "MR",
    "MultibandAccelerationFactor": 2,
    "PatientPosition": "HFS",
    "PercentPhaseFOV": 100,
    "PhaseEncodingSteps": 62,
    "ProcedureStepDescription": "Studie_MR",
    "ReconMatrixPE": 64,
    "RepetitionTime": 1.25,
    "ScanOptions": "FS",
    "ScanningSequence": "GR",
    "SequenceVariant": "SK",
    "SliceThickness": 3,
    "SoftwareVersions": "5.1.8_5.1.8.1",
    "SpacingBetweenSlices": 3.3,
    "StationName": "mrkh",
    "TaskName": "Rest Pre",
    "dataset": "ds001927",
    "modality": "bold",
    "session_id": "occ",
    "subject_id": "s013",
    "task_id": "restpre"
  },
  "dummy_trs": 0,
  "dvars_nstd": 30.050215041218735,
  "dvars_std": 1.204619443706176,
  "dvars_vstd": 1.0014083896828045,
  "efc": 0.5221154361401293,
  "fber": 43814.36328125,
  "fd_mean": 0.1180820299314184,
  "fd_num": 58,
  "fd_perc": 9.666666666666666,
  "fwhm_avg": 1.6316214216524385,
  "fwhm_x": 1.6194499999999998,
  "fwhm_y": 1.71599,
  "fwhm_z": 1.559424264957316,
  "gcor": 0.0284751,
  "gsr_x": 0.00020027236314490438,
  "gsr_y": 0.016536787152290344,
  "provenance": {
    "md5sum": "3b3f0a0f7cf14f40f21f1ff105a78bb9",
    "settings": {
      "fd_thres": 0.2,
      "testing": false
    },
    "software": "mriqc",
    "version": "22.0.0rc1",
    "webapi_port": null,
    "webapi_url": "https://mriqc.nimh.nih.gov/api/v1"
  },
  "size_t": 600,
  "size_x": 64,
  "size_y": 64,
  "size_z": 40,
  "snr": 6.751480829256251,
  "spacing_tr": 1.25,
  "spacing_x": 3.0,
  "spacing_y": 3.0,
  "spacing_z": 3.299999952316284,
  "summary_bg_k": 19.46074655840768,
  "summary_bg_mad": 7.1610085454988015,
  "summary_bg_mean": 45.15084457397461,
  "summary_bg_median": 5.905791282653809,
  "summary_bg_n": 92395.0,
  "summary_bg_p05": 0.8107933819293975,
  "summary_bg_p95": 223.7427871704102,
  "summary_bg_stdv": 102.72227478027344,
  "summary_fg_k": 2.082177435331948,
  "summary_fg_mad": 183.97587763776352,
  "summary_fg_mean": 1367.435546875,
  "summary_fg_median": 1349.942626953125,
  "summary_fg_n": 34808.0,
  "summary_fg_p05": 1089.2683471679688,
  "summary_fg_p95": 1702.7661376953124,
  "summary_fg_stdv": 199.94476318359375,
  "tsnr": 54.19961166381836
}