{
  "aor": 0.003726116666666667,
  "aqi": 0.019629462783333333,
  "bids_meta": {
    "AcquisitionMatrixPE": 62,
    "ConversionSoftware": "dcm2niix",
    "DeviceSerialNumber": "42292",
    "EchoTime": 0.03,
    "EchoTrainLength": 31,
    "FlipAngle": 70,
    "ImageType": [
      "ORIGINAL",
      "PRIMARY",
      "M",
      "FFE",
      "M",
      "FFE"
    ],
    "InPlanePhaseEncodingDirectionDICOM": "COL",
    "InstitutionName": "Klinikum_rechts_der_Isar",
    "InstitutionalDepartmentName": "MRT",
    "MRAcquisitionType": "2D",
    "MagneticFieldStrength": 3,
    "Manufacturer": "Philips",
    "ManufacturersModelName": "Ingenia",
    "Modality": "MR",
    "MultibandAccelerationFactor": 2,
    "PatientPosition": "HFS",
    "PercentPhaseFOV": 100,
    "PhaseEncodingSteps": 62,
    "ProcedureStepDescription": "Studie_MR",
    "ReconMatrixPE": 64,
    "RepetitionTime": 1.25,
    "ScanOptions": "FS",
    "ScanningSequence": "GR",
    "SequenceVariant": "SK",
    "SliceThickness": 3,
    "SoftwareVersions": "5.1.8_5.1.8.1",
    "SpacingBetweenSlices": 3.3,
    "StationName": "mrkh",
    "TaskName": "Rest Pre",
    "dataset": "ds001927",
    "modality": "bold",
    "session_id": "occ",
    "subject_id": "s022",
    "task_id": "restpre"
  },
  "dummy_trs": 0,
  "dvars_nstd": 38.04685027118531,
  "dvars_std": 1.2873833657262117,
  "dvars_vstd": 1.0587785635559268,
  "efc": 0.5451878741839525,
  "fber": 13912.0595703125,
  "fd_mean": 0.17519539690342212,
  "fd_num": 166,
  "fd_perc": 27.666666666666668,
  "fwhm_avg": 1.6659120278852286,
  "fwhm_x": 1.6474766666666667,
  "fwhm_y": 1.7550866666666665,
  "fwhm_z": 1.5951727503223527,
  "gcor": 0.166691,
  "gsr_x": 0.005216425284743309,
  "gsr_y": 0.016061631962656975,
  "provenance": {
    "md5sum": "6a30616c548753abed72f75a091f2126",
    "settings": {
      "fd_thres": 0.2,
      "testing": false
    },
    "software": "mriqc",
    "version": "22.0.0rc1",
    "webapi_port": null,
    "webapi_url": "https://mriqc.nimh.nih.gov/api/v1"
  },
  "size_t": 600,
  "size_x": 64,
  "size_y": 64,
  "size_z": 40,
  "snr": 6.06922891537803,
  "spacing_tr": 1.25,
  "spacing_x": 3.0,
  "spacing_y": 3.0,
  "spacing_z": 3.299999952316284,
  "summary_bg_k": 15.162340952418646,
  "summary_bg_mad": 12.090308396511388,
  "summary_bg_mean": 52.76644515991211,
  "summary_bg_median": 9.108792304992676,
  "summary_bg_n": 90123.0,
  "summary_bg_p05": 0.7546977162361145,
  "summary_bg_p95": 248.4910202026366,
  "summary_bg_stdv": 104.22086334228516,
  "summary_fg_k": 2.0323998432335992,
  "summary_fg_mad": 180.687530346609,
  "summary_fg_mean": 1235.287353515625,
  "summary_fg_median": 1212.275390625,
  "summary_fg_n": 37024.0,
  "summary_fg_p05": 966.6725067138672,
  "summary_fg_p95": 1579.9375488281248,
  "summary_fg_stdv": 199.73855590820312,
  "tsnr": 34.11249923706055
}