{
  "bids_meta": {
    "AcquisitionMatrixPE": 238,
    "ConversionSoftware": "dcm2niix",
    "DeviceSerialNumber": "42292",
    "EchoTime": 0.003996,
    "EchoTrainLength": 159,
    "FlipAngle": 8,
    "ImageType": [
      "ORIGINAL",
      "PRIMARY",
      "M",
      "FFE",
      "M",
      "FFE"
    ],
    "InPlanePhaseEncodingDirectionDICOM": "ROW",
    "InstitutionName": "Klinikum_rechts_der_Isar",
    "InstitutionalDepartmentName": "MRT",
    "MRAcquisitionType": "3D",
    "MagneticFieldStrength": 3,
    "Manufacturer": "Philips",
    "ManufacturersModelName": "Ingenia",
    "Modality": "MR",
    "PatientPosition": "HFS",
    "PercentPhaseFOV": 100,
    "PhaseEncodingSteps": 238,
    "ProcedureStepDescription": "Studie_MR",
    "ReconMatrixPE": 256,
    "RepetitionTime": 0.009,
    "ScanOptions": "OTHER",
    "ScanningSequence": "GR",
    "SequenceVariant": "MP",
    "SliceThickness": 1,
    "SoftwareVersions": "5.1.8_5.1.8.1",
    "SpacingBetweenSlices": 1,
    "StationName": "mrkh",
    "dataset": "ds001927",
    "modality": "T1w",
    "session_id": "occ",
    "subject_id": "s016"
  },
  "cjv": 0.30557568520584877,
  "cnr": 3.8670391668565505,
  "efc": 0.7780441079280824,
  "fber": 564.5753784179688,
  "fwhm_avg": 3.524354079952525,
  "fwhm_x": 3.44796,
  "fwhm_y": 3.7682044767085463,
  "fwhm_z": 3.3568977631490267,
  "icvs_csf": 0.2559020628134542,
  "icvs_gm": 0.3822076952058096,
  "icvs_wm": 0.36189024198073627,
  "inu_med": 1.094794511795044,
  "inu_range": 0.3372831106185912,
  "provenance": {
    "md5sum": "f424e36131b56ce04b30a54f2ae8ffa6",
    "settings": {
      "testing": false
    },
    "software": "mriqc",
    "version": "22.0.0rc1",
    "warnings": {
      "large_rot_frame": true,
      "small_air_mask": true
    },
    "webapi_port": null,
    "webapi_url": "https://mriqc.nimh.nih.gov/api/v1"
  },
  "qi_1": 0.0,
  "qi_2": 0.002461451318927748,
  "rpve_csf": 22.243898895697598,
  "rpve_gm": 13.944308405829547,
  "rpve_wm": 20.195493505120435,
  "size_x": 170,
  "size_y": 256,
  "size_z": 256,
  "snr_csf": 3.236561446602409,
  "snr_gm": 7.482471904060078,
  "snr_total": 10.262423786209132,
  "snr_wm": 20.068238007964908,
  "snrd_csf": 19.048669200767662,
  "snrd_gm": 39.85022691864581,
  "snrd_total": 40.98124547190929,
  "snrd_wm": 64.04484029631439,
  "spacing_x": 1.0,
  "spacing_y": 0.943651020526886,
  "spacing_z": 0.943651020526886,
  "summary_bg_k": 3.154975875748894,
  "summary_bg_mad": 10.22917284455034,
  "summary_bg_mean": 15.499661445617676,
  "summary_bg_median": 13.77013874053955,
  "summary_bg_n": 135797.0,
  "summary_bg_p05": 0.0,
  "summary_bg_p95": 40.48487091064453,
  "summary_bg_stdv": 12.087738037109375,
  "summary_csf_k": 0.6675113345508263,
  "summary_csf_mad": 85.53815766500625,
  "summary_csf_mean": 297.38470458984375,
  "summary_csf_median": 297.4222412109375,
  "summary_csf_n": 5020.0,
  "summary_csf_p05": 141.86809921264648,
  "summary_csf_p95": 444.3944854736328,
  "summary_csf_stdv": 91.88536071777344,
  "summary_gm_k": 0.5660358965294026,
  "summary_gm_mad": 72.04628744580336,
  "summary_gm_mean": 624.0574340820312,
  "summary_gm_median": 622.2137451171875,
  "summary_gm_n": 9711.0,
  "summary_gm_p05": 486.21588134765625,
  "summary_gm_p95": 769.4863586425781,
  "summary_gm_stdv": 83.15189361572266,
  "summary_wm_k": 1.4118153952438854,
  "summary_wm_mad": 43.39104512268524,
  "summary_wm_mean": 996.5110473632812,
  "summary_wm_median": 999.9837646484375,
  "summary_wm_n": 178812.0,
  "summary_wm_p05": 908.243896484375,
  "summary_wm_p95": 1070.496270751953,
  "summary_wm_stdv": 49.829036712646484,
  "tpm_overlap_csf": 0.1374671310186386,
  "tpm_overlap_gm": 0.40790560841560364,
  "tpm_overlap_wm": 0.4928768277168274,
  "wm2max": 0.6010914605974967
}