{
  "aor": 0.0008413166666666666,
  "aqi": 0.022781565666666666,
  "bids_meta": {
    "AcquisitionMatrixPE": 62,
    "ConversionSoftware": "dcm2niix",
    "DeviceSerialNumber": "42292",
    "EchoTime": 0.03,
    "EchoTrainLength": 31,
    "FlipAngle": 70,
    "ImageType": [
      "ORIGINAL",
      "PRIMARY",
      "M",
      "FFE",
      "M",
      "FFE"
    ],
    "InPlanePhaseEncodingDirectionDICOM": "COL",
    "InstitutionName": "Klinikum_rechts_der_Isar",
    "InstitutionalDepartmentName": "MRT",
    "MRAcquisitionType": "2D",
    "MagneticFieldStrength": 3,
    "Manufacturer": "Philips",
    "ManufacturersModelName": "Ingenia",
    "Modality": "MR",
    "MultibandAccelerationFactor": 2,
    "PatientPosition": "HFS",
    "PercentPhaseFOV": 100,
    "PhaseEncodingSteps": 62,
    "ProcedureStepDescription": "Studie_MR",
    "ReconMatrixPE": 64,
    "RepetitionTime": 1.25,
    "ScanOptions": "FS",
    "ScanningSequence": "GR",
    "SequenceVariant": "SK",
    "SliceThickness": 3,
    "SoftwareVersions": "5.1.8_5.1.8.1",
    "SpacingBetweenSlices": 3.3,
    "StationName": "mrkh",
    "TaskName": "Rest Pre",
    "dataset": "ds001927",
    "modality": "bold",
    "session_id": "ctr",
    "subject_id": "s018",
    "task_id": "restpre"
  },
  "dummy_trs": 0,
  "dvars_nstd": 30.783716348247115,
  "dvars_std": 1.058174885425711,
  "dvars_vstd": 0.9646536725375631,
  "efc": 0.5326773931229241,
  "fber": 11963.32421875,
  "fd_mean": 0.20717898342803834,
  "fd_num": 270,
  "fd_perc": 45.0,
  "fwhm_avg": 1.7729406141155346,
  "fwhm_x": 1.7960933333333333,
  "fwhm_y": 1.8503800000000001,
  "fwhm_z": 1.67234850901327,
  "gcor": 0.026699,
  "gsr_x": 0.007172357756644487,
  "gsr_y": 0.019935645163059235,
  "provenance": {
    "md5sum": "526643770919917ec50e235730aaaddc",
    "settings": {
      "fd_thres": 0.2,
      "testing": false
    },
    "software": "mriqc",
    "version": "22.0.0rc1",
    "webapi_port": null,
    "webapi_url": "https://mriqc.nimh.nih.gov/api/v1"
  },
  "size_t": 600,
  "size_x": 64,
  "size_y": 64,
  "size_z": 40,
  "snr": 6.1802158734580495,
  "spacing_tr": 1.25,
  "spacing_x": 3.0,
  "spacing_y": 3.0,
  "spacing_z": 3.299999952316284,
  "summary_bg_k": 15.548047707690937,
  "summary_bg_mad": 15.251731743204942,
  "summary_bg_mean": 57.99738311767578,
  "summary_bg_median": 11.558650970458984,
  "summary_bg_n": 92352.0,
  "summary_bg_p05": 0.9281285643577576,
  "summary_bg_p95": 265.5301208496091,
  "summary_bg_stdv": 111.4910659790039,
  "summary_fg_k": 2.460425755656667,
  "summary_fg_mad": 192.3955090353853,
  "summary_fg_mean": 1387.2965087890625,
  "summary_fg_median": 1362.405029296875,
  "summary_fg_n": 35004.0,
  "summary_fg_p05": 1087.543719482422,
  "summary_fg_p95": 1778.5781311035155,
  "summary_fg_stdv": 220.4430389404297,
  "tsnr": 36.6099967956543
}