{
  "aor": 0.00041318333333333334,
  "aqi": 0.01587683523333333,
  "bids_meta": {
    "AcquisitionMatrixPE": 62,
    "ConversionSoftware": "dcm2niix",
    "DeviceSerialNumber": "42292",
    "EchoTime": 0.03,
    "EchoTrainLength": 31,
    "FlipAngle": 70,
    "ImageType": [
      "ORIGINAL",
      "PRIMARY",
      "M",
      "FFE",
      "M",
      "FFE"
    ],
    "InPlanePhaseEncodingDirectionDICOM": "COL",
    "InstitutionName": "Klinikum_rechts_der_Isar",
    "InstitutionalDepartmentName": "MRT",
    "MRAcquisitionType": "2D",
    "MagneticFieldStrength": 3,
    "Manufacturer": "Philips",
    "ManufacturersModelName": "Ingenia",
    "Modality": "MR",
    "MultibandAccelerationFactor": 2,
    "PatientPosition": "HFS",
    "PercentPhaseFOV": 100,
    "PhaseEncodingSteps": 62,
    "ProcedureStepDescription": "Studie_MR",
    "ReconMatrixPE": 64,
    "RepetitionTime": 1.25,
    "ScanOptions": "FS",
    "ScanningSequence": "GR",
    "SequenceVariant": "SK",
    "SliceThickness": 3,
    "SoftwareVersions": "5.1.8_5.1.8.1",
    "SpacingBetweenSlices": 3.3,
    "StationName": "mrkh",
    "TaskName": "Rest Post",
    "dataset": "ds001927",
    "modality": "bold",
    "session_id": "ctr",
    "subject_id": "s018",
    "task_id": "restpost"
  },
  "dummy_trs": 0,
  "dvars_nstd": 31.05957422283807,
  "dvars_std": 1.1309114212687816,
  "dvars_vstd": 0.9713288007178623,
  "efc": 0.5350229764543897,
  "fber": 14163.376953125,
  "fd_mean": 0.15150407721272424,
  "fd_num": 136,
  "fd_perc": 22.666666666666668,
  "fwhm_avg": 1.7181872805644938,
  "fwhm_x": 1.7406300000000001,
  "fwhm_y": 1.7867833333333334,
  "fwhm_z": 1.6271485083601476,
  "gcor": 0.0315055,
  "gsr_x": 0.007304622326046228,
  "gsr_y": 0.01608007401227951,
  "provenance": {
    "md5sum": "2b9ab9c62b1d4625b61b425cc6ae5029",
    "settings": {
      "fd_thres": 0.2,
      "testing": false
    },
    "software": "mriqc",
    "version": "22.0.0rc1",
    "webapi_port": null,
    "webapi_url": "https://mriqc.nimh.nih.gov/api/v1"
  },
  "size_t": 600,
  "size_x": 64,
  "size_y": 64,
  "size_z": 40,
  "snr": 6.286466473982529,
  "spacing_tr": 1.25,
  "spacing_x": 3.0,
  "spacing_y": 3.0,
  "spacing_z": 3.299999952316284,
  "summary_bg_k": 15.415250004726872,
  "summary_bg_mad": 14.257097544340485,
  "summary_bg_mean": 59.17969512939453,
  "summary_bg_median": 10.458990097045898,
  "summary_bg_n": 92320.0,
  "summary_bg_p05": 0.5795899242162704,
  "summary_bg_p95": 282.9122924804689,
  "summary_bg_stdv": 118.43574523925781,
  "summary_fg_k": 3.016573353348745,
  "summary_fg_mad": 181.0935628267381,
  "summary_fg_mean": 1365.213134765625,
  "summary_fg_median": 1334.21435546875,
  "summary_fg_n": 34947.0,
  "summary_fg_p05": 1094.3895141601563,
  "summary_fg_p95": 1739.3964843749998,
  "summary_fg_stdv": 212.23294067382812,
  "tsnr": 45.216033935546875
}