{
  "aor": 0.00022920000000000004,
  "aqi": 0.0111669675,
  "bids_meta": {
    "AcquisitionMatrixPE": 62,
    "ConversionSoftware": "dcm2niix",
    "DeviceSerialNumber": "42292",
    "EchoTime": 0.03,
    "EchoTrainLength": 31,
    "FlipAngle": 70,
    "ImageType": [
      "ORIGINAL",
      "PRIMARY",
      "M",
      "FFE",
      "M",
      "FFE"
    ],
    "InPlanePhaseEncodingDirectionDICOM": "COL",
    "InstitutionName": "Klinikum_rechts_der_Isar",
    "InstitutionalDepartmentName": "MRT",
    "MRAcquisitionType": "2D",
    "MagneticFieldStrength": 3,
    "Manufacturer": "Philips",
    "ManufacturersModelName": "Ingenia",
    "Modality": "MR",
    "MultibandAccelerationFactor": 2,
    "PatientPosition": "HFS",
    "PercentPhaseFOV": 100,
    "PhaseEncodingSteps": 62,
    "ProcedureStepDescription": "Studie_MR",
    "ReconMatrixPE": 64,
    "RepetitionTime": 1.25,
    "ScanOptions": "FS",
    "ScanningSequence": "GR",
    "SequenceVariant": "SK",
    "SliceThickness": 3,
    "SoftwareVersions": "5.1.8_5.1.8.1",
    "SpacingBetweenSlices": 3.3,
    "StationName": "mrkh",
    "TaskName": "Rest Pre",
    "dataset": "ds001927",
    "modality": "bold",
    "session_id": "occ",
    "subject_id": "s006",
    "task_id": "restpre"
  },
  "dummy_trs": 0,
  "dvars_nstd": 33.31035859843071,
  "dvars_std": 1.200505473455759,
  "dvars_vstd": 0.9668150104340566,
  "efc": 0.5095372882250899,
  "fber": 50592.5078125,
  "fd_mean": 0.14937070314000486,
  "fd_num": 94,
  "fd_perc": 15.666666666666666,
  "fwhm_avg": 1.8295733414246336,
  "fwhm_x": 1.8389733333333333,
  "fwhm_y": 1.9698466666666665,
  "fwhm_z": 1.6799000242739015,
  "gcor": 0.00852005,
  "gsr_x": -0.007643717806786299,
  "gsr_y": 0.023231161758303642,
  "provenance": {
    "md5sum": "1226cd4469bc9f41379e18b3e12062f2",
    "settings": {
      "fd_thres": 0.2,
      "testing": false
    },
    "software": "mriqc",
    "version": "22.0.0rc1",
    "webapi_port": null,
    "webapi_url": "https://mriqc.nimh.nih.gov/api/v1"
  },
  "size_t": 600,
  "size_x": 64,
  "size_y": 64,
  "size_z": 40,
  "snr": 5.549589322544035,
  "spacing_tr": 1.25,
  "spacing_x": 3.0,
  "spacing_y": 3.0,
  "spacing_z": 3.299999952316284,
  "summary_bg_k": 34.768651598526695,
  "summary_bg_mad": 6.657037694807085,
  "summary_bg_mean": 33.470516204833984,
  "summary_bg_median": 5.466731071472168,
  "summary_bg_n": 92990.0,
  "summary_bg_p05": 0.7336192965507508,
  "summary_bg_p95": 142.1952033996582,
  "summary_bg_stdv": 75.00565338134766,
  "summary_fg_k": 1.434950821135824,
  "summary_fg_mad": 203.92277748060957,
  "summary_fg_mean": 1351.4508056640625,
  "summary_fg_median": 1323.37744140625,
  "summary_fg_n": 35080.0,
  "summary_fg_p05": 1015.5917785644531,
  "summary_fg_p95": 1792.4698425292966,
  "summary_fg_stdv": 238.46063232421875,
  "tsnr": 48.99610137939453
}