{
  "aor": 0.0005889833333333333,
  "aqi": 0.015420779933333332,
  "bids_meta": {
    "AcquisitionMatrixPE": 62,
    "ConversionSoftware": "dcm2niix",
    "DeviceSerialNumber": "42292",
    "EchoTime": 0.03,
    "EchoTrainLength": 31,
    "FlipAngle": 70,
    "ImageType": [
      "ORIGINAL",
      "PRIMARY",
      "M",
      "FFE",
      "M",
      "FFE"
    ],
    "InPlanePhaseEncodingDirectionDICOM": "COL",
    "InstitutionName": "Klinikum_rechts_der_Isar",
    "InstitutionalDepartmentName": "MRT",
    "MRAcquisitionType": "2D",
    "MagneticFieldStrength": 3,
    "Manufacturer": "Philips",
    "ManufacturersModelName": "Ingenia",
    "Modality": "MR",
    "MultibandAccelerationFactor": 2,
    "PatientPosition": "HFS",
    "PercentPhaseFOV": 100,
    "PhaseEncodingSteps": 62,
    "ProcedureStepDescription": "Studie_MR",
    "ReconMatrixPE": 64,
    "RepetitionTime": 1.25,
    "ScanOptions": "FS",
    "ScanningSequence": "GR",
    "SequenceVariant": "SK",
    "SliceThickness": 3,
    "SoftwareVersions": "5.1.8_5.1.8.1",
    "SpacingBetweenSlices": 3.3,
    "StationName": "mrkh",
    "TaskName": "Rest Post",
    "dataset": "ds001927",
    "modality": "bold",
    "session_id": "occ",
    "subject_id": "s006",
    "task_id": "restpost"
  },
  "dummy_trs": 0,
  "dvars_nstd": 33.53676929373957,
  "dvars_std": 1.156530002821369,
  "dvars_vstd": 0.9431156916694493,
  "efc": 0.5105712799519716,
  "fber": 41790.93359375,
  "fd_mean": 0.1563257590088895,
  "fd_num": 113,
  "fd_perc": 18.833333333333332,
  "fwhm_avg": 1.7584882906915276,
  "fwhm_x": 1.7665533333333334,
  "fwhm_y": 1.87636,
  "fwhm_z": 1.6325515387412495,
  "gcor": 0.00706468,
  "gsr_x": -0.0072912173345685005,
  "gsr_y": 0.025544296950101852,
  "provenance": {
    "md5sum": "1e7983a2a4bf6fdd1557b2cb4f239eb8",
    "settings": {
      "fd_thres": 0.2,
      "testing": false
    },
    "software": "mriqc",
    "version": "22.0.0rc1",
    "webapi_port": null,
    "webapi_url": "https://mriqc.nimh.nih.gov/api/v1"
  },
  "size_t": 600,
  "size_x": 64,
  "size_y": 64,
  "size_z": 40,
  "snr": 5.71712163188802,
  "spacing_tr": 1.25,
  "spacing_x": 3.0,
  "spacing_y": 3.0,
  "spacing_z": 3.299999952316284,
  "summary_bg_k": 32.398382629377984,
  "summary_bg_mad": 6.7506679405441155,
  "summary_bg_mean": 32.79086685180664,
  "summary_bg_median": 5.728446960449219,
  "summary_bg_n": 92828.0,
  "summary_bg_p05": 0.8215366214513778,
  "summary_bg_p95": 136.85666961669898,
  "summary_bg_stdv": 74.2527847290039,
  "summary_fg_k": 1.81198049216062,
  "summary_fg_mad": 195.8597705546144,
  "summary_fg_mean": 1289.2220458984375,
  "summary_fg_median": 1267.262939453125,
  "summary_fg_n": 35128.0,
  "summary_fg_p05": 977.2166717529296,
  "summary_fg_p95": 1672.7060852050781,
  "summary_fg_stdv": 221.65785217285156,
  "tsnr": 45.14319610595703
}