{
  "aor": 0.0003759,
  "aqi": 0.010381729016666666,
  "bids_meta": {
    "AcquisitionMatrixPE": 62,
    "ConversionSoftware": "dcm2niix",
    "DeviceSerialNumber": "42292",
    "EchoTime": 0.03,
    "EchoTrainLength": 31,
    "FlipAngle": 70,
    "ImageType": [
      "ORIGINAL",
      "PRIMARY",
      "M",
      "FFE",
      "M",
      "FFE"
    ],
    "InPlanePhaseEncodingDirectionDICOM": "COL",
    "InstitutionName": "Klinikum_rechts_der_Isar",
    "InstitutionalDepartmentName": "MRT",
    "MRAcquisitionType": "2D",
    "MagneticFieldStrength": 3,
    "Manufacturer": "Philips",
    "ManufacturersModelName": "Ingenia",
    "Modality": "MR",
    "MultibandAccelerationFactor": 2,
    "PatientPosition": "HFS",
    "PercentPhaseFOV": 100,
    "PhaseEncodingSteps": 62,
    "ProcedureStepDescription": "Studie_MR",
    "ReconMatrixPE": 64,
    "RepetitionTime": 1.25,
    "ScanOptions": "FS",
    "ScanningSequence": "GR",
    "SequenceVariant": "SK",
    "SliceThickness": 3,
    "SoftwareVersions": "5.1.8_5.1.8.1",
    "SpacingBetweenSlices": 3.3,
    "StationName": "mrkh",
    "TaskName": "Rest Pre",
    "dataset": "ds001927",
    "modality": "bold",
    "session_id": "fro",
    "subject_id": "s009",
    "task_id": "restpre"
  },
  "dummy_trs": 0,
  "dvars_nstd": 31.03148106611018,
  "dvars_std": 1.2130095170283803,
  "dvars_vstd": 0.9696878405509171,
  "efc": 0.5011708619435226,
  "fber": 31814.560546875,
  "fd_mean": 0.11852638359240474,
  "fd_num": 56,
  "fd_perc": 9.333333333333334,
  "fwhm_avg": 1.6588543511120786,
  "fwhm_x": 1.62971,
  "fwhm_y": 1.7528166666666667,
  "fwhm_z": 1.594036386669569,
  "gcor": 0.0172357,
  "gsr_x": 0.0008794780587777495,
  "gsr_y": 0.014577975496649742,
  "provenance": {
    "md5sum": "724e3c33d1a84a1d2b4fb912f2eb22f4",
    "settings": {
      "fd_thres": 0.2,
      "testing": false
    },
    "software": "mriqc",
    "version": "22.0.0rc1",
    "webapi_port": null,
    "webapi_url": "https://mriqc.nimh.nih.gov/api/v1"
  },
  "size_t": 600,
  "size_x": 64,
  "size_y": 64,
  "size_z": 40,
  "snr": 6.111380579283527,
  "spacing_tr": 1.25,
  "spacing_x": 3.0,
  "spacing_y": 3.0,
  "spacing_z": 3.299999952316284,
  "summary_bg_k": 27.88185626698228,
  "summary_bg_mad": 9.541623835206883,
  "summary_bg_mean": 40.370811462402344,
  "summary_bg_median": 7.320340156555176,
  "summary_bg_n": 96254.0,
  "summary_bg_p05": 0.5962459295988084,
  "summary_bg_p95": 172.22137069702148,
  "summary_bg_stdv": 87.14491271972656,
  "summary_fg_k": 0.8638702865001595,
  "summary_fg_mad": 214.74566508667078,
  "summary_fg_mean": 1372.27294921875,
  "summary_fg_median": 1350.0831298828125,
  "summary_fg_n": 32714.0,
  "summary_fg_p05": 1065.9640075683594,
  "summary_fg_p95": 1764.2008911132812,
  "summary_fg_stdv": 220.90957641601562,
  "tsnr": 53.47611618041992
}