{
  "aor": 0.0004166,
  "aqi": 0.0073824518,
  "bids_meta": {
    "AcquisitionMatrixPE": 62,
    "ConversionSoftware": "dcm2niix",
    "DeviceSerialNumber": "42292",
    "EchoTime": 0.03,
    "EchoTrainLength": 31,
    "FlipAngle": 70,
    "ImageType": [
      "ORIGINAL",
      "PRIMARY",
      "M",
      "FFE",
      "M",
      "FFE"
    ],
    "InPlanePhaseEncodingDirectionDICOM": "COL",
    "InstitutionName": "Klinikum_rechts_der_Isar",
    "InstitutionalDepartmentName": "MRT",
    "MRAcquisitionType": "2D",
    "MagneticFieldStrength": 3,
    "Manufacturer": "Philips",
    "ManufacturersModelName": "Ingenia",
    "Modality": "MR",
    "MultibandAccelerationFactor": 2,
    "PatientPosition": "HFS",
    "PercentPhaseFOV": 100,
    "PhaseEncodingSteps": 62,
    "ProcedureStepDescription": "Studie_MR",
    "ReconMatrixPE": 64,
    "RepetitionTime": 1.25,
    "ScanOptions": "FS",
    "ScanningSequence": "GR",
    "SequenceVariant": "SK",
    "SliceThickness": 3,
    "SoftwareVersions": "5.1.8_5.1.8.1",
    "SpacingBetweenSlices": 3.3,
    "StationName": "mrkh",
    "TaskName": "Rest Post",
    "dataset": "ds001927",
    "modality": "bold",
    "session_id": "fro",
    "subject_id": "s009",
    "task_id": "restpost"
  },
  "dummy_trs": 0,
  "dvars_nstd": 31.360632292854774,
  "dvars_std": 1.2540737688146921,
  "dvars_vstd": 1.0004415622370633,
  "efc": 0.49809747060841014,
  "fber": 36985.78515625,
  "fd_mean": 0.12851973113779205,
  "fd_num": 69,
  "fd_perc": 11.5,
  "fwhm_avg": 1.6673097047890675,
  "fwhm_x": 1.6406766666666668,
  "fwhm_y": 1.7378099999999999,
  "fwhm_z": 1.6234424477005358,
  "gcor": 0.0168325,
  "gsr_x": 0.0021934513933956623,
  "gsr_y": 0.01319483108818531,
  "provenance": {
    "md5sum": "c745425c56e99dd7f9c5e8efa3dfd070",
    "settings": {
      "fd_thres": 0.2,
      "testing": false
    },
    "software": "mriqc",
    "version": "22.0.0rc1",
    "webapi_port": null,
    "webapi_url": "https://mriqc.nimh.nih.gov/api/v1"
  },
  "size_t": 600,
  "size_x": 64,
  "size_y": 64,
  "size_z": 40,
  "snr": 5.975028563816357,
  "spacing_tr": 1.25,
  "spacing_x": 3.0,
  "spacing_y": 3.0,
  "spacing_z": 3.299999952316284,
  "summary_bg_k": 25.8971593487517,
  "summary_bg_mad": 8.713554806718475,
  "summary_bg_mean": 38.96270751953125,
  "summary_bg_median": 6.651705265045166,
  "summary_bg_n": 96525.0,
  "summary_bg_p05": 0.449049437046051,
  "summary_bg_p95": 167.59140625,
  "summary_bg_stdv": 86.46952056884766,
  "summary_fg_k": 1.076474147237679,
  "summary_fg_mad": 211.27823638740946,
  "summary_fg_mean": 1333.777099609375,
  "summary_fg_median": 1309.161376953125,
  "summary_fg_n": 32287.0,
  "summary_fg_p05": 1030.2557739257813,
  "summary_fg_p95": 1713.2675048828119,
  "summary_fg_stdv": 219.10206604003906,
  "tsnr": 58.68824005126953
}