{
  "aor": 0.0007723833333333333,
  "aqi": 0.019692265166666664,
  "bids_meta": {
    "AcquisitionMatrixPE": 62,
    "ConversionSoftware": "dcm2niix",
    "DeviceSerialNumber": "42292",
    "EchoTime": 0.03,
    "EchoTrainLength": 31,
    "FlipAngle": 70,
    "ImageType": [
      "ORIGINAL",
      "PRIMARY",
      "M",
      "FFE",
      "M",
      "FFE"
    ],
    "InPlanePhaseEncodingDirectionDICOM": "COL",
    "InstitutionName": "Klinikum_rechts_der_Isar",
    "InstitutionalDepartmentName": "MRT",
    "MRAcquisitionType": "2D",
    "MagneticFieldStrength": 3,
    "Manufacturer": "Philips",
    "ManufacturersModelName": "Ingenia",
    "Modality": "MR",
    "MultibandAccelerationFactor": 2,
    "PatientPosition": "HFS",
    "PercentPhaseFOV": 100,
    "PhaseEncodingSteps": 62,
    "ProcedureStepDescription": "Studie_MR",
    "ReconMatrixPE": 64,
    "RepetitionTime": 1.25,
    "ScanOptions": "FS",
    "ScanningSequence": "GR",
    "SequenceVariant": "SK",
    "SliceThickness": 3,
    "SoftwareVersions": "5.1.8_5.1.8.1",
    "SpacingBetweenSlices": 3.3,
    "StationName": "mrkh",
    "TaskName": "Rest Post",
    "dataset": "ds001927",
    "modality": "bold",
    "session_id": "fro",
    "subject_id": "s008",
    "task_id": "restpost"
  },
  "dummy_trs": 0,
  "dvars_nstd": 31.366876684808034,
  "dvars_std": 1.1831062253255422,
  "dvars_vstd": 0.9548497106677799,
  "efc": 0.5125473329359203,
  "fber": 35113.02734375,
  "fd_mean": 0.14753117734933993,
  "fd_num": 91,
  "fd_perc": 15.166666666666666,
  "fwhm_avg": 1.6306224317183027,
  "fwhm_x": 1.6145666666666667,
  "fwhm_y": 1.7251733333333332,
  "fwhm_z": 1.552127295154908,
  "gcor": 0.0091933,
  "gsr_x": -0.0046551041305065155,
  "gsr_y": 0.019798792898654938,
  "provenance": {
    "md5sum": "7dcd1cdc0924ba3e4a7f5a4315dc47f7",
    "settings": {
      "fd_thres": 0.2,
      "testing": false
    },
    "software": "mriqc",
    "version": "22.0.0rc1",
    "webapi_port": null,
    "webapi_url": "https://mriqc.nimh.nih.gov/api/v1"
  },
  "size_t": 600,
  "size_x": 64,
  "size_y": 64,
  "size_z": 40,
  "snr": 6.866973332496385,
  "spacing_tr": 1.25,
  "spacing_x": 3.0,
  "spacing_y": 3.0,
  "spacing_z": 3.299999952316284,
  "summary_bg_k": 26.425547110377092,
  "summary_bg_mad": 8.49334132697292,
  "summary_bg_mean": 39.9073486328125,
  "summary_bg_median": 6.714926242828369,
  "summary_bg_n": 93637.0,
  "summary_bg_p05": 0.6843065977096557,
  "summary_bg_p95": 173.19247436523423,
  "summary_bg_stdv": 88.42178344726562,
  "summary_fg_k": 1.5122221949577375,
  "summary_fg_mad": 187.7355918085686,
  "summary_fg_mean": 1355.607421875,
  "summary_fg_median": 1338.7789306640625,
  "summary_fg_n": 34075.0,
  "summary_fg_p05": 1085.6948974609375,
  "summary_fg_p95": 1676.285754394531,
  "summary_fg_stdv": 194.95623779296875,
  "tsnr": 43.236724853515625
}