{
  "aor": 0.0007336333333333334,
  "aqi": 0.013311811250000001,
  "bids_meta": {
    "AcquisitionMatrixPE": 62,
    "ConversionSoftware": "dcm2niix",
    "DeviceSerialNumber": "42292",
    "EchoTime": 0.03,
    "EchoTrainLength": 31,
    "FlipAngle": 70,
    "ImageType": [
      "ORIGINAL",
      "PRIMARY",
      "M",
      "FFE",
      "M",
      "FFE"
    ],
    "InPlanePhaseEncodingDirectionDICOM": "COL",
    "InstitutionName": "Klinikum_rechts_der_Isar",
    "InstitutionalDepartmentName": "MRT",
    "MRAcquisitionType": "2D",
    "MagneticFieldStrength": 3,
    "Manufacturer": "Philips",
    "ManufacturersModelName": "Ingenia",
    "Modality": "MR",
    "MultibandAccelerationFactor": 2,
    "PatientPosition": "HFS",
    "PercentPhaseFOV": 100,
    "PhaseEncodingSteps": 62,
    "ProcedureStepDescription": "Studie_MR",
    "ReconMatrixPE": 64,
    "RepetitionTime": 1.25,
    "ScanOptions": "FS",
    "ScanningSequence": "GR",
    "SequenceVariant": "SK",
    "SliceThickness": 3,
    "SoftwareVersions": "5.1.8_5.1.8.1",
    "SpacingBetweenSlices": 3.3,
    "StationName": "mrkh",
    "TaskName": "Rest Pre",
    "dataset": "ds001927",
    "modality": "bold",
    "session_id": "fro",
    "subject_id": "s019",
    "task_id": "restpre"
  },
  "dummy_trs": 0,
  "dvars_nstd": 34.70104814580962,
  "dvars_std": 1.2349381280968283,
  "dvars_vstd": 0.998261584774625,
  "efc": 0.5404669180299829,
  "fber": 18676.73046875,
  "fd_mean": 0.12007852604046786,
  "fd_num": 31,
  "fd_perc": 5.166666666666667,
  "fwhm_avg": 1.606815461977386,
  "fwhm_x": 1.5403166666666666,
  "fwhm_y": 1.7371266666666667,
  "fwhm_z": 1.543003052598824,
  "gcor": 0.0468584,
  "gsr_x": -0.0054040225222706795,
  "gsr_y": 0.030447008088231087,
  "provenance": {
    "md5sum": "f0b82980d8a08f3ecde92fa2adbde05d",
    "settings": {
      "fd_thres": 0.2,
      "testing": false
    },
    "software": "mriqc",
    "version": "22.0.0rc1",
    "webapi_port": null,
    "webapi_url": "https://mriqc.nimh.nih.gov/api/v1"
  },
  "size_t": 600,
  "size_x": 64,
  "size_y": 64,
  "size_z": 40,
  "snr": 6.6387370392442815,
  "spacing_tr": 1.25,
  "spacing_x": 3.0,
  "spacing_y": 3.0,
  "spacing_z": 3.299999952316284,
  "summary_bg_k": 14.40411989756024,
  "summary_bg_mad": 11.24149425044204,
  "summary_bg_mean": 53.443077087402344,
  "summary_bg_median": 8.958620071411133,
  "summary_bg_n": 90323.0,
  "summary_bg_p05": 1.067792546749115,
  "summary_bg_p95": 250.38180999755858,
  "summary_bg_stdv": 103.48678588867188,
  "summary_fg_k": 2.045197848186726,
  "summary_fg_mad": 196.25014811629856,
  "summary_fg_mean": 1412.344482421875,
  "summary_fg_median": 1395.366455078125,
  "summary_fg_n": 37066.0,
  "summary_fg_p05": 1122.2035522460938,
  "summary_fg_p95": 1753.2652282714844,
  "summary_fg_stdv": 210.1826934814453,
  "tsnr": 49.6093635559082
}