{
  "aor": 0.002421966666666667,
  "aqi": 0.01808917593333333,
  "bids_meta": {
    "AcquisitionMatrixPE": 62,
    "ConversionSoftware": "dcm2niix",
    "DeviceSerialNumber": "42292",
    "EchoTime": 0.03,
    "EchoTrainLength": 31,
    "FlipAngle": 70,
    "ImageType": [
      "ORIGINAL",
      "PRIMARY",
      "M",
      "FFE",
      "M",
      "FFE"
    ],
    "InPlanePhaseEncodingDirectionDICOM": "COL",
    "InstitutionName": "Klinikum_rechts_der_Isar",
    "InstitutionalDepartmentName": "MRT",
    "MRAcquisitionType": "2D",
    "MagneticFieldStrength": 3,
    "Manufacturer": "Philips",
    "ManufacturersModelName": "Ingenia",
    "Modality": "MR",
    "MultibandAccelerationFactor": 2,
    "PatientPosition": "HFS",
    "PercentPhaseFOV": 100,
    "PhaseEncodingSteps": 62,
    "ProcedureStepDescription": "Studie_MR",
    "ReconMatrixPE": 64,
    "RepetitionTime": 1.25,
    "ScanOptions": "FS",
    "ScanningSequence": "GR",
    "SequenceVariant": "SK",
    "SliceThickness": 3,
    "SoftwareVersions": "5.1.8_5.1.8.1",
    "SpacingBetweenSlices": 3.3,
    "StationName": "mrkh",
    "TaskName": "Rest Post",
    "dataset": "ds001927",
    "modality": "bold",
    "session_id": "fro",
    "subject_id": "s019",
    "task_id": "restpost"
  },
  "dummy_trs": 0,
  "dvars_nstd": 32.6250077664107,
  "dvars_std": 1.2170868799833057,
  "dvars_vstd": 1.0011464990818022,
  "efc": 0.5395641407223121,
  "fber": 21884.04296875,
  "fd_mean": 0.10419602237020693,
  "fd_num": 9,
  "fd_perc": 1.5,
  "fwhm_avg": 1.600219098231964,
  "fwhm_x": 1.52705,
  "fwhm_y": 1.7532466666666666,
  "fwhm_z": 1.5203606280292257,
  "gcor": 0.0167114,
  "gsr_x": -0.0011982603464275599,
  "gsr_y": 0.027933860197663307,
  "provenance": {
    "md5sum": "978071d4e776fa31dcce1b98f8805cb6",
    "settings": {
      "fd_thres": 0.2,
      "testing": false
    },
    "software": "mriqc",
    "version": "22.0.0rc1",
    "webapi_port": null,
    "webapi_url": "https://mriqc.nimh.nih.gov/api/v1"
  },
  "size_t": 600,
  "size_x": 64,
  "size_y": 64,
  "size_z": 40,
  "snr": 6.705814479370603,
  "spacing_tr": 1.25,
  "spacing_x": 3.0,
  "spacing_y": 3.0,
  "spacing_z": 3.299999952316284,
  "summary_bg_k": 14.450812371827372,
  "summary_bg_mad": 10.816291935970149,
  "summary_bg_mean": 48.85287857055664,
  "summary_bg_median": 8.26434326171875,
  "summary_bg_n": 90290.0,
  "summary_bg_p05": 0.6961983323097228,
  "summary_bg_p95": 231.38901748657238,
  "summary_bg_stdv": 92.92247009277344,
  "summary_fg_k": 2.2041757000468802,
  "summary_fg_mad": 186.9678673687614,
  "summary_fg_mean": 1351.39111328125,
  "summary_fg_median": 1338.161376953125,
  "summary_fg_n": 37554.0,
  "summary_fg_p05": 1074.2020324707032,
  "summary_fg_p95": 1670.2101501464842,
  "summary_fg_stdv": 199.54974365234375,
  "tsnr": 44.63041687011719
}