{
  "aor": 0.00025745,
  "aqi": 0.011726725866666666,
  "bids_meta": {
    "AcquisitionMatrixPE": 62,
    "ConversionSoftware": "dcm2niix",
    "DeviceSerialNumber": "42292",
    "EchoTime": 0.03,
    "EchoTrainLength": 31,
    "FlipAngle": 70,
    "ImageType": [
      "ORIGINAL",
      "PRIMARY",
      "M",
      "FFE",
      "M",
      "FFE"
    ],
    "InPlanePhaseEncodingDirectionDICOM": "COL",
    "InstitutionName": "Klinikum_rechts_der_Isar",
    "InstitutionalDepartmentName": "MRT",
    "MRAcquisitionType": "2D",
    "MagneticFieldStrength": 3,
    "Manufacturer": "Philips",
    "ManufacturersModelName": "Ingenia",
    "Modality": "MR",
    "MultibandAccelerationFactor": 2,
    "PatientPosition": "HFS",
    "PercentPhaseFOV": 100,
    "PhaseEncodingSteps": 62,
    "ProcedureStepDescription": "Studie_MR",
    "ReconMatrixPE": 64,
    "RepetitionTime": 1.25,
    "ScanOptions": "FS",
    "ScanningSequence": "GR",
    "SequenceVariant": "SK",
    "SliceThickness": 3,
    "SoftwareVersions": "5.1.8_5.1.8.1",
    "SpacingBetweenSlices": 3.3,
    "StationName": "mrkh",
    "TaskName": "Rest Post",
    "dataset": "ds001927",
    "modality": "bold",
    "session_id": "fro",
    "subject_id": "s020",
    "task_id": "restpost"
  },
  "dummy_trs": 0,
  "dvars_nstd": 31.10099627213688,
  "dvars_std": 1.21192898387312,
  "dvars_vstd": 0.9967146080300507,
  "efc": 0.5279945152728449,
  "fber": 19711.072265625,
  "fd_mean": 0.09903988746610949,
  "fd_num": 16,
  "fd_perc": 2.6666666666666665,
  "fwhm_avg": 1.5611447547150827,
  "fwhm_x": 1.5440766666666665,
  "fwhm_y": 1.6361333333333334,
  "fwhm_z": 1.503224264145248,
  "gcor": 0.00793601,
  "gsr_x": -0.004989765118807554,
  "gsr_y": 0.029528964310884476,
  "provenance": {
    "md5sum": "9a256d4ac4656d91b0a0df0b8efd7536",
    "settings": {
      "fd_thres": 0.2,
      "testing": false
    },
    "software": "mriqc",
    "version": "22.0.0rc1",
    "webapi_port": null,
    "webapi_url": "https://mriqc.nimh.nih.gov/api/v1"
  },
  "size_t": 600,
  "size_x": 64,
  "size_y": 64,
  "size_z": 40,
  "snr": 7.5392741482596906,
  "spacing_tr": 1.25,
  "spacing_x": 3.0,
  "spacing_y": 3.0,
  "spacing_z": 3.299999952316284,
  "summary_bg_k": 21.175010097089654,
  "summary_bg_mad": 10.651111655713372,
  "summary_bg_mean": 40.14738845825195,
  "summary_bg_median": 8.162266731262207,
  "summary_bg_n": 91083.0,
  "summary_bg_p05": 0.6973099529743195,
  "summary_bg_p95": 183.4938140869139,
  "summary_bg_stdv": 78.59025573730469,
  "summary_fg_k": 2.288487347654211,
  "summary_fg_mad": 162.98887587234034,
  "summary_fg_mean": 1317.9693603515625,
  "summary_fg_median": 1301.5513916015625,
  "summary_fg_n": 36067.0,
  "summary_fg_p05": 1082.6818603515626,
  "summary_fg_p95": 1603.2933105468749,
  "summary_fg_stdv": 172.63377380371094,
  "tsnr": 55.76251220703125
}