{
  "aor": 0.0024261833333333333,
  "aqi": 0.016586113666666666,
  "bids_meta": {
    "AcquisitionMatrixPE": 62,
    "ConversionSoftware": "dcm2niix",
    "DeviceSerialNumber": "42292",
    "EchoTime": 0.03,
    "EchoTrainLength": 31,
    "FlipAngle": 70,
    "ImageType": [
      "ORIGINAL",
      "PRIMARY",
      "M",
      "FFE",
      "M",
      "FFE"
    ],
    "InPlanePhaseEncodingDirectionDICOM": "COL",
    "InstitutionName": "Klinikum_rechts_der_Isar",
    "InstitutionalDepartmentName": "MRT",
    "MRAcquisitionType": "2D",
    "MagneticFieldStrength": 3,
    "Manufacturer": "Philips",
    "ManufacturersModelName": "Ingenia",
    "Modality": "MR",
    "MultibandAccelerationFactor": 2,
    "PatientPosition": "HFS",
    "PercentPhaseFOV": 100,
    "PhaseEncodingSteps": 62,
    "ProcedureStepDescription": "Studie_MR",
    "ReconMatrixPE": 64,
    "RepetitionTime": 1.25,
    "ScanOptions": "FS",
    "ScanningSequence": "GR",
    "SequenceVariant": "SK",
    "SliceThickness": 3,
    "SoftwareVersions": "5.1.8_5.1.8.1",
    "SpacingBetweenSlices": 3.3,
    "StationName": "mrkh",
    "TaskName": "Rest Pre",
    "dataset": "ds001927",
    "modality": "bold",
    "session_id": "fro",
    "subject_id": "s020",
    "task_id": "restpre"
  },
  "dummy_trs": 0,
  "dvars_nstd": 32.36629993629382,
  "dvars_std": 1.1991535497328893,
  "dvars_vstd": 0.9822252663105173,
  "efc": 0.522232182813271,
  "fber": 11846.591796875,
  "fd_mean": 0.10076978525586572,
  "fd_num": 16,
  "fd_perc": 2.6666666666666665,
  "fwhm_avg": 1.809924553676199,
  "fwhm_x": 1.8151166666666667,
  "fwhm_y": 1.9076933333333335,
  "fwhm_z": 1.706963661028597,
  "gcor": 0.00684662,
  "gsr_x": -0.01192889641970396,
  "gsr_y": 0.027049846947193146,
  "provenance": {
    "md5sum": "386f90f996c037cea5f6a0f9eafeadf1",
    "settings": {
      "fd_thres": 0.2,
      "testing": false
    },
    "software": "mriqc",
    "version": "22.0.0rc1",
    "webapi_port": null,
    "webapi_url": "https://mriqc.nimh.nih.gov/api/v1"
  },
  "size_t": 600,
  "size_x": 64,
  "size_y": 64,
  "size_z": 40,
  "snr": 6.524748686062067,
  "spacing_tr": 1.25,
  "spacing_x": 3.0,
  "spacing_y": 3.0,
  "spacing_z": 3.299999952316284,
  "summary_bg_k": 19.88311841509432,
  "summary_bg_mad": 15.13426515385135,
  "summary_bg_mean": 50.50600051879883,
  "summary_bg_median": 11.95699691772461,
  "summary_bg_n": 93647.0,
  "summary_bg_p05": 1.2829648971557617,
  "summary_bg_p95": 228.91740570068353,
  "summary_bg_stdv": 98.55850219726562,
  "summary_fg_k": 0.9766271176206662,
  "summary_fg_mad": 206.03193840034396,
  "summary_fg_mean": 1454.62109375,
  "summary_fg_median": 1440.843994140625,
  "summary_fg_n": 34363.0,
  "summary_fg_p05": 1124.8323974609375,
  "summary_fg_p95": 1834.7290527343748,
  "summary_fg_stdv": 220.8242950439453,
  "tsnr": 45.02888488769531
}