{
  "bids_meta": {
    "AcquisitionMatrixPE": 238,
    "ConversionSoftware": "dcm2niix",
    "DeviceSerialNumber": "42292",
    "EchoTime": 0.003996,
    "EchoTrainLength": 159,
    "FlipAngle": 8,
    "ImageType": [
      "ORIGINAL",
      "PRIMARY",
      "M",
      "FFE",
      "M",
      "FFE"
    ],
    "InPlanePhaseEncodingDirectionDICOM": "ROW",
    "InstitutionName": "Klinikum_rechts_der_Isar",
    "InstitutionalDepartmentName": "MRT",
    "MRAcquisitionType": "3D",
    "MagneticFieldStrength": 3,
    "Manufacturer": "Philips",
    "ManufacturersModelName": "Ingenia",
    "Modality": "MR",
    "PatientPosition": "HFS",
    "PercentPhaseFOV": 100,
    "PhaseEncodingSteps": 238,
    "ProcedureStepDescription": "Studie_MR",
    "ReconMatrixPE": 256,
    "RepetitionTime": 0.009,
    "ScanOptions": "OTHER",
    "ScanningSequence": "GR",
    "SequenceVariant": "MP",
    "SliceThickness": 1,
    "SoftwareVersions": "5.1.8_5.1.8.1",
    "SpacingBetweenSlices": 1,
    "StationName": "mrkh",
    "dataset": "ds001927",
    "modality": "T1w",
    "session_id": "fro",
    "subject_id": "s006"
  },
  "cjv": 0.34053054209149103,
  "cnr": 3.582063081105618,
  "efc": 0.7670042507565784,
  "fber": 1579.7418212890625,
  "fwhm_avg": 3.6894091778797793,
  "fwhm_x": 3.53841,
  "fwhm_y": 3.9598431186071457,
  "fwhm_z": 3.569974415032191,
  "icvs_csf": 0.24914554878175962,
  "icvs_gm": 0.3456672387922771,
  "icvs_wm": 0.40518721242596323,
  "inu_med": 0.7949829697608948,
  "inu_range": 0.23718166947364805,
  "provenance": {
    "md5sum": "1d12e11e4e73e27099e29e7dffc88bb7",
    "settings": {
      "testing": false
    },
    "software": "mriqc",
    "version": "22.0.0rc1",
    "warnings": {
      "large_rot_frame": true,
      "small_air_mask": true
    },
    "webapi_port": null,
    "webapi_url": "https://mriqc.nimh.nih.gov/api/v1"
  },
  "qi_1": 0.0,
  "qi_2": 0.003669696200281925,
  "rpve_csf": 21.069399623761164,
  "rpve_gm": 13.803805377514411,
  "rpve_wm": 16.821650373690716,
  "size_x": 170,
  "size_y": 256,
  "size_z": 256,
  "snr_csf": 3.5420519579472027,
  "snr_gm": 7.9134313056901044,
  "snr_total": 11.177507634012558,
  "snr_wm": 22.07703963840037,
  "snrd_csf": 23.46577764315216,
  "snrd_gm": 42.75673599649075,
  "snrd_total": 43.78083984201646,
  "snrd_wm": 65.12000588640646,
  "spacing_x": 1.0,
  "spacing_y": 0.943651020526886,
  "spacing_z": 0.943651020526886,
  "summary_bg_k": 4.1003882426025235,
  "summary_bg_mad": 10.060350130516566,
  "summary_bg_mean": 17.195812225341797,
  "summary_bg_median": 13.421875,
  "summary_bg_n": 102457.0,
  "summary_bg_p05": 0.0,
  "summary_bg_p95": 47.37308197021484,
  "summary_bg_stdv": 16.000579833984375,
  "summary_csf_k": 0.4837437486843341,
  "summary_csf_mad": 94.88753738379722,
  "summary_csf_mean": 351.0395202636719,
  "summary_csf_median": 360.34320068359375,
  "summary_csf_n": 7890.0,
  "summary_csf_p05": 160.15463180541994,
  "summary_csf_p95": 497.2180633544919,
  "summary_csf_stdv": 101.72644805908203,
  "summary_gm_k": 0.4104203788208194,
  "summary_gm_mad": 75.55380359518662,
  "summary_gm_mean": 658.780029296875,
  "summary_gm_median": 656.577392578125,
  "summary_gm_n": 11012.0,
  "summary_gm_p05": 523.2312805175782,
  "summary_gm_p95": 800.8713439941406,
  "summary_gm_stdv": 82.96623229980469,
  "summary_wm_k": 0.9106722490728809,
  "summary_wm_mad": 41.388799151752366,
  "summary_wm_mean": 999.0929565429688,
  "summary_wm_median": 999.9903564453125,
  "summary_wm_n": 255175.0,
  "summary_wm_p05": 923.5616821289062,
  "summary_wm_p95": 1070.9713500976563,
  "summary_wm_stdv": 45.29540252685547,
  "tpm_overlap_csf": 0.1369958370923996,
  "tpm_overlap_gm": 0.38908621668815613,
  "tpm_overlap_wm": 0.5028036236763,
  "wm2max": 0.5684116295330197
}