{
  "aor": 0.00018310000000000003,
  "aqi": 0.0103180692,
  "bids_meta": {
    "AcquisitionMatrixPE": 62,
    "ConversionSoftware": "dcm2niix",
    "DeviceSerialNumber": "42292",
    "EchoTime": 0.03,
    "EchoTrainLength": 31,
    "FlipAngle": 70,
    "ImageType": [
      "ORIGINAL",
      "PRIMARY",
      "M",
      "FFE",
      "M",
      "FFE"
    ],
    "InPlanePhaseEncodingDirectionDICOM": "COL",
    "InstitutionName": "Klinikum_rechts_der_Isar",
    "InstitutionalDepartmentName": "MRT",
    "MRAcquisitionType": "2D",
    "MagneticFieldStrength": 3,
    "Manufacturer": "Philips",
    "ManufacturersModelName": "Ingenia",
    "Modality": "MR",
    "MultibandAccelerationFactor": 2,
    "PatientPosition": "HFS",
    "PercentPhaseFOV": 100,
    "PhaseEncodingSteps": 62,
    "ProcedureStepDescription": "Studie_MR",
    "ReconMatrixPE": 64,
    "RepetitionTime": 1.25,
    "ScanOptions": "FS",
    "ScanningSequence": "GR",
    "SequenceVariant": "SK",
    "SliceThickness": 3,
    "SoftwareVersions": "5.1.8_5.1.8.1",
    "SpacingBetweenSlices": 3.3,
    "StationName": "mrkh",
    "TaskName": "Rest Post",
    "dataset": "ds001927",
    "modality": "bold",
    "session_id": "ctr",
    "subject_id": "s020",
    "task_id": "restpost"
  },
  "dummy_trs": 0,
  "dvars_nstd": 31.359676660534202,
  "dvars_std": 1.262483132787981,
  "dvars_vstd": 0.9916661201669448,
  "efc": 0.5231196383759728,
  "fber": 18710.111328125,
  "fd_mean": 0.09230480622528227,
  "fd_num": 12,
  "fd_perc": 2.0,
  "fwhm_avg": 1.690896270467322,
  "fwhm_x": 1.67192,
  "fwhm_y": 1.7728233333333332,
  "fwhm_z": 1.6279454780686333,
  "gcor": 0.0138494,
  "gsr_x": -0.008121872320771217,
  "gsr_y": 0.027940617874264717,
  "provenance": {
    "md5sum": "be83b5c6914f9cd31ea2bac5b97e3f7c",
    "settings": {
      "fd_thres": 0.2,
      "testing": false
    },
    "software": "mriqc",
    "version": "22.0.0rc1",
    "webapi_port": null,
    "webapi_url": "https://mriqc.nimh.nih.gov/api/v1"
  },
  "size_t": 600,
  "size_x": 64,
  "size_y": 64,
  "size_z": 40,
  "snr": 6.973210292961576,
  "spacing_tr": 1.25,
  "spacing_x": 3.0,
  "spacing_y": 3.0,
  "spacing_z": 3.299999952316284,
  "summary_bg_k": 21.643382417501183,
  "summary_bg_mad": 13.157300729164689,
  "summary_bg_mean": 47.969017028808594,
  "summary_bg_median": 9.760221481323242,
  "summary_bg_n": 92328.0,
  "summary_bg_p05": 0.6498612821102142,
  "summary_bg_p95": 216.0638786315918,
  "summary_bg_stdv": 94.94790649414062,
  "summary_fg_k": 1.5303263184154883,
  "summary_fg_mad": 203.46688453768775,
  "summary_fg_mean": 1539.6859130859375,
  "summary_fg_median": 1523.6695556640625,
  "summary_fg_n": 35070.0,
  "summary_fg_p05": 1227.0755493164063,
  "summary_fg_p95": 1909.7172180175767,
  "summary_fg_stdv": 218.5001983642578,
  "tsnr": 56.41883087158203
}