{
  "aor": 0.00018339999999999999,
  "aqi": 0.018355325999999998,
  "bids_meta": {
    "AcquisitionMatrixPE": 62,
    "ConversionSoftware": "dcm2niix",
    "DeviceSerialNumber": "42292",
    "EchoTime": 0.03,
    "EchoTrainLength": 31,
    "FlipAngle": 70,
    "ImageType": [
      "ORIGINAL",
      "PRIMARY",
      "M",
      "FFE",
      "M",
      "FFE"
    ],
    "InPlanePhaseEncodingDirectionDICOM": "COL",
    "InstitutionName": "Klinikum_rechts_der_Isar",
    "InstitutionalDepartmentName": "MRT",
    "MRAcquisitionType": "2D",
    "MagneticFieldStrength": 3,
    "Manufacturer": "Philips",
    "ManufacturersModelName": "Ingenia",
    "Modality": "MR",
    "MultibandAccelerationFactor": 2,
    "PatientPosition": "HFS",
    "PercentPhaseFOV": 100,
    "PhaseEncodingSteps": 62,
    "ProcedureStepDescription": "Studie_MR",
    "ReconMatrixPE": 64,
    "RepetitionTime": 1.25,
    "ScanOptions": "FS",
    "ScanningSequence": "GR",
    "SequenceVariant": "SK",
    "SliceThickness": 3,
    "SoftwareVersions": "5.1.8_5.1.8.1",
    "SpacingBetweenSlices": 3.3,
    "StationName": "mrkh",
    "TaskName": "Rest Pre",
    "dataset": "ds001927",
    "modality": "bold",
    "session_id": "ctr",
    "subject_id": "s020",
    "task_id": "restpre"
  },
  "dummy_trs": 0,
  "dvars_nstd": 31.563246047212033,
  "dvars_std": 1.1661680355258757,
  "dvars_vstd": 0.9554737798664449,
  "efc": 0.5182755054394975,
  "fber": 19851.8125,
  "fd_mean": 0.1266598457293517,
  "fd_num": 76,
  "fd_perc": 12.666666666666666,
  "fwhm_avg": 1.7732893009645025,
  "fwhm_x": 1.7798433333333332,
  "fwhm_y": 1.87177,
  "fwhm_z": 1.6682545695601747,
  "gcor": 0.0151905,
  "gsr_x": -0.007547317538410425,
  "gsr_y": 0.027856603264808655,
  "provenance": {
    "md5sum": "a3fcc0aa897f5a3d0dc534af7d9de1d9",
    "settings": {
      "fd_thres": 0.2,
      "testing": false
    },
    "software": "mriqc",
    "version": "22.0.0rc1",
    "webapi_port": null,
    "webapi_url": "https://mriqc.nimh.nih.gov/api/v1"
  },
  "size_t": 600,
  "size_x": 64,
  "size_y": 64,
  "size_z": 40,
  "snr": 6.881932126608229,
  "spacing_tr": 1.25,
  "spacing_x": 3.0,
  "spacing_y": 3.0,
  "spacing_z": 3.299999952316284,
  "summary_bg_k": 22.376398421826224,
  "summary_bg_mad": 11.626425658716457,
  "summary_bg_mean": 40.90401077270508,
  "summary_bg_median": 8.650578498840332,
  "summary_bg_n": 93163.0,
  "summary_bg_p05": 0.5853166341781616,
  "summary_bg_p95": 182.97895202636704,
  "summary_bg_stdv": 79.24327850341797,
  "summary_fg_k": 1.3178129993005738,
  "summary_fg_mad": 180.4294504194131,
  "summary_fg_mean": 1360.9307861328125,
  "summary_fg_median": 1344.6463623046875,
  "summary_fg_n": 34734.0,
  "summary_fg_p05": 1076.8086791992187,
  "summary_fg_p95": 1697.1377502441403,
  "summary_fg_stdv": 195.38510131835938,
  "tsnr": 44.56553649902344
}