{
  "aor": 0.00022780000000000003,
  "aqi": 0.005610981383333332,
  "bids_meta": {
    "AcquisitionMatrixPE": 62,
    "ConversionSoftware": "dcm2niix",
    "DeviceSerialNumber": "42292",
    "EchoTime": 0.03,
    "EchoTrainLength": 31,
    "FlipAngle": 70,
    "ImageType": [
      "ORIGINAL",
      "PRIMARY",
      "M",
      "FFE",
      "M",
      "FFE"
    ],
    "InPlanePhaseEncodingDirectionDICOM": "COL",
    "InstitutionName": "Klinikum_rechts_der_Isar",
    "InstitutionalDepartmentName": "MRT",
    "MRAcquisitionType": "2D",
    "MagneticFieldStrength": 3,
    "Manufacturer": "Philips",
    "ManufacturersModelName": "Ingenia",
    "Modality": "MR",
    "MultibandAccelerationFactor": 2,
    "PatientPosition": "HFS",
    "PercentPhaseFOV": 100,
    "PhaseEncodingSteps": 62,
    "ProcedureStepDescription": "Studie_MR",
    "ReconMatrixPE": 64,
    "RepetitionTime": 1.25,
    "ScanOptions": "FS",
    "ScanningSequence": "GR",
    "SequenceVariant": "SK",
    "SliceThickness": 3,
    "SoftwareVersions": "5.1.8_5.1.8.1",
    "SpacingBetweenSlices": 3.3,
    "StationName": "mrkh",
    "TaskName": "Rest Post",
    "dataset": "ds001927",
    "modality": "bold",
    "session_id": "ctr",
    "subject_id": "s002",
    "task_id": "restpost"
  },
  "dummy_trs": 0,
  "dvars_nstd": 29.346622145275475,
  "dvars_std": 1.2441090336894824,
  "dvars_vstd": 0.9977277317028377,
  "efc": 0.5090704020029825,
  "fber": 42737.96484375,
  "fd_mean": 0.09967643201804542,
  "fd_num": 17,
  "fd_perc": 2.8333333333333335,
  "fwhm_avg": 1.702616371459748,
  "fwhm_x": 1.6977933333333333,
  "fwhm_y": 1.78578,
  "fwhm_z": 1.6242757810459105,
  "gcor": 0.0112708,
  "gsr_x": -0.004859048407524824,
  "gsr_y": 0.02367481030523777,
  "provenance": {
    "md5sum": "5f4e670878427da4a58427058ad6ec6b",
    "settings": {
      "fd_thres": 0.2,
      "testing": false
    },
    "software": "mriqc",
    "version": "22.0.0rc1",
    "webapi_port": null,
    "webapi_url": "https://mriqc.nimh.nih.gov/api/v1"
  },
  "size_t": 600,
  "size_x": 64,
  "size_y": 64,
  "size_z": 40,
  "snr": 5.622771593981104,
  "spacing_tr": 1.25,
  "spacing_x": 3.0,
  "spacing_y": 3.0,
  "spacing_z": 3.299999952316284,
  "summary_bg_k": 23.93362982649804,
  "summary_bg_mad": 7.349201340246855,
  "summary_bg_mean": 35.19388198852539,
  "summary_bg_median": 5.623167991638184,
  "summary_bg_n": 93393.0,
  "summary_bg_p05": 0.3943620085716248,
  "summary_bg_p95": 165.79133300781243,
  "summary_bg_stdv": 74.0828628540039,
  "summary_fg_k": 1.5360180172752038,
  "summary_fg_mad": 200.81314963412967,
  "summary_fg_mean": 1293.086669921875,
  "summary_fg_median": 1262.419677734375,
  "summary_fg_n": 34309.0,
  "summary_fg_p05": 991.47109375,
  "summary_fg_p95": 1686.8253662109373,
  "summary_fg_stdv": 224.51583862304688,
  "tsnr": 63.33746337890625
}