{
  "aor": 0.00029003333333333335,
  "aqi": 0.005438356866666667,
  "bids_meta": {
    "AcquisitionMatrixPE": 62,
    "ConversionSoftware": "dcm2niix",
    "DeviceSerialNumber": "42292",
    "EchoTime": 0.03,
    "EchoTrainLength": 31,
    "FlipAngle": 70,
    "ImageType": [
      "ORIGINAL",
      "PRIMARY",
      "M",
      "FFE",
      "M",
      "FFE"
    ],
    "InPlanePhaseEncodingDirectionDICOM": "COL",
    "InstitutionName": "Klinikum_rechts_der_Isar",
    "InstitutionalDepartmentName": "MRT",
    "MRAcquisitionType": "2D",
    "MagneticFieldStrength": 3,
    "Manufacturer": "Philips",
    "ManufacturersModelName": "Ingenia",
    "Modality": "MR",
    "MultibandAccelerationFactor": 2,
    "PatientPosition": "HFS",
    "PercentPhaseFOV": 100,
    "PhaseEncodingSteps": 62,
    "ProcedureStepDescription": "Studie_MR",
    "ReconMatrixPE": 64,
    "RepetitionTime": 1.25,
    "ScanOptions": "FS",
    "ScanningSequence": "GR",
    "SequenceVariant": "SK",
    "SliceThickness": 3,
    "SoftwareVersions": "5.1.8_5.1.8.1",
    "SpacingBetweenSlices": 3.3,
    "StationName": "mrkh",
    "TaskName": "Rest Pre",
    "dataset": "ds001927",
    "modality": "bold",
    "session_id": "ctr",
    "subject_id": "s002",
    "task_id": "restpre"
  },
  "dummy_trs": 0,
  "dvars_nstd": 28.041300272020052,
  "dvars_std": 1.2132239821702835,
  "dvars_vstd": 0.9950396292821354,
  "efc": 0.5014097806945816,
  "fber": 43284.9453125,
  "fd_mean": 0.08482552312873658,
  "fd_num": 4,
  "fd_perc": 0.6666666666666666,
  "fwhm_avg": 1.7540401089316842,
  "fwhm_x": 1.7482533333333334,
  "fwhm_y": 1.8692033333333333,
  "fwhm_z": 1.6446636601283862,
  "gcor": 0.0787712,
  "gsr_x": -0.005706635769456625,
  "gsr_y": 0.019989624619483948,
  "provenance": {
    "md5sum": "a3f4255567b90b153c75adc0452e585a",
    "settings": {
      "fd_thres": 0.2,
      "testing": false
    },
    "software": "mriqc",
    "version": "22.0.0rc1",
    "webapi_port": null,
    "webapi_url": "https://mriqc.nimh.nih.gov/api/v1"
  },
  "size_t": 600,
  "size_x": 64,
  "size_y": 64,
  "size_z": 40,
  "snr": 5.6055532502267145,
  "spacing_tr": 1.25,
  "spacing_x": 3.0,
  "spacing_y": 3.0,
  "spacing_z": 3.299999952316284,
  "summary_bg_k": 29.16214329973544,
  "summary_bg_mad": 7.148653803903855,
  "summary_bg_mean": 33.214378356933594,
  "summary_bg_median": 5.796542167663574,
  "summary_bg_n": 94667.0,
  "summary_bg_p05": 0.7006847679615021,
  "summary_bg_p95": 150.69665679931637,
  "summary_bg_stdv": 70.88851928710938,
  "summary_fg_k": 1.7020363601333193,
  "summary_fg_mad": 199.18250437183286,
  "summary_fg_mean": 1304.9805908203125,
  "summary_fg_median": 1275.8258056640625,
  "summary_fg_n": 33497.0,
  "summary_fg_p05": 994.7516967773438,
  "summary_fg_p95": 1696.473364257812,
  "summary_fg_stdv": 227.59693908691406,
  "tsnr": 62.288700103759766
}