{
  "bids_meta": {
    "AcquisitionMatrixPE": 238,
    "ConversionSoftware": "dcm2niix",
    "DeviceSerialNumber": "42292",
    "EchoTime": 0.003996,
    "EchoTrainLength": 159,
    "FlipAngle": 8,
    "ImageType": [
      "ORIGINAL",
      "PRIMARY",
      "M",
      "FFE",
      "M",
      "FFE"
    ],
    "InPlanePhaseEncodingDirectionDICOM": "ROW",
    "InstitutionName": "Klinikum_rechts_der_Isar",
    "InstitutionalDepartmentName": "MRT",
    "MRAcquisitionType": "3D",
    "MagneticFieldStrength": 3,
    "Manufacturer": "Philips",
    "ManufacturersModelName": "Ingenia",
    "Modality": "MR",
    "PatientPosition": "HFS",
    "PercentPhaseFOV": 100,
    "PhaseEncodingSteps": 238,
    "ProcedureStepDescription": "Studie_MR",
    "ReconMatrixPE": 256,
    "RepetitionTime": 0.009,
    "ScanOptions": "OTHER",
    "ScanningSequence": "GR",
    "SequenceVariant": "MP",
    "SliceThickness": 1,
    "SoftwareVersions": "5.1.8_5.1.8.1",
    "SpacingBetweenSlices": 1,
    "StationName": "mrkh",
    "dataset": "ds001927",
    "modality": "T1w",
    "session_id": "ctr",
    "subject_id": "s005"
  },
  "cjv": 0.354130670340023,
  "cnr": 3.5939006190826466,
  "efc": 0.7677189392627148,
  "fber": 1442.6966552734375,
  "fwhm_avg": 3.6226970492028183,
  "fwhm_x": 3.50272,
  "fwhm_y": 3.9065077235244403,
  "fwhm_z": 3.458863424084015,
  "icvs_csf": 0.2015950433884633,
  "icvs_gm": 0.3961843621800399,
  "icvs_wm": 0.4022205944314969,
  "inu_med": 1.3209049701690674,
  "inu_range": 0.32453187704086295,
  "provenance": {
    "md5sum": "fd33c8fbe3dc848ba13e337a2a661066",
    "settings": {
      "testing": false
    },
    "software": "mriqc",
    "version": "22.0.0rc1",
    "warnings": {
      "large_rot_frame": true,
      "small_air_mask": true
    },
    "webapi_port": null,
    "webapi_url": "https://mriqc.nimh.nih.gov/api/v1"
  },
  "qi_1": 0.0,
  "qi_2": 0.0018618311854237091,
  "rpve_csf": 24.362162305434257,
  "rpve_gm": 12.86113868763891,
  "rpve_wm": 16.975574417456524,
  "size_x": 170,
  "size_y": 256,
  "size_z": 256,
  "snr_csf": 2.723071258010137,
  "snr_gm": 7.304844099701355,
  "snr_total": 10.086475656467053,
  "snr_wm": 20.23151161168967,
  "snrd_csf": 20.057670801682317,
  "snrd_gm": 41.51372701266788,
  "snrd_total": 42.24794081051323,
  "snrd_wm": 65.17242461718948,
  "spacing_x": 1.0,
  "spacing_y": 0.943651020526886,
  "spacing_z": 0.943651020526886,
  "summary_bg_k": 2.2290372185272824,
  "summary_bg_mad": 10.052222920326775,
  "summary_bg_mean": 16.030805587768555,
  "summary_bg_median": 13.4930419921875,
  "summary_bg_n": 207825.0,
  "summary_bg_p05": 0.0,
  "summary_bg_p95": 40.460488891601564,
  "summary_bg_stdv": 12.50664234161377,
  "summary_csf_k": -0.030584794180889663,
  "summary_csf_mad": 94.05429756275232,
  "summary_csf_mean": 288.9004211425781,
  "summary_csf_median": 307.75909423828125,
  "summary_csf_n": 7136.0,
  "summary_csf_p05": 64.17713928222656,
  "summary_csf_p95": 443.5585632324219,
  "summary_csf_stdv": 113.01119232177734,
  "summary_gm_k": 0.15701146664240007,
  "summary_gm_mad": 84.15844355211838,
  "summary_gm_mean": 637.916748046875,
  "summary_gm_median": 636.974609375,
  "summary_gm_n": 14634.0,
  "summary_gm_p05": 494.1029937744141,
  "summary_gm_p95": 784.7483978271482,
  "summary_gm_stdv": 87.19595336914062,
  "summary_wm_k": 1.059145656407308,
  "summary_wm_mad": 44.39531266546936,
  "summary_wm_mean": 999.5221557617188,
  "summary_wm_median": 999.98681640625,
  "summary_wm_n": 240684.0,
  "summary_wm_p05": 918.0051666259766,
  "summary_wm_p95": 1078.897723388672,
  "summary_wm_stdv": 49.42708969116211,
  "tpm_overlap_csf": 0.15938454866409302,
  "tpm_overlap_gm": 0.4136664867401123,
  "tpm_overlap_wm": 0.5000409483909607,
  "wm2max": 0.601476330392182
}