{
  "aor": 0.00020014999999999999,
  "aqi": 0.007336999533333334,
  "bids_meta": {
    "AcquisitionMatrixPE": 62,
    "ConversionSoftware": "dcm2niix",
    "DeviceSerialNumber": "42292",
    "EchoTime": 0.03,
    "EchoTrainLength": 31,
    "FlipAngle": 70,
    "ImageType": [
      "ORIGINAL",
      "PRIMARY",
      "M",
      "FFE",
      "M",
      "FFE"
    ],
    "InPlanePhaseEncodingDirectionDICOM": "COL",
    "InstitutionName": "Klinikum_rechts_der_Isar",
    "InstitutionalDepartmentName": "MRT",
    "MRAcquisitionType": "2D",
    "MagneticFieldStrength": 3,
    "Manufacturer": "Philips",
    "ManufacturersModelName": "Ingenia",
    "Modality": "MR",
    "MultibandAccelerationFactor": 2,
    "PatientPosition": "HFS",
    "PercentPhaseFOV": 100,
    "PhaseEncodingSteps": 62,
    "ProcedureStepDescription": "Studie_MR",
    "ReconMatrixPE": 64,
    "RepetitionTime": 1.25,
    "ScanOptions": "FS",
    "ScanningSequence": "GR",
    "SequenceVariant": "SK",
    "SliceThickness": 3,
    "SoftwareVersions": "5.1.8_5.1.8.1",
    "SpacingBetweenSlices": 3.3,
    "StationName": "mrkh",
    "TaskName": "Rest Pre",
    "dataset": "ds001927",
    "modality": "bold",
    "session_id": "occ",
    "subject_id": "s002",
    "task_id": "restpre"
  },
  "dummy_trs": 0,
  "dvars_nstd": 29.47610482240404,
  "dvars_std": 1.2106167263272132,
  "dvars_vstd": 0.9882790616026699,
  "efc": 0.5185612434243638,
  "fber": 31004.197265625,
  "fd_mean": 0.09898931434492361,
  "fd_num": 8,
  "fd_perc": 1.3333333333333333,
  "fwhm_avg": 1.7184714222156525,
  "fwhm_x": 1.7012600000000002,
  "fwhm_y": 1.7777966666666665,
  "fwhm_z": 1.6763575999802907,
  "gcor": 0.00720353,
  "gsr_x": -0.012555540539324284,
  "gsr_y": 0.020932240411639214,
  "provenance": {
    "md5sum": "213d86d306d2b7b88310a0e86a0f4567",
    "settings": {
      "fd_thres": 0.2,
      "testing": false
    },
    "software": "mriqc",
    "version": "22.0.0rc1",
    "webapi_port": null,
    "webapi_url": "https://mriqc.nimh.nih.gov/api/v1"
  },
  "size_t": 600,
  "size_x": 64,
  "size_y": 64,
  "size_z": 40,
  "snr": 5.816371354553417,
  "spacing_tr": 1.25,
  "spacing_x": 3.0,
  "spacing_y": 3.0,
  "spacing_z": 3.299999952316284,
  "summary_bg_k": 22.301079825097563,
  "summary_bg_mad": 8.614016011658803,
  "summary_bg_mean": 42.478607177734375,
  "summary_bg_median": 6.896454334259033,
  "summary_bg_n": 93135.0,
  "summary_bg_p05": 0.7456741869449616,
  "summary_bg_p95": 195.95109863281252,
  "summary_bg_stdv": 90.59862518310547,
  "summary_fg_k": 1.852070866490835,
  "summary_fg_mad": 199.4797668405701,
  "summary_fg_mean": 1328.5540771484375,
  "summary_fg_median": 1295.5745849609375,
  "summary_fg_n": 34494.0,
  "summary_fg_p05": 1033.9945861816407,
  "summary_fg_p95": 1714.3262084960936,
  "summary_fg_stdv": 222.7429656982422,
  "tsnr": 59.04873275756836
}