{
  "aor": 0.0002619333333333334,
  "aqi": 0.007196543100000001,
  "bids_meta": {
    "AcquisitionMatrixPE": 62,
    "ConversionSoftware": "dcm2niix",
    "DeviceSerialNumber": "42292",
    "EchoTime": 0.03,
    "EchoTrainLength": 31,
    "FlipAngle": 70,
    "ImageType": [
      "ORIGINAL",
      "PRIMARY",
      "M",
      "FFE",
      "M",
      "FFE"
    ],
    "InPlanePhaseEncodingDirectionDICOM": "COL",
    "InstitutionName": "Klinikum_rechts_der_Isar",
    "InstitutionalDepartmentName": "MRT",
    "MRAcquisitionType": "2D",
    "MagneticFieldStrength": 3,
    "Manufacturer": "Philips",
    "ManufacturersModelName": "Ingenia",
    "Modality": "MR",
    "MultibandAccelerationFactor": 2,
    "PatientPosition": "HFS",
    "PercentPhaseFOV": 100,
    "PhaseEncodingSteps": 62,
    "ProcedureStepDescription": "Studie_MR",
    "ReconMatrixPE": 64,
    "RepetitionTime": 1.25,
    "ScanOptions": "FS",
    "ScanningSequence": "GR",
    "SequenceVariant": "SK",
    "SliceThickness": 3,
    "SoftwareVersions": "5.1.8_5.1.8.1",
    "SpacingBetweenSlices": 3.3,
    "StationName": "mrkh",
    "TaskName": "Rest Post",
    "dataset": "ds001927",
    "modality": "bold",
    "session_id": "occ",
    "subject_id": "s002",
    "task_id": "restpost"
  },
  "dummy_trs": 0,
  "dvars_nstd": 31.535402024090118,
  "dvars_std": 1.2415749621535899,
  "dvars_vstd": 0.9965343220367284,
  "efc": 0.5192301757391458,
  "fber": 28424.044921875,
  "fd_mean": 0.07720646338215258,
  "fd_num": 1,
  "fd_perc": 0.16666666666666666,
  "fwhm_avg": 1.7251832403763363,
  "fwhm_x": 1.7163866666666667,
  "fwhm_y": 1.7871933333333334,
  "fwhm_z": 1.6719697211290088,
  "gcor": 0.00448236,
  "gsr_x": -0.017446128651499748,
  "gsr_y": 0.024489225819706917,
  "provenance": {
    "md5sum": "850dc330b3bf706aa0b76bfb07ed60e6",
    "settings": {
      "fd_thres": 0.2,
      "testing": false
    },
    "software": "mriqc",
    "version": "22.0.0rc1",
    "webapi_port": null,
    "webapi_url": "https://mriqc.nimh.nih.gov/api/v1"
  },
  "size_t": 600,
  "size_x": 64,
  "size_y": 64,
  "size_z": 40,
  "snr": 6.077892093940185,
  "spacing_tr": 1.25,
  "spacing_x": 3.0,
  "spacing_y": 3.0,
  "spacing_z": 3.299999952316284,
  "summary_bg_k": 18.57668033223226,
  "summary_bg_mad": 9.515337213009321,
  "summary_bg_mean": 49.805667877197266,
  "summary_bg_median": 7.426157474517822,
  "summary_bg_n": 93914.0,
  "summary_bg_p05": 0.7347234547138215,
  "summary_bg_p95": 232.87030715942367,
  "summary_bg_stdv": 104.54532623291016,
  "summary_fg_k": 1.344464299216913,
  "summary_fg_mad": 205.88769597259142,
  "summary_fg_mean": 1398.09423828125,
  "summary_fg_median": 1379.400634765625,
  "summary_fg_n": 33887.0,
  "summary_fg_p05": 1064.883837890625,
  "summary_fg_p95": 1782.3335449218748,
  "summary_fg_stdv": 226.950439453125,
  "tsnr": 58.92715072631836
}