{
  "bids_meta": {
    "AcquisitionMatrixPE": 238,
    "ConversionSoftware": "dcm2niix",
    "DeviceSerialNumber": "42292",
    "EchoTime": 0.003996,
    "EchoTrainLength": 159,
    "FlipAngle": 8,
    "ImageType": [
      "ORIGINAL",
      "PRIMARY",
      "M",
      "FFE",
      "M",
      "FFE"
    ],
    "InPlanePhaseEncodingDirectionDICOM": "ROW",
    "InstitutionName": "Klinikum_rechts_der_Isar",
    "InstitutionalDepartmentName": "MRT",
    "MRAcquisitionType": "3D",
    "MagneticFieldStrength": 3,
    "Manufacturer": "Philips",
    "ManufacturersModelName": "Ingenia",
    "Modality": "MR",
    "PatientPosition": "HFS",
    "PercentPhaseFOV": 100,
    "PhaseEncodingSteps": 238,
    "ProcedureStepDescription": "Studie_MR",
    "ReconMatrixPE": 256,
    "RepetitionTime": 0.009,
    "ScanOptions": "OTHER",
    "ScanningSequence": "GR",
    "SequenceVariant": "MP",
    "SliceThickness": 1,
    "SoftwareVersions": "5.1.8_5.1.8.1",
    "SpacingBetweenSlices": 1,
    "StationName": "mrkh",
    "dataset": "ds001927",
    "modality": "T1w",
    "session_id": "fro",
    "subject_id": "s011"
  },
  "cjv": 0.32642973703354516,
  "cnr": 3.808667129595726,
  "efc": 0.777854386915509,
  "fber": 1460.9625244140625,
  "fwhm_avg": 3.705884031651056,
  "fwhm_x": 3.5723,
  "fwhm_y": 4.011272769519109,
  "fwhm_z": 3.5340793254340612,
  "icvs_csf": 0.24629064580572235,
  "icvs_gm": 0.3638299277294106,
  "icvs_wm": 0.38987942646486706,
  "inu_med": 1.2823984622955322,
  "inu_range": 0.37414474487304683,
  "provenance": {
    "md5sum": "2f577314f145ed7c24fdbbf4e7c013b4",
    "settings": {
      "testing": false
    },
    "software": "mriqc",
    "version": "22.0.0rc1",
    "warnings": {
      "large_rot_frame": true,
      "small_air_mask": true
    },
    "webapi_port": null,
    "webapi_url": "https://mriqc.nimh.nih.gov/api/v1"
  },
  "qi_1": 0.0,
  "qi_2": 0.0026278108750479065,
  "rpve_csf": 20.504908384272323,
  "rpve_gm": 12.846386245702663,
  "rpve_wm": 16.69399163376773,
  "size_x": 170,
  "size_y": 256,
  "size_z": 256,
  "snr_csf": 3.5626419869379573,
  "snr_gm": 8.380189623824473,
  "snr_total": 10.923460743439817,
  "snr_wm": 20.82755061955702,
  "snrd_csf": 22.139064747967225,
  "snrd_gm": 43.058719282700494,
  "snrd_total": 43.822550156228296,
  "snrd_wm": 66.26986643801719,
  "spacing_x": 1.0,
  "spacing_y": 0.9424689412117004,
  "spacing_z": 0.9424689412117004,
  "summary_bg_k": 5.036778153391921,
  "summary_bg_mad": 9.885865375215392,
  "summary_bg_mean": 13.907965660095215,
  "summary_bg_median": 13.282798767089844,
  "summary_bg_n": 180666.0,
  "summary_bg_p05": 0.0,
  "summary_bg_p95": 33.693302154541016,
  "summary_bg_stdv": 11.866259574890137,
  "summary_csf_k": 0.9204625786826202,
  "summary_csf_mad": 83.46673143308416,
  "summary_csf_mean": 327.14453125,
  "summary_csf_median": 334.07366943359375,
  "summary_csf_n": 6863.0,
  "summary_csf_p05": 149.32363586425782,
  "summary_csf_p95": 462.2715545654296,
  "summary_csf_stdv": 93.76449584960938,
  "summary_gm_k": 0.5248168370896034,
  "summary_gm_mad": 70.5172634171114,
  "summary_gm_mean": 652.3839721679688,
  "summary_gm_median": 649.7467041015625,
  "summary_gm_n": 10066.0,
  "summary_gm_p05": 529.4290161132812,
  "summary_gm_p95": 786.9087829589844,
  "summary_gm_stdv": 77.52980041503906,
  "summary_wm_k": 0.8906150506145907,
  "summary_wm_mad": 43.81513052899789,
  "summary_wm_mean": 999.0000610351562,
  "summary_wm_median": 999.9978637695312,
  "summary_wm_n": 226991.0,
  "summary_wm_p05": 918.4680480957031,
  "summary_wm_p95": 1075.281005859375,
  "summary_wm_stdv": 48.013118743896484,
  "tpm_overlap_csf": 0.14265914261341095,
  "tpm_overlap_gm": 0.40620046854019165,
  "tpm_overlap_wm": 0.5026870965957642,
  "wm2max": 0.631000155952493
}