{
  "aor": 0.001260133333333333,
  "aqi": 0.011251349950000001,
  "bids_meta": {
    "AcquisitionMatrixPE": 62,
    "ConversionSoftware": "dcm2niix",
    "DeviceSerialNumber": "42292",
    "EchoTime": 0.03,
    "EchoTrainLength": 31,
    "FlipAngle": 70,
    "ImageType": [
      "ORIGINAL",
      "PRIMARY",
      "M",
      "FFE",
      "M",
      "FFE"
    ],
    "InPlanePhaseEncodingDirectionDICOM": "COL",
    "InstitutionName": "Klinikum_rechts_der_Isar",
    "InstitutionalDepartmentName": "MRT",
    "MRAcquisitionType": "2D",
    "MagneticFieldStrength": 3,
    "Manufacturer": "Philips",
    "ManufacturersModelName": "Ingenia",
    "Modality": "MR",
    "MultibandAccelerationFactor": 2,
    "PatientPosition": "HFS",
    "PercentPhaseFOV": 100,
    "PhaseEncodingSteps": 62,
    "ProcedureStepDescription": "Studie_MR",
    "ReconMatrixPE": 64,
    "RepetitionTime": 1.25,
    "ScanOptions": "FS",
    "ScanningSequence": "GR",
    "SequenceVariant": "SK",
    "SliceThickness": 3,
    "SoftwareVersions": "5.1.8_5.1.8.1",
    "SpacingBetweenSlices": 3.3,
    "StationName": "mrkh",
    "TaskName": "Rest Post",
    "dataset": "ds001927",
    "modality": "bold",
    "session_id": "ctr",
    "subject_id": "s006",
    "task_id": "restpost"
  },
  "dummy_trs": 0,
  "dvars_nstd": 32.359965606394006,
  "dvars_std": 1.143659037529216,
  "dvars_vstd": 0.990791678631051,
  "efc": 0.48411419309163106,
  "fber": 23956.75390625,
  "fd_mean": 0.165539397929312,
  "fd_num": 181,
  "fd_perc": 30.166666666666668,
  "fwhm_avg": 2.0941153625260913,
  "fwhm_x": 2.1356800000000002,
  "fwhm_y": 2.2800266666666666,
  "fwhm_z": 1.8666394209116073,
  "gcor": 0.00452551,
  "gsr_x": -0.011498048901557922,
  "gsr_y": 0.02965211123228073,
  "provenance": {
    "md5sum": "61c3cfa22fdf07a2e869f646db72e917",
    "settings": {
      "fd_thres": 0.2,
      "testing": false
    },
    "software": "mriqc",
    "version": "22.0.0rc1",
    "webapi_port": null,
    "webapi_url": "https://mriqc.nimh.nih.gov/api/v1"
  },
  "size_t": 600,
  "size_x": 64,
  "size_y": 64,
  "size_z": 40,
  "snr": 4.8099475689601165,
  "spacing_tr": 1.25,
  "spacing_x": 3.0,
  "spacing_y": 3.0,
  "spacing_z": 3.299999952316284,
  "summary_bg_k": 32.00525326767874,
  "summary_bg_mad": 12.358197391329382,
  "summary_bg_mean": 38.11565399169922,
  "summary_bg_median": 9.077954292297363,
  "summary_bg_n": 99065.0,
  "summary_bg_p05": 0.46456030011177113,
  "summary_bg_p95": 157.22436218261655,
  "summary_bg_stdv": 70.74658203125,
  "summary_fg_k": 1.4600002650539006,
  "summary_fg_mad": 233.45881257068473,
  "summary_fg_mean": 1461.8787841796875,
  "summary_fg_median": 1431.4708251953125,
  "summary_fg_n": 30842.0,
  "summary_fg_p05": 1021.7561309814454,
  "summary_fg_p95": 2039.4285705566406,
  "summary_fg_stdv": 297.60150146484375,
  "tsnr": 45.58556365966797
}