{
  "bids_meta": {
    "AcquisitionMatrixPE": 238,
    "ConversionSoftware": "dcm2niix",
    "DeviceSerialNumber": "42292",
    "EchoTime": 0.003996,
    "EchoTrainLength": 159,
    "FlipAngle": 8,
    "ImageType": [
      "ORIGINAL",
      "PRIMARY",
      "M",
      "FFE",
      "M",
      "FFE"
    ],
    "InPlanePhaseEncodingDirectionDICOM": "ROW",
    "InstitutionName": "Klinikum_rechts_der_Isar",
    "InstitutionalDepartmentName": "MRT",
    "MRAcquisitionType": "3D",
    "MagneticFieldStrength": 3,
    "Manufacturer": "Philips",
    "ManufacturersModelName": "Ingenia",
    "Modality": "MR",
    "PatientPosition": "HFS",
    "PercentPhaseFOV": 100,
    "PhaseEncodingSteps": 238,
    "ProcedureStepDescription": "Studie_MR",
    "ReconMatrixPE": 256,
    "RepetitionTime": 0.009,
    "ScanOptions": "OTHER",
    "ScanningSequence": "GR",
    "SequenceVariant": "MP",
    "SliceThickness": 1,
    "SoftwareVersions": "5.1.8_5.1.8.1",
    "SpacingBetweenSlices": 1,
    "StationName": "mrkh",
    "dataset": "ds001927",
    "modality": "T1w",
    "session_id": "ctr",
    "subject_id": "s009"
  },
  "cjv": 0.35354968125179465,
  "cnr": 3.544309658916431,
  "efc": 0.76537840521449,
  "fber": 667.3997802734375,
  "fwhm_avg": 3.497504349238184,
  "fwhm_x": 3.43927,
  "fwhm_y": 3.637467586357793,
  "fwhm_z": 3.4157754613567586,
  "icvs_csf": 0.2187620497590988,
  "icvs_gm": 0.40014144565782633,
  "icvs_wm": 0.38109650458307487,
  "inu_med": 1.3315534591674805,
  "inu_range": 0.32696464061737074,
  "provenance": {
    "md5sum": "56abcfa0b4ea2b5a4ca6e0f15ff06f68",
    "settings": {
      "testing": false
    },
    "software": "mriqc",
    "version": "22.0.0rc1",
    "warnings": {
      "large_rot_frame": true,
      "small_air_mask": true
    },
    "webapi_port": null,
    "webapi_url": "https://mriqc.nimh.nih.gov/api/v1"
  },
  "qi_1": 0.0,
  "qi_2": 0.002815956759878332,
  "rpve_csf": 25.242936146747848,
  "rpve_gm": 14.014806552752416,
  "rpve_wm": 19.760922845308894,
  "size_x": 170,
  "size_y": 256,
  "size_z": 256,
  "snr_csf": 3.2135570568341274,
  "snr_gm": 7.3213134959326025,
  "snr_total": 10.460483710815783,
  "snr_wm": 20.84658057968062,
  "snrd_csf": 21.261268786163267,
  "snrd_gm": 43.905510768072894,
  "snrd_total": 44.475656042768556,
  "snrd_wm": 68.2601885740695,
  "spacing_x": 1.0,
  "spacing_y": 0.943651020526886,
  "spacing_z": 0.943651020526886,
  "summary_bg_k": 2.956093695732899,
  "summary_bg_mad": 9.597575287143057,
  "summary_bg_mean": 13.870884895324707,
  "summary_bg_median": 12.930183410644531,
  "summary_bg_n": 166138.0,
  "summary_bg_p05": 0.0,
  "summary_bg_p95": 32.61372699737549,
  "summary_bg_stdv": 10.718489646911621,
  "summary_csf_k": 0.3785160501227769,
  "summary_csf_mad": 89.35634024147737,
  "summary_csf_mean": 304.7340087890625,
  "summary_csf_median": 311.47198486328125,
  "summary_csf_n": 3014.0,
  "summary_csf_p05": 116.39974327087403,
  "summary_csf_p95": 446.22339019775393,
  "summary_csf_stdv": 96.90828704833984,
  "summary_gm_k": 0.14230166085816176,
  "summary_gm_mad": 83.63961421741368,
  "summary_gm_mean": 643.954833984375,
  "summary_gm_median": 643.2041625976562,
  "summary_gm_n": 11958.0,
  "summary_gm_p05": 499.65125732421876,
  "summary_gm_p95": 792.20283203125,
  "summary_gm_stdv": 87.84998321533203,
  "summary_wm_k": 1.2525507236657862,
  "summary_wm_mad": 42.503239314228296,
  "summary_wm_mean": 998.1898803710938,
  "summary_wm_median": 999.9937744140625,
  "summary_wm_n": 192104.0,
  "summary_wm_p05": 916.6837768554688,
  "summary_wm_p95": 1072.332342529297,
  "summary_wm_stdv": 47.96907424926758,
  "tpm_overlap_csf": 0.1416172832250595,
  "tpm_overlap_gm": 0.4106002449989319,
  "tpm_overlap_wm": 0.49018004536628723,
  "wm2max": 0.6149915427006882
}