{
  "aor": 0.0011359333333333334,
  "aqi": 0.009980673983333332,
  "bids_meta": {
    "AcquisitionMatrixPE": 62,
    "ConversionSoftware": "dcm2niix",
    "DeviceSerialNumber": "42292",
    "EchoTime": 0.03,
    "EchoTrainLength": 31,
    "FlipAngle": 70,
    "ImageType": [
      "ORIGINAL",
      "PRIMARY",
      "M",
      "FFE",
      "M",
      "FFE"
    ],
    "InPlanePhaseEncodingDirectionDICOM": "COL",
    "InstitutionName": "Klinikum_rechts_der_Isar",
    "InstitutionalDepartmentName": "MRT",
    "MRAcquisitionType": "2D",
    "MagneticFieldStrength": 3,
    "Manufacturer": "Philips",
    "ManufacturersModelName": "Ingenia",
    "Modality": "MR",
    "MultibandAccelerationFactor": 2,
    "PatientPosition": "HFS",
    "PercentPhaseFOV": 100,
    "PhaseEncodingSteps": 62,
    "ProcedureStepDescription": "Studie_MR",
    "ReconMatrixPE": 64,
    "RepetitionTime": 1.25,
    "ScanOptions": "FS",
    "ScanningSequence": "GR",
    "SequenceVariant": "SK",
    "SliceThickness": 3,
    "SoftwareVersions": "5.1.8_5.1.8.1",
    "SpacingBetweenSlices": 3.3,
    "StationName": "mrkh",
    "TaskName": "Rest Pre",
    "dataset": "ds001927",
    "modality": "bold",
    "session_id": "occ",
    "subject_id": "s001",
    "task_id": "restpre"
  },
  "dummy_trs": 0,
  "dvars_nstd": 32.82610424834722,
  "dvars_std": 1.2527678122036732,
  "dvars_vstd": 0.9873492415358923,
  "efc": 0.5268694470750487,
  "fber": 17125.75390625,
  "fd_mean": 0.15305899726464214,
  "fd_num": 165,
  "fd_perc": 27.5,
  "fwhm_avg": 1.8773756649398337,
  "fwhm_x": 1.8613033333333335,
  "fwhm_y": 2.0321933333333333,
  "fwhm_z": 1.7386303281528346,
  "gcor": 0.0158343,
  "gsr_x": -0.007547623477876186,
  "gsr_y": 0.027516089379787445,
  "provenance": {
    "md5sum": "3e099a4c885b049dd07d145e5e61589e",
    "settings": {
      "fd_thres": 0.2,
      "testing": false
    },
    "software": "mriqc",
    "version": "22.0.0rc1",
    "webapi_port": null,
    "webapi_url": "https://mriqc.nimh.nih.gov/api/v1"
  },
  "size_t": 600,
  "size_x": 64,
  "size_y": 64,
  "size_z": 40,
  "snr": 5.317019628334346,
  "spacing_tr": 1.25,
  "spacing_x": 3.0,
  "spacing_y": 3.0,
  "spacing_z": 3.299999952316284,
  "summary_bg_k": 21.157627325660872,
  "summary_bg_mad": 10.537347061502338,
  "summary_bg_mean": 40.08373260498047,
  "summary_bg_median": 8.202919006347656,
  "summary_bg_n": 91202.0,
  "summary_bg_p05": 0.8160403907299042,
  "summary_bg_p95": 184.6491546630859,
  "summary_bg_stdv": 82.62001037597656,
  "summary_fg_k": 1.7812523846606094,
  "summary_fg_mad": 198.50726158896612,
  "summary_fg_mean": 1253.0162353515625,
  "summary_fg_median": 1226.854248046875,
  "summary_fg_n": 36354.0,
  "summary_fg_p05": 941.8323272705078,
  "summary_fg_p95": 1667.574182128906,
  "summary_fg_stdv": 230.73779296875,
  "tsnr": 50.51654052734375
}