{
  "aor": 0.0008370499999999999,
  "aqi": 0.011824019933333334,
  "bids_meta": {
    "AcquisitionMatrixPE": 62,
    "ConversionSoftware": "dcm2niix",
    "DeviceSerialNumber": "42292",
    "EchoTime": 0.03,
    "EchoTrainLength": 31,
    "FlipAngle": 70,
    "ImageType": [
      "ORIGINAL",
      "PRIMARY",
      "M",
      "FFE",
      "M",
      "FFE"
    ],
    "InPlanePhaseEncodingDirectionDICOM": "COL",
    "InstitutionName": "Klinikum_rechts_der_Isar",
    "InstitutionalDepartmentName": "MRT",
    "MRAcquisitionType": "2D",
    "MagneticFieldStrength": 3,
    "Manufacturer": "Philips",
    "ManufacturersModelName": "Ingenia",
    "Modality": "MR",
    "MultibandAccelerationFactor": 2,
    "PatientPosition": "HFS",
    "PercentPhaseFOV": 100,
    "PhaseEncodingSteps": 62,
    "ProcedureStepDescription": "Studie_MR",
    "ReconMatrixPE": 64,
    "RepetitionTime": 1.25,
    "ScanOptions": "FS",
    "ScanningSequence": "GR",
    "SequenceVariant": "SK",
    "SliceThickness": 3,
    "SoftwareVersions": "5.1.8_5.1.8.1",
    "SpacingBetweenSlices": 3.3,
    "StationName": "mrkh",
    "TaskName": "Rest Pre",
    "dataset": "ds001927",
    "modality": "bold",
    "session_id": "occ",
    "subject_id": "s018",
    "task_id": "restpre"
  },
  "dummy_trs": 0,
  "dvars_nstd": 32.414952400717894,
  "dvars_std": 1.1817217448747919,
  "dvars_vstd": 1.0041011869115184,
  "efc": 0.5254462327907226,
  "fber": 12095.921875,
  "fd_mean": 0.1776119930983457,
  "fd_num": 225,
  "fd_perc": 37.5,
  "fwhm_avg": 1.7181149572316803,
  "fwhm_x": 1.7413966666666667,
  "fwhm_y": 1.8066633333333335,
  "fwhm_z": 1.60628487169504,
  "gcor": 0.0113071,
  "gsr_x": 0.006093515548855066,
  "gsr_y": 0.02554475888609886,
  "provenance": {
    "md5sum": "e41b607ee3ca2565e7fcff8d58b338bf",
    "settings": {
      "fd_thres": 0.2,
      "testing": false
    },
    "software": "mriqc",
    "version": "22.0.0rc1",
    "webapi_port": null,
    "webapi_url": "https://mriqc.nimh.nih.gov/api/v1"
  },
  "size_t": 600,
  "size_x": 64,
  "size_y": 64,
  "size_z": 40,
  "snr": 6.2474494390352024,
  "spacing_tr": 1.25,
  "spacing_x": 3.0,
  "spacing_y": 3.0,
  "spacing_z": 3.299999952316284,
  "summary_bg_k": 14.571356089940608,
  "summary_bg_mad": 15.176923330835098,
  "summary_bg_mean": 54.120670318603516,
  "summary_bg_median": 11.14068603515625,
  "summary_bg_n": 93742.0,
  "summary_bg_p05": 0.5288445949554443,
  "summary_bg_p95": 252.182314300537,
  "summary_bg_stdv": 103.58212280273438,
  "summary_fg_k": 2.2765912284761587,
  "summary_fg_mad": 184.98883230292168,
  "summary_fg_mean": 1330.1497802734375,
  "summary_fg_median": 1315.72705078125,
  "summary_fg_n": 33904.0,
  "summary_fg_p05": 1024.5657836914063,
  "summary_fg_p95": 1680.5797668457028,
  "summary_fg_stdv": 210.5991668701172,
  "tsnr": 47.609107971191406
}