{
  "bids_meta": {
    "AcquisitionMatrixPE": 238,
    "ConversionSoftware": "dcm2niix",
    "DeviceSerialNumber": "42292",
    "EchoTime": 0.003996,
    "EchoTrainLength": 159,
    "FlipAngle": 8,
    "ImageType": [
      "ORIGINAL",
      "PRIMARY",
      "M",
      "FFE",
      "M",
      "FFE"
    ],
    "InPlanePhaseEncodingDirectionDICOM": "ROW",
    "InstitutionName": "Klinikum_rechts_der_Isar",
    "InstitutionalDepartmentName": "MRT",
    "MRAcquisitionType": "3D",
    "MagneticFieldStrength": 3,
    "Manufacturer": "Philips",
    "ManufacturersModelName": "Ingenia",
    "Modality": "MR",
    "PatientPosition": "HFS",
    "PercentPhaseFOV": 100,
    "PhaseEncodingSteps": 238,
    "ProcedureStepDescription": "Studie_MR",
    "ReconMatrixPE": 256,
    "RepetitionTime": 0.009,
    "ScanOptions": "OTHER",
    "ScanningSequence": "GR",
    "SequenceVariant": "MP",
    "SliceThickness": 1,
    "SoftwareVersions": "5.1.8_5.1.8.1",
    "SpacingBetweenSlices": 1,
    "StationName": "mrkh",
    "dataset": "ds001927",
    "modality": "T1w",
    "session_id": "occ",
    "subject_id": "s003"
  },
  "cjv": 0.33339942642518416,
  "cnr": 3.703684819947726,
  "efc": 0.8005435526748741,
  "fber": 660.52294921875,
  "fwhm_avg": 3.4762190533551682,
  "fwhm_x": 3.304,
  "fwhm_y": 3.7100897724300723,
  "fwhm_z": 3.414567387635434,
  "icvs_csf": 0.22956472108336012,
  "icvs_gm": 0.3880307538829614,
  "icvs_wm": 0.3824045250336785,
  "inu_med": 0.9666175842285156,
  "inu_range": 0.3643195867538451,
  "provenance": {
    "md5sum": "408ce50bdafb4842cd99e9ed92844632",
    "settings": {
      "testing": false
    },
    "software": "mriqc",
    "version": "22.0.0rc1",
    "warnings": {
      "large_rot_frame": true,
      "small_air_mask": true
    },
    "webapi_port": null,
    "webapi_url": "https://mriqc.nimh.nih.gov/api/v1"
  },
  "qi_1": 0.0,
  "qi_2": 0.0062831193597056535,
  "rpve_csf": 18.622848102336757,
  "rpve_gm": 10.81603366753311,
  "rpve_wm": 14.621576375003967,
  "size_x": 170,
  "size_y": 256,
  "size_z": 256,
  "snr_csf": 3.802566649441458,
  "snr_gm": 7.570397475225242,
  "snr_total": 10.747239261257961,
  "snr_wm": 20.868753659107185,
  "snrd_csf": 22.69154442486521,
  "snrd_gm": 37.93726486803307,
  "snrd_total": 40.02381241010214,
  "snrd_wm": 59.44262793740813,
  "spacing_x": 1.0,
  "spacing_y": 0.943651020526886,
  "spacing_z": 0.943651020526886,
  "summary_bg_k": 3.452578838076585,
  "summary_bg_mad": 11.021381777581997,
  "summary_bg_mean": 14.303072929382324,
  "summary_bg_median": 14.92863655090332,
  "summary_bg_n": 52546.0,
  "summary_bg_p05": 0.0,
  "summary_bg_p95": 37.88904857635498,
  "summary_bg_stdv": 11.78172492980957,
  "summary_csf_k": 1.8777366898994563,
  "summary_csf_mad": 81.30329862122642,
  "summary_csf_mean": 372.24652099609375,
  "summary_csf_median": 381.7406311035156,
  "summary_csf_n": 9600.0,
  "summary_csf_p05": 188.41479110717773,
  "summary_csf_p95": 515.7238555908202,
  "summary_csf_stdv": 100.38502502441406,
  "summary_gm_k": 0.3545265580435757,
  "summary_gm_mad": 77.35873425011295,
  "summary_gm_mean": 640.88330078125,
  "summary_gm_median": 638.2199096679688,
  "summary_gm_n": 17621.0,
  "summary_gm_p05": 505.1388244628906,
  "summary_gm_p95": 788.7486572265625,
  "summary_gm_stdv": 84.30228424072266,
  "summary_wm_k": 1.015853690723751,
  "summary_wm_mad": 43.26033107821311,
  "summary_wm_mean": 997.7092895507812,
  "summary_wm_median": 1000.00537109375,
  "summary_wm_n": 245160.0,
  "summary_wm_p05": 914.9683135986328,
  "summary_wm_p95": 1071.4026489257812,
  "summary_wm_stdv": 47.9186897277832,
  "tpm_overlap_csf": 0.1364375203847885,
  "tpm_overlap_gm": 0.4087086021900177,
  "tpm_overlap_wm": 0.46706539392471313,
  "wm2max": 0.5714624822989068
}