{
  "aor": 0.0035231999999999998,
  "aqi": 0.010341190483333334,
  "bids_meta": {
    "AcquisitionMatrixPE": 62,
    "ConversionSoftware": "dcm2niix",
    "DeviceSerialNumber": "42292",
    "EchoTime": 0.03,
    "EchoTrainLength": 31,
    "FlipAngle": 70,
    "ImageType": [
      "ORIGINAL",
      "PRIMARY",
      "M",
      "FFE",
      "M",
      "FFE"
    ],
    "InPlanePhaseEncodingDirectionDICOM": "COL",
    "InstitutionName": "Klinikum_rechts_der_Isar",
    "InstitutionalDepartmentName": "MRT",
    "MRAcquisitionType": "2D",
    "MagneticFieldStrength": 3,
    "Manufacturer": "Philips",
    "ManufacturersModelName": "Ingenia",
    "Modality": "MR",
    "MultibandAccelerationFactor": 2,
    "PatientPosition": "HFS",
    "PercentPhaseFOV": 100,
    "PhaseEncodingSteps": 62,
    "ProcedureStepDescription": "Studie_MR",
    "ReconMatrixPE": 64,
    "RepetitionTime": 1.25,
    "ScanOptions": "FS",
    "ScanningSequence": "GR",
    "SequenceVariant": "SK",
    "SliceThickness": 3,
    "SoftwareVersions": "5.1.8_5.1.8.1",
    "SpacingBetweenSlices": 3.3,
    "StationName": "mrkh",
    "TaskName": "Rest Pre",
    "dataset": "ds001927",
    "modality": "bold",
    "session_id": "ctr",
    "subject_id": "s006",
    "task_id": "restpre"
  },
  "dummy_trs": 0,
  "dvars_nstd": 33.74105498065107,
  "dvars_std": 1.2241080809181986,
  "dvars_vstd": 1.0522524653756273,
  "efc": 0.5052483550440194,
  "fber": 15502.0927734375,
  "fd_mean": 0.15607048921185393,
  "fd_num": 128,
  "fd_perc": 21.333333333333332,
  "fwhm_avg": 1.8488780888786265,
  "fwhm_x": 1.8247366666666667,
  "fwhm_y": 2.0463066666666667,
  "fwhm_z": 1.675590933302546,
  "gcor": 0.0182408,
  "gsr_x": -0.009440513327717781,
  "gsr_y": 0.022647181525826454,
  "provenance": {
    "md5sum": "f115a17116f0c00e05fef89fa974b542",
    "settings": {
      "fd_thres": 0.2,
      "testing": false
    },
    "software": "mriqc",
    "version": "22.0.0rc1",
    "webapi_port": null,
    "webapi_url": "https://mriqc.nimh.nih.gov/api/v1"
  },
  "size_t": 600,
  "size_x": 64,
  "size_y": 64,
  "size_z": 40,
  "snr": 5.307773241461875,
  "spacing_tr": 1.25,
  "spacing_x": 3.0,
  "spacing_y": 3.0,
  "spacing_z": 3.299999952316284,
  "summary_bg_k": 31.36883562040598,
  "summary_bg_mad": 14.257783604669171,
  "summary_bg_mean": 38.51106643676758,
  "summary_bg_median": 10.653463363647461,
  "summary_bg_n": 95334.0,
  "summary_bg_p05": 0.7433897435665132,
  "summary_bg_p95": 151.4078788757323,
  "summary_bg_stdv": 71.8707504272461,
  "summary_fg_k": 2.0163637469171185,
  "summary_fg_mad": 217.04250404602806,
  "summary_fg_mean": 1432.1365966796875,
  "summary_fg_median": 1396.58740234375,
  "summary_fg_n": 33716.0,
  "summary_fg_p05": 1076.6455383300781,
  "summary_fg_p95": 1913.9309997558594,
  "summary_fg_stdv": 263.11724853515625,
  "tsnr": 47.24717330932617
}