{
  "aor": 0.00032138333333333333,
  "aqi": 0.009538460633333334,
  "bids_meta": {
    "AcquisitionMatrixPE": 62,
    "ConversionSoftware": "dcm2niix",
    "DeviceSerialNumber": "42292",
    "EchoTime": 0.03,
    "EchoTrainLength": 31,
    "FlipAngle": 70,
    "ImageType": [
      "ORIGINAL",
      "PRIMARY",
      "M",
      "FFE",
      "M",
      "FFE"
    ],
    "InPlanePhaseEncodingDirectionDICOM": "COL",
    "InstitutionName": "Klinikum_rechts_der_Isar",
    "InstitutionalDepartmentName": "MRT",
    "MRAcquisitionType": "2D",
    "MagneticFieldStrength": 3,
    "Manufacturer": "Philips",
    "ManufacturersModelName": "Ingenia",
    "Modality": "MR",
    "MultibandAccelerationFactor": 2,
    "PatientPosition": "HFS",
    "PercentPhaseFOV": 100,
    "PhaseEncodingSteps": 62,
    "ProcedureStepDescription": "Studie_MR",
    "ReconMatrixPE": 64,
    "RepetitionTime": 1.25,
    "ScanOptions": "FS",
    "ScanningSequence": "GR",
    "SequenceVariant": "SK",
    "SliceThickness": 3,
    "SoftwareVersions": "5.1.8_5.1.8.1",
    "SpacingBetweenSlices": 3.3,
    "StationName": "mrkh",
    "TaskName": "Rest Pre",
    "dataset": "ds001927",
    "modality": "bold",
    "session_id": "fro",
    "subject_id": "s023",
    "task_id": "restpre"
  },
  "dummy_trs": 0,
  "dvars_nstd": 37.52391961649417,
  "dvars_std": 1.2417887976794655,
  "dvars_vstd": 1.0004516215358934,
  "efc": 0.5282729189142178,
  "fber": 10715.3544921875,
  "fd_mean": 0.1475632162568625,
  "fd_num": 119,
  "fd_perc": 19.833333333333332,
  "fwhm_avg": 1.6047075831900033,
  "fwhm_x": 1.6032666666666666,
  "fwhm_y": 1.66775,
  "fwhm_z": 1.543106082903343,
  "gcor": 0.0133372,
  "gsr_x": 0.013051449321210384,
  "gsr_y": 0.009927069768309593,
  "provenance": {
    "md5sum": "50f6c8c20667823708f79fb036647426",
    "settings": {
      "fd_thres": 0.2,
      "testing": false
    },
    "software": "mriqc",
    "version": "22.0.0rc1",
    "webapi_port": null,
    "webapi_url": "https://mriqc.nimh.nih.gov/api/v1"
  },
  "size_t": 600,
  "size_x": 64,
  "size_y": 64,
  "size_z": 40,
  "snr": 5.918823849838897,
  "spacing_tr": 1.25,
  "spacing_x": 3.0,
  "spacing_y": 3.0,
  "spacing_z": 3.299999952316284,
  "summary_bg_k": 25.1286363864981,
  "summary_bg_mad": 15.86887011634744,
  "summary_bg_mean": 53.563968658447266,
  "summary_bg_median": 11.519989967346191,
  "summary_bg_n": 93115.0,
  "summary_bg_p05": 0.4612220197916031,
  "summary_bg_p95": 247.6343795776367,
  "summary_bg_stdv": 110.95559692382812,
  "summary_fg_k": 3.9875995268430406,
  "summary_fg_mad": 174.80752488052775,
  "summary_fg_mean": 1270.28662109375,
  "summary_fg_median": 1243.4449462890625,
  "summary_fg_n": 34599.0,
  "summary_fg_p05": 1003.2979064941406,
  "summary_fg_p95": 1621.3445556640625,
  "summary_fg_stdv": 210.080078125,
  "tsnr": 53.282569885253906
}