{
  "bids_meta": {
    "AcquisitionMatrixPE": 238,
    "ConversionSoftware": "dcm2niix",
    "DeviceSerialNumber": "42292",
    "EchoTime": 0.003996,
    "EchoTrainLength": 159,
    "FlipAngle": 8,
    "ImageType": [
      "ORIGINAL",
      "PRIMARY",
      "M",
      "FFE",
      "M",
      "FFE"
    ],
    "InPlanePhaseEncodingDirectionDICOM": "ROW",
    "InstitutionName": "Klinikum_rechts_der_Isar",
    "InstitutionalDepartmentName": "MRT",
    "MRAcquisitionType": "3D",
    "MagneticFieldStrength": 3,
    "Manufacturer": "Philips",
    "ManufacturersModelName": "Ingenia",
    "Modality": "MR",
    "PatientPosition": "HFS",
    "PercentPhaseFOV": 100,
    "PhaseEncodingSteps": 238,
    "ProcedureStepDescription": "Studie_MR",
    "ReconMatrixPE": 256,
    "RepetitionTime": 0.009,
    "ScanOptions": "OTHER",
    "ScanningSequence": "GR",
    "SequenceVariant": "MP",
    "SliceThickness": 1,
    "SoftwareVersions": "5.1.8_5.1.8.1",
    "SpacingBetweenSlices": 1,
    "StationName": "mrkh",
    "dataset": "ds001927",
    "modality": "T1w",
    "session_id": "occ",
    "subject_id": "s014"
  },
  "cjv": 0.39598162964871664,
  "cnr": 3.212787322564445,
  "efc": 0.7895468854728857,
  "fber": 362.9495544433594,
  "fwhm_avg": 3.724319543739828,
  "fwhm_x": 3.62573,
  "fwhm_y": 3.9638912252873753,
  "fwhm_z": 3.58333740593211,
  "icvs_csf": 0.21789418584143844,
  "icvs_gm": 0.40692962035959096,
  "icvs_wm": 0.3751761937989706,
  "inu_med": 0.9793384075164795,
  "inu_range": 0.37021977901458747,
  "provenance": {
    "md5sum": "ce6ca9285bb5d655af495811cce21ce0",
    "settings": {
      "testing": false
    },
    "software": "mriqc",
    "version": "22.0.0rc1",
    "warnings": {
      "large_rot_frame": true,
      "small_air_mask": true
    },
    "webapi_port": null,
    "webapi_url": "https://mriqc.nimh.nih.gov/api/v1"
  },
  "qi_1": 0.0,
  "qi_2": 0.0007126154538236498,
  "rpve_csf": 23.902657684287117,
  "rpve_gm": 12.866375147138731,
  "rpve_wm": 17.800576853782204,
  "size_x": 170,
  "size_y": 256,
  "size_z": 256,
  "snr_csf": 1.8908921352820884,
  "snr_gm": 7.427766955279476,
  "snr_total": 8.623390100435204,
  "snr_wm": 16.551511210744046,
  "snrd_csf": 11.04725097153842,
  "snrd_gm": 29.324678408361173,
  "snrd_total": 28.487647251984217,
  "snrd_wm": 45.091012376053065,
  "spacing_x": 1.0,
  "spacing_y": 0.943651020526886,
  "spacing_z": 0.943651020526886,
  "summary_bg_k": 2.05742049395165,
  "summary_bg_mad": 14.529493540620887,
  "summary_bg_mean": 28.62425994873047,
  "summary_bg_median": 19.36385726928711,
  "summary_bg_n": 187128.0,
  "summary_bg_p05": 0.0,
  "summary_bg_p95": 76.15439872741699,
  "summary_bg_stdv": 22.993331909179688,
  "summary_csf_k": -0.7060080631371513,
  "summary_csf_mad": 155.18937832502488,
  "summary_csf_mean": 245.5931854248047,
  "summary_csf_median": 245.00389099121094,
  "summary_csf_n": 8164.0,
  "summary_csf_p05": 55.350516891479494,
  "summary_csf_p95": 457.966877746582,
  "summary_csf_stdv": 129.56259155273438,
  "summary_gm_k": 0.17291387569795713,
  "summary_gm_mad": 83.22408019718799,
  "summary_gm_mean": 655.26123046875,
  "summary_gm_median": 650.3572998046875,
  "summary_gm_n": 18209.0,
  "summary_gm_p05": 516.2045776367188,
  "summary_gm_p95": 808.9556518554688,
  "summary_gm_stdv": 87.55517578125,
  "summary_wm_k": 0.7079058353916672,
  "summary_wm_mad": 55.23598172513998,
  "summary_wm_mean": 998.1436767578125,
  "summary_wm_median": 1000.0201416015625,
  "summary_wm_n": 200907.0,
  "summary_wm_p05": 894.7699829101563,
  "summary_wm_p95": 1093.2776611328125,
  "summary_wm_stdv": 60.41851043701172,
  "tpm_overlap_csf": 0.15728384256362915,
  "tpm_overlap_gm": 0.42029869556427,
  "tpm_overlap_wm": 0.4798591732978821,
  "wm2max": 0.5563077288295261
}