{
  "aor": 0.00046054999999999995,
  "aqi": 0.0147385569,
  "bids_meta": {
    "AcquisitionMatrixPE": 62,
    "ConversionSoftware": "dcm2niix",
    "DeviceSerialNumber": "42292",
    "EchoTime": 0.03,
    "EchoTrainLength": 31,
    "FlipAngle": 70,
    "ImageType": [
      "ORIGINAL",
      "PRIMARY",
      "M",
      "FFE",
      "M",
      "FFE"
    ],
    "InPlanePhaseEncodingDirectionDICOM": "COL",
    "InstitutionName": "Klinikum_rechts_der_Isar",
    "InstitutionalDepartmentName": "MRT",
    "MRAcquisitionType": "2D",
    "MagneticFieldStrength": 3,
    "Manufacturer": "Philips",
    "ManufacturersModelName": "Ingenia",
    "Modality": "MR",
    "MultibandAccelerationFactor": 2,
    "PatientPosition": "HFS",
    "PercentPhaseFOV": 100,
    "PhaseEncodingSteps": 62,
    "ProcedureStepDescription": "Studie_MR",
    "ReconMatrixPE": 64,
    "RepetitionTime": 1.25,
    "ScanOptions": "FS",
    "ScanningSequence": "GR",
    "SequenceVariant": "SK",
    "SliceThickness": 3,
    "SoftwareVersions": "5.1.8_5.1.8.1",
    "SpacingBetweenSlices": 3.3,
    "StationName": "mrkh",
    "TaskName": "Rest Post",
    "dataset": "ds001927",
    "modality": "bold",
    "session_id": "ctr",
    "subject_id": "s012",
    "task_id": "restpost"
  },
  "dummy_trs": 0,
  "dvars_nstd": 34.33070458245405,
  "dvars_std": 1.162875946043406,
  "dvars_vstd": 0.9954872879799659,
  "efc": 0.5360673668737586,
  "fber": 4185.265625,
  "fd_mean": 0.17773606357297372,
  "fd_num": 212,
  "fd_perc": 35.333333333333336,
  "fwhm_avg": 1.6289319263544746,
  "fwhm_x": 1.6347266666666667,
  "fwhm_y": 1.7649933333333332,
  "fwhm_z": 1.487075779063424,
  "gcor": 0.0328308,
  "gsr_x": 0.027759447693824768,
  "gsr_y": 0.012998291291296482,
  "provenance": {
    "md5sum": "205d27d4dd5ffabda3c61e85c199ff7d",
    "settings": {
      "fd_thres": 0.2,
      "testing": false
    },
    "software": "mriqc",
    "version": "22.0.0rc1",
    "webapi_port": null,
    "webapi_url": "https://mriqc.nimh.nih.gov/api/v1"
  },
  "size_t": 600,
  "size_x": 64,
  "size_y": 64,
  "size_z": 40,
  "snr": 6.071199648958123,
  "spacing_tr": 1.25,
  "spacing_x": 3.0,
  "spacing_y": 3.0,
  "spacing_z": 3.299999952316284,
  "summary_bg_k": 13.642466432775702,
  "summary_bg_mad": 25.883192036562225,
  "summary_bg_mean": 58.1636962890625,
  "summary_bg_median": 19.1909122467041,
  "summary_bg_n": 92907.0,
  "summary_bg_p05": 0.8661180973052979,
  "summary_bg_p95": 268.7627502441405,
  "summary_bg_stdv": 105.8331069946289,
  "summary_fg_k": 3.158369820418585,
  "summary_fg_mad": 165.95751896195793,
  "summary_fg_mean": 1264.19873046875,
  "summary_fg_median": 1242.7015380859375,
  "summary_fg_n": 34957.0,
  "summary_fg_p05": 992.4931762695312,
  "summary_fg_p95": 1614.20498046875,
  "summary_fg_stdv": 204.68504333496094,
  "tsnr": 43.945762634277344
}