{
  "bids_meta": {
    "AcquisitionMatrixPE": 238,
    "ConversionSoftware": "dcm2niix",
    "DeviceSerialNumber": "42292",
    "EchoTime": 0.003996,
    "EchoTrainLength": 159,
    "FlipAngle": 8,
    "ImageType": [
      "ORIGINAL",
      "PRIMARY",
      "M",
      "FFE",
      "M",
      "FFE"
    ],
    "InPlanePhaseEncodingDirectionDICOM": "ROW",
    "InstitutionName": "Klinikum_rechts_der_Isar",
    "InstitutionalDepartmentName": "MRT",
    "MRAcquisitionType": "3D",
    "MagneticFieldStrength": 3,
    "Manufacturer": "Philips",
    "ManufacturersModelName": "Ingenia",
    "Modality": "MR",
    "PatientPosition": "HFS",
    "PercentPhaseFOV": 100,
    "PhaseEncodingSteps": 238,
    "ProcedureStepDescription": "Studie_MR",
    "ReconMatrixPE": 256,
    "RepetitionTime": 0.009,
    "ScanOptions": "OTHER",
    "ScanningSequence": "GR",
    "SequenceVariant": "MP",
    "SliceThickness": 1,
    "SoftwareVersions": "5.1.8_5.1.8.1",
    "SpacingBetweenSlices": 1,
    "StationName": "mrkh",
    "dataset": "ds001927",
    "modality": "T1w",
    "session_id": "occ",
    "subject_id": "s021"
  },
  "cjv": 0.32487454213256395,
  "cnr": 3.8649575537249223,
  "efc": 0.797707689304795,
  "fber": 522.5379638671875,
  "fwhm_avg": 3.6105303251408327,
  "fwhm_x": 3.51964,
  "fwhm_y": 3.821465691825907,
  "fwhm_z": 3.4904852835965907,
  "icvs_csf": 0.21202422258086018,
  "icvs_gm": 0.39544856421237984,
  "icvs_wm": 0.39252721320676,
  "inu_med": 0.8863739967346191,
  "inu_range": 0.3076091051101686,
  "provenance": {
    "md5sum": "7d37e5935121bd63d7ee5a753495ddb4",
    "settings": {
      "testing": false
    },
    "software": "mriqc",
    "version": "22.0.0rc1",
    "warnings": {
      "large_rot_frame": true,
      "small_air_mask": true
    },
    "webapi_port": null,
    "webapi_url": "https://mriqc.nimh.nih.gov/api/v1"
  },
  "qi_1": 0.0,
  "qi_2": 0.0031991365952436248,
  "rpve_csf": 22.328388985102137,
  "rpve_gm": 12.23023525693077,
  "rpve_wm": 16.356719382191,
  "size_x": 170,
  "size_y": 256,
  "size_z": 256,
  "snr_csf": 2.9443803210337194,
  "snr_gm": 7.898941995627025,
  "snr_total": 10.498193532234138,
  "snr_wm": 20.65125828004167,
  "snrd_csf": 21.7442333946013,
  "snrd_gm": 35.38250790523382,
  "snrd_total": 37.6482268992494,
  "snrd_wm": 55.81793939791308,
  "spacing_x": 1.0,
  "spacing_y": 0.943651020526886,
  "spacing_z": 0.943651020526886,
  "summary_bg_k": 118.7189035241464,
  "summary_bg_mad": 11.736976060066683,
  "summary_bg_mean": 15.823954582214355,
  "summary_bg_median": 15.857409477233887,
  "summary_bg_n": 149747.0,
  "summary_bg_p05": 0.0,
  "summary_bg_p95": 39.726129150390626,
  "summary_bg_stdv": 13.724793434143066,
  "summary_csf_k": 40.81256880651805,
  "summary_csf_mad": 84.28042522878742,
  "summary_csf_mean": 375.493408203125,
  "summary_csf_median": 389.5548400878906,
  "summary_csf_n": 8495.0,
  "summary_csf_p05": 139.16412353515625,
  "summary_csf_p95": 513.0197814941406,
  "summary_csf_stdv": 132.29673767089844,
  "summary_gm_k": 0.23597454646755311,
  "summary_gm_mad": 75.9991543531441,
  "summary_gm_mean": 633.3062744140625,
  "summary_gm_median": 633.8888549804688,
  "summary_gm_n": 16014.0,
  "summary_gm_p05": 499.50779113769534,
  "summary_gm_p95": 766.1253845214844,
  "summary_gm_stdv": 80.2473373413086,
  "summary_wm_k": 1.2057388758162615,
  "summary_wm_mad": 42.939767213524625,
  "summary_wm_mean": 998.2388305664062,
  "summary_wm_median": 999.99609375,
  "summary_wm_n": 238344.0,
  "summary_wm_p05": 915.3362213134766,
  "summary_wm_p95": 1072.9214233398436,
  "summary_wm_stdv": 48.422908782958984,
  "tpm_overlap_csf": 0.15386374294757843,
  "tpm_overlap_gm": 0.431837797164917,
  "tpm_overlap_wm": 0.49707141518592834,
  "wm2max": 0.5130992242339187
}