{
  "bids_meta": {
    "AcquisitionMatrixPE": 238,
    "ConversionSoftware": "dcm2niix",
    "DeviceSerialNumber": "42292",
    "EchoTime": 0.003996,
    "EchoTrainLength": 159,
    "FlipAngle": 8,
    "ImageType": [
      "ORIGINAL",
      "PRIMARY",
      "M",
      "FFE",
      "M",
      "FFE"
    ],
    "InPlanePhaseEncodingDirectionDICOM": "ROW",
    "InstitutionName": "Klinikum_rechts_der_Isar",
    "InstitutionalDepartmentName": "MRT",
    "MRAcquisitionType": "3D",
    "MagneticFieldStrength": 3,
    "Manufacturer": "Philips",
    "ManufacturersModelName": "Ingenia",
    "Modality": "MR",
    "PatientPosition": "HFS",
    "PercentPhaseFOV": 100,
    "PhaseEncodingSteps": 238,
    "ProcedureStepDescription": "Studie_MR",
    "ReconMatrixPE": 256,
    "RepetitionTime": 0.009,
    "ScanOptions": "OTHER",
    "ScanningSequence": "GR",
    "SequenceVariant": "MP",
    "SliceThickness": 1,
    "SoftwareVersions": "5.1.8_5.1.8.1",
    "SpacingBetweenSlices": 1,
    "StationName": "mrkh",
    "dataset": "ds001927",
    "modality": "T1w",
    "session_id": "fro",
    "subject_id": "s001"
  },
  "cjv": 0.3464681577278606,
  "cnr": 3.6787341716579314,
  "efc": 0.7659719626889029,
  "fber": 1438.832275390625,
  "fwhm_avg": 3.5073725185241194,
  "fwhm_x": 3.36338,
  "fwhm_y": 3.801553669699859,
  "fwhm_z": 3.357183885872499,
  "icvs_csf": 0.22127766168584456,
  "icvs_gm": 0.40263329176998136,
  "icvs_wm": 0.3760890465441741,
  "inu_med": 1.1542482376098633,
  "inu_range": 0.34984631538391087,
  "provenance": {
    "md5sum": "fd12137bc5bef56d1e826a096f8fb53b",
    "settings": {
      "testing": false
    },
    "software": "mriqc",
    "version": "22.0.0rc1",
    "warnings": {
      "large_rot_frame": true,
      "small_air_mask": true
    },
    "webapi_port": null,
    "webapi_url": "https://mriqc.nimh.nih.gov/api/v1"
  },
  "qi_1": 0.0,
  "qi_2": 0.00236839485920955,
  "rpve_csf": 21.39450694158503,
  "rpve_gm": 11.951966830287024,
  "rpve_wm": 16.959131326163337,
  "size_x": 170,
  "size_y": 256,
  "size_z": 256,
  "snr_csf": 3.522691628298224,
  "snr_gm": 7.594096851877081,
  "snr_total": 10.508300516179432,
  "snr_wm": 20.408113068362987,
  "snrd_csf": 22.80781340402811,
  "snrd_gm": 43.35249033491026,
  "snrd_total": 44.6740784664853,
  "snrd_wm": 67.86193166051753,
  "spacing_x": 1.0,
  "spacing_y": 0.943651020526886,
  "spacing_z": 0.943651020526886,
  "summary_bg_k": 2.83665019728028,
  "summary_bg_mad": 9.653904078887757,
  "summary_bg_mean": 16.284528732299805,
  "summary_bg_median": 12.953641891479492,
  "summary_bg_n": 195993.0,
  "summary_bg_p05": 0.0,
  "summary_bg_p95": 39.0503646850586,
  "summary_bg_stdv": 12.705089569091797,
  "summary_csf_k": 0.7295560971560611,
  "summary_csf_mad": 85.7949707201893,
  "summary_csf_mean": 327.8912658691406,
  "summary_csf_median": 336.0894775390625,
  "summary_csf_n": 4420.0,
  "summary_csf_p05": 147.7509948730469,
  "summary_csf_p95": 465.6896957397461,
  "summary_csf_stdv": 95.3962173461914,
  "summary_gm_k": 0.10422692428497893,
  "summary_gm_mad": 81.0598555903222,
  "summary_gm_mean": 639.34912109375,
  "summary_gm_median": 638.8300170898438,
  "summary_gm_n": 22012.0,
  "summary_gm_p05": 500.6412322998047,
  "summary_gm_p95": 781.0779418945312,
  "summary_gm_stdv": 84.12001037597656,
  "summary_wm_k": 1.0538737654670252,
  "summary_wm_mad": 44.07203407503899,
  "summary_wm_mean": 998.4324340820312,
  "summary_wm_median": 999.9942016601562,
  "summary_wm_n": 220597.0,
  "summary_wm_p05": 915.8357788085938,
  "summary_wm_p95": 1075.1214599609375,
  "summary_wm_stdv": 48.999725341796875,
  "tpm_overlap_csf": 0.14119546115398407,
  "tpm_overlap_gm": 0.4202393889427185,
  "tpm_overlap_wm": 0.488644003868103,
  "wm2max": 0.5911962565476663
}