{
  "bids_meta": {
    "AcquisitionMatrixPE": 238,
    "ConversionSoftware": "dcm2niix",
    "DeviceSerialNumber": "42292",
    "EchoTime": 0.003996,
    "EchoTrainLength": 159,
    "FlipAngle": 8,
    "ImageType": [
      "ORIGINAL",
      "PRIMARY",
      "M",
      "FFE",
      "M",
      "FFE"
    ],
    "InPlanePhaseEncodingDirectionDICOM": "ROW",
    "InstitutionName": "Klinikum_rechts_der_Isar",
    "InstitutionalDepartmentName": "MRT",
    "MRAcquisitionType": "3D",
    "MagneticFieldStrength": 3,
    "Manufacturer": "Philips",
    "ManufacturersModelName": "Ingenia",
    "Modality": "MR",
    "PatientPosition": "HFS",
    "PercentPhaseFOV": 100,
    "PhaseEncodingSteps": 238,
    "ProcedureStepDescription": "Studie_MR",
    "ReconMatrixPE": 256,
    "RepetitionTime": 0.009,
    "ScanOptions": "OTHER",
    "ScanningSequence": "GR",
    "SequenceVariant": "MP",
    "SliceThickness": 1,
    "SoftwareVersions": "5.1.8_5.1.8.1",
    "SpacingBetweenSlices": 1,
    "StationName": "mrkh",
    "dataset": "ds001927",
    "modality": "T1w",
    "session_id": "ctr",
    "subject_id": "s021"
  },
  "cjv": 0.2365335836821214,
  "cnr": 4.96537202025779,
  "efc": 0.7973206148591017,
  "fber": 1384.33642578125,
  "fwhm_avg": 4.596678426447923,
  "fwhm_x": 4.8597,
  "fwhm_y": 4.703846976736812,
  "fwhm_z": 4.226488302606956,
  "icvs_csf": 0.27798269971058154,
  "icvs_gm": 0.35358927137466367,
  "icvs_wm": 0.3684280289147548,
  "inu_med": 1.0923640727996826,
  "inu_range": 0.30576767921447756,
  "provenance": {
    "md5sum": "e8e3d31dacc2d03639be23085ca2dac3",
    "settings": {
      "testing": false
    },
    "software": "mriqc",
    "version": "22.0.0rc1",
    "warnings": {
      "large_rot_frame": true,
      "small_air_mask": true
    },
    "webapi_port": null,
    "webapi_url": "https://mriqc.nimh.nih.gov/api/v1"
  },
  "qi_1": 0.0,
  "qi_2": 0.002158507740803867,
  "rpve_csf": 18.78730717596265,
  "rpve_gm": 13.162310308990657,
  "rpve_wm": 17.527250104479315,
  "size_x": 170,
  "size_y": 256,
  "size_z": 256,
  "snr_csf": 3.533905856384682,
  "snr_gm": 10.819737989711282,
  "snr_total": 15.015905136922868,
  "snr_wm": 30.69407156467264,
  "snrd_csf": 24.79866120938231,
  "snrd_gm": 45.19678527533874,
  "snrd_total": 46.294689350689715,
  "snrd_wm": 68.8886215673481,
  "spacing_x": 1.0,
  "spacing_y": 0.943651020526886,
  "spacing_z": 0.943651020526886,
  "summary_bg_k": 57.984883027053655,
  "summary_bg_mad": 9.510056134719566,
  "summary_bg_mean": 9.708088874816895,
  "summary_bg_median": 6.588173866271973,
  "summary_bg_n": 146364.0,
  "summary_bg_p05": 0.0,
  "summary_bg_p95": 19.849396991729737,
  "summary_bg_stdv": 7.694807529449463,
  "summary_csf_k": 43.92334282257514,
  "summary_csf_mad": 82.21718841952004,
  "summary_csf_mean": 351.1715087890625,
  "summary_csf_median": 359.98101806640625,
  "summary_csf_n": 27807.0,
  "summary_csf_p05": 177.49085998535156,
  "summary_csf_p95": 475.3719787597655,
  "summary_csf_stdv": 101.86308288574219,
  "summary_gm_k": 0.8004275861017889,
  "summary_gm_mad": 54.034941811497674,
  "summary_gm_mean": 658.5220336914062,
  "summary_gm_median": 656.0831909179688,
  "summary_gm_n": 14504.0,
  "summary_gm_p05": 565.1303192138672,
  "summary_gm_p95": 766.4226623535155,
  "summary_gm_stdv": 60.63553237915039,
  "summary_wm_k": 1.8754050956144068,
  "summary_wm_mad": 27.312312744032887,
  "summary_wm_mean": 998.8206787109375,
  "summary_wm_median": 999.9973754882812,
  "summary_wm_n": 232765.0,
  "summary_wm_p05": 943.7813720703125,
  "summary_wm_p95": 1048.782275390625,
  "summary_wm_stdv": 32.57942581176758,
  "tpm_overlap_csf": 0.14931659400463104,
  "tpm_overlap_gm": 0.41587528586387634,
  "tpm_overlap_wm": 0.498007595539093,
  "wm2max": 0.6319693325958161
}