{
  "bids_meta": {
    "AcquisitionMatrixPE": 238,
    "ConversionSoftware": "dcm2niix",
    "DeviceSerialNumber": "42292",
    "EchoTime": 0.003996,
    "EchoTrainLength": 159,
    "FlipAngle": 8,
    "ImageType": [
      "ORIGINAL",
      "PRIMARY",
      "M",
      "FFE",
      "M",
      "FFE"
    ],
    "InPlanePhaseEncodingDirectionDICOM": "ROW",
    "InstitutionName": "Klinikum_rechts_der_Isar",
    "InstitutionalDepartmentName": "MRT",
    "MRAcquisitionType": "3D",
    "MagneticFieldStrength": 3,
    "Manufacturer": "Philips",
    "ManufacturersModelName": "Ingenia",
    "Modality": "MR",
    "PatientPosition": "HFS",
    "PercentPhaseFOV": 100,
    "PhaseEncodingSteps": 238,
    "ProcedureStepDescription": "Studie_MR",
    "ReconMatrixPE": 256,
    "RepetitionTime": 0.009,
    "ScanOptions": "OTHER",
    "ScanningSequence": "GR",
    "SequenceVariant": "MP",
    "SliceThickness": 1,
    "SoftwareVersions": "5.1.8_5.1.8.1",
    "SpacingBetweenSlices": 1,
    "StationName": "mrkh",
    "dataset": "ds001927",
    "modality": "T1w",
    "session_id": "fro",
    "subject_id": "s013"
  },
  "cjv": 0.3274231678846237,
  "cnr": 3.831031596571784,
  "efc": 0.7918259438438701,
  "fber": 1389.4366455078125,
  "fwhm_avg": 3.636216804919101,
  "fwhm_x": 3.50354,
  "fwhm_y": 3.9099729876198195,
  "fwhm_z": 3.4951374271374824,
  "icvs_csf": 0.1954926325204264,
  "icvs_gm": 0.43508758437195855,
  "icvs_wm": 0.36941978310761503,
  "inu_med": 1.1338703632354736,
  "inu_range": 0.39402925670146927,
  "provenance": {
    "md5sum": "c8a8670c1b62991960fdc21fa376c50d",
    "settings": {
      "testing": false
    },
    "software": "mriqc",
    "version": "22.0.0rc1",
    "warnings": {
      "large_rot_frame": true,
      "small_air_mask": true
    },
    "webapi_port": null,
    "webapi_url": "https://mriqc.nimh.nih.gov/api/v1"
  },
  "qi_1": 0.0,
  "qi_2": 0.004750917013940577,
  "rpve_csf": 23.01662818419811,
  "rpve_gm": 11.431904615712343,
  "rpve_wm": 16.9770873005765,
  "size_x": 170,
  "size_y": 256,
  "size_z": 256,
  "snr_csf": 2.5168351394697646,
  "snr_gm": 7.035258005942095,
  "snr_total": 9.738069571891318,
  "snr_wm": 19.662115570262095,
  "snrd_csf": 19.878946888005665,
  "snrd_gm": 39.08499664909579,
  "snrd_total": 40.96102557332301,
  "snrd_wm": 63.919133182867576,
  "spacing_x": 1.0,
  "spacing_y": 0.943651020526886,
  "spacing_z": 0.943651020526886,
  "summary_bg_k": 6.207319564027612,
  "summary_bg_mad": 10.249420881001782,
  "summary_bg_mean": 14.97242546081543,
  "summary_bg_median": 13.79682731628418,
  "summary_bg_n": 72976.0,
  "summary_bg_p05": 0.0,
  "summary_bg_p95": 35.12242889404297,
  "summary_bg_stdv": 12.014318466186523,
  "summary_csf_k": -0.4045287672070521,
  "summary_csf_mad": 99.47414570422555,
  "summary_csf_mean": 282.6719055175781,
  "summary_csf_median": 311.00042724609375,
  "summary_csf_n": 7448.0,
  "summary_csf_p05": 49.54754352569581,
  "summary_csf_p95": 448.47865753173824,
  "summary_csf_stdv": 123.55976104736328,
  "summary_gm_k": 0.18825067209479673,
  "summary_gm_mad": 83.04427486221664,
  "summary_gm_mean": 614.4972534179688,
  "summary_gm_median": 611.4735717773438,
  "summary_gm_n": 21521.0,
  "summary_gm_p05": 474.8652648925781,
  "summary_gm_p95": 763.6079711914062,
  "summary_gm_stdv": 86.91356658935547,
  "summary_wm_k": 1.371334362287313,
  "summary_wm_mad": 44.167139966863296,
  "summary_wm_mean": 996.114013671875,
  "summary_wm_median": 999.9965209960938,
  "summary_wm_n": 216216.0,
  "summary_wm_p05": 905.6685028076172,
  "summary_wm_p95": 1071.0520935058594,
  "summary_wm_stdv": 50.85893249511719,
  "tpm_overlap_csf": 0.16093870997428894,
  "tpm_overlap_gm": 0.44315236806869507,
  "tpm_overlap_wm": 0.4998382329940796,
  "wm2max": 0.6245732379268449
}