{
  "aor": 0.0007638,
  "aqi": 0.012687887016666668,
  "bids_meta": {
    "AcquisitionMatrixPE": 62,
    "ConversionSoftware": "dcm2niix",
    "DeviceSerialNumber": "42292",
    "EchoTime": 0.03,
    "EchoTrainLength": 31,
    "FlipAngle": 70,
    "ImageType": [
      "ORIGINAL",
      "PRIMARY",
      "M",
      "FFE",
      "M",
      "FFE"
    ],
    "InPlanePhaseEncodingDirectionDICOM": "COL",
    "InstitutionName": "Klinikum_rechts_der_Isar",
    "InstitutionalDepartmentName": "MRT",
    "MRAcquisitionType": "2D",
    "MagneticFieldStrength": 3,
    "Manufacturer": "Philips",
    "ManufacturersModelName": "Ingenia",
    "Modality": "MR",
    "MultibandAccelerationFactor": 2,
    "PatientPosition": "HFS",
    "PercentPhaseFOV": 100,
    "PhaseEncodingSteps": 62,
    "ProcedureStepDescription": "Studie_MR",
    "ReconMatrixPE": 64,
    "RepetitionTime": 1.25,
    "ScanOptions": "FS",
    "ScanningSequence": "GR",
    "SequenceVariant": "SK",
    "SliceThickness": 3,
    "SoftwareVersions": "5.1.8_5.1.8.1",
    "SpacingBetweenSlices": 3.3,
    "StationName": "mrkh",
    "TaskName": "Rest Post",
    "dataset": "ds001927",
    "modality": "bold",
    "session_id": "fro",
    "subject_id": "s010",
    "task_id": "restpost"
  },
  "dummy_trs": 0,
  "dvars_nstd": 31.119037634373957,
  "dvars_std": 1.134240077729551,
  "dvars_vstd": 1.0109890671118542,
  "efc": 0.5488019975284004,
  "fber": 8341.7333984375,
  "fd_mean": 0.1283351060774582,
  "fd_num": 75,
  "fd_perc": 12.5,
  "fwhm_avg": 1.753040007763776,
  "fwhm_x": 1.7198866666666666,
  "fwhm_y": 1.9273333333333333,
  "fwhm_z": 1.611900023291328,
  "gcor": 0.0369099,
  "gsr_x": -0.0013867494417354465,
  "gsr_y": 0.025307495146989822,
  "provenance": {
    "md5sum": "bed9d4acb0a695c11c34cc1cdd194370",
    "settings": {
      "fd_thres": 0.2,
      "testing": false
    },
    "software": "mriqc",
    "version": "22.0.0rc1",
    "webapi_port": null,
    "webapi_url": "https://mriqc.nimh.nih.gov/api/v1"
  },
  "size_t": 600,
  "size_x": 64,
  "size_y": 64,
  "size_z": 40,
  "snr": 5.6611497220325315,
  "spacing_tr": 1.25,
  "spacing_x": 3.0,
  "spacing_y": 3.0,
  "spacing_z": 3.299999952316284,
  "summary_bg_k": 18.39790176619527,
  "summary_bg_mad": 16.614228026206785,
  "summary_bg_mean": 45.383419036865234,
  "summary_bg_median": 12.615433692932129,
  "summary_bg_n": 87886.0,
  "summary_bg_p05": 0.734006717801094,
  "summary_bg_p95": 197.95954513549805,
  "summary_bg_stdv": 80.09765625,
  "summary_fg_k": 2.1695381956388813,
  "summary_fg_mad": 186.7190175090879,
  "summary_fg_mean": 1271.3890380859375,
  "summary_fg_median": 1247.0445556640625,
  "summary_fg_n": 38961.0,
  "summary_fg_p05": 976.4435424804688,
  "summary_fg_p95": 1662.3590087890625,
  "summary_fg_stdv": 220.2783203125,
  "tsnr": 43.87453079223633
}