{
  "aor": 0.0025223166666666665,
  "aqi": 0.012447573033333333,
  "bids_meta": {
    "AcquisitionMatrixPE": 62,
    "ConversionSoftware": "dcm2niix",
    "DeviceSerialNumber": "42292",
    "EchoTime": 0.03,
    "EchoTrainLength": 31,
    "FlipAngle": 70,
    "ImageType": [
      "ORIGINAL",
      "PRIMARY",
      "M",
      "FFE",
      "M",
      "FFE"
    ],
    "InPlanePhaseEncodingDirectionDICOM": "COL",
    "InstitutionName": "Klinikum_rechts_der_Isar",
    "InstitutionalDepartmentName": "MRT",
    "MRAcquisitionType": "2D",
    "MagneticFieldStrength": 3,
    "Manufacturer": "Philips",
    "ManufacturersModelName": "Ingenia",
    "Modality": "MR",
    "MultibandAccelerationFactor": 2,
    "PatientPosition": "HFS",
    "PercentPhaseFOV": 100,
    "PhaseEncodingSteps": 62,
    "ProcedureStepDescription": "Studie_MR",
    "ReconMatrixPE": 64,
    "RepetitionTime": 1.25,
    "ScanOptions": "FS",
    "ScanningSequence": "GR",
    "SequenceVariant": "SK",
    "SliceThickness": 3,
    "SoftwareVersions": "5.1.8_5.1.8.1",
    "SpacingBetweenSlices": 3.3,
    "StationName": "mrkh",
    "TaskName": "Rest Pre",
    "dataset": "ds001927",
    "modality": "bold",
    "session_id": "fro",
    "subject_id": "s010",
    "task_id": "restpre"
  },
  "dummy_trs": 0,
  "dvars_nstd": 30.62010322168617,
  "dvars_std": 1.1458783809849749,
  "dvars_vstd": 1.029724414891486,
  "efc": 0.561576967072256,
  "fber": 6601.07861328125,
  "fd_mean": 0.12366005039236651,
  "fd_num": 48,
  "fd_perc": 8.0,
  "fwhm_avg": 1.7360953612766818,
  "fwhm_x": 1.6990666666666667,
  "fwhm_y": 1.90198,
  "fwhm_z": 1.6072394171633781,
  "gcor": 0.0199733,
  "gsr_x": -0.0044568260200321674,
  "gsr_y": 0.028207268565893173,
  "provenance": {
    "md5sum": "240dd6ba83346827ade2a048707515b7",
    "settings": {
      "fd_thres": 0.2,
      "testing": false
    },
    "software": "mriqc",
    "version": "22.0.0rc1",
    "webapi_port": null,
    "webapi_url": "https://mriqc.nimh.nih.gov/api/v1"
  },
  "size_t": 600,
  "size_x": 64,
  "size_y": 64,
  "size_z": 40,
  "snr": 5.510867628556459,
  "spacing_tr": 1.25,
  "spacing_x": 3.0,
  "spacing_y": 3.0,
  "spacing_z": 3.299999952316284,
  "summary_bg_k": 18.511584694124956,
  "summary_bg_mad": 18.31287814040777,
  "summary_bg_mean": 50.56617736816406,
  "summary_bg_median": 13.976663589477539,
  "summary_bg_n": 85832.0,
  "summary_bg_p05": 1.0768213331699372,
  "summary_bg_p95": 216.13643341064446,
  "summary_bg_stdv": 88.82223510742188,
  "summary_fg_k": 2.312409014799867,
  "summary_fg_mad": 190.6846888728446,
  "summary_fg_mean": 1288.79296875,
  "summary_fg_median": 1258.1561279296875,
  "summary_fg_n": 40509.0,
  "summary_fg_p05": 993.8910522460938,
  "summary_fg_p95": 1702.6671142578125,
  "summary_fg_stdv": 228.30172729492188,
  "tsnr": 44.2961311340332
}