{
  "bids_meta": {
    "AcquisitionMatrixPE": 238,
    "ConversionSoftware": "dcm2niix",
    "DeviceSerialNumber": "42292",
    "EchoTime": 0.003996,
    "EchoTrainLength": 159,
    "FlipAngle": 8,
    "ImageType": [
      "ORIGINAL",
      "PRIMARY",
      "M",
      "FFE",
      "M",
      "FFE"
    ],
    "InPlanePhaseEncodingDirectionDICOM": "ROW",
    "InstitutionName": "Klinikum_rechts_der_Isar",
    "InstitutionalDepartmentName": "MRT",
    "MRAcquisitionType": "3D",
    "MagneticFieldStrength": 3,
    "Manufacturer": "Philips",
    "ManufacturersModelName": "Ingenia",
    "Modality": "MR",
    "PatientPosition": "HFS",
    "PercentPhaseFOV": 100,
    "PhaseEncodingSteps": 238,
    "ProcedureStepDescription": "Studie_MR",
    "ReconMatrixPE": 256,
    "RepetitionTime": 0.009,
    "ScanOptions": "OTHER",
    "ScanningSequence": "GR",
    "SequenceVariant": "MP",
    "SliceThickness": 1,
    "SoftwareVersions": "5.1.8_5.1.8.1",
    "SpacingBetweenSlices": 1,
    "StationName": "mrkh",
    "dataset": "ds001927",
    "modality": "T1w",
    "session_id": "fro",
    "subject_id": "s022"
  },
  "cjv": 0.3791630119456862,
  "cnr": 3.3789589595883927,
  "efc": 0.7951248847470866,
  "fber": 470.721923828125,
  "fwhm_avg": 3.543708386987351,
  "fwhm_x": 3.44723,
  "fwhm_y": 3.717020300620831,
  "fwhm_z": 3.466874860341223,
  "icvs_csf": 0.21346769457794754,
  "icvs_gm": 0.39961496728905743,
  "icvs_wm": 0.38691733813299506,
  "inu_med": 1.27545964717865,
  "inu_range": 0.37330417633056645,
  "provenance": {
    "md5sum": "4782cb278f67ad5c5055ffe638d83794",
    "settings": {
      "testing": false
    },
    "software": "mriqc",
    "version": "22.0.0rc1",
    "warnings": {
      "large_rot_frame": true,
      "small_air_mask": true
    },
    "webapi_port": null,
    "webapi_url": "https://mriqc.nimh.nih.gov/api/v1"
  },
  "qi_1": 0.0,
  "qi_2": 0.003530855836642407,
  "rpve_csf": 22.312026074500885,
  "rpve_gm": 12.055939037236554,
  "rpve_wm": 16.246931362357653,
  "size_x": 170,
  "size_y": 256,
  "size_z": 256,
  "snr_csf": 2.432342127654553,
  "snr_gm": 7.210608105613942,
  "snr_total": 9.15836595772892,
  "snr_wm": 17.832147639918265,
  "snrd_csf": 17.071274359336133,
  "snrd_gm": 34.110768874859026,
  "snrd_total": 34.818036766459926,
  "snrd_wm": 53.27206706518463,
  "spacing_x": 1.0,
  "spacing_y": 0.943651020526886,
  "spacing_z": 0.943651020526886,
  "summary_bg_k": 4.774933282908042,
  "summary_bg_mad": 12.297939493597182,
  "summary_bg_mean": 20.25689697265625,
  "summary_bg_median": 16.509883880615234,
  "summary_bg_n": 85017.0,
  "summary_bg_p05": 0.0,
  "summary_bg_p95": 50.354838562011714,
  "summary_bg_stdv": 17.361204147338867,
  "summary_csf_k": -0.6059238652688426,
  "summary_csf_mad": 124.53941208355039,
  "summary_csf_mean": 292.48822021484375,
  "summary_csf_median": 320.45465087890625,
  "summary_csf_n": 8056.0,
  "summary_csf_p05": 54.94020938873291,
  "summary_csf_p95": 471.2391586303711,
  "summary_csf_stdv": 131.7391815185547,
  "summary_gm_k": 0.10063643442773262,
  "summary_gm_mad": 86.01662807701483,
  "summary_gm_mean": 640.7376708984375,
  "summary_gm_median": 640.312744140625,
  "summary_gm_n": 17223.0,
  "summary_gm_p05": 495.94386596679686,
  "summary_gm_p95": 791.5431762695313,
  "summary_gm_stdv": 88.79891204833984,
  "summary_wm_k": 1.0363866100674013,
  "summary_wm_mad": 50.36363720902021,
  "summary_wm_mean": 999.177978515625,
  "summary_wm_median": 1000.0004272460938,
  "summary_wm_n": 235280.0,
  "summary_wm_p05": 905.2432006835937,
  "summary_wm_p95": 1088.9781982421875,
  "summary_wm_stdv": 56.078399658203125,
  "tpm_overlap_csf": 0.15250293910503387,
  "tpm_overlap_gm": 0.4293029308319092,
  "tpm_overlap_wm": 0.49692651629447937,
  "wm2max": 0.5537256196767663
}