{
  "bids_meta": {
    "AcquisitionMatrixPE": 238,
    "ConversionSoftware": "dcm2niix",
    "DeviceSerialNumber": "42292",
    "EchoTime": 0.003996,
    "EchoTrainLength": 159,
    "FlipAngle": 8,
    "ImageType": [
      "ORIGINAL",
      "PRIMARY",
      "M",
      "FFE",
      "M",
      "FFE"
    ],
    "InPlanePhaseEncodingDirectionDICOM": "ROW",
    "InstitutionName": "Klinikum_rechts_der_Isar",
    "InstitutionalDepartmentName": "MRT",
    "MRAcquisitionType": "3D",
    "MagneticFieldStrength": 3,
    "Manufacturer": "Philips",
    "ManufacturersModelName": "Ingenia",
    "Modality": "MR",
    "PatientPosition": "HFS",
    "PercentPhaseFOV": 100,
    "PhaseEncodingSteps": 238,
    "ProcedureStepDescription": "Studie_MR",
    "ReconMatrixPE": 256,
    "RepetitionTime": 0.009,
    "ScanOptions": "OTHER",
    "ScanningSequence": "GR",
    "SequenceVariant": "MP",
    "SliceThickness": 1,
    "SoftwareVersions": "5.1.8_5.1.8.1",
    "SpacingBetweenSlices": 1,
    "StationName": "mrkh",
    "dataset": "ds001927",
    "modality": "T1w",
    "session_id": "ctr",
    "subject_id": "s002"
  },
  "cjv": 0.3070103399320395,
  "cnr": 3.835519198724078,
  "efc": 0.7719756158661186,
  "fber": 112.3914794921875,
  "fwhm_avg": 3.4924221984673456,
  "fwhm_x": 3.45271,
  "fwhm_y": 3.731941070792985,
  "fwhm_z": 3.292615524609052,
  "icvs_csf": 0.22705146011366384,
  "icvs_gm": 0.3906719021090491,
  "icvs_wm": 0.38227663777728704,
  "inu_med": 0.7652260065078735,
  "inu_range": 0.25510437488555904,
  "provenance": {
    "md5sum": "9523c70278587361e041fa41166ade98",
    "settings": {
      "testing": false
    },
    "software": "mriqc",
    "version": "22.0.0rc1",
    "warnings": {
      "large_rot_frame": true,
      "small_air_mask": true
    },
    "webapi_port": null,
    "webapi_url": "https://mriqc.nimh.nih.gov/api/v1"
  },
  "qi_1": 0.0,
  "qi_2": 0.005052032568476234,
  "rpve_csf": 23.324436808507485,
  "rpve_gm": 13.361593285883922,
  "rpve_wm": 18.810139006340698,
  "size_x": 170,
  "size_y": 256,
  "size_z": 256,
  "snr_csf": 4.025740639108618,
  "snr_gm": 7.878884010715283,
  "snr_total": 10.590171798968285,
  "snr_wm": 19.865890747080954,
  "snrd_csf": 21.88445805029939,
  "snrd_gm": 40.725661495844214,
  "snrd_total": 42.300430913181536,
  "snrd_wm": 64.291173193401,
  "spacing_x": 1.0,
  "spacing_y": 0.943651020526886,
  "spacing_z": 0.943651020526886,
  "summary_bg_k": 6.754335168032441,
  "summary_bg_mad": 10.190069129029913,
  "summary_bg_mean": 14.02923583984375,
  "summary_bg_median": 13.77127456665039,
  "summary_bg_n": 96948.0,
  "summary_bg_p05": 0.0,
  "summary_bg_p95": 34.97564430236816,
  "summary_bg_stdv": 11.64007568359375,
  "summary_csf_k": 1.940611108255088,
  "summary_csf_mad": 75.540705043482,
  "summary_csf_mean": 341.4241943359375,
  "summary_csf_median": 340.3934631347656,
  "summary_csf_n": 4610.0,
  "summary_csf_p05": 208.3677619934082,
  "summary_csf_p95": 471.5175750732422,
  "summary_csf_stdv": 84.54507446289062,
  "summary_gm_k": 0.7315506154723077,
  "summary_gm_mad": 69.31880249292388,
  "summary_gm_mean": 637.2992553710938,
  "summary_gm_median": 633.4517822265625,
  "summary_gm_n": 10491.0,
  "summary_gm_p05": 510.0504150390625,
  "summary_gm_p95": 780.9116821289062,
  "summary_gm_stdv": 80.39483642578125,
  "summary_wm_k": 1.4479577281594063,
  "summary_wm_mad": 43.21300435944612,
  "summary_wm_mean": 998.0852661132812,
  "summary_wm_median": 999.9925537109375,
  "summary_wm_n": 200531.0,
  "summary_wm_p05": 911.8994140625,
  "summary_wm_p95": 1075.816650390625,
  "summary_wm_stdv": 50.3370361328125,
  "tpm_overlap_csf": 0.13612738251686096,
  "tpm_overlap_gm": 0.41143712401390076,
  "tpm_overlap_wm": 0.49110811948776245,
  "wm2max": 0.5745539650772133
}