{
  "aor": 0.0027342666666666663,
  "aqi": 0.017100539133333335,
  "bids_meta": {
    "AcquisitionMatrixPE": 62,
    "ConversionSoftware": "dcm2niix",
    "DeviceSerialNumber": "42292",
    "EchoTime": 0.03,
    "EchoTrainLength": 31,
    "FlipAngle": 70,
    "ImageType": [
      "ORIGINAL",
      "PRIMARY",
      "M",
      "FFE",
      "M",
      "FFE"
    ],
    "InPlanePhaseEncodingDirectionDICOM": "COL",
    "InstitutionName": "Klinikum_rechts_der_Isar",
    "InstitutionalDepartmentName": "MRT",
    "MRAcquisitionType": "2D",
    "MagneticFieldStrength": 3,
    "Manufacturer": "Philips",
    "ManufacturersModelName": "Ingenia",
    "Modality": "MR",
    "MultibandAccelerationFactor": 2,
    "PatientPosition": "HFS",
    "PercentPhaseFOV": 100,
    "PhaseEncodingSteps": 62,
    "ProcedureStepDescription": "Studie_MR",
    "ReconMatrixPE": 64,
    "RepetitionTime": 1.25,
    "ScanOptions": "FS",
    "ScanningSequence": "GR",
    "SequenceVariant": "SK",
    "SliceThickness": 3,
    "SoftwareVersions": "5.1.8_5.1.8.1",
    "SpacingBetweenSlices": 3.3,
    "StationName": "mrkh",
    "TaskName": "Rest Pre",
    "dataset": "ds001927",
    "modality": "bold",
    "session_id": "ctr",
    "subject_id": "s010",
    "task_id": "restpre"
  },
  "dummy_trs": 0,
  "dvars_nstd": 29.20774351238732,
  "dvars_std": 1.1153126498831383,
  "dvars_vstd": 1.020180734123538,
  "efc": 0.5700730504809226,
  "fber": 5975.7783203125,
  "fd_mean": 0.1485761333110527,
  "fd_num": 114,
  "fd_perc": 19.0,
  "fwhm_avg": 1.6896901087025775,
  "fwhm_x": 1.6617833333333334,
  "fwhm_y": 1.8101900000000002,
  "fwhm_z": 1.5970969927743996,
  "gcor": 0.0350828,
  "gsr_x": -0.009390580467879772,
  "gsr_y": 0.028797456994652748,
  "provenance": {
    "md5sum": "74db6ad63987be92ae0cc766d0cd2241",
    "settings": {
      "fd_thres": 0.2,
      "testing": false
    },
    "software": "mriqc",
    "version": "22.0.0rc1",
    "webapi_port": null,
    "webapi_url": "https://mriqc.nimh.nih.gov/api/v1"
  },
  "size_t": 600,
  "size_x": 64,
  "size_y": 64,
  "size_z": 40,
  "snr": 5.54506977368142,
  "spacing_tr": 1.25,
  "spacing_x": 3.0,
  "spacing_y": 3.0,
  "spacing_z": 3.299999952316284,
  "summary_bg_k": 43.17305847404037,
  "summary_bg_mad": 17.986352218374616,
  "summary_bg_mean": 56.56126403808594,
  "summary_bg_median": 13.543838500976562,
  "summary_bg_n": 85312.0,
  "summary_bg_p05": 0.9504734158515931,
  "summary_bg_p95": 240.6643630981445,
  "summary_bg_stdv": 108.7090835571289,
  "summary_fg_k": 1.5265367817822257,
  "summary_fg_mad": 200.70908514735711,
  "summary_fg_mean": 1216.2625732421875,
  "summary_fg_median": 1196.0125732421875,
  "summary_fg_n": 40581.0,
  "summary_fg_p05": 929.325439453125,
  "summary_fg_p95": 1596.6348876953125,
  "summary_fg_stdv": 215.68670654296875,
  "tsnr": 37.17710876464844
}