{
  "aor": 0.0022849333333333334,
  "aqi": 0.01539715835,
  "bids_meta": {
    "AcquisitionMatrixPE": 62,
    "ConversionSoftware": "dcm2niix",
    "DeviceSerialNumber": "42292",
    "EchoTime": 0.03,
    "EchoTrainLength": 31,
    "FlipAngle": 70,
    "ImageType": [
      "ORIGINAL",
      "PRIMARY",
      "M",
      "FFE",
      "M",
      "FFE"
    ],
    "InPlanePhaseEncodingDirectionDICOM": "COL",
    "InstitutionName": "Klinikum_rechts_der_Isar",
    "InstitutionalDepartmentName": "MRT",
    "MRAcquisitionType": "2D",
    "MagneticFieldStrength": 3,
    "Manufacturer": "Philips",
    "ManufacturersModelName": "Ingenia",
    "Modality": "MR",
    "MultibandAccelerationFactor": 2,
    "PatientPosition": "HFS",
    "PercentPhaseFOV": 100,
    "PhaseEncodingSteps": 62,
    "ProcedureStepDescription": "Studie_MR",
    "ReconMatrixPE": 64,
    "RepetitionTime": 1.25,
    "ScanOptions": "FS",
    "ScanningSequence": "GR",
    "SequenceVariant": "SK",
    "SliceThickness": 3,
    "SoftwareVersions": "5.1.8_5.1.8.1",
    "SpacingBetweenSlices": 3.3,
    "StationName": "mrkh",
    "TaskName": "Rest Post",
    "dataset": "ds001927",
    "modality": "bold",
    "session_id": "ctr",
    "subject_id": "s010",
    "task_id": "restpost"
  },
  "dummy_trs": 0,
  "dvars_nstd": 27.574384399499188,
  "dvars_std": 1.0863226614190316,
  "dvars_vstd": 1.0075570678964942,
  "efc": 0.5603417330163705,
  "fber": 9542.9130859375,
  "fd_mean": 0.15243779065067933,
  "fd_num": 114,
  "fd_perc": 19.0,
  "fwhm_avg": 1.7084442500931616,
  "fwhm_x": 1.6737733333333333,
  "fwhm_y": 1.8593533333333332,
  "fwhm_z": 1.592206083612819,
  "gcor": 0.0184272,
  "gsr_x": -0.0017176179680973291,
  "gsr_y": 0.03353247046470642,
  "provenance": {
    "md5sum": "f7b1b0664ca306231238c5294dfa7b71",
    "settings": {
      "fd_thres": 0.2,
      "testing": false
    },
    "software": "mriqc",
    "version": "22.0.0rc1",
    "webapi_port": null,
    "webapi_url": "https://mriqc.nimh.nih.gov/api/v1"
  },
  "size_t": 600,
  "size_x": 64,
  "size_y": 64,
  "size_z": 40,
  "snr": 5.6274333549362705,
  "spacing_tr": 1.25,
  "spacing_x": 3.0,
  "spacing_y": 3.0,
  "spacing_z": 3.299999952316284,
  "summary_bg_k": 45.97526636245664,
  "summary_bg_mad": 15.163719928150885,
  "summary_bg_mean": 49.59566879272461,
  "summary_bg_median": 11.175047874450684,
  "summary_bg_n": 85734.0,
  "summary_bg_p05": 0.5734398275613785,
  "summary_bg_p95": 212.20484695434513,
  "summary_bg_stdv": 99.21817779541016,
  "summary_fg_k": 1.8724347950104976,
  "summary_fg_mad": 195.02698318785983,
  "summary_fg_mean": 1269.6734619140625,
  "summary_fg_median": 1244.46435546875,
  "summary_fg_n": 40462.0,
  "summary_fg_p05": 979.0989440917969,
  "summary_fg_p95": 1662.8245849609373,
  "summary_fg_stdv": 221.13970947265625,
  "tsnr": 41.241458892822266
}