{
  "aor": 0.00027230000000000006,
  "aqi": 0.014151639983333334,
  "bids_meta": {
    "AcquisitionMatrixPE": 62,
    "ConversionSoftware": "dcm2niix",
    "DeviceSerialNumber": "42292",
    "EchoTime": 0.03,
    "EchoTrainLength": 31,
    "FlipAngle": 70,
    "ImageType": [
      "ORIGINAL",
      "PRIMARY",
      "M",
      "FFE",
      "M",
      "FFE"
    ],
    "InPlanePhaseEncodingDirectionDICOM": "COL",
    "InstitutionName": "Klinikum_rechts_der_Isar",
    "InstitutionalDepartmentName": "MRT",
    "MRAcquisitionType": "2D",
    "MagneticFieldStrength": 3,
    "Manufacturer": "Philips",
    "ManufacturersModelName": "Ingenia",
    "Modality": "MR",
    "MultibandAccelerationFactor": 2,
    "PatientPosition": "HFS",
    "PercentPhaseFOV": 100,
    "PhaseEncodingSteps": 62,
    "ProcedureStepDescription": "Studie_MR",
    "ReconMatrixPE": 64,
    "RepetitionTime": 1.25,
    "ScanOptions": "FS",
    "ScanningSequence": "GR",
    "SequenceVariant": "SK",
    "SliceThickness": 3,
    "SoftwareVersions": "5.1.8_5.1.8.1",
    "SpacingBetweenSlices": 3.3,
    "StationName": "mrkh",
    "TaskName": "Rest Pre",
    "dataset": "ds001927",
    "modality": "bold",
    "session_id": "occ",
    "subject_id": "s016",
    "task_id": "restpre"
  },
  "dummy_trs": 0,
  "dvars_nstd": 30.697525247362268,
  "dvars_std": 1.171330206494157,
  "dvars_vstd": 0.9560702308180317,
  "efc": 0.5077509234673816,
  "fber": 37271.0859375,
  "fd_mean": 0.14024841423378287,
  "fd_num": 94,
  "fd_perc": 15.666666666666666,
  "fwhm_avg": 1.6168814217322327,
  "fwhm_x": 1.58296,
  "fwhm_y": 1.6916933333333333,
  "fwhm_z": 1.575990931863365,
  "gcor": 0.00704283,
  "gsr_x": -0.007525725290179253,
  "gsr_y": 0.02700992487370968,
  "provenance": {
    "md5sum": "803e285fbf1e8282e95df3ecaa036df2",
    "settings": {
      "fd_thres": 0.2,
      "testing": false
    },
    "software": "mriqc",
    "version": "22.0.0rc1",
    "webapi_port": null,
    "webapi_url": "https://mriqc.nimh.nih.gov/api/v1"
  },
  "size_t": 600,
  "size_x": 64,
  "size_y": 64,
  "size_z": 40,
  "snr": 6.15653960780256,
  "spacing_tr": 1.25,
  "spacing_x": 3.0,
  "spacing_y": 3.0,
  "spacing_z": 3.299999952316284,
  "summary_bg_k": 20.25600229599278,
  "summary_bg_mad": 7.494680947699495,
  "summary_bg_mean": 43.666507720947266,
  "summary_bg_median": 6.229463577270508,
  "summary_bg_n": 95514.0,
  "summary_bg_p05": 0.8728769272565842,
  "summary_bg_p95": 207.53878784179688,
  "summary_bg_stdv": 93.2285385131836,
  "summary_fg_k": 1.25422154414923,
  "summary_fg_mad": 217.4149644178157,
  "summary_fg_mean": 1321.4923095703125,
  "summary_fg_median": 1311.1163330078125,
  "summary_fg_n": 32637.0,
  "summary_fg_p05": 1017.2007080078125,
  "summary_fg_p95": 1665.0703125,
  "summary_fg_stdv": 212.95993041992188,
  "tsnr": 46.12017822265625
}