{
  "bids_meta": {
    "AcquisitionMatrixPE": 238,
    "ConversionSoftware": "dcm2niix",
    "DeviceSerialNumber": "42292",
    "EchoTime": 0.003996,
    "EchoTrainLength": 159,
    "FlipAngle": 8,
    "ImageType": [
      "ORIGINAL",
      "PRIMARY",
      "M",
      "FFE",
      "M",
      "FFE"
    ],
    "InPlanePhaseEncodingDirectionDICOM": "ROW",
    "InstitutionName": "Klinikum_rechts_der_Isar",
    "InstitutionalDepartmentName": "MRT",
    "MRAcquisitionType": "3D",
    "MagneticFieldStrength": 3,
    "Manufacturer": "Philips",
    "ManufacturersModelName": "Ingenia",
    "Modality": "MR",
    "PatientPosition": "HFS",
    "PercentPhaseFOV": 100,
    "PhaseEncodingSteps": 238,
    "ProcedureStepDescription": "Studie_MR",
    "ReconMatrixPE": 256,
    "RepetitionTime": 0.009,
    "ScanOptions": "OTHER",
    "ScanningSequence": "GR",
    "SequenceVariant": "MP",
    "SliceThickness": 1,
    "SoftwareVersions": "5.1.8_5.1.8.1",
    "SpacingBetweenSlices": 1,
    "StationName": "mrkh",
    "dataset": "ds001927",
    "modality": "T1w",
    "session_id": "occ",
    "subject_id": "s005"
  },
  "cjv": 0.3471440973238952,
  "cnr": 3.457566465745937,
  "efc": 0.7494881224864646,
  "fber": 1803.6905517578125,
  "fwhm_avg": 3.687531145639848,
  "fwhm_x": 3.56426,
  "fwhm_y": 3.965300644628921,
  "fwhm_z": 3.5330327922906233,
  "icvs_csf": 0.21271820459531754,
  "icvs_gm": 0.3900695130578224,
  "icvs_wm": 0.39721228234686007,
  "inu_med": 1.6947762966156006,
  "inu_range": 0.45365389585494986,
  "provenance": {
    "md5sum": "baa25254fb0380bc5e456be921a1b6b5",
    "settings": {
      "testing": false
    },
    "software": "mriqc",
    "version": "22.0.0rc1",
    "warnings": {
      "large_rot_frame": true,
      "small_air_mask": false
    },
    "webapi_port": null,
    "webapi_url": "https://mriqc.nimh.nih.gov/api/v1"
  },
  "qi_1": 0.0,
  "qi_2": 0.0014726540349007322,
  "rpve_csf": 23.601363368826583,
  "rpve_gm": 13.009426940322161,
  "rpve_wm": 17.250467350868337,
  "size_x": 170,
  "size_y": 256,
  "size_z": 256,
  "snr_csf": 2.672299769093639,
  "snr_gm": 7.435753104180954,
  "snr_total": 10.461223165950997,
  "snr_wm": 21.2756166245784,
  "snrd_csf": 22.530002570341733,
  "snrd_gm": 46.667673395210954,
  "snrd_total": 47.17048461827135,
  "snrd_wm": 72.31377788926136,
  "spacing_x": 1.0,
  "spacing_y": 0.943651020526886,
  "spacing_z": 0.943651020526886,
  "summary_bg_k": 29.525419136445777,
  "summary_bg_mad": 9.059473874030317,
  "summary_bg_mean": 19.064743041992188,
  "summary_bg_median": 12.131046295166016,
  "summary_bg_n": 323108.0,
  "summary_bg_p05": 0.0,
  "summary_bg_p95": 54.63725852966308,
  "summary_bg_stdv": 27.92502784729004,
  "summary_csf_k": 0.20204090823326304,
  "summary_csf_mad": 99.1131211146256,
  "summary_csf_mean": 292.70220947265625,
  "summary_csf_median": 311.55340576171875,
  "summary_csf_n": 8298.0,
  "summary_csf_p05": 67.43235969543457,
  "summary_csf_p95": 451.56902618408196,
  "summary_csf_stdv": 116.5792236328125,
  "summary_gm_k": 0.283738941623231,
  "summary_gm_mad": 81.0902605186314,
  "summary_gm_mean": 646.94873046875,
  "summary_gm_median": 645.3382568359375,
  "summary_gm_n": 15528.0,
  "summary_gm_p05": 505.5103424072266,
  "summary_gm_p95": 795.086538696289,
  "summary_gm_stdv": 86.78575897216797,
  "summary_wm_k": 1.062406662776091,
  "summary_wm_mad": 42.02232564905203,
  "summary_wm_mean": 998.8723754882812,
  "summary_wm_median": 999.9822998046875,
  "summary_wm_n": 237666.0,
  "summary_wm_p05": 920.1986846923828,
  "summary_wm_p95": 1073.3490905761719,
  "summary_wm_stdv": 47.0012321472168,
  "tpm_overlap_csf": 0.15943242609500885,
  "tpm_overlap_gm": 0.4157184660434723,
  "tpm_overlap_wm": 0.5022151470184326,
  "wm2max": 0.5800744744501068
}