{
  "aor": 0.00011780000000000002,
  "aqi": 0.015360236833333332,
  "bids_meta": {
    "AcquisitionMatrixPE": 62,
    "ConversionSoftware": "dcm2niix",
    "DeviceSerialNumber": "42292",
    "EchoTime": 0.03,
    "EchoTrainLength": 31,
    "FlipAngle": 70,
    "ImageType": [
      "ORIGINAL",
      "PRIMARY",
      "M",
      "FFE",
      "M",
      "FFE"
    ],
    "InPlanePhaseEncodingDirectionDICOM": "COL",
    "InstitutionName": "Klinikum_rechts_der_Isar",
    "InstitutionalDepartmentName": "MRT",
    "MRAcquisitionType": "2D",
    "MagneticFieldStrength": 3,
    "Manufacturer": "Philips",
    "ManufacturersModelName": "Ingenia",
    "Modality": "MR",
    "MultibandAccelerationFactor": 2,
    "PatientPosition": "HFS",
    "PercentPhaseFOV": 100,
    "PhaseEncodingSteps": 62,
    "ProcedureStepDescription": "Studie_MR",
    "ReconMatrixPE": 64,
    "RepetitionTime": 1.25,
    "ScanOptions": "FS",
    "ScanningSequence": "GR",
    "SequenceVariant": "SK",
    "SliceThickness": 3,
    "SoftwareVersions": "5.1.8_5.1.8.1",
    "SpacingBetweenSlices": 3.3,
    "StationName": "mrkh",
    "TaskName": "Rest Pre",
    "dataset": "ds001927",
    "modality": "bold",
    "session_id": "ctr",
    "subject_id": "s004",
    "task_id": "restpre"
  },
  "dummy_trs": 0,
  "dvars_nstd": 27.708160136243727,
  "dvars_std": 1.1187286233388987,
  "dvars_vstd": 0.9733193955759601,
  "efc": 0.517724274267216,
  "fber": 25917.654296875,
  "fd_mean": 0.08547966024576138,
  "fd_num": 9,
  "fd_perc": 1.5,
  "fwhm_avg": 1.5858164718639138,
  "fwhm_x": 1.52763,
  "fwhm_y": 1.7313466666666668,
  "fwhm_z": 1.4984727489250753,
  "gcor": 0.0551759,
  "gsr_x": -0.0011565930908545852,
  "gsr_y": 0.03278110921382904,
  "provenance": {
    "md5sum": "1694556ac68efc445c6dd9a6ddb87ae4",
    "settings": {
      "fd_thres": 0.2,
      "testing": false
    },
    "software": "mriqc",
    "version": "22.0.0rc1",
    "webapi_port": null,
    "webapi_url": "https://mriqc.nimh.nih.gov/api/v1"
  },
  "size_t": 600,
  "size_x": 64,
  "size_y": 64,
  "size_z": 40,
  "snr": 7.577860697290597,
  "spacing_tr": 1.25,
  "spacing_x": 3.0,
  "spacing_y": 3.0,
  "spacing_z": 3.299999952316284,
  "summary_bg_k": 23.943806242483856,
  "summary_bg_mad": 8.744976475816193,
  "summary_bg_mean": 44.06585693359375,
  "summary_bg_median": 6.839722633361816,
  "summary_bg_n": 94608.0,
  "summary_bg_p05": 0.8125071257352829,
  "summary_bg_p95": 220.52361984252929,
  "summary_bg_stdv": 87.74154663085938,
  "summary_fg_k": 3.967986914351422,
  "summary_fg_mad": 131.4683762649417,
  "summary_fg_mean": 1217.269287109375,
  "summary_fg_median": 1206.378173828125,
  "summary_fg_n": 33435.0,
  "summary_fg_p05": 1001.3064147949219,
  "summary_fg_p95": 1475.5310424804686,
  "summary_fg_stdv": 159.19534301757812,
  "tsnr": 50.93824005126953
}