{
  "aor": 0.00016565000000000001,
  "aqi": 0.010339034933333335,
  "bids_meta": {
    "AcquisitionMatrixPE": 62,
    "ConversionSoftware": "dcm2niix",
    "DeviceSerialNumber": "42292",
    "EchoTime": 0.03,
    "EchoTrainLength": 31,
    "FlipAngle": 70,
    "ImageType": [
      "ORIGINAL",
      "PRIMARY",
      "M",
      "FFE",
      "M",
      "FFE"
    ],
    "InPlanePhaseEncodingDirectionDICOM": "COL",
    "InstitutionName": "Klinikum_rechts_der_Isar",
    "InstitutionalDepartmentName": "MRT",
    "MRAcquisitionType": "2D",
    "MagneticFieldStrength": 3,
    "Manufacturer": "Philips",
    "ManufacturersModelName": "Ingenia",
    "Modality": "MR",
    "MultibandAccelerationFactor": 2,
    "PatientPosition": "HFS",
    "PercentPhaseFOV": 100,
    "PhaseEncodingSteps": 62,
    "ProcedureStepDescription": "Studie_MR",
    "ReconMatrixPE": 64,
    "RepetitionTime": 1.25,
    "ScanOptions": "FS",
    "ScanningSequence": "GR",
    "SequenceVariant": "SK",
    "SliceThickness": 3,
    "SoftwareVersions": "5.1.8_5.1.8.1",
    "SpacingBetweenSlices": 3.3,
    "StationName": "mrkh",
    "TaskName": "Rest Post",
    "dataset": "ds001927",
    "modality": "bold",
    "session_id": "ctr",
    "subject_id": "s004",
    "task_id": "restpost"
  },
  "dummy_trs": 0,
  "dvars_nstd": 27.20536664103508,
  "dvars_std": 1.1609402089148582,
  "dvars_vstd": 0.9934504607679465,
  "efc": 0.5189790498273408,
  "fber": 17644.849609375,
  "fd_mean": 0.0784814544109172,
  "fd_num": 2,
  "fd_perc": 0.3333333333333333,
  "fwhm_avg": 1.5998306133185582,
  "fwhm_x": 1.5363033333333334,
  "fwhm_y": 1.7563066666666665,
  "fwhm_z": 1.5068818399556745,
  "gcor": 0.0136491,
  "gsr_x": -0.004784360062330961,
  "gsr_y": 0.03087005577981472,
  "provenance": {
    "md5sum": "d040eac09652fef74e364a617484f6f3",
    "settings": {
      "fd_thres": 0.2,
      "testing": false
    },
    "software": "mriqc",
    "version": "22.0.0rc1",
    "webapi_port": null,
    "webapi_url": "https://mriqc.nimh.nih.gov/api/v1"
  },
  "size_t": 600,
  "size_x": 64,
  "size_y": 64,
  "size_z": 40,
  "snr": 7.342068536037961,
  "spacing_tr": 1.25,
  "spacing_x": 3.0,
  "spacing_y": 3.0,
  "spacing_z": 3.299999952316284,
  "summary_bg_k": 16.09034696390827,
  "summary_bg_mad": 10.94120404949879,
  "summary_bg_mean": 46.52180862426758,
  "summary_bg_median": 8.668627738952637,
  "summary_bg_n": 94661.0,
  "summary_bg_p05": 0.9512815475463867,
  "summary_bg_p95": 228.67201232910156,
  "summary_bg_stdv": 89.41929626464844,
  "summary_fg_k": 3.0582040444554073,
  "summary_fg_mad": 144.36567630124108,
  "summary_fg_mean": 1238.001708984375,
  "summary_fg_median": 1229.491455078125,
  "summary_fg_n": 33394.0,
  "summary_fg_p05": 1000.0188079833985,
  "summary_fg_p95": 1507.704443359375,
  "summary_fg_stdv": 167.45594787597656,
  "tsnr": 59.59831619262695
}