{
  "bids_meta": {
    "AcquisitionMatrixPE": 238,
    "ConversionSoftware": "dcm2niix",
    "DeviceSerialNumber": "42292",
    "EchoTime": 0.003996,
    "EchoTrainLength": 159,
    "FlipAngle": 8,
    "ImageType": [
      "ORIGINAL",
      "PRIMARY",
      "M",
      "FFE",
      "M",
      "FFE"
    ],
    "InPlanePhaseEncodingDirectionDICOM": "ROW",
    "InstitutionName": "Klinikum_rechts_der_Isar",
    "InstitutionalDepartmentName": "MRT",
    "MRAcquisitionType": "3D",
    "MagneticFieldStrength": 3,
    "Manufacturer": "Philips",
    "ManufacturersModelName": "Ingenia",
    "Modality": "MR",
    "PatientPosition": "HFS",
    "PercentPhaseFOV": 100,
    "PhaseEncodingSteps": 238,
    "ProcedureStepDescription": "Studie_MR",
    "ReconMatrixPE": 256,
    "RepetitionTime": 0.009,
    "ScanOptions": "OTHER",
    "ScanningSequence": "GR",
    "SequenceVariant": "MP",
    "SliceThickness": 1,
    "SoftwareVersions": "5.1.8_5.1.8.1",
    "SpacingBetweenSlices": 1,
    "StationName": "mrkh",
    "dataset": "ds001927",
    "modality": "T1w",
    "session_id": "ctr",
    "subject_id": "s013"
  },
  "cjv": 0.2514586715220819,
  "cnr": 4.763228591793477,
  "efc": 0.800057142354164,
  "fber": 1197.8701171875,
  "fwhm_avg": 4.585739679694361,
  "fwhm_x": 4.86302,
  "fwhm_y": 4.634594680518755,
  "fwhm_z": 4.259604358564329,
  "icvs_csf": 0.2769577467765299,
  "icvs_gm": 0.37456259633961003,
  "icvs_wm": 0.34847965688386,
  "inu_med": 1.8109443187713623,
  "inu_range": 0.6211831867694855,
  "provenance": {
    "md5sum": "db5163a1b26522b32a8ee598ab2664f9",
    "settings": {
      "testing": false
    },
    "software": "mriqc",
    "version": "22.0.0rc1",
    "warnings": {
      "large_rot_frame": true,
      "small_air_mask": true
    },
    "webapi_port": null,
    "webapi_url": "https://mriqc.nimh.nih.gov/api/v1"
  },
  "qi_1": 0.0,
  "qi_2": 0.005770715564742112,
  "rpve_csf": 18.423366571310442,
  "rpve_gm": 12.507144524171258,
  "rpve_wm": 18.076676591011907,
  "size_x": 170,
  "size_y": 256,
  "size_z": 256,
  "snr_csf": 3.9185094864612005,
  "snr_gm": 10.100676832328338,
  "snr_total": 13.363134241944616,
  "snr_wm": 26.070216407044313,
  "snrd_csf": 212.25508010166638,
  "snrd_gm": 371.6740456583369,
  "snrd_total": 387.0183088943707,
  "snrd_wm": 577.125800923109,
  "spacing_x": 1.0,
  "spacing_y": 0.943651020526886,
  "spacing_z": 0.943651020526886,
  "summary_bg_k": 77.34012749424862,
  "summary_bg_mad": 0.13516612399284877,
  "summary_bg_mean": 9.239741325378418,
  "summary_bg_median": 7.560769557952881,
  "summary_bg_n": 58902.0,
  "summary_bg_p05": 0.0,
  "summary_bg_p95": 22.399462127685545,
  "summary_bg_stdv": 7.024444103240967,
  "summary_csf_k": 0.6429587278830513,
  "summary_csf_mad": 82.22985713964887,
  "summary_csf_mean": 353.15679931640625,
  "summary_csf_median": 367.7780456542969,
  "summary_csf_n": 19935.0,
  "summary_csf_p05": 167.74913635253907,
  "summary_csf_p95": 484.2703948974609,
  "summary_csf_stdv": 93.85426330566406,
  "summary_gm_k": 0.5084821456768576,
  "summary_gm_mad": 57.05982496940148,
  "summary_gm_mean": 645.5298461914062,
  "summary_gm_median": 644.0060424804688,
  "summary_gm_n": 20679.0,
  "summary_gm_p05": 543.0543151855469,
  "summary_gm_p95": 756.9425476074218,
  "summary_gm_stdv": 63.75716018676758,
  "summary_wm_k": 1.4177114218535634,
  "summary_wm_mad": 32.45689900663545,
  "summary_wm_mean": 997.4862060546875,
  "summary_wm_median": 999.995849609375,
  "summary_wm_n": 217328.0,
  "summary_wm_p05": 930.2627990722656,
  "summary_wm_p95": 1055.5826477050782,
  "summary_wm_stdv": 38.35770034790039,
  "tpm_overlap_csf": 0.15221379697322845,
  "tpm_overlap_gm": 0.43213480710983276,
  "tpm_overlap_wm": 0.5122792720794678,
  "wm2max": 0.6773508870644496
}