{
  "aor": 0.0007852,
  "aqi": 0.02033098183333333,
  "bids_meta": {
    "AcquisitionMatrixPE": 62,
    "ConversionSoftware": "dcm2niix",
    "DeviceSerialNumber": "42292",
    "EchoTime": 0.03,
    "EchoTrainLength": 31,
    "FlipAngle": 70,
    "ImageType": [
      "ORIGINAL",
      "PRIMARY",
      "M",
      "FFE",
      "M",
      "FFE"
    ],
    "InPlanePhaseEncodingDirectionDICOM": "COL",
    "InstitutionName": "Klinikum_rechts_der_Isar",
    "InstitutionalDepartmentName": "MRT",
    "MRAcquisitionType": "2D",
    "MagneticFieldStrength": 3,
    "Manufacturer": "Philips",
    "ManufacturersModelName": "Ingenia",
    "Modality": "MR",
    "MultibandAccelerationFactor": 2,
    "PatientPosition": "HFS",
    "PercentPhaseFOV": 100,
    "PhaseEncodingSteps": 62,
    "ProcedureStepDescription": "Studie_MR",
    "ReconMatrixPE": 64,
    "RepetitionTime": 1.25,
    "ScanOptions": "FS",
    "ScanningSequence": "GR",
    "SequenceVariant": "SK",
    "SliceThickness": 3,
    "SoftwareVersions": "5.1.8_5.1.8.1",
    "SpacingBetweenSlices": 3.3,
    "StationName": "mrkh",
    "TaskName": "Rest Pre",
    "dataset": "ds001927",
    "modality": "bold",
    "session_id": "fro",
    "subject_id": "s008",
    "task_id": "restpre"
  },
  "dummy_trs": 0,
  "dvars_nstd": 31.91274317833054,
  "dvars_std": 1.1235469740734565,
  "dvars_vstd": 0.9548696346410682,
  "efc": 0.510995064347248,
  "fber": 42037.79296875,
  "fd_mean": 0.18909117482067764,
  "fd_num": 168,
  "fd_perc": 28.0,
  "fwhm_avg": 1.6335381894027243,
  "fwhm_x": 1.58282,
  "fwhm_y": 1.7431066666666668,
  "fwhm_z": 1.574687901541506,
  "gcor": 0.0162024,
  "gsr_x": -0.0009394341032020748,
  "gsr_y": 0.020863451063632965,
  "provenance": {
    "md5sum": "61abe49586ad36d8e1dee8817011dfd4",
    "settings": {
      "fd_thres": 0.2,
      "testing": false
    },
    "software": "mriqc",
    "version": "22.0.0rc1",
    "webapi_port": null,
    "webapi_url": "https://mriqc.nimh.nih.gov/api/v1"
  },
  "size_t": 600,
  "size_x": 64,
  "size_y": 64,
  "size_z": 40,
  "snr": 6.824847727305092,
  "spacing_tr": 1.25,
  "spacing_x": 3.0,
  "spacing_y": 3.0,
  "spacing_z": 3.299999952316284,
  "summary_bg_k": 35.352281864189486,
  "summary_bg_mad": 7.693966295638477,
  "summary_bg_mean": 37.348731994628906,
  "summary_bg_median": 6.386948585510254,
  "summary_bg_n": 93238.0,
  "summary_bg_p05": 0.8662040740251542,
  "summary_bg_p95": 158.53969573974607,
  "summary_bg_stdv": 82.8504409790039,
  "summary_fg_k": 1.3507030949017889,
  "summary_fg_mad": 199.57677304041374,
  "summary_fg_mean": 1415.5198974609375,
  "summary_fg_median": 1397.7747802734375,
  "summary_fg_n": 34560.0,
  "summary_fg_p05": 1136.1594848632812,
  "summary_fg_p95": 1756.6614562988275,
  "summary_fg_stdv": 204.80377197265625,
  "tsnr": 42.05581283569336
}