{
  "aor": 0.0012693666666666668,
  "aqi": 0.012521767316666666,
  "bids_meta": {
    "AcquisitionMatrixPE": 62,
    "ConversionSoftware": "dcm2niix",
    "DeviceSerialNumber": "42292",
    "EchoTime": 0.03,
    "EchoTrainLength": 31,
    "FlipAngle": 70,
    "ImageType": [
      "ORIGINAL",
      "PRIMARY",
      "M",
      "FFE",
      "M",
      "FFE"
    ],
    "InPlanePhaseEncodingDirectionDICOM": "COL",
    "InstitutionName": "Klinikum_rechts_der_Isar",
    "InstitutionalDepartmentName": "MRT",
    "MRAcquisitionType": "2D",
    "MagneticFieldStrength": 3,
    "Manufacturer": "Philips",
    "ManufacturersModelName": "Ingenia",
    "Modality": "MR",
    "MultibandAccelerationFactor": 2,
    "PatientPosition": "HFS",
    "PercentPhaseFOV": 100,
    "PhaseEncodingSteps": 62,
    "ProcedureStepDescription": "Studie_MR",
    "ReconMatrixPE": 64,
    "RepetitionTime": 1.25,
    "ScanOptions": "FS",
    "ScanningSequence": "GR",
    "SequenceVariant": "SK",
    "SliceThickness": 3,
    "SoftwareVersions": "5.1.8_5.1.8.1",
    "SpacingBetweenSlices": 3.3,
    "StationName": "mrkh",
    "TaskName": "Rest Post",
    "dataset": "ds001927",
    "modality": "bold",
    "session_id": "ctr",
    "subject_id": "s023",
    "task_id": "restpost"
  },
  "dummy_trs": 0,
  "dvars_nstd": 38.70833248843071,
  "dvars_std": 1.306806080651085,
  "dvars_vstd": 1.0093619366611017,
  "efc": 0.5278088458649571,
  "fber": 12145.2587890625,
  "fd_mean": 0.13308429549273773,
  "fd_num": 83,
  "fd_perc": 13.833333333333334,
  "fwhm_avg": 1.579152128455244,
  "fwhm_x": 1.5804233333333333,
  "fwhm_y": 1.65323,
  "fwhm_z": 1.5038030520323993,
  "gcor": 0.0273358,
  "gsr_x": 0.012873636558651924,
  "gsr_y": 0.0140770822763443,
  "provenance": {
    "md5sum": "dcebc0c3d0c98dc5f7e23c04fcf6a394",
    "settings": {
      "fd_thres": 0.2,
      "testing": false
    },
    "software": "mriqc",
    "version": "22.0.0rc1",
    "webapi_port": null,
    "webapi_url": "https://mriqc.nimh.nih.gov/api/v1"
  },
  "size_t": 600,
  "size_x": 64,
  "size_y": 64,
  "size_z": 40,
  "snr": 6.202818687715924,
  "spacing_tr": 1.25,
  "spacing_x": 3.0,
  "spacing_y": 3.0,
  "spacing_z": 3.299999952316284,
  "summary_bg_k": 36.12477838862454,
  "summary_bg_mad": 14.676336166623102,
  "summary_bg_mean": 52.636566162109375,
  "summary_bg_median": 10.801506996154785,
  "summary_bg_n": 93240.0,
  "summary_bg_p05": 0.5300614118576049,
  "summary_bg_p95": 240.24424743652364,
  "summary_bg_stdv": 110.2402114868164,
  "summary_fg_k": 2.7905231090958242,
  "summary_fg_mad": 175.83785379043405,
  "summary_fg_mean": 1264.8756103515625,
  "summary_fg_median": 1243.0867919921875,
  "summary_fg_n": 34494.0,
  "summary_fg_p05": 996.1525634765625,
  "summary_fg_p95": 1598.8852905273436,
  "summary_fg_stdv": 200.4038543701172,
  "tsnr": 49.30618667602539
}