{
  "bids_meta": {
    "AcquisitionMatrixPE": 238,
    "ConversionSoftware": "dcm2niix",
    "DeviceSerialNumber": "42292",
    "EchoTime": 0.003996,
    "EchoTrainLength": 159,
    "FlipAngle": 8,
    "ImageType": [
      "ORIGINAL",
      "PRIMARY",
      "M",
      "FFE",
      "M",
      "FFE"
    ],
    "InPlanePhaseEncodingDirectionDICOM": "ROW",
    "InstitutionName": "Klinikum_rechts_der_Isar",
    "InstitutionalDepartmentName": "MRT",
    "MRAcquisitionType": "3D",
    "MagneticFieldStrength": 3,
    "Manufacturer": "Philips",
    "ManufacturersModelName": "Ingenia",
    "Modality": "MR",
    "PatientPosition": "HFS",
    "PercentPhaseFOV": 100,
    "PhaseEncodingSteps": 238,
    "ProcedureStepDescription": "Studie_MR",
    "ReconMatrixPE": 256,
    "RepetitionTime": 0.009,
    "ScanOptions": "OTHER",
    "ScanningSequence": "GR",
    "SequenceVariant": "MP",
    "SliceThickness": 1,
    "SoftwareVersions": "5.1.8_5.1.8.1",
    "SpacingBetweenSlices": 1,
    "StationName": "mrkh",
    "dataset": "ds001927",
    "modality": "T1w",
    "session_id": "occ",
    "subject_id": "s022"
  },
  "cjv": 0.3727590511974905,
  "cnr": 3.415424539370371,
  "efc": 0.7936623226421049,
  "fber": 715.3568725585938,
  "fwhm_avg": 3.4736208233618115,
  "fwhm_x": 3.37881,
  "fwhm_y": 3.665391044741049,
  "fwhm_z": 3.3766614253443867,
  "icvs_csf": 0.19206948141851812,
  "icvs_gm": 0.41427024433742604,
  "icvs_wm": 0.3936602742440558,
  "inu_med": 1.25821852684021,
  "inu_range": 0.3641437828540801,
  "provenance": {
    "md5sum": "7d28626e2380a16305943964e8496aa1",
    "settings": {
      "testing": false
    },
    "software": "mriqc",
    "version": "22.0.0rc1",
    "warnings": {
      "large_rot_frame": true,
      "small_air_mask": true
    },
    "webapi_port": null,
    "webapi_url": "https://mriqc.nimh.nih.gov/api/v1"
  },
  "qi_1": 0.0,
  "qi_2": 0.00305687222088014,
  "rpve_csf": 23.625091564892198,
  "rpve_gm": 11.738996083542519,
  "rpve_wm": 15.875382420975898,
  "size_x": 170,
  "size_y": 256,
  "size_z": 256,
  "snr_csf": 2.108544358321153,
  "snr_gm": 7.100180717512766,
  "snr_total": 9.438144733516614,
  "snr_wm": 19.105709124715922,
  "snrd_csf": 18.649242483241938,
  "snrd_gm": 40.32229556673671,
  "snrd_total": 40.675253708520565,
  "snrd_wm": 63.054223075583046,
  "spacing_x": 1.0,
  "spacing_y": 0.943651020526886,
  "spacing_z": 0.943651020526886,
  "summary_bg_k": 6.480406338644322,
  "summary_bg_mad": 10.390093868579651,
  "summary_bg_mean": 18.68994140625,
  "summary_bg_median": 13.872095108032227,
  "summary_bg_n": 114388.0,
  "summary_bg_p05": 0.0,
  "summary_bg_p95": 49.24694919586181,
  "summary_bg_stdv": 17.052906036376953,
  "summary_csf_k": 1.8989257078544775,
  "summary_csf_mad": 167.0174836278799,
  "summary_csf_mean": 271.981689453125,
  "summary_csf_median": 295.7664794921875,
  "summary_csf_n": 5988.0,
  "summary_csf_p05": 62.9801929473877,
  "summary_csf_p95": 470.76277008056627,
  "summary_csf_stdv": 140.2587432861328,
  "summary_gm_k": 0.08311806808667477,
  "summary_gm_mad": 87.20911660457017,
  "summary_gm_mean": 641.5237426757812,
  "summary_gm_median": 639.4888916015625,
  "summary_gm_n": 18806.0,
  "summary_gm_p05": 496.56212615966797,
  "summary_gm_p95": 796.1573486328125,
  "summary_gm_stdv": 90.06417083740234,
  "summary_wm_k": 0.9993880130450186,
  "summary_wm_mad": 47.17632296089316,
  "summary_wm_mean": 997.4484252929688,
  "summary_wm_median": 1000.0044555664062,
  "summary_wm_n": 239298.0,
  "summary_wm_p05": 906.6540161132813,
  "summary_wm_p95": 1077.4661071777343,
  "summary_wm_stdv": 52.34049987792969,
  "tpm_overlap_csf": 0.15838931500911713,
  "tpm_overlap_gm": 0.43027347326278687,
  "tpm_overlap_wm": 0.49591994285583496,
  "wm2max": 0.5372900970990858
}