{
  "bids_meta": {
    "AcquisitionMatrixPE": 238,
    "ConversionSoftware": "dcm2niix",
    "DeviceSerialNumber": "42292",
    "EchoTime": 0.003996,
    "EchoTrainLength": 159,
    "FlipAngle": 8,
    "ImageType": [
      "ORIGINAL",
      "PRIMARY",
      "M",
      "FFE",
      "M",
      "FFE"
    ],
    "InPlanePhaseEncodingDirectionDICOM": "ROW",
    "InstitutionName": "Klinikum_rechts_der_Isar",
    "InstitutionalDepartmentName": "MRT",
    "MRAcquisitionType": "3D",
    "MagneticFieldStrength": 3,
    "Manufacturer": "Philips",
    "ManufacturersModelName": "Ingenia",
    "Modality": "MR",
    "PatientPosition": "HFS",
    "PercentPhaseFOV": 100,
    "PhaseEncodingSteps": 238,
    "ProcedureStepDescription": "Studie_MR",
    "ReconMatrixPE": 256,
    "RepetitionTime": 0.009,
    "ScanOptions": "OTHER",
    "ScanningSequence": "GR",
    "SequenceVariant": "MP",
    "SliceThickness": 1,
    "SoftwareVersions": "5.1.8_5.1.8.1",
    "SpacingBetweenSlices": 1,
    "StationName": "mrkh",
    "dataset": "ds001927",
    "modality": "T1w",
    "session_id": "occ",
    "subject_id": "s001"
  },
  "cjv": 0.3436599476272675,
  "cnr": 3.6836174036816156,
  "efc": 0.7680585171122806,
  "fber": 1086.7418212890625,
  "fwhm_avg": 3.466962995378237,
  "fwhm_x": 3.35038,
  "fwhm_y": 3.7593876579704557,
  "fwhm_z": 3.2911213281642553,
  "icvs_csf": 0.22483829639593564,
  "icvs_gm": 0.39685670228671877,
  "icvs_wm": 0.37830500131734557,
  "inu_med": 1.1638014316558838,
  "inu_range": 0.36689308285713196,
  "provenance": {
    "md5sum": "da1334a309cb7b572948d3d58d0252cb",
    "settings": {
      "testing": false
    },
    "software": "mriqc",
    "version": "22.0.0rc1",
    "warnings": {
      "large_rot_frame": true,
      "small_air_mask": true
    },
    "webapi_port": null,
    "webapi_url": "https://mriqc.nimh.nih.gov/api/v1"
  },
  "qi_1": 0.0,
  "qi_2": 0.002038165701153862,
  "rpve_csf": 21.35241376101614,
  "rpve_gm": 12.112167035243958,
  "rpve_wm": 17.0794597355148,
  "size_x": 170,
  "size_y": 256,
  "size_z": 256,
  "snr_csf": 3.1153417241743457,
  "snr_gm": 7.208842073441726,
  "snr_total": 9.917179012662212,
  "snr_wm": 19.42735324037056,
  "snrd_csf": 18.926925498450867,
  "snrd_gm": 36.850582197455076,
  "snrd_total": 38.2315436743491,
  "snrd_wm": 58.91712332714134,
  "spacing_x": 1.0,
  "spacing_y": 0.943651020526886,
  "spacing_z": 0.943651020526886,
  "summary_bg_k": 3.947456558120714,
  "summary_bg_mad": 11.119604301810764,
  "summary_bg_mean": 15.428166389465332,
  "summary_bg_median": 14.952536582946777,
  "summary_bg_n": 179377.0,
  "summary_bg_p05": 0.0,
  "summary_bg_p95": 37.74065704345703,
  "summary_bg_stdv": 12.68636703491211,
  "summary_csf_k": 0.5360744968912865,
  "summary_csf_mad": 91.96889049325947,
  "summary_csf_mean": 310.8189697265625,
  "summary_csf_median": 321.2459716796875,
  "summary_csf_n": 3931.0,
  "summary_csf_p05": 106.9084243774414,
  "summary_csf_p95": 459.23219299316406,
  "summary_csf_stdv": 103.10429382324219,
  "summary_gm_k": 0.09420568450314848,
  "summary_gm_mad": 83.17046436378561,
  "summary_gm_mean": 626.6593017578125,
  "summary_gm_median": 625.4635009765625,
  "summary_gm_n": 18724.0,
  "summary_gm_p05": 483.9209838867188,
  "summary_gm_p95": 771.3244018554688,
  "summary_gm_stdv": 86.76106262207031,
  "summary_wm_k": 1.1778683479798309,
  "summary_wm_mad": 45.542058064273824,
  "summary_wm_mean": 997.7247314453125,
  "summary_wm_median": 999.998046875,
  "summary_wm_n": 220590.0,
  "summary_wm_p05": 908.8455657958984,
  "summary_wm_p95": 1076.6838745117188,
  "summary_wm_stdv": 51.47359848022461,
  "tpm_overlap_csf": 0.13687169551849365,
  "tpm_overlap_gm": 0.4120331108570099,
  "tpm_overlap_wm": 0.48842501640319824,
  "wm2max": 0.5748509595761602
}