{
  "aor": 0.0008049666666666665,
  "aqi": 0.011216197583333332,
  "bids_meta": {
    "AcquisitionMatrixPE": 62,
    "ConversionSoftware": "dcm2niix",
    "DeviceSerialNumber": "42292",
    "EchoTime": 0.03,
    "EchoTrainLength": 31,
    "FlipAngle": 70,
    "ImageType": [
      "ORIGINAL",
      "PRIMARY",
      "M",
      "FFE",
      "M",
      "FFE"
    ],
    "InPlanePhaseEncodingDirectionDICOM": "COL",
    "InstitutionName": "Klinikum_rechts_der_Isar",
    "InstitutionalDepartmentName": "MRT",
    "MRAcquisitionType": "2D",
    "MagneticFieldStrength": 3,
    "Manufacturer": "Philips",
    "ManufacturersModelName": "Ingenia",
    "Modality": "MR",
    "MultibandAccelerationFactor": 2,
    "PatientPosition": "HFS",
    "PercentPhaseFOV": 100,
    "PhaseEncodingSteps": 62,
    "ProcedureStepDescription": "Studie_MR",
    "ReconMatrixPE": 64,
    "RepetitionTime": 1.25,
    "ScanOptions": "FS",
    "ScanningSequence": "GR",
    "SequenceVariant": "SK",
    "SliceThickness": 3,
    "SoftwareVersions": "5.1.8_5.1.8.1",
    "SpacingBetweenSlices": 3.3,
    "StationName": "mrkh",
    "TaskName": "Rest Pre",
    "dataset": "ds001927",
    "modality": "bold",
    "session_id": "fro",
    "subject_id": "s003",
    "task_id": "restpre"
  },
  "dummy_trs": 0,
  "dvars_nstd": 25.9135551866277,
  "dvars_std": 1.121191792587646,
  "dvars_vstd": 1.006117728196996,
  "efc": 0.5673596447997399,
  "fber": 21967.42578125,
  "fd_mean": 0.12311971493707456,
  "fd_num": 62,
  "fd_perc": 10.333333333333334,
  "fwhm_avg": 1.7355816240349757,
  "fwhm_x": 1.6861833333333334,
  "fwhm_y": 1.88591,
  "fwhm_z": 1.6346515387715939,
  "gcor": 0.0454111,
  "gsr_x": -0.01489483192563057,
  "gsr_y": 0.04178653657436371,
  "provenance": {
    "md5sum": "ddea011a4cf1196684426fe0524fd1f8",
    "settings": {
      "fd_thres": 0.2,
      "testing": false
    },
    "software": "mriqc",
    "version": "22.0.0rc1",
    "webapi_port": null,
    "webapi_url": "https://mriqc.nimh.nih.gov/api/v1"
  },
  "size_t": 600,
  "size_x": 64,
  "size_y": 64,
  "size_z": 40,
  "snr": 6.165465119285131,
  "spacing_tr": 1.25,
  "spacing_x": 3.0,
  "spacing_y": 3.0,
  "spacing_z": 3.299999952316284,
  "summary_bg_k": 47.207034067184956,
  "summary_bg_mad": 11.314986612905923,
  "summary_bg_mean": 63.96080780029297,
  "summary_bg_median": 8.936351776123047,
  "summary_bg_n": 84942.0,
  "summary_bg_p05": 0.9639965385198594,
  "summary_bg_p95": 314.99208679199216,
  "summary_bg_stdv": 142.87213134765625,
  "summary_fg_k": 2.93109267607091,
  "summary_fg_mad": 213.39572246608566,
  "summary_fg_mean": 1547.523193359375,
  "summary_fg_median": 1532.583740234375,
  "summary_fg_n": 41616.0,
  "summary_fg_p05": 1198.8803405761719,
  "summary_fg_p95": 1941.4433288574219,
  "summary_fg_stdv": 248.57254028320312,
  "tsnr": 54.209354400634766
}