{
  "aor": 0.0008302833333333333,
  "aqi": 0.014382993066666667,
  "bids_meta": {
    "AcquisitionMatrixPE": 62,
    "ConversionSoftware": "dcm2niix",
    "DeviceSerialNumber": "42292",
    "EchoTime": 0.03,
    "EchoTrainLength": 31,
    "FlipAngle": 70,
    "ImageType": [
      "ORIGINAL",
      "PRIMARY",
      "M",
      "FFE",
      "M",
      "FFE"
    ],
    "InPlanePhaseEncodingDirectionDICOM": "COL",
    "InstitutionName": "Klinikum_rechts_der_Isar",
    "InstitutionalDepartmentName": "MRT",
    "MRAcquisitionType": "2D",
    "MagneticFieldStrength": 3,
    "Manufacturer": "Philips",
    "ManufacturersModelName": "Ingenia",
    "Modality": "MR",
    "MultibandAccelerationFactor": 2,
    "PatientPosition": "HFS",
    "PercentPhaseFOV": 100,
    "PhaseEncodingSteps": 62,
    "ProcedureStepDescription": "Studie_MR",
    "ReconMatrixPE": 64,
    "RepetitionTime": 1.25,
    "ScanOptions": "FS",
    "ScanningSequence": "GR",
    "SequenceVariant": "SK",
    "SliceThickness": 3,
    "SoftwareVersions": "5.1.8_5.1.8.1",
    "SpacingBetweenSlices": 3.3,
    "StationName": "mrkh",
    "TaskName": "Rest Post",
    "dataset": "ds001927",
    "modality": "bold",
    "session_id": "ctr",
    "subject_id": "s011",
    "task_id": "restpost"
  },
  "dummy_trs": 0,
  "dvars_nstd": 31.67747411267112,
  "dvars_std": 1.131893355943237,
  "dvars_vstd": 1.058559058230385,
  "efc": 0.5290338319340437,
  "fber": 14933.267578125,
  "fd_mean": 0.11581136896883693,
  "fd_num": 24,
  "fd_perc": 4.0,
  "fwhm_avg": 1.602065461924725,
  "fwhm_x": 1.5696366666666668,
  "fwhm_y": 1.70449,
  "fwhm_z": 1.5320697191075083,
  "gcor": 0.00454716,
  "gsr_x": -0.006560793146491051,
  "gsr_y": 0.022034568712115288,
  "provenance": {
    "md5sum": "11c7f8914c90e71c1aa3efdbc859615f",
    "settings": {
      "fd_thres": 0.2,
      "testing": false
    },
    "software": "mriqc",
    "version": "22.0.0rc1",
    "webapi_port": null,
    "webapi_url": "https://mriqc.nimh.nih.gov/api/v1"
  },
  "size_t": 600,
  "size_x": 64,
  "size_y": 64,
  "size_z": 40,
  "snr": 6.430050182915371,
  "spacing_tr": 1.25,
  "spacing_x": 3.0,
  "spacing_y": 3.0,
  "spacing_z": 3.299999952316284,
  "summary_bg_k": 22.105262985929258,
  "summary_bg_mad": 12.565168894895075,
  "summary_bg_mean": 48.68598937988281,
  "summary_bg_median": 9.832564353942871,
  "summary_bg_n": 92147.0,
  "summary_bg_p05": 1.0426726937294006,
  "summary_bg_p95": 209.3265487670897,
  "summary_bg_stdv": 99.59979248046875,
  "summary_fg_k": 2.0599433317983387,
  "summary_fg_mad": 191.50263573887682,
  "summary_fg_mean": 1364.580810546875,
  "summary_fg_median": 1342.4949951171875,
  "summary_fg_n": 35292.0,
  "summary_fg_p05": 1080.0678161621095,
  "summary_fg_p95": 1712.2283752441406,
  "summary_fg_stdv": 208.7815704345703,
  "tsnr": 45.96787643432617
}