{
  "aor": 0.00013178333333333333,
  "aqi": 0.013122155616666667,
  "bids_meta": {
    "AcquisitionMatrixPE": 62,
    "ConversionSoftware": "dcm2niix",
    "DeviceSerialNumber": "42292",
    "EchoTime": 0.03,
    "EchoTrainLength": 31,
    "FlipAngle": 70,
    "ImageType": [
      "ORIGINAL",
      "PRIMARY",
      "M",
      "FFE",
      "M",
      "FFE"
    ],
    "InPlanePhaseEncodingDirectionDICOM": "COL",
    "InstitutionName": "Klinikum_rechts_der_Isar",
    "InstitutionalDepartmentName": "MRT",
    "MRAcquisitionType": "2D",
    "MagneticFieldStrength": 3,
    "Manufacturer": "Philips",
    "ManufacturersModelName": "Ingenia",
    "Modality": "MR",
    "MultibandAccelerationFactor": 2,
    "PatientPosition": "HFS",
    "PercentPhaseFOV": 100,
    "PhaseEncodingSteps": 62,
    "ProcedureStepDescription": "Studie_MR",
    "ReconMatrixPE": 64,
    "RepetitionTime": 1.25,
    "ScanOptions": "FS",
    "ScanningSequence": "GR",
    "SequenceVariant": "SK",
    "SliceThickness": 3,
    "SoftwareVersions": "5.1.8_5.1.8.1",
    "SpacingBetweenSlices": 3.3,
    "StationName": "mrkh",
    "TaskName": "Rest Post",
    "dataset": "ds001927",
    "modality": "bold",
    "session_id": "occ",
    "subject_id": "s011",
    "task_id": "restpost"
  },
  "dummy_trs": 0,
  "dvars_nstd": 29.20450656061767,
  "dvars_std": 1.127689704023372,
  "dvars_vstd": 0.9595133883305513,
  "efc": 0.5249446842603244,
  "fber": 24841.580078125,
  "fd_mean": 0.08844429561129274,
  "fd_num": 5,
  "fd_perc": 0.8333333333333334,
  "fwhm_avg": 1.560481724259164,
  "fwhm_x": 1.5199733333333334,
  "fwhm_y": 1.6899899999999999,
  "fwhm_z": 1.471481839444158,
  "gcor": 0.00801662,
  "gsr_x": -0.000517055275849998,
  "gsr_y": 0.028918776661157608,
  "provenance": {
    "md5sum": "f4636ead0ab4d279bede6220e4111ee1",
    "settings": {
      "fd_thres": 0.2,
      "testing": false
    },
    "software": "mriqc",
    "version": "22.0.0rc1",
    "webapi_port": null,
    "webapi_url": "https://mriqc.nimh.nih.gov/api/v1"
  },
  "size_t": 600,
  "size_x": 64,
  "size_y": 64,
  "size_z": 40,
  "snr": 6.570917418334714,
  "spacing_tr": 1.25,
  "spacing_x": 3.0,
  "spacing_y": 3.0,
  "spacing_z": 3.299999952316284,
  "summary_bg_k": 26.276429744898586,
  "summary_bg_mad": 9.577593421067089,
  "summary_bg_mean": 40.56784439086914,
  "summary_bg_median": 7.436011791229248,
  "summary_bg_n": 91888.0,
  "summary_bg_p05": 0.7402722626924516,
  "summary_bg_p95": 172.91238479614225,
  "summary_bg_stdv": 83.2547836303711,
  "summary_fg_k": 2.068129052936759,
  "summary_fg_mad": 181.92662166606686,
  "summary_fg_mean": 1317.802734375,
  "summary_fg_median": 1300.2330322265625,
  "summary_fg_n": 35795.0,
  "summary_fg_p05": 1042.9385620117187,
  "summary_fg_p95": 1641.4804443359367,
  "summary_fg_stdv": 197.87417602539062,
  "tsnr": 49.378536224365234
}