{
  "aor": 0.0015461000000000001,
  "aqi": 0.026384134833333333,
  "bids_meta": {
    "AcquisitionMatrixPE": 62,
    "ConversionSoftware": "dcm2niix",
    "DeviceSerialNumber": "42292",
    "EchoTime": 0.03,
    "EchoTrainLength": 31,
    "FlipAngle": 70,
    "ImageType": [
      "ORIGINAL",
      "PRIMARY",
      "M",
      "FFE",
      "M",
      "FFE"
    ],
    "InPlanePhaseEncodingDirectionDICOM": "COL",
    "InstitutionName": "Klinikum_rechts_der_Isar",
    "InstitutionalDepartmentName": "MRT",
    "MRAcquisitionType": "2D",
    "MagneticFieldStrength": 3,
    "Manufacturer": "Philips",
    "ManufacturersModelName": "Ingenia",
    "Modality": "MR",
    "MultibandAccelerationFactor": 2,
    "PatientPosition": "HFS",
    "PercentPhaseFOV": 100,
    "PhaseEncodingSteps": 62,
    "ProcedureStepDescription": "Studie_MR",
    "ReconMatrixPE": 64,
    "RepetitionTime": 1.25,
    "ScanOptions": "FS",
    "ScanningSequence": "GR",
    "SequenceVariant": "SK",
    "SliceThickness": 3,
    "SoftwareVersions": "5.1.8_5.1.8.1",
    "SpacingBetweenSlices": 3.3,
    "StationName": "mrkh",
    "TaskName": "Rest Pre",
    "dataset": "ds001927",
    "modality": "bold",
    "session_id": "occ",
    "subject_id": "s011",
    "task_id": "restpre"
  },
  "dummy_trs": 0,
  "dvars_nstd": 31.06678827056765,
  "dvars_std": 1.099468063555926,
  "dvars_vstd": 0.939821618146912,
  "efc": 0.5277766953181368,
  "fber": 16752.39453125,
  "fd_mean": 0.11278120322092391,
  "fd_num": 48,
  "fd_perc": 8.0,
  "fwhm_avg": 1.6073412195296737,
  "fwhm_x": 1.5595133333333333,
  "fwhm_y": 1.72438,
  "fwhm_z": 1.5381303252556877,
  "gcor": 0.0111028,
  "gsr_x": -0.006886652670800686,
  "gsr_y": 0.0241804551333189,
  "provenance": {
    "md5sum": "7b52f06fbd01d4b09451d305f81d95dc",
    "settings": {
      "fd_thres": 0.2,
      "testing": false
    },
    "software": "mriqc",
    "version": "22.0.0rc1",
    "webapi_port": null,
    "webapi_url": "https://mriqc.nimh.nih.gov/api/v1"
  },
  "size_t": 600,
  "size_x": 64,
  "size_y": 64,
  "size_z": 40,
  "snr": 6.502974086719063,
  "spacing_tr": 1.25,
  "spacing_x": 3.0,
  "spacing_y": 3.0,
  "spacing_z": 3.299999952316284,
  "summary_bg_k": 23.975913149775693,
  "summary_bg_mad": 12.517912695370985,
  "summary_bg_mean": 46.023189544677734,
  "summary_bg_median": 9.534165382385254,
  "summary_bg_n": 91890.0,
  "summary_bg_p05": 0.7719150185585022,
  "summary_bg_p95": 189.62390289306646,
  "summary_bg_stdv": 93.14662170410156,
  "summary_fg_k": 2.384402961171098,
  "summary_fg_mad": 187.9824508693647,
  "summary_fg_mean": 1387.2999267578125,
  "summary_fg_median": 1366.36767578125,
  "summary_fg_n": 35485.0,
  "summary_fg_p05": 1100.2351806640625,
  "summary_fg_p95": 1735.8356933593736,
  "summary_fg_stdv": 210.11131286621094,
  "tsnr": 36.176513671875
}