{
  "aor": 0.0002694166666666667,
  "aqi": 0.008966185316666667,
  "bids_meta": {
    "AcquisitionMatrixPE": 62,
    "ConversionSoftware": "dcm2niix",
    "DeviceSerialNumber": "42292",
    "EchoTime": 0.03,
    "EchoTrainLength": 31,
    "FlipAngle": 70,
    "ImageType": [
      "ORIGINAL",
      "PRIMARY",
      "M",
      "FFE",
      "M",
      "FFE"
    ],
    "InPlanePhaseEncodingDirectionDICOM": "COL",
    "InstitutionName": "Klinikum_rechts_der_Isar",
    "InstitutionalDepartmentName": "MRT",
    "MRAcquisitionType": "2D",
    "MagneticFieldStrength": 3,
    "Manufacturer": "Philips",
    "ManufacturersModelName": "Ingenia",
    "Modality": "MR",
    "MultibandAccelerationFactor": 2,
    "PatientPosition": "HFS",
    "PercentPhaseFOV": 100,
    "PhaseEncodingSteps": 62,
    "ProcedureStepDescription": "Studie_MR",
    "ReconMatrixPE": 64,
    "RepetitionTime": 1.25,
    "ScanOptions": "FS",
    "ScanningSequence": "GR",
    "SequenceVariant": "SK",
    "SliceThickness": 3,
    "SoftwareVersions": "5.1.8_5.1.8.1",
    "SpacingBetweenSlices": 3.3,
    "StationName": "mrkh",
    "TaskName": "Rest Post",
    "dataset": "ds001927",
    "modality": "bold",
    "session_id": "fro",
    "subject_id": "s003",
    "task_id": "restpost"
  },
  "dummy_trs": 0,
  "dvars_nstd": 25.27539788494158,
  "dvars_std": 1.1105909440233728,
  "dvars_vstd": 1.0169512083138563,
  "efc": 0.555830308004257,
  "fber": 25595.271484375,
  "fd_mean": 0.11571945610528533,
  "fd_num": 23,
  "fd_perc": 3.8333333333333335,
  "fwhm_avg": 1.7516241492502094,
  "fwhm_x": 1.7146933333333332,
  "fwhm_y": 1.91327,
  "fwhm_z": 1.6269091144172947,
  "gcor": 0.0117967,
  "gsr_x": -0.01061071828007698,
  "gsr_y": 0.0301410723477602,
  "provenance": {
    "md5sum": "2e885e5754dbe6df2b3bde5adbce9c52",
    "settings": {
      "fd_thres": 0.2,
      "testing": false
    },
    "software": "mriqc",
    "version": "22.0.0rc1",
    "webapi_port": null,
    "webapi_url": "https://mriqc.nimh.nih.gov/api/v1"
  },
  "size_t": 600,
  "size_x": 64,
  "size_y": 64,
  "size_z": 40,
  "snr": 6.098844645319943,
  "spacing_tr": 1.25,
  "spacing_x": 3.0,
  "spacing_y": 3.0,
  "spacing_z": 3.299999952316284,
  "summary_bg_k": 15.180768638748962,
  "summary_bg_mad": 9.639229713725136,
  "summary_bg_mean": 50.5166015625,
  "summary_bg_median": 7.6473212242126465,
  "summary_bg_n": 86325.0,
  "summary_bg_p05": 0.9304359555244446,
  "summary_bg_p95": 251.40052490234376,
  "summary_bg_stdv": 98.38200378417969,
  "summary_fg_k": 3.4140844568080366,
  "summary_fg_mad": 192.51423304116406,
  "summary_fg_mean": 1449.3548583984375,
  "summary_fg_median": 1431.786376953125,
  "summary_fg_n": 40584.0,
  "summary_fg_p05": 1136.906268310547,
  "summary_fg_p95": 1836.295654296875,
  "summary_fg_stdv": 234.76065063476562,
  "tsnr": 58.78507614135742
}