{
  "aor": 0.0004376166666666667,
  "aqi": 0.015212491883333333,
  "bids_meta": {
    "AcquisitionMatrixPE": 62,
    "ConversionSoftware": "dcm2niix",
    "DeviceSerialNumber": "42292",
    "EchoTime": 0.03,
    "EchoTrainLength": 31,
    "FlipAngle": 70,
    "ImageType": [
      "ORIGINAL",
      "PRIMARY",
      "M",
      "FFE",
      "M",
      "FFE"
    ],
    "InPlanePhaseEncodingDirectionDICOM": "COL",
    "InstitutionName": "Klinikum_rechts_der_Isar",
    "InstitutionalDepartmentName": "MRT",
    "MRAcquisitionType": "2D",
    "MagneticFieldStrength": 3,
    "Manufacturer": "Philips",
    "ManufacturersModelName": "Ingenia",
    "Modality": "MR",
    "MultibandAccelerationFactor": 2,
    "PatientPosition": "HFS",
    "PercentPhaseFOV": 100,
    "PhaseEncodingSteps": 62,
    "ProcedureStepDescription": "Studie_MR",
    "ReconMatrixPE": 64,
    "RepetitionTime": 1.25,
    "ScanOptions": "FS",
    "ScanningSequence": "GR",
    "SequenceVariant": "SK",
    "SliceThickness": 3,
    "SoftwareVersions": "5.1.8_5.1.8.1",
    "SpacingBetweenSlices": 3.3,
    "StationName": "mrkh",
    "TaskName": "Rest Pre",
    "dataset": "ds001927",
    "modality": "bold",
    "session_id": "fro",
    "subject_id": "s005",
    "task_id": "restpre"
  },
  "dummy_trs": 0,
  "dvars_nstd": 30.04217721637733,
  "dvars_std": 1.163421689732887,
  "dvars_vstd": 0.9784387470283799,
  "efc": 0.5114592881021968,
  "fber": 16262.259765625,
  "fd_mean": 0.09637857195836987,
  "fd_num": 13,
  "fd_perc": 2.1666666666666665,
  "fwhm_avg": 1.5931685930196962,
  "fwhm_x": 1.5627666666666666,
  "fwhm_y": 1.7299633333333333,
  "fwhm_z": 1.4867757790590892,
  "gcor": 0.0172781,
  "gsr_x": -0.002789851510897279,
  "gsr_y": 0.0272201094776392,
  "provenance": {
    "md5sum": "949744f6c532f4daf986276f837c4428",
    "settings": {
      "fd_thres": 0.2,
      "testing": false
    },
    "software": "mriqc",
    "version": "22.0.0rc1",
    "webapi_port": null,
    "webapi_url": "https://mriqc.nimh.nih.gov/api/v1"
  },
  "size_t": 600,
  "size_x": 64,
  "size_y": 64,
  "size_z": 40,
  "snr": 7.149181092523825,
  "spacing_tr": 1.25,
  "spacing_x": 3.0,
  "spacing_y": 3.0,
  "spacing_z": 3.299999952316284,
  "summary_bg_k": 24.07289289907428,
  "summary_bg_mad": 12.154378486749433,
  "summary_bg_mean": 41.5897331237793,
  "summary_bg_median": 9.4801025390625,
  "summary_bg_n": 94942.0,
  "summary_bg_p05": 0.8041313499212265,
  "summary_bg_p95": 177.30281829833984,
  "summary_bg_stdv": 84.44453430175781,
  "summary_fg_k": 3.5163336045974782,
  "summary_fg_mad": 154.56119078835093,
  "summary_fg_mean": 1315.1434326171875,
  "summary_fg_median": 1304.28125,
  "summary_fg_n": 33186.0,
  "summary_fg_p05": 1054.6727294921875,
  "summary_fg_p95": 1603.2344665527344,
  "summary_fg_stdv": 182.4351043701172,
  "tsnr": 49.9516716003418
}