{
  "aor": 0.0002844333333333333,
  "aqi": 0.01168538795,
  "bids_meta": {
    "AcquisitionMatrixPE": 62,
    "ConversionSoftware": "dcm2niix",
    "DeviceSerialNumber": "42292",
    "EchoTime": 0.03,
    "EchoTrainLength": 31,
    "FlipAngle": 70,
    "ImageType": [
      "ORIGINAL",
      "PRIMARY",
      "M",
      "FFE",
      "M",
      "FFE"
    ],
    "InPlanePhaseEncodingDirectionDICOM": "COL",
    "InstitutionName": "Klinikum_rechts_der_Isar",
    "InstitutionalDepartmentName": "MRT",
    "MRAcquisitionType": "2D",
    "MagneticFieldStrength": 3,
    "Manufacturer": "Philips",
    "ManufacturersModelName": "Ingenia",
    "Modality": "MR",
    "MultibandAccelerationFactor": 2,
    "PatientPosition": "HFS",
    "PercentPhaseFOV": 100,
    "PhaseEncodingSteps": 62,
    "ProcedureStepDescription": "Studie_MR",
    "ReconMatrixPE": 64,
    "RepetitionTime": 1.25,
    "ScanOptions": "FS",
    "ScanningSequence": "GR",
    "SequenceVariant": "SK",
    "SliceThickness": 3,
    "SoftwareVersions": "5.1.8_5.1.8.1",
    "SpacingBetweenSlices": 3.3,
    "StationName": "mrkh",
    "TaskName": "Rest Post",
    "dataset": "ds001927",
    "modality": "bold",
    "session_id": "fro",
    "subject_id": "s005",
    "task_id": "restpost"
  },
  "dummy_trs": 0,
  "dvars_nstd": 30.349893725943257,
  "dvars_std": 1.1296806438397329,
  "dvars_vstd": 0.9950797042904839,
  "efc": 0.5026873630488572,
  "fber": 19627.33203125,
  "fd_mean": 0.11043695932303967,
  "fd_num": 12,
  "fd_perc": 2.0,
  "fwhm_avg": 1.698417684186443,
  "fwhm_x": 1.7063566666666665,
  "fwhm_y": 1.8486266666666669,
  "fwhm_z": 1.540269719225995,
  "gcor": 0.00709959,
  "gsr_x": -0.0043102712370455265,
  "gsr_y": 0.028161918744444847,
  "provenance": {
    "md5sum": "6570fa07a3fb26abdccb30419c855b4d",
    "settings": {
      "fd_thres": 0.2,
      "testing": false
    },
    "software": "mriqc",
    "version": "22.0.0rc1",
    "webapi_port": null,
    "webapi_url": "https://mriqc.nimh.nih.gov/api/v1"
  },
  "size_t": 600,
  "size_x": 64,
  "size_y": 64,
  "size_z": 40,
  "snr": 6.90709901753247,
  "spacing_tr": 1.25,
  "spacing_x": 3.0,
  "spacing_y": 3.0,
  "spacing_z": 3.299999952316284,
  "summary_bg_k": 21.811649792231712,
  "summary_bg_mad": 12.394861653591184,
  "summary_bg_mean": 41.88627624511719,
  "summary_bg_median": 9.285271644592285,
  "summary_bg_n": 96439.0,
  "summary_bg_p05": 0.576699584722519,
  "summary_bg_p95": 180.3327804565426,
  "summary_bg_stdv": 82.55968475341797,
  "summary_fg_k": 2.7868852040424184,
  "summary_fg_mad": 170.13928249476928,
  "summary_fg_mean": 1391.7322998046875,
  "summary_fg_median": 1380.82373046875,
  "summary_fg_n": 32217.0,
  "summary_fg_p05": 1098.285498046875,
  "summary_fg_p95": 1719.4487792968746,
  "summary_fg_stdv": 199.9105987548828,
  "tsnr": 51.7133903503418
}