{
  "aor": 0.0009979000000000001,
  "aqi": 0.0259443275,
  "bids_meta": {
    "AcquisitionMatrixPE": 62,
    "ConversionSoftware": "dcm2niix",
    "DeviceSerialNumber": "42292",
    "EchoTime": 0.03,
    "EchoTrainLength": 31,
    "FlipAngle": 70,
    "ImageType": [
      "ORIGINAL",
      "PRIMARY",
      "M",
      "FFE",
      "M",
      "FFE"
    ],
    "InPlanePhaseEncodingDirectionDICOM": "COL",
    "InstitutionName": "Klinikum_rechts_der_Isar",
    "InstitutionalDepartmentName": "MRT",
    "MRAcquisitionType": "2D",
    "MagneticFieldStrength": 3,
    "Manufacturer": "Philips",
    "ManufacturersModelName": "Ingenia",
    "Modality": "MR",
    "MultibandAccelerationFactor": 2,
    "PatientPosition": "HFS",
    "PercentPhaseFOV": 100,
    "PhaseEncodingSteps": 62,
    "ProcedureStepDescription": "Studie_MR",
    "ReconMatrixPE": 64,
    "RepetitionTime": 1.25,
    "ScanOptions": "FS",
    "ScanningSequence": "GR",
    "SequenceVariant": "SK",
    "SliceThickness": 3,
    "SoftwareVersions": "5.1.8_5.1.8.1",
    "SpacingBetweenSlices": 3.3,
    "StationName": "mrkh",
    "TaskName": "Rest Post",
    "dataset": "ds001927",
    "modality": "bold",
    "session_id": "occ",
    "subject_id": "s018",
    "task_id": "restpost"
  },
  "dummy_trs": 0,
  "dvars_nstd": 31.73619183691154,
  "dvars_std": 1.071821228614357,
  "dvars_vstd": 0.9672693466777956,
  "efc": 0.5262864170025525,
  "fber": 16735.533203125,
  "fd_mean": 0.24277200854195613,
  "fd_num": 342,
  "fd_perc": 57.0,
  "fwhm_avg": 1.6658034416335699,
  "fwhm_x": 1.6917266666666666,
  "fwhm_y": 1.79212,
  "fwhm_z": 1.5135636582340424,
  "gcor": 0.0183298,
  "gsr_x": 0.01001335121691227,
  "gsr_y": 0.025418780744075775,
  "provenance": {
    "md5sum": "9eb33ca79cba9c692f4683e1d8f42e14",
    "settings": {
      "fd_thres": 0.2,
      "testing": false
    },
    "software": "mriqc",
    "version": "22.0.0rc1",
    "webapi_port": null,
    "webapi_url": "https://mriqc.nimh.nih.gov/api/v1"
  },
  "size_t": 600,
  "size_x": 64,
  "size_y": 64,
  "size_z": 40,
  "snr": 6.571969507027213,
  "spacing_tr": 1.25,
  "spacing_x": 3.0,
  "spacing_y": 3.0,
  "spacing_z": 3.299999952316284,
  "summary_bg_k": 14.752083593541563,
  "summary_bg_mad": 12.515575486177575,
  "summary_bg_mean": 50.160362243652344,
  "summary_bg_median": 9.493622779846191,
  "summary_bg_n": 92933.0,
  "summary_bg_p05": 0.7533150792121888,
  "summary_bg_p95": 228.19806823730465,
  "summary_bg_stdv": 95.01654052734375,
  "summary_fg_k": 2.423081936150983,
  "summary_fg_mad": 173.25506371959744,
  "summary_fg_mean": 1307.4654541015625,
  "summary_fg_median": 1289.2877197265625,
  "summary_fg_n": 34574.0,
  "summary_fg_p05": 1030.359356689453,
  "summary_fg_p95": 1633.572686767578,
  "summary_fg_stdv": 196.17697143554688,
  "tsnr": 37.657474517822266
}