{
  "bids_meta": {
    "AcquisitionMatrixPE": 238,
    "ConversionSoftware": "dcm2niix",
    "DeviceSerialNumber": "42292",
    "EchoTime": 0.003996,
    "EchoTrainLength": 159,
    "FlipAngle": 8,
    "ImageType": [
      "ORIGINAL",
      "PRIMARY",
      "M",
      "FFE",
      "M",
      "FFE"
    ],
    "InPlanePhaseEncodingDirectionDICOM": "ROW",
    "InstitutionName": "Klinikum_rechts_der_Isar",
    "InstitutionalDepartmentName": "MRT",
    "MRAcquisitionType": "3D",
    "MagneticFieldStrength": 3,
    "Manufacturer": "Philips",
    "ManufacturersModelName": "Ingenia",
    "Modality": "MR",
    "PatientPosition": "HFS",
    "PercentPhaseFOV": 100,
    "PhaseEncodingSteps": 238,
    "ProcedureStepDescription": "Studie_MR",
    "ReconMatrixPE": 256,
    "RepetitionTime": 0.009,
    "ScanOptions": "OTHER",
    "ScanningSequence": "GR",
    "SequenceVariant": "MP",
    "SliceThickness": 1,
    "SoftwareVersions": "5.1.8_5.1.8.1",
    "SpacingBetweenSlices": 1,
    "StationName": "mrkh",
    "dataset": "ds001927",
    "modality": "T1w",
    "session_id": "occ",
    "subject_id": "s020"
  },
  "cjv": 0.3250027474287879,
  "cnr": 3.79074782748862,
  "efc": 0.7899665750615852,
  "fber": 433.9978942871094,
  "fwhm_avg": 3.825683263491996,
  "fwhm_x": 3.71418,
  "fwhm_y": 4.085058900108686,
  "fwhm_z": 3.677810890367302,
  "icvs_csf": 0.24074329890998913,
  "icvs_gm": 0.3543801251253317,
  "icvs_wm": 0.4048765759646792,
  "inu_med": 1.3229246139526367,
  "inu_range": 0.3813103437423706,
  "provenance": {
    "md5sum": "69e1e53e2c8d9823ebade57eef972809",
    "settings": {
      "testing": false
    },
    "software": "mriqc",
    "version": "22.0.0rc1",
    "warnings": {
      "large_rot_frame": true,
      "small_air_mask": true
    },
    "webapi_port": null,
    "webapi_url": "https://mriqc.nimh.nih.gov/api/v1"
  },
  "qi_1": 0.0,
  "qi_2": 0.003052720268729142,
  "rpve_csf": 20.43549533136805,
  "rpve_gm": 12.723347697975074,
  "rpve_wm": 15.753541814331218,
  "size_x": 170,
  "size_y": 256,
  "size_z": 256,
  "snr_csf": 2.540148200750299,
  "snr_gm": 8.326811203218766,
  "snr_total": 10.86591140552868,
  "snr_wm": 21.73077481261698,
  "snrd_csf": 21.88434023542005,
  "snrd_gm": 45.07218520357308,
  "snrd_total": 45.344857735782,
  "snrd_wm": 69.07804776835286,
  "spacing_x": 1.0,
  "spacing_y": 0.943651020526886,
  "spacing_z": 0.943651020526886,
  "summary_bg_k": 2.3713412631026394,
  "summary_bg_mad": 9.483893672341907,
  "summary_bg_mean": 15.494828224182129,
  "summary_bg_median": 12.70393180847168,
  "summary_bg_n": 114272.0,
  "summary_bg_p05": 0.0,
  "summary_bg_p95": 38.204424667358396,
  "summary_bg_stdv": 12.133790969848633,
  "summary_csf_k": -0.4571367275781717,
  "summary_csf_mad": 121.70248974920088,
  "summary_csf_mean": 295.64825439453125,
  "summary_csf_median": 316.8023681640625,
  "summary_csf_n": 8806.0,
  "summary_csf_p05": 67.64897155761719,
  "summary_csf_p95": 471.3722915649414,
  "summary_csf_stdv": 124.71098327636719,
  "summary_gm_k": 0.49020904988010683,
  "summary_gm_mad": 70.29338903426331,
  "summary_gm_mean": 653.5071411132812,
  "summary_gm_median": 652.4745483398438,
  "summary_gm_n": 9447.0,
  "summary_gm_p05": 525.7512756347656,
  "summary_gm_p95": 791.0399353027342,
  "summary_gm_stdv": 78.3541259765625,
  "summary_wm_k": 0.7471365839859199,
  "summary_wm_mad": 42.64960827714534,
  "summary_wm_mean": 998.9389038085938,
  "summary_wm_median": 999.988525390625,
  "summary_wm_n": 260015.0,
  "summary_wm_p05": 921.6896301269531,
  "summary_wm_p95": 1071.7504028320313,
  "summary_wm_stdv": 46.01707077026367,
  "tpm_overlap_csf": 0.15977485477924347,
  "tpm_overlap_gm": 0.40783748030662537,
  "tpm_overlap_wm": 0.5119361281394958,
  "wm2max": 0.6493949117793172
}