{
  "bids_meta": {
    "AcquisitionMatrixPE": 238,
    "ConversionSoftware": "dcm2niix",
    "DeviceSerialNumber": "42292",
    "EchoTime": 0.003996,
    "EchoTrainLength": 159,
    "FlipAngle": 8,
    "ImageType": [
      "ORIGINAL",
      "PRIMARY",
      "M",
      "FFE",
      "M",
      "FFE"
    ],
    "InPlanePhaseEncodingDirectionDICOM": "ROW",
    "InstitutionName": "Klinikum_rechts_der_Isar",
    "InstitutionalDepartmentName": "MRT",
    "MRAcquisitionType": "3D",
    "MagneticFieldStrength": 3,
    "Manufacturer": "Philips",
    "ManufacturersModelName": "Ingenia",
    "Modality": "MR",
    "PatientPosition": "HFS",
    "PercentPhaseFOV": 100,
    "PhaseEncodingSteps": 238,
    "ProcedureStepDescription": "Studie_MR",
    "ReconMatrixPE": 256,
    "RepetitionTime": 0.009,
    "ScanOptions": "OTHER",
    "ScanningSequence": "GR",
    "SequenceVariant": "MP",
    "SliceThickness": 1,
    "SoftwareVersions": "5.1.8_5.1.8.1",
    "SpacingBetweenSlices": 1,
    "StationName": "mrkh",
    "dataset": "ds001927",
    "modality": "T1w",
    "session_id": "fro",
    "subject_id": "s015"
  },
  "cjv": 0.35543005464027977,
  "cnr": 3.549512353254137,
  "efc": 0.7817074402655106,
  "fber": 1315.216064453125,
  "fwhm_avg": 3.609737018546237,
  "fwhm_x": 3.53607,
  "fwhm_y": 3.817258628077083,
  "fwhm_z": 3.475882427561628,
  "icvs_csf": 0.22858940166360428,
  "icvs_gm": 0.3803565942450966,
  "icvs_wm": 0.39105400409129915,
  "inu_med": 0.9319136738777161,
  "inu_range": 0.2953334689140319,
  "provenance": {
    "md5sum": "83a13d3ad1a029e76d1f10d62011f805",
    "settings": {
      "testing": false
    },
    "software": "mriqc",
    "version": "22.0.0rc1",
    "warnings": {
      "large_rot_frame": true,
      "small_air_mask": true
    },
    "webapi_port": null,
    "webapi_url": "https://mriqc.nimh.nih.gov/api/v1"
  },
  "qi_1": 0.0,
  "qi_2": 0.002104246721757913,
  "rpve_csf": 22.05580356696208,
  "rpve_gm": 13.035693756329893,
  "rpve_wm": 17.19889189533428,
  "size_x": 170,
  "size_y": 256,
  "size_z": 256,
  "snr_csf": 2.93621200407204,
  "snr_gm": 7.712621044656609,
  "snr_total": 9.97664774607953,
  "snr_wm": 19.281110189509942,
  "snrd_csf": 22.027479773697586,
  "snrd_gm": 38.40173115112892,
  "snrd_total": 39.930968162078194,
  "snrd_wm": 59.36369356140809,
  "spacing_x": 1.0,
  "spacing_y": 0.943651020526886,
  "spacing_z": 0.943651020526886,
  "summary_bg_k": 3.7755873087804943,
  "summary_bg_mad": 11.035978023683557,
  "summary_bg_mean": 16.72669792175293,
  "summary_bg_median": 14.863757133483887,
  "summary_bg_n": 227917.0,
  "summary_bg_p05": 0.0,
  "summary_bg_p95": 44.00235900878906,
  "summary_bg_stdv": 13.128159523010254,
  "summary_csf_k": 0.14061268979416397,
  "summary_csf_mad": 108.18553093959997,
  "summary_csf_mean": 347.9682312011719,
  "summary_csf_median": 371.059814453125,
  "summary_csf_n": 5730.0,
  "summary_csf_p05": 79.20777816772461,
  "summary_csf_p95": 513.9552825927734,
  "summary_csf_stdv": 126.36261749267578,
  "summary_gm_k": 0.3378475886452663,
  "summary_gm_mad": 78.77192998048416,
  "summary_gm_mean": 648.6073608398438,
  "summary_gm_median": 646.8892211914062,
  "summary_gm_n": 13237.0,
  "summary_gm_p05": 510.1400207519531,
  "summary_gm_p95": 791.2662963867185,
  "summary_gm_stdv": 83.87094116210938,
  "summary_wm_k": 0.9534105630375027,
  "summary_wm_mad": 46.73427511925498,
  "summary_wm_mean": 998.8771362304688,
  "summary_wm_median": 1000.0000610351562,
  "summary_wm_n": 223303.0,
  "summary_wm_p05": 911.6954650878906,
  "summary_wm_p95": 1081.3577880859375,
  "summary_wm_stdv": 51.86412048339844,
  "tpm_overlap_csf": 0.15373192727565765,
  "tpm_overlap_gm": 0.4114105999469757,
  "tpm_overlap_wm": 0.5056831240653992,
  "wm2max": 0.5187250814238678
}