{
  "bids_meta": {
    "AcquisitionMatrixPE": 238,
    "ConversionSoftware": "dcm2niix",
    "DeviceSerialNumber": "42292",
    "EchoTime": 0.003996,
    "EchoTrainLength": 159,
    "FlipAngle": 8,
    "ImageType": [
      "ORIGINAL",
      "PRIMARY",
      "M",
      "FFE",
      "M",
      "FFE"
    ],
    "InPlanePhaseEncodingDirectionDICOM": "ROW",
    "InstitutionName": "Klinikum_rechts_der_Isar",
    "InstitutionalDepartmentName": "MRT",
    "MRAcquisitionType": "3D",
    "MagneticFieldStrength": 3,
    "Manufacturer": "Philips",
    "ManufacturersModelName": "Ingenia",
    "Modality": "MR",
    "PatientPosition": "HFS",
    "PercentPhaseFOV": 100,
    "PhaseEncodingSteps": 238,
    "ProcedureStepDescription": "Studie_MR",
    "ReconMatrixPE": 256,
    "RepetitionTime": 0.009,
    "ScanOptions": "OTHER",
    "ScanningSequence": "GR",
    "SequenceVariant": "MP",
    "SliceThickness": 1,
    "SoftwareVersions": "5.1.8_5.1.8.1",
    "SpacingBetweenSlices": 1,
    "StationName": "mrkh",
    "dataset": "ds001927",
    "modality": "T1w",
    "session_id": "occ",
    "subject_id": "s006"
  },
  "cjv": 0.3223392951587937,
  "cnr": 3.7595939507822513,
  "efc": 0.7717363481393109,
  "fber": 927.8843383789062,
  "fwhm_avg": 3.6151881195999764,
  "fwhm_x": 3.47357,
  "fwhm_y": 3.890007979804239,
  "fwhm_z": 3.481986378995691,
  "icvs_csf": 0.2423944526576911,
  "icvs_gm": 0.3493023502666899,
  "icvs_wm": 0.408303197075619,
  "inu_med": 1.0940272808074951,
  "inu_range": 0.3068284332752227,
  "provenance": {
    "md5sum": "23f9a873449b1b09176ce207ffc3971b",
    "settings": {
      "testing": false
    },
    "software": "mriqc",
    "version": "22.0.0rc1",
    "warnings": {
      "large_rot_frame": true,
      "small_air_mask": true
    },
    "webapi_port": null,
    "webapi_url": "https://mriqc.nimh.nih.gov/api/v1"
  },
  "qi_1": 0.0,
  "qi_2": 0.0029400710205740935,
  "rpve_csf": 21.221178147634458,
  "rpve_gm": 13.5695019988677,
  "rpve_wm": 16.768359076427096,
  "size_x": 170,
  "size_y": 256,
  "size_z": 256,
  "snr_csf": 3.3047753764006838,
  "snr_gm": 7.495367948841347,
  "snr_total": 10.930914832431831,
  "snr_wm": 21.992601172053465,
  "snrd_csf": 22.80742727449902,
  "snrd_gm": 43.61572618528409,
  "snrd_total": 45.016814188745464,
  "snrd_wm": 68.62728910645329,
  "spacing_x": 1.0,
  "spacing_y": 0.943651020526886,
  "spacing_z": 0.943651020526886,
  "summary_bg_k": 3.3185363831104944,
  "summary_bg_mad": 9.545963331374896,
  "summary_bg_mean": 14.710166931152344,
  "summary_bg_median": 12.80966567993164,
  "summary_bg_n": 78047.0,
  "summary_bg_p05": 0.0,
  "summary_bg_p95": 38.65407257080078,
  "summary_bg_stdv": 11.871988296508789,
  "summary_csf_k": 0.4539462347338463,
  "summary_csf_mad": 93.20119499836258,
  "summary_csf_mean": 323.3662414550781,
  "summary_csf_median": 332.3260192871094,
  "summary_csf_n": 6415.0,
  "summary_csf_p05": 133.27081604003908,
  "summary_csf_p95": 471.80353698730465,
  "summary_csf_stdv": 100.55149841308594,
  "summary_gm_k": 0.42900932229197997,
  "summary_gm_mad": 76.29632633102328,
  "summary_gm_mean": 638.5361328125,
  "summary_gm_median": 635.5228271484375,
  "summary_gm_n": 10010.0,
  "summary_gm_p05": 500.6096954345703,
  "summary_gm_p95": 784.1509796142577,
  "summary_gm_stdv": 84.78450775146484,
  "summary_wm_k": 1.108804597548148,
  "summary_wm_mad": 41.17777447074925,
  "summary_wm_mean": 999.0924682617188,
  "summary_wm_median": 999.9652099609375,
  "summary_wm_n": 254915.0,
  "summary_wm_p05": 923.8357238769531,
  "summary_wm_p95": 1071.1674560546876,
  "summary_wm_stdv": 45.46816635131836,
  "tpm_overlap_csf": 0.13637766242027283,
  "tpm_overlap_gm": 0.3873932361602783,
  "tpm_overlap_wm": 0.500853955745697,
  "wm2max": 0.5902253426736117
}