{
  "aor": 0.0006363166666666667,
  "aqi": 0.014192075516666668,
  "bids_meta": {
    "AcquisitionMatrixPE": 62,
    "ConversionSoftware": "dcm2niix",
    "DeviceSerialNumber": "42292",
    "EchoTime": 0.03,
    "EchoTrainLength": 31,
    "FlipAngle": 70,
    "ImageType": [
      "ORIGINAL",
      "PRIMARY",
      "M",
      "FFE",
      "M",
      "FFE"
    ],
    "InPlanePhaseEncodingDirectionDICOM": "COL",
    "InstitutionName": "Klinikum_rechts_der_Isar",
    "InstitutionalDepartmentName": "MRT",
    "MRAcquisitionType": "2D",
    "MagneticFieldStrength": 3,
    "Manufacturer": "Philips",
    "ManufacturersModelName": "Ingenia",
    "Modality": "MR",
    "MultibandAccelerationFactor": 2,
    "PatientPosition": "HFS",
    "PercentPhaseFOV": 100,
    "PhaseEncodingSteps": 62,
    "ProcedureStepDescription": "Studie_MR",
    "ReconMatrixPE": 64,
    "RepetitionTime": 1.25,
    "ScanOptions": "FS",
    "ScanningSequence": "GR",
    "SequenceVariant": "SK",
    "SliceThickness": 3,
    "SoftwareVersions": "5.1.8_5.1.8.1",
    "SpacingBetweenSlices": 3.3,
    "StationName": "mrkh",
    "TaskName": "Rest Pre",
    "dataset": "ds001927",
    "modality": "bold",
    "session_id": "occ",
    "subject_id": "s021",
    "task_id": "restpre"
  },
  "dummy_trs": 0,
  "dvars_nstd": 31.812461146126864,
  "dvars_std": 1.1738188362270454,
  "dvars_vstd": 0.9927889588981632,
  "efc": 0.5371868589610908,
  "fber": 11656.5166015625,
  "fd_mean": 0.12011343140354279,
  "fd_num": 49,
  "fd_perc": 8.166666666666666,
  "fwhm_avg": 1.6042135427123718,
  "fwhm_x": 1.5971566666666668,
  "fwhm_y": 1.6876566666666666,
  "fwhm_z": 1.5278272948037825,
  "gcor": 0.040666,
  "gsr_x": 0.004606816451996565,
  "gsr_y": 0.023281775414943695,
  "provenance": {
    "md5sum": "e6819ba81aa222b19f4616cacce0f33b",
    "settings": {
      "fd_thres": 0.2,
      "testing": false
    },
    "software": "mriqc",
    "version": "22.0.0rc1",
    "webapi_port": null,
    "webapi_url": "https://mriqc.nimh.nih.gov/api/v1"
  },
  "size_t": 600,
  "size_x": 64,
  "size_y": 64,
  "size_z": 40,
  "snr": 6.889678066203329,
  "spacing_tr": 1.25,
  "spacing_x": 3.0,
  "spacing_y": 3.0,
  "spacing_z": 3.299999952316284,
  "summary_bg_k": 12.361194818385716,
  "summary_bg_mad": 16.547116241306114,
  "summary_bg_mean": 67.82305145263672,
  "summary_bg_median": 12.248998641967773,
  "summary_bg_n": 92721.0,
  "summary_bg_p05": 0.6637263894081116,
  "summary_bg_p95": 352.3608703613281,
  "summary_bg_stdv": 135.1305389404297,
  "summary_fg_k": 3.9453845693925222,
  "summary_fg_mad": 188.12940802285917,
  "summary_fg_mean": 1440.29541015625,
  "summary_fg_median": 1428.71435546875,
  "summary_fg_n": 34743.0,
  "summary_fg_p05": 1159.9132446289063,
  "summary_fg_p95": 1768.5060668945314,
  "summary_fg_stdv": 207.36727905273438,
  "tsnr": 46.70796203613281
}