{
  "aor": 0.0003408333333333333,
  "aqi": 0.014918871516666666,
  "bids_meta": {
    "AcquisitionMatrixPE": 62,
    "ConversionSoftware": "dcm2niix",
    "DeviceSerialNumber": "42292",
    "EchoTime": 0.03,
    "EchoTrainLength": 31,
    "FlipAngle": 70,
    "ImageType": [
      "ORIGINAL",
      "PRIMARY",
      "M",
      "FFE",
      "M",
      "FFE"
    ],
    "InPlanePhaseEncodingDirectionDICOM": "COL",
    "InstitutionName": "Klinikum_rechts_der_Isar",
    "InstitutionalDepartmentName": "MRT",
    "MRAcquisitionType": "2D",
    "MagneticFieldStrength": 3,
    "Manufacturer": "Philips",
    "ManufacturersModelName": "Ingenia",
    "Modality": "MR",
    "MultibandAccelerationFactor": 2,
    "PatientPosition": "HFS",
    "PercentPhaseFOV": 100,
    "PhaseEncodingSteps": 62,
    "ProcedureStepDescription": "Studie_MR",
    "ReconMatrixPE": 64,
    "RepetitionTime": 1.25,
    "ScanOptions": "FS",
    "ScanningSequence": "GR",
    "SequenceVariant": "SK",
    "SliceThickness": 3,
    "SoftwareVersions": "5.1.8_5.1.8.1",
    "SpacingBetweenSlices": 3.3,
    "StationName": "mrkh",
    "TaskName": "Rest Post",
    "dataset": "ds001927",
    "modality": "bold",
    "session_id": "occ",
    "subject_id": "s016",
    "task_id": "restpost"
  },
  "dummy_trs": 0,
  "dvars_nstd": 31.48520866759601,
  "dvars_std": 1.1264817475292144,
  "dvars_vstd": 0.9455717898664437,
  "efc": 0.5010736567746202,
  "fber": 54764.1328125,
  "fd_mean": 0.134296807402678,
  "fd_num": 80,
  "fd_perc": 13.333333333333334,
  "fwhm_avg": 1.6847514220191375,
  "fwhm_x": 1.6425733333333332,
  "fwhm_y": 1.7761233333333333,
  "fwhm_z": 1.6355575993907465,
  "gcor": 0.0120676,
  "gsr_x": -0.004834722261875868,
  "gsr_y": 0.02495618723332882,
  "provenance": {
    "md5sum": "00798e0e1fe49cfa41ef68dbbf74e365",
    "settings": {
      "fd_thres": 0.2,
      "testing": false
    },
    "software": "mriqc",
    "version": "22.0.0rc1",
    "webapi_port": null,
    "webapi_url": "https://mriqc.nimh.nih.gov/api/v1"
  },
  "size_t": 600,
  "size_x": 64,
  "size_y": 64,
  "size_z": 40,
  "snr": 5.9788419075607315,
  "spacing_tr": 1.25,
  "spacing_x": 3.0,
  "spacing_y": 3.0,
  "spacing_z": 3.299999952316284,
  "summary_bg_k": 23.981797416041324,
  "summary_bg_mad": 6.534655967245025,
  "summary_bg_mean": 39.41453552246094,
  "summary_bg_median": 5.396510124206543,
  "summary_bg_n": 95956.0,
  "summary_bg_p05": 0.7311564385890961,
  "summary_bg_p95": 185.26192092895508,
  "summary_bg_stdv": 85.97758483886719,
  "summary_fg_k": 1.161472142386713,
  "summary_fg_mad": 229.5548559721271,
  "summary_fg_mean": 1360.6790771484375,
  "summary_fg_median": 1349.28759765625,
  "summary_fg_n": 32396.0,
  "summary_fg_p05": 1039.7147827148438,
  "summary_fg_p95": 1727.6638793945312,
  "summary_fg_stdv": 225.67359924316406,
  "tsnr": 44.208316802978516
}