{
  "bids_meta": {
    "AcquisitionMatrixPE": 238,
    "ConversionSoftware": "dcm2niix",
    "DeviceSerialNumber": "42292",
    "EchoTime": 0.003996,
    "EchoTrainLength": 159,
    "FlipAngle": 8,
    "ImageType": [
      "ORIGINAL",
      "PRIMARY",
      "M",
      "FFE",
      "M",
      "FFE"
    ],
    "InPlanePhaseEncodingDirectionDICOM": "ROW",
    "InstitutionName": "Klinikum_rechts_der_Isar",
    "InstitutionalDepartmentName": "MRT",
    "MRAcquisitionType": "3D",
    "MagneticFieldStrength": 3,
    "Manufacturer": "Philips",
    "ManufacturersModelName": "Ingenia",
    "Modality": "MR",
    "PatientPosition": "HFS",
    "PercentPhaseFOV": 100,
    "PhaseEncodingSteps": 238,
    "ProcedureStepDescription": "Studie_MR",
    "ReconMatrixPE": 256,
    "RepetitionTime": 0.009,
    "ScanOptions": "OTHER",
    "ScanningSequence": "GR",
    "SequenceVariant": "MP",
    "SliceThickness": 1,
    "SoftwareVersions": "5.1.8_5.1.8.1",
    "SpacingBetweenSlices": 1,
    "StationName": "mrkh",
    "dataset": "ds001927",
    "modality": "T1w",
    "session_id": "ctr",
    "subject_id": "s023"
  },
  "cjv": 0.25857294615379395,
  "cnr": 4.45599079405761,
  "efc": 0.7934722092734936,
  "fber": 1277.777099609375,
  "fwhm_avg": 4.398835867972449,
  "fwhm_x": 4.73464,
  "fwhm_y": 4.469650229006274,
  "fwhm_z": 3.992217374911073,
  "icvs_csf": 0.2817530503262928,
  "icvs_gm": 0.3534472313179531,
  "icvs_wm": 0.36479971835575414,
  "inu_med": 1.1228786706924438,
  "inu_range": 0.30010706186294556,
  "provenance": {
    "md5sum": "408b831562a776dde9084256a6ce7313",
    "settings": {
      "testing": false
    },
    "software": "mriqc",
    "version": "22.0.0rc1",
    "warnings": {
      "large_rot_frame": true,
      "small_air_mask": true
    },
    "webapi_port": null,
    "webapi_url": "https://mriqc.nimh.nih.gov/api/v1"
  },
  "qi_1": 0.0,
  "qi_2": 0.0014085396857469925,
  "rpve_csf": 19.64636264426026,
  "rpve_gm": 13.87978658691134,
  "rpve_wm": 18.738609449436986,
  "size_x": 170,
  "size_y": 256,
  "size_z": 256,
  "snr_csf": 3.8282540715721396,
  "snr_gm": 9.908825868191649,
  "snr_total": 14.171664718530467,
  "snr_wm": 28.777914215827614,
  "snrd_csf": 23.094283234927946,
  "snrd_gm": 43.4794566073083,
  "snrd_total": 44.06275344338294,
  "snrd_wm": 65.61452048791257,
  "spacing_x": 1.0,
  "spacing_y": 0.943651020526886,
  "spacing_z": 0.943651020526886,
  "summary_bg_k": 32.6314752624988,
  "summary_bg_mad": 9.984713912372397,
  "summary_bg_mean": 9.317047119140625,
  "summary_bg_median": 7.055163860321045,
  "summary_bg_n": 139573.0,
  "summary_bg_p05": 0.0,
  "summary_bg_p95": 21.156277084350585,
  "summary_bg_stdv": 7.224010944366455,
  "summary_csf_k": 0.341850912362883,
  "summary_csf_mad": 85.76881886220906,
  "summary_csf_mean": 341.734130859375,
  "summary_csf_median": 351.97222900390625,
  "summary_csf_n": 18428.0,
  "summary_csf_p05": 166.21779251098633,
  "summary_csf_p95": 471.63086547851555,
  "summary_csf_stdv": 91.93817138671875,
  "summary_gm_k": 0.577502302851336,
  "summary_gm_mad": 57.79424877344149,
  "summary_gm_mean": 664.45751953125,
  "summary_gm_median": 662.6558227539062,
  "summary_gm_n": 13615.0,
  "summary_gm_p05": 553.0894104003906,
  "summary_gm_p95": 780.4772338867188,
  "summary_gm_stdv": 66.87285614013672,
  "summary_wm_k": 1.733435009794718,
  "summary_wm_mad": 29.436133182773517,
  "summary_wm_mean": 999.4320068359375,
  "summary_wm_median": 1000.0089111328125,
  "summary_wm_n": 217395.0,
  "summary_wm_p05": 942.0401306152344,
  "summary_wm_p95": 1054.4919311523438,
  "summary_wm_stdv": 34.74909973144531,
  "tpm_overlap_csf": 0.1421716809272766,
  "tpm_overlap_gm": 0.41113609075546265,
  "tpm_overlap_wm": 0.5143133401870728,
  "wm2max": 0.6199050465243845
}