{
  "aor": 0.0007720833333333334,
  "aqi": 0.01236682125,
  "bids_meta": {
    "AcquisitionMatrixPE": 62,
    "ConversionSoftware": "dcm2niix",
    "DeviceSerialNumber": "42292",
    "EchoTime": 0.03,
    "EchoTrainLength": 31,
    "FlipAngle": 70,
    "ImageType": [
      "ORIGINAL",
      "PRIMARY",
      "M",
      "FFE",
      "M",
      "FFE"
    ],
    "InPlanePhaseEncodingDirectionDICOM": "COL",
    "InstitutionName": "Klinikum_rechts_der_Isar",
    "InstitutionalDepartmentName": "MRT",
    "MRAcquisitionType": "2D",
    "MagneticFieldStrength": 3,
    "Manufacturer": "Philips",
    "ManufacturersModelName": "Ingenia",
    "Modality": "MR",
    "MultibandAccelerationFactor": 2,
    "PatientPosition": "HFS",
    "PercentPhaseFOV": 100,
    "PhaseEncodingSteps": 62,
    "ProcedureStepDescription": "Studie_MR",
    "ReconMatrixPE": 64,
    "RepetitionTime": 1.25,
    "ScanOptions": "FS",
    "ScanningSequence": "GR",
    "SequenceVariant": "SK",
    "SliceThickness": 3,
    "SoftwareVersions": "5.1.8_5.1.8.1",
    "SpacingBetweenSlices": 3.3,
    "StationName": "mrkh",
    "TaskName": "Rest Pre",
    "dataset": "ds001927",
    "modality": "bold",
    "session_id": "fro",
    "subject_id": "s021",
    "task_id": "restpre"
  },
  "dummy_trs": 0,
  "dvars_nstd": 30.096483374040073,
  "dvars_std": 1.161834747061771,
  "dvars_vstd": 1.0021298523539235,
  "efc": 0.5382631487511329,
  "fber": 8560.1435546875,
  "fd_mean": 0.10768470397119274,
  "fd_num": 25,
  "fd_perc": 4.166666666666667,
  "fwhm_avg": 1.6176295023559568,
  "fwhm_x": 1.61033,
  "fwhm_y": 1.7048433333333335,
  "fwhm_z": 1.5377151737345374,
  "gcor": 0.010788,
  "gsr_x": 0.003661802038550377,
  "gsr_y": 0.020687608048319817,
  "provenance": {
    "md5sum": "de4a0efded630995f991195c5a7c369b",
    "settings": {
      "fd_thres": 0.2,
      "testing": false
    },
    "software": "mriqc",
    "version": "22.0.0rc1",
    "webapi_port": null,
    "webapi_url": "https://mriqc.nimh.nih.gov/api/v1"
  },
  "size_t": 600,
  "size_x": 64,
  "size_y": 64,
  "size_z": 40,
  "snr": 6.7986816751591155,
  "spacing_tr": 1.25,
  "spacing_x": 3.0,
  "spacing_y": 3.0,
  "spacing_z": 3.299999952316284,
  "summary_bg_k": 11.856347142002368,
  "summary_bg_mad": 21.47811544700674,
  "summary_bg_mean": 76.16278839111328,
  "summary_bg_median": 15.822181701660156,
  "summary_bg_n": 93039.0,
  "summary_bg_p05": 0.772150319814682,
  "summary_bg_p95": 390.3956115722655,
  "summary_bg_stdv": 147.70423889160156,
  "summary_fg_k": 4.261631776757505,
  "summary_fg_mad": 202.62604348456554,
  "summary_fg_mean": 1564.8497314453125,
  "summary_fg_median": 1550.86865234375,
  "summary_fg_n": 34445.0,
  "summary_fg_p05": 1263.29013671875,
  "summary_fg_p95": 1933.3645751953122,
  "summary_fg_stdv": 228.10983276367188,
  "tsnr": 49.73639678955078
}