{
  "aor": 0.0004412333333333333,
  "aqi": 0.016184459900000003,
  "bids_meta": {
    "AcquisitionMatrixPE": 62,
    "ConversionSoftware": "dcm2niix",
    "DeviceSerialNumber": "42292",
    "EchoTime": 0.03,
    "EchoTrainLength": 31,
    "FlipAngle": 70,
    "ImageType": [
      "ORIGINAL",
      "PRIMARY",
      "M",
      "FFE",
      "M",
      "FFE"
    ],
    "InPlanePhaseEncodingDirectionDICOM": "COL",
    "InstitutionName": "Klinikum_rechts_der_Isar",
    "InstitutionalDepartmentName": "MRT",
    "MRAcquisitionType": "2D",
    "MagneticFieldStrength": 3,
    "Manufacturer": "Philips",
    "ManufacturersModelName": "Ingenia",
    "Modality": "MR",
    "MultibandAccelerationFactor": 2,
    "PatientPosition": "HFS",
    "PercentPhaseFOV": 100,
    "PhaseEncodingSteps": 62,
    "ProcedureStepDescription": "Studie_MR",
    "ReconMatrixPE": 64,
    "RepetitionTime": 1.25,
    "ScanOptions": "FS",
    "ScanningSequence": "GR",
    "SequenceVariant": "SK",
    "SliceThickness": 3,
    "SoftwareVersions": "5.1.8_5.1.8.1",
    "SpacingBetweenSlices": 3.3,
    "StationName": "mrkh",
    "TaskName": "Rest Post",
    "dataset": "ds001927",
    "modality": "bold",
    "session_id": "fro",
    "subject_id": "s022",
    "task_id": "restpost"
  },
  "dummy_trs": 0,
  "dvars_nstd": 37.479984452403976,
  "dvars_std": 1.1938478658096832,
  "dvars_vstd": 0.9877737322036726,
  "efc": 0.5484557763273283,
  "fber": 10958.826171875,
  "fd_mean": 0.1746988913107177,
  "fd_num": 197,
  "fd_perc": 32.833333333333336,
  "fwhm_avg": 1.6232619267194075,
  "fwhm_x": 1.5974633333333335,
  "fwhm_y": 1.70948,
  "fwhm_z": 1.5628424468248894,
  "gcor": 0.0188845,
  "gsr_x": 0.00704481964930892,
  "gsr_y": 0.013403118588030338,
  "provenance": {
    "md5sum": "4eeaa6b8ac9b2161b8da169cb045a5d0",
    "settings": {
      "fd_thres": 0.2,
      "testing": false
    },
    "software": "mriqc",
    "version": "22.0.0rc1",
    "webapi_port": null,
    "webapi_url": "https://mriqc.nimh.nih.gov/api/v1"
  },
  "size_t": 600,
  "size_x": 64,
  "size_y": 64,
  "size_z": 40,
  "snr": 6.115075838560052,
  "spacing_tr": 1.25,
  "spacing_x": 3.0,
  "spacing_y": 3.0,
  "spacing_z": 3.299999952316284,
  "summary_bg_k": 13.486360483976775,
  "summary_bg_mad": 13.082923429735335,
  "summary_bg_mean": 52.73567581176758,
  "summary_bg_median": 9.639883041381836,
  "summary_bg_n": 89996.0,
  "summary_bg_p05": 0.5796629637479782,
  "summary_bg_p95": 256.08837127685547,
  "summary_bg_stdv": 102.53837585449219,
  "summary_fg_k": 2.7393461569409476,
  "summary_fg_mad": 164.19122790342453,
  "summary_fg_mean": 1153.692138671875,
  "summary_fg_median": 1131.037353515625,
  "summary_fg_n": 37012.0,
  "summary_fg_p05": 914.6220642089844,
  "summary_fg_p95": 1463.1762756347653,
  "summary_fg_stdv": 184.9563446044922,
  "tsnr": 42.45198059082031
}