{
  "bids_meta": {
    "AcquisitionMatrixPE": 238,
    "ConversionSoftware": "dcm2niix",
    "DeviceSerialNumber": "42292",
    "EchoTime": 0.003996,
    "EchoTrainLength": 159,
    "FlipAngle": 8,
    "ImageType": [
      "ORIGINAL",
      "PRIMARY",
      "M",
      "FFE",
      "M",
      "FFE"
    ],
    "InPlanePhaseEncodingDirectionDICOM": "ROW",
    "InstitutionName": "Klinikum_rechts_der_Isar",
    "InstitutionalDepartmentName": "MRT",
    "MRAcquisitionType": "3D",
    "MagneticFieldStrength": 3,
    "Manufacturer": "Philips",
    "ManufacturersModelName": "Ingenia",
    "Modality": "MR",
    "PatientPosition": "HFS",
    "PercentPhaseFOV": 100,
    "PhaseEncodingSteps": 238,
    "ProcedureStepDescription": "Studie_MR",
    "ReconMatrixPE": 256,
    "RepetitionTime": 0.009,
    "ScanOptions": "OTHER",
    "ScanningSequence": "GR",
    "SequenceVariant": "MP",
    "SliceThickness": 1,
    "SoftwareVersions": "5.1.8_5.1.8.1",
    "SpacingBetweenSlices": 1,
    "StationName": "mrkh",
    "dataset": "ds001927",
    "modality": "T1w",
    "session_id": "ctr",
    "subject_id": "s006"
  },
  "cjv": 0.2637368156078535,
  "cnr": 4.5239328323446495,
  "efc": 0.7794400393374359,
  "fber": 1430.9139404296875,
  "fwhm_avg": 4.482653375979679,
  "fwhm_x": 4.63999,
  "fwhm_y": 4.663047995797329,
  "fwhm_z": 4.144922132141709,
  "icvs_csf": 0.2883915322657335,
  "icvs_gm": 0.3278899483949827,
  "icvs_wm": 0.38371851933928375,
  "inu_med": 1.123092532157898,
  "inu_range": 0.2681061029434204,
  "provenance": {
    "md5sum": "6018fbffad9449dbbe2a7c97ff1c831e",
    "settings": {
      "testing": false
    },
    "software": "mriqc",
    "version": "22.0.0rc1",
    "warnings": {
      "large_rot_frame": true,
      "small_air_mask": true
    },
    "webapi_port": null,
    "webapi_url": "https://mriqc.nimh.nih.gov/api/v1"
  },
  "qi_1": 0.0,
  "qi_2": 0.0016969213303767096,
  "rpve_csf": 19.29279017497672,
  "rpve_gm": 14.318703561898738,
  "rpve_wm": 17.615642710393914,
  "size_x": 170,
  "size_y": 256,
  "size_z": 256,
  "snr_csf": 3.9193414009487193,
  "snr_gm": 10.62973974960669,
  "snr_total": 15.099122699081041,
  "snr_wm": 30.74828694668771,
  "snrd_csf": 23.428129543567266,
  "snrd_gm": 45.880603564484765,
  "snrd_total": 45.77648703222741,
  "snrd_wm": 68.0207279886302,
  "spacing_x": 1.0,
  "spacing_y": 0.943651020526886,
  "spacing_z": 0.943651020526886,
  "summary_bg_k": 297.6990371325838,
  "summary_bg_mad": 9.6313015127271,
  "summary_bg_mean": 9.838946342468262,
  "summary_bg_median": 6.707701683044434,
  "summary_bg_n": 82066.0,
  "summary_bg_p05": 0.0,
  "summary_bg_p95": 20.23103380203247,
  "summary_bg_stdv": 9.62640380859375,
  "summary_csf_k": 0.3993067590359587,
  "summary_csf_mad": 85.36242441864775,
  "summary_csf_mean": 336.5677490234375,
  "summary_csf_median": 344.4219970703125,
  "summary_csf_n": 20270.0,
  "summary_csf_p05": 174.02872543334962,
  "summary_csf_p95": 461.7938125610351,
  "summary_csf_stdv": 87.87535095214844,
  "summary_gm_k": 0.4386480960791137,
  "summary_gm_mad": 57.32482744723923,
  "summary_gm_mean": 671.5680541992188,
  "summary_gm_median": 674.5006713867188,
  "summary_gm_n": 14770.0,
  "summary_gm_p05": 562.527212524414,
  "summary_gm_p95": 775.8639373779297,
  "summary_gm_stdv": 63.451961517333984,
  "summary_wm_k": 1.2613006611049018,
  "summary_wm_mad": 28.518012936865446,
  "summary_wm_mean": 998.7382202148438,
  "summary_wm_median": 999.9874267578125,
  "summary_wm_n": 252474.0,
  "summary_wm_p05": 943.4064727783203,
  "summary_wm_p95": 1049.666796875,
  "summary_wm_stdv": 32.521663665771484,
  "tpm_overlap_csf": 0.13982273638248444,
  "tpm_overlap_gm": 0.38645437359809875,
  "tpm_overlap_wm": 0.5095371007919312,
  "wm2max": 0.6660446991191814
}