{
  "bids_meta": {
    "AcquisitionMatrixPE": 238,
    "ConversionSoftware": "dcm2niix",
    "DeviceSerialNumber": "42292",
    "EchoTime": 0.003996,
    "EchoTrainLength": 159,
    "FlipAngle": 8,
    "ImageType": [
      "ORIGINAL",
      "PRIMARY",
      "M",
      "FFE",
      "M",
      "FFE"
    ],
    "InPlanePhaseEncodingDirectionDICOM": "ROW",
    "InstitutionName": "Klinikum_rechts_der_Isar",
    "InstitutionalDepartmentName": "MRT",
    "MRAcquisitionType": "3D",
    "MagneticFieldStrength": 3,
    "Manufacturer": "Philips",
    "ManufacturersModelName": "Ingenia",
    "Modality": "MR",
    "PatientPosition": "HFS",
    "PercentPhaseFOV": 100,
    "PhaseEncodingSteps": 238,
    "ProcedureStepDescription": "Studie_MR",
    "ReconMatrixPE": 256,
    "RepetitionTime": 0.009,
    "ScanOptions": "OTHER",
    "ScanningSequence": "GR",
    "SequenceVariant": "MP",
    "SliceThickness": 1,
    "SoftwareVersions": "5.1.8_5.1.8.1",
    "SpacingBetweenSlices": 1,
    "StationName": "mrkh",
    "dataset": "ds001927",
    "modality": "T1w",
    "session_id": "ctr",
    "subject_id": "s018"
  },
  "cjv": 0.2589572711338772,
  "cnr": 4.547223723015939,
  "efc": 0.7939540606489057,
  "fber": 793.6743774414062,
  "fwhm_avg": 4.535783401708637,
  "fwhm_x": 4.80559,
  "fwhm_y": 4.66839955044004,
  "fwhm_z": 4.133360654685871,
  "icvs_csf": 0.2771922562109155,
  "icvs_gm": 0.34288007575556434,
  "icvs_wm": 0.3799276680335201,
  "inu_med": 0.9837968349456787,
  "inu_range": 0.2911748230457307,
  "provenance": {
    "md5sum": "b5ac1278b195e529d49f87fb60e2aa70",
    "settings": {
      "testing": false
    },
    "software": "mriqc",
    "version": "22.0.0rc1",
    "warnings": {
      "large_rot_frame": true,
      "small_air_mask": true
    },
    "webapi_port": null,
    "webapi_url": "https://mriqc.nimh.nih.gov/api/v1"
  },
  "qi_1": 0.0,
  "qi_2": 0.001447663550916723,
  "rpve_csf": 18.93700809060932,
  "rpve_gm": 13.310401607207137,
  "rpve_wm": 17.055069963728215,
  "size_x": 170,
  "size_y": 256,
  "size_z": 256,
  "snr_csf": 3.6931985202745174,
  "snr_gm": 10.123234589003422,
  "snr_total": 13.79149312542379,
  "snr_wm": 27.55804626699343,
  "snrd_csf": 18.086795104399595,
  "snrd_gm": 33.53147780831631,
  "snrd_total": 34.17585291291786,
  "snrd_wm": 50.90928582603768,
  "spacing_x": 1.0,
  "spacing_y": 0.943651020526886,
  "spacing_z": 0.943651020526886,
  "summary_bg_k": 8.951470511092639,
  "summary_bg_mad": 12.868761481937758,
  "summary_bg_mean": 12.229777336120605,
  "summary_bg_median": 9.043920516967773,
  "summary_bg_n": 169995.0,
  "summary_bg_p05": 0.0,
  "summary_bg_p95": 27.092391395568846,
  "summary_bg_stdv": 9.24351692199707,
  "summary_csf_k": 0.7909469374171856,
  "summary_csf_mad": 85.45203299084471,
  "summary_csf_mean": 346.40484619140625,
  "summary_csf_median": 355.2766418457031,
  "summary_csf_n": 24626.0,
  "summary_csf_p05": 153.59876251220703,
  "summary_csf_p95": 480.61241149902344,
  "summary_csf_stdv": 96.19559478759766,
  "summary_gm_k": 0.5173576561151503,
  "summary_gm_mad": 58.165442273216264,
  "summary_gm_mean": 662.8502197265625,
  "summary_gm_median": 658.6546020507812,
  "summary_gm_n": 13987.0,
  "summary_gm_p05": 562.2888671875,
  "summary_gm_p95": 780.7589477539062,
  "summary_gm_stdv": 65.06132507324219,
  "summary_wm_k": 1.9337577288821377,
  "summary_wm_mad": 30.22964751712872,
  "summary_wm_mean": 998.5653686523438,
  "summary_wm_median": 1000.0046997070312,
  "summary_wm_n": 247569.0,
  "summary_wm_p05": 937.0575927734375,
  "summary_wm_p95": 1053.793359375,
  "summary_wm_stdv": 36.287139892578125,
  "tpm_overlap_csf": 0.15707653760910034,
  "tpm_overlap_gm": 0.4097221791744232,
  "tpm_overlap_wm": 0.515777051448822,
  "wm2max": 0.6355309516244846
}