{
  "aor": 0.00044684999999999994,
  "aqi": 0.022662971499999997,
  "bids_meta": {
    "AcquisitionMatrixPE": 62,
    "ConversionSoftware": "dcm2niix",
    "DeviceSerialNumber": "42292",
    "EchoTime": 0.03,
    "EchoTrainLength": 31,
    "FlipAngle": 70,
    "ImageType": [
      "ORIGINAL",
      "PRIMARY",
      "M",
      "FFE",
      "M",
      "FFE"
    ],
    "InPlanePhaseEncodingDirectionDICOM": "COL",
    "InstitutionName": "Klinikum_rechts_der_Isar",
    "InstitutionalDepartmentName": "MRT",
    "MRAcquisitionType": "2D",
    "MagneticFieldStrength": 3,
    "Manufacturer": "Philips",
    "ManufacturersModelName": "Ingenia",
    "Modality": "MR",
    "MultibandAccelerationFactor": 2,
    "PatientPosition": "HFS",
    "PercentPhaseFOV": 100,
    "PhaseEncodingSteps": 62,
    "ProcedureStepDescription": "Studie_MR",
    "ReconMatrixPE": 64,
    "RepetitionTime": 1.25,
    "ScanOptions": "FS",
    "ScanningSequence": "GR",
    "SequenceVariant": "SK",
    "SliceThickness": 3,
    "SoftwareVersions": "5.1.8_5.1.8.1",
    "SpacingBetweenSlices": 3.3,
    "StationName": "mrkh",
    "TaskName": "Rest Pre",
    "dataset": "ds001927",
    "modality": "bold",
    "session_id": "fro",
    "subject_id": "s012",
    "task_id": "restpre"
  },
  "dummy_trs": 0,
  "dvars_nstd": 35.42518912833059,
  "dvars_std": 1.107099388731219,
  "dvars_vstd": 0.9523114716861429,
  "efc": 0.5650716812764038,
  "fber": 2206.1171875,
  "fd_mean": 0.19673899490537766,
  "fd_num": 227,
  "fd_perc": 37.833333333333336,
  "fwhm_avg": 1.6329875832229162,
  "fwhm_x": 1.6316733333333333,
  "fwhm_y": 1.71735,
  "fwhm_z": 1.5499394163354152,
  "gcor": 0.0280206,
  "gsr_x": 0.013840962201356888,
  "gsr_y": 0.018939640372991562,
  "provenance": {
    "md5sum": "665d97d10d3e592cd417cc61249d5c78",
    "settings": {
      "fd_thres": 0.2,
      "testing": false
    },
    "software": "mriqc",
    "version": "22.0.0rc1",
    "webapi_port": null,
    "webapi_url": "https://mriqc.nimh.nih.gov/api/v1"
  },
  "size_t": 600,
  "size_x": 64,
  "size_y": 64,
  "size_z": 40,
  "snr": 5.909547142401979,
  "spacing_tr": 1.25,
  "spacing_x": 3.0,
  "spacing_y": 3.0,
  "spacing_z": 3.299999952316284,
  "summary_bg_k": 8.950789285431206,
  "summary_bg_mad": 37.26031812078422,
  "summary_bg_mean": 86.68732452392578,
  "summary_bg_median": 27.316204071044922,
  "summary_bg_n": 90198.0,
  "summary_bg_p05": 0.9453775048255921,
  "summary_bg_p95": 448.39876251220653,
  "summary_bg_stdv": 149.9187774658203,
  "summary_fg_k": 2.9258310346480627,
  "summary_fg_mad": 190.37901075430747,
  "summary_fg_mean": 1355.55859375,
  "summary_fg_median": 1329.2137451171875,
  "summary_fg_n": 36489.0,
  "summary_fg_p05": 1052.3449462890626,
  "summary_fg_p95": 1743.9479248046873,
  "summary_fg_stdv": 224.9234161376953,
  "tsnr": 35.31626892089844
}