{
  "aor": 0.00368145,
  "aqi": 0.01969644591666667,
  "bids_meta": {
    "AcquisitionMatrixPE": 62,
    "ConversionSoftware": "dcm2niix",
    "DeviceSerialNumber": "42292",
    "EchoTime": 0.03,
    "EchoTrainLength": 31,
    "FlipAngle": 70,
    "ImageType": [
      "ORIGINAL",
      "PRIMARY",
      "M",
      "FFE",
      "M",
      "FFE"
    ],
    "InPlanePhaseEncodingDirectionDICOM": "COL",
    "InstitutionName": "Klinikum_rechts_der_Isar",
    "InstitutionalDepartmentName": "MRT",
    "MRAcquisitionType": "2D",
    "MagneticFieldStrength": 3,
    "Manufacturer": "Philips",
    "ManufacturersModelName": "Ingenia",
    "Modality": "MR",
    "MultibandAccelerationFactor": 2,
    "PatientPosition": "HFS",
    "PercentPhaseFOV": 100,
    "PhaseEncodingSteps": 62,
    "ProcedureStepDescription": "Studie_MR",
    "ReconMatrixPE": 64,
    "RepetitionTime": 1.25,
    "ScanOptions": "FS",
    "ScanningSequence": "GR",
    "SequenceVariant": "SK",
    "SliceThickness": 3,
    "SoftwareVersions": "5.1.8_5.1.8.1",
    "SpacingBetweenSlices": 3.3,
    "StationName": "mrkh",
    "TaskName": "Rest Post",
    "dataset": "ds001927",
    "modality": "bold",
    "session_id": "fro",
    "subject_id": "s017",
    "task_id": "restpost"
  },
  "dummy_trs": 0,
  "dvars_nstd": 32.763023987896524,
  "dvars_std": 1.1400324753923197,
  "dvars_vstd": 1.0163123887479135,
  "efc": 0.5399047355776907,
  "fber": 6024.6357421875,
  "fd_mean": 0.136630398809896,
  "fd_num": 85,
  "fd_perc": 14.166666666666666,
  "fwhm_avg": 1.668004249707197,
  "fwhm_x": 1.7043100000000002,
  "fwhm_y": 1.78763,
  "fwhm_z": 1.5120727491215902,
  "gcor": 0.016646,
  "gsr_x": 0.021109286695718765,
  "gsr_y": 0.01859132945537567,
  "provenance": {
    "md5sum": "f1355cc99c96991e101c05be22841e60",
    "settings": {
      "fd_thres": 0.2,
      "testing": false
    },
    "software": "mriqc",
    "version": "22.0.0rc1",
    "webapi_port": null,
    "webapi_url": "https://mriqc.nimh.nih.gov/api/v1"
  },
  "size_t": 600,
  "size_x": 64,
  "size_y": 64,
  "size_z": 40,
  "snr": 5.853615581164363,
  "spacing_tr": 1.25,
  "spacing_x": 3.0,
  "spacing_y": 3.0,
  "spacing_z": 3.299999952316284,
  "summary_bg_k": 10.392871121779475,
  "summary_bg_mad": 25.379511437065144,
  "summary_bg_mean": 70.34590911865234,
  "summary_bg_median": 18.413537979125977,
  "summary_bg_n": 92797.0,
  "summary_bg_p05": 0.6835283041000366,
  "summary_bg_p95": 319.3416687011718,
  "summary_bg_stdv": 120.78833770751953,
  "summary_fg_k": 1.4556687704357278,
  "summary_fg_mad": 225.07881616889458,
  "summary_fg_mean": 1431.965576171875,
  "summary_fg_median": 1404.8919677734375,
  "summary_fg_n": 35385.0,
  "summary_fg_p05": 1107.9998046875,
  "summary_fg_p95": 1842.5869140624998,
  "summary_fg_stdv": 240.00074768066406,
  "tsnr": 38.363651275634766
}