{
  "aor": 0.0003085833333333333,
  "aqi": 0.021660959833333333,
  "bids_meta": {
    "AcquisitionMatrixPE": 62,
    "ConversionSoftware": "dcm2niix",
    "DeviceSerialNumber": "42292",
    "EchoTime": 0.03,
    "EchoTrainLength": 31,
    "FlipAngle": 70,
    "ImageType": [
      "ORIGINAL",
      "PRIMARY",
      "M",
      "FFE",
      "M",
      "FFE"
    ],
    "InPlanePhaseEncodingDirectionDICOM": "COL",
    "InstitutionName": "Klinikum_rechts_der_Isar",
    "InstitutionalDepartmentName": "MRT",
    "MRAcquisitionType": "2D",
    "MagneticFieldStrength": 3,
    "Manufacturer": "Philips",
    "ManufacturersModelName": "Ingenia",
    "Modality": "MR",
    "MultibandAccelerationFactor": 2,
    "PatientPosition": "HFS",
    "PercentPhaseFOV": 100,
    "PhaseEncodingSteps": 62,
    "ProcedureStepDescription": "Studie_MR",
    "ReconMatrixPE": 64,
    "RepetitionTime": 1.25,
    "ScanOptions": "FS",
    "ScanningSequence": "GR",
    "SequenceVariant": "SK",
    "SliceThickness": 3,
    "SoftwareVersions": "5.1.8_5.1.8.1",
    "SpacingBetweenSlices": 3.3,
    "StationName": "mrkh",
    "TaskName": "Rest Pre",
    "dataset": "ds001927",
    "modality": "bold",
    "session_id": "fro",
    "subject_id": "s017",
    "task_id": "restpre"
  },
  "dummy_trs": 0,
  "dvars_nstd": 34.109182262203674,
  "dvars_std": 1.089474808096828,
  "dvars_vstd": 0.9394829260434054,
  "efc": 0.5393392376002575,
  "fber": 4318.99072265625,
  "fd_mean": 0.12975653869644183,
  "fd_num": 68,
  "fd_perc": 11.333333333333334,
  "fwhm_avg": 1.7619688968942946,
  "fwhm_x": 1.7928066666666667,
  "fwhm_y": 1.8310333333333333,
  "fwhm_z": 1.6620666906828836,
  "gcor": 0.00430644,
  "gsr_x": 0.015338564291596413,
  "gsr_y": 0.012568545527756214,
  "provenance": {
    "md5sum": "d60cdb49572ef19fc9c74ffbc04654f2",
    "settings": {
      "fd_thres": 0.2,
      "testing": false
    },
    "software": "mriqc",
    "version": "22.0.0rc1",
    "webapi_port": null,
    "webapi_url": "https://mriqc.nimh.nih.gov/api/v1"
  },
  "size_t": 600,
  "size_x": 64,
  "size_y": 64,
  "size_z": 40,
  "snr": 5.618513992467901,
  "spacing_tr": 1.25,
  "spacing_x": 3.0,
  "spacing_y": 3.0,
  "spacing_z": 3.299999952316284,
  "summary_bg_k": 11.86158209640634,
  "summary_bg_mad": 28.632723973547044,
  "summary_bg_mean": 69.65396118164062,
  "summary_bg_median": 21.225439071655273,
  "summary_bg_n": 92886.0,
  "summary_bg_p05": 0.9805784225463867,
  "summary_bg_p95": 306.28271484375,
  "summary_bg_stdv": 119.78643798828125,
  "summary_fg_k": 1.248669980297783,
  "summary_fg_mad": 235.9024277018203,
  "summary_fg_mean": 1443.8582763671875,
  "summary_fg_median": 1415.265869140625,
  "summary_fg_n": 35210.0,
  "summary_fg_p05": 1098.9177734375,
  "summary_fg_p95": 1884.3465087890625,
  "summary_fg_stdv": 251.8896942138672,
  "tsnr": 34.831329345703125
}