{
  "aor": 0.002106966666666667,
  "aqi": 0.013856326116666668,
  "bids_meta": {
    "AcquisitionMatrixPE": 62,
    "ConversionSoftware": "dcm2niix",
    "DeviceSerialNumber": "42292",
    "EchoTime": 0.03,
    "EchoTrainLength": 31,
    "FlipAngle": 70,
    "ImageType": [
      "ORIGINAL",
      "PRIMARY",
      "M",
      "FFE",
      "M",
      "FFE"
    ],
    "InPlanePhaseEncodingDirectionDICOM": "COL",
    "InstitutionName": "Klinikum_rechts_der_Isar",
    "InstitutionalDepartmentName": "MRT",
    "MRAcquisitionType": "2D",
    "MagneticFieldStrength": 3,
    "Manufacturer": "Philips",
    "ManufacturersModelName": "Ingenia",
    "Modality": "MR",
    "MultibandAccelerationFactor": 2,
    "PatientPosition": "HFS",
    "PercentPhaseFOV": 100,
    "PhaseEncodingSteps": 62,
    "ProcedureStepDescription": "Studie_MR",
    "ReconMatrixPE": 64,
    "RepetitionTime": 1.25,
    "ScanOptions": "FS",
    "ScanningSequence": "GR",
    "SequenceVariant": "SK",
    "SliceThickness": 3,
    "SoftwareVersions": "5.1.8_5.1.8.1",
    "SpacingBetweenSlices": 3.3,
    "StationName": "mrkh",
    "TaskName": "Rest Post",
    "dataset": "ds001927",
    "modality": "bold",
    "session_id": "occ",
    "subject_id": "s005",
    "task_id": "restpost"
  },
  "dummy_trs": 0,
  "dvars_nstd": 30.620731589582658,
  "dvars_std": 1.2259312478631048,
  "dvars_vstd": 1.0181145626878116,
  "efc": 0.5132801142272783,
  "fber": 17897.0,
  "fd_mean": 0.08536548387095202,
  "fd_num": 3,
  "fd_perc": 0.5,
  "fwhm_avg": 1.64174142169354,
  "fwhm_x": 1.63537,
  "fwhm_y": 1.7218966666666666,
  "fwhm_z": 1.5679575984139529,
  "gcor": 0.00718158,
  "gsr_x": -0.009561607614159584,
  "gsr_y": 0.03146365284919739,
  "provenance": {
    "md5sum": "6c490a7ec758c17f01e3014a06909233",
    "settings": {
      "fd_thres": 0.2,
      "testing": false
    },
    "software": "mriqc",
    "version": "22.0.0rc1",
    "webapi_port": null,
    "webapi_url": "https://mriqc.nimh.nih.gov/api/v1"
  },
  "size_t": 600,
  "size_x": 64,
  "size_y": 64,
  "size_z": 40,
  "snr": 7.122686313680615,
  "spacing_tr": 1.25,
  "spacing_x": 3.0,
  "spacing_y": 3.0,
  "spacing_z": 3.299999952316284,
  "summary_bg_k": 18.700481093048992,
  "summary_bg_mad": 12.691870235379968,
  "summary_bg_mean": 50.203800201416016,
  "summary_bg_median": 9.884286880493164,
  "summary_bg_n": 95209.0,
  "summary_bg_p05": 0.9663357973098755,
  "summary_bg_p95": 220.88912353515508,
  "summary_bg_stdv": 100.67277526855469,
  "summary_fg_k": 3.4026959549131295,
  "summary_fg_mad": 175.4442185578596,
  "summary_fg_mean": 1473.319580078125,
  "summary_fg_median": 1463.1275634765625,
  "summary_fg_n": 32957.0,
  "summary_fg_p05": 1172.8393310546876,
  "summary_fg_p95": 1794.6938232421874,
  "summary_fg_stdv": 205.41482543945312,
  "tsnr": 51.72254943847656
}