{
  "aor": 0.0003333666666666667,
  "aqi": 0.009892061683333333,
  "bids_meta": {
    "AcquisitionMatrixPE": 62,
    "ConversionSoftware": "dcm2niix",
    "DeviceSerialNumber": "42292",
    "EchoTime": 0.03,
    "EchoTrainLength": 31,
    "FlipAngle": 70,
    "ImageType": [
      "ORIGINAL",
      "PRIMARY",
      "M",
      "FFE",
      "M",
      "FFE"
    ],
    "InPlanePhaseEncodingDirectionDICOM": "COL",
    "InstitutionName": "Klinikum_rechts_der_Isar",
    "InstitutionalDepartmentName": "MRT",
    "MRAcquisitionType": "2D",
    "MagneticFieldStrength": 3,
    "Manufacturer": "Philips",
    "ManufacturersModelName": "Ingenia",
    "Modality": "MR",
    "MultibandAccelerationFactor": 2,
    "PatientPosition": "HFS",
    "PercentPhaseFOV": 100,
    "PhaseEncodingSteps": 62,
    "ProcedureStepDescription": "Studie_MR",
    "ReconMatrixPE": 64,
    "RepetitionTime": 1.25,
    "ScanOptions": "FS",
    "ScanningSequence": "GR",
    "SequenceVariant": "SK",
    "SliceThickness": 3,
    "SoftwareVersions": "5.1.8_5.1.8.1",
    "SpacingBetweenSlices": 3.3,
    "StationName": "mrkh",
    "TaskName": "Rest Pre",
    "dataset": "ds001927",
    "modality": "bold",
    "session_id": "occ",
    "subject_id": "s005",
    "task_id": "restpre"
  },
  "dummy_trs": 0,
  "dvars_nstd": 31.320227914490818,
  "dvars_std": 1.180032634273789,
  "dvars_vstd": 1.003275768848081,
  "efc": 0.515897821796441,
  "fber": 12114.09375,
  "fd_mean": 0.10903036271604907,
  "fd_num": 22,
  "fd_perc": 3.6666666666666665,
  "fwhm_avg": 1.651211017597804,
  "fwhm_x": 1.63467,
  "fwhm_y": 1.7624933333333335,
  "fwhm_z": 1.5564697194600787,
  "gcor": 0.0157328,
  "gsr_x": -0.01114860363304615,
  "gsr_y": 0.030324136838316917,
  "provenance": {
    "md5sum": "ad9c9d3fdd5ab22da46f6067c8aaf8fd",
    "settings": {
      "fd_thres": 0.2,
      "testing": false
    },
    "software": "mriqc",
    "version": "22.0.0rc1",
    "webapi_port": null,
    "webapi_url": "https://mriqc.nimh.nih.gov/api/v1"
  },
  "size_t": 600,
  "size_x": 64,
  "size_y": 64,
  "size_z": 40,
  "snr": 6.610649452667793,
  "spacing_tr": 1.25,
  "spacing_x": 3.0,
  "spacing_y": 3.0,
  "spacing_z": 3.299999952316284,
  "summary_bg_k": 19.064557808499924,
  "summary_bg_mad": 15.087432423264602,
  "summary_bg_mean": 50.65964126586914,
  "summary_bg_median": 11.195145606994629,
  "summary_bg_n": 95363.0,
  "summary_bg_p05": 0.6354642570018769,
  "summary_bg_p95": 219.48670196533197,
  "summary_bg_stdv": 99.85336303710938,
  "summary_fg_k": 2.729467037863591,
  "summary_fg_mad": 176.52884198260378,
  "summary_fg_mean": 1375.9219970703125,
  "summary_fg_median": 1366.6256103515625,
  "summary_fg_n": 33005.0,
  "summary_fg_p05": 1068.2531005859375,
  "summary_fg_p95": 1711.675244140625,
  "summary_fg_stdv": 206.727783203125,
  "tsnr": 52.790428161621094
}