{
  "aor": 0.0006290166666666667,
  "aqi": 0.01608569675,
  "bids_meta": {
    "AcquisitionMatrixPE": 62,
    "ConversionSoftware": "dcm2niix",
    "DeviceSerialNumber": "42292",
    "EchoTime": 0.03,
    "EchoTrainLength": 31,
    "FlipAngle": 70,
    "ImageType": [
      "ORIGINAL",
      "PRIMARY",
      "M",
      "FFE",
      "M",
      "FFE"
    ],
    "InPlanePhaseEncodingDirectionDICOM": "COL",
    "InstitutionName": "Klinikum_rechts_der_Isar",
    "InstitutionalDepartmentName": "MRT",
    "MRAcquisitionType": "2D",
    "MagneticFieldStrength": 3,
    "Manufacturer": "Philips",
    "ManufacturersModelName": "Ingenia",
    "Modality": "MR",
    "MultibandAccelerationFactor": 2,
    "PatientPosition": "HFS",
    "PercentPhaseFOV": 100,
    "PhaseEncodingSteps": 62,
    "ProcedureStepDescription": "Studie_MR",
    "ReconMatrixPE": 64,
    "RepetitionTime": 1.25,
    "ScanOptions": "FS",
    "ScanningSequence": "GR",
    "SequenceVariant": "SK",
    "SliceThickness": 3,
    "SoftwareVersions": "5.1.8_5.1.8.1",
    "SpacingBetweenSlices": 3.3,
    "StationName": "mrkh",
    "TaskName": "Rest Post",
    "dataset": "ds001927",
    "modality": "bold",
    "session_id": "fro",
    "subject_id": "s021",
    "task_id": "restpost"
  },
  "dummy_trs": 0,
  "dvars_nstd": 31.779774157679444,
  "dvars_std": 1.1429725422036718,
  "dvars_vstd": 0.9684707276293824,
  "efc": 0.5394782887152557,
  "fber": 8643.611328125,
  "fd_mean": 0.1210326362253746,
  "fd_num": 52,
  "fd_perc": 8.666666666666666,
  "fwhm_avg": 1.7336619272020248,
  "fwhm_x": 1.7122633333333335,
  "fwhm_y": 1.82568,
  "fwhm_z": 1.6630424482727404,
  "gcor": 0.0083527,
  "gsr_x": 0.004258730448782444,
  "gsr_y": 0.02188972942531109,
  "provenance": {
    "md5sum": "82f09ce4268c738a65c69c9881e816ee",
    "settings": {
      "fd_thres": 0.2,
      "testing": false
    },
    "software": "mriqc",
    "version": "22.0.0rc1",
    "webapi_port": null,
    "webapi_url": "https://mriqc.nimh.nih.gov/api/v1"
  },
  "size_t": 600,
  "size_x": 64,
  "size_y": 64,
  "size_z": 40,
  "snr": 6.221648621500335,
  "spacing_tr": 1.25,
  "spacing_x": 3.0,
  "spacing_y": 3.0,
  "spacing_z": 3.299999952316284,
  "summary_bg_k": 12.494546740578901,
  "summary_bg_mad": 20.641950137821045,
  "summary_bg_mean": 78.39522552490234,
  "summary_bg_median": 15.384765625,
  "summary_bg_n": 93080.0,
  "summary_bg_p05": 0.9778746902942658,
  "summary_bg_p95": 403.93426971435565,
  "summary_bg_stdv": 154.7240447998047,
  "summary_fg_k": 3.485318651543185,
  "summary_fg_mad": 209.95218335335298,
  "summary_fg_mean": 1544.91650390625,
  "summary_fg_median": 1526.76025390625,
  "summary_fg_n": 34367.0,
  "summary_fg_p05": 1211.8056396484376,
  "summary_fg_p95": 1961.2104858398438,
  "summary_fg_stdv": 245.3912353515625,
  "tsnr": 42.362693786621094
}