{
  "aor": 0.0003334833333333333,
  "aqi": 0.014668657799999997,
  "bids_meta": {
    "AcquisitionMatrixPE": 62,
    "ConversionSoftware": "dcm2niix",
    "DeviceSerialNumber": "42292",
    "EchoTime": 0.03,
    "EchoTrainLength": 31,
    "FlipAngle": 70,
    "ImageType": [
      "ORIGINAL",
      "PRIMARY",
      "M",
      "FFE",
      "M",
      "FFE"
    ],
    "InPlanePhaseEncodingDirectionDICOM": "COL",
    "InstitutionName": "Klinikum_rechts_der_Isar",
    "InstitutionalDepartmentName": "MRT",
    "MRAcquisitionType": "2D",
    "MagneticFieldStrength": 3,
    "Manufacturer": "Philips",
    "ManufacturersModelName": "Ingenia",
    "Modality": "MR",
    "MultibandAccelerationFactor": 2,
    "PatientPosition": "HFS",
    "PercentPhaseFOV": 100,
    "PhaseEncodingSteps": 62,
    "ProcedureStepDescription": "Studie_MR",
    "ReconMatrixPE": 64,
    "RepetitionTime": 1.25,
    "ScanOptions": "FS",
    "ScanningSequence": "GR",
    "SequenceVariant": "SK",
    "SliceThickness": 3,
    "SoftwareVersions": "5.1.8_5.1.8.1",
    "SpacingBetweenSlices": 3.3,
    "StationName": "mrkh",
    "TaskName": "Rest Post",
    "dataset": "ds001927",
    "modality": "bold",
    "session_id": "fro",
    "subject_id": "s018",
    "task_id": "restpost"
  },
  "dummy_trs": 0,
  "dvars_nstd": 30.552913662470758,
  "dvars_std": 1.1274106796494159,
  "dvars_vstd": 0.9736989921368949,
  "efc": 0.5319970071758374,
  "fber": 9366.48828125,
  "fd_mean": 0.15368325346665865,
  "fd_num": 152,
  "fd_perc": 25.333333333333332,
  "fwhm_avg": 1.776184856519416,
  "fwhm_x": 1.7852833333333333,
  "fwhm_y": 1.8751499999999999,
  "fwhm_z": 1.668121236224915,
  "gcor": 0.0213871,
  "gsr_x": 0.005322279408574104,
  "gsr_y": 0.02477393113076687,
  "provenance": {
    "md5sum": "0e4f8de20c92ad36bee0814f62c18514",
    "settings": {
      "fd_thres": 0.2,
      "testing": false
    },
    "software": "mriqc",
    "version": "22.0.0rc1",
    "webapi_port": null,
    "webapi_url": "https://mriqc.nimh.nih.gov/api/v1"
  },
  "size_t": 600,
  "size_x": 64,
  "size_y": 64,
  "size_z": 40,
  "snr": 6.357663146634481,
  "spacing_tr": 1.25,
  "spacing_x": 3.0,
  "spacing_y": 3.0,
  "spacing_z": 3.299999952316284,
  "summary_bg_k": 12.830343401069891,
  "summary_bg_mad": 16.155415427562744,
  "summary_bg_mean": 53.741641998291016,
  "summary_bg_median": 11.953073501586914,
  "summary_bg_n": 93107.0,
  "summary_bg_p05": 0.6272743225097657,
  "summary_bg_p95": 253.12217407226555,
  "summary_bg_stdv": 99.11065673828125,
  "summary_fg_k": 2.4040637613718134,
  "summary_fg_mad": 166.75510538492597,
  "summary_fg_mean": 1256.5977783203125,
  "summary_fg_median": 1240.64794921875,
  "summary_fg_n": 34407.0,
  "summary_fg_p05": 980.3669555664062,
  "summary_fg_p95": 1591.7994018554684,
  "summary_fg_stdv": 195.13929748535156,
  "tsnr": 45.54161071777344
}