{
  "aor": 0.0011125999999999998,
  "aqi": 0.019937615500000002,
  "bids_meta": {
    "AcquisitionMatrixPE": 62,
    "ConversionSoftware": "dcm2niix",
    "DeviceSerialNumber": "42292",
    "EchoTime": 0.03,
    "EchoTrainLength": 31,
    "FlipAngle": 70,
    "ImageType": [
      "ORIGINAL",
      "PRIMARY",
      "M",
      "FFE",
      "M",
      "FFE"
    ],
    "InPlanePhaseEncodingDirectionDICOM": "COL",
    "InstitutionName": "Klinikum_rechts_der_Isar",
    "InstitutionalDepartmentName": "MRT",
    "MRAcquisitionType": "2D",
    "MagneticFieldStrength": 3,
    "Manufacturer": "Philips",
    "ManufacturersModelName": "Ingenia",
    "Modality": "MR",
    "MultibandAccelerationFactor": 2,
    "PatientPosition": "HFS",
    "PercentPhaseFOV": 100,
    "PhaseEncodingSteps": 62,
    "ProcedureStepDescription": "Studie_MR",
    "ReconMatrixPE": 64,
    "RepetitionTime": 1.25,
    "ScanOptions": "FS",
    "ScanningSequence": "GR",
    "SequenceVariant": "SK",
    "SliceThickness": 3,
    "SoftwareVersions": "5.1.8_5.1.8.1",
    "SpacingBetweenSlices": 3.3,
    "StationName": "mrkh",
    "TaskName": "Rest Pre",
    "dataset": "ds001927",
    "modality": "bold",
    "session_id": "fro",
    "subject_id": "s018",
    "task_id": "restpre"
  },
  "dummy_trs": 0,
  "dvars_nstd": 29.738750804824726,
  "dvars_std": 1.0903165974123525,
  "dvars_vstd": 0.9474310561602669,
  "efc": 0.5339471890166416,
  "fber": 11527.564453125,
  "fd_mean": 0.1397629018714567,
  "fd_num": 116,
  "fd_perc": 19.333333333333332,
  "fwhm_avg": 1.7846229374371096,
  "fwhm_x": 1.8048066666666667,
  "fwhm_y": 1.8581833333333335,
  "fwhm_z": 1.6908788123113287,
  "gcor": 0.0231287,
  "gsr_x": 0.004699757322669029,
  "gsr_y": 0.024125074967741966,
  "provenance": {
    "md5sum": "ca79cc9c6e6e9a3dc8db7c8096f15e06",
    "settings": {
      "fd_thres": 0.2,
      "testing": false
    },
    "software": "mriqc",
    "version": "22.0.0rc1",
    "webapi_port": null,
    "webapi_url": "https://mriqc.nimh.nih.gov/api/v1"
  },
  "size_t": 600,
  "size_x": 64,
  "size_y": 64,
  "size_z": 40,
  "snr": 6.384444388215995,
  "spacing_tr": 1.25,
  "spacing_x": 3.0,
  "spacing_y": 3.0,
  "spacing_z": 3.299999952316284,
  "summary_bg_k": 13.842931010555358,
  "summary_bg_mad": 15.625669484294459,
  "summary_bg_mean": 58.512794494628906,
  "summary_bg_median": 11.45451831817627,
  "summary_bg_n": 92552.0,
  "summary_bg_p05": 0.6185291439294816,
  "summary_bg_p95": 269.8715057373047,
  "summary_bg_stdv": 110.16943359375,
  "summary_fg_k": 2.1942734468990635,
  "summary_fg_mad": 183.85244810736546,
  "summary_fg_mean": 1362.4736328125,
  "summary_fg_median": 1343.866455078125,
  "summary_fg_n": 34755.0,
  "summary_fg_p05": 1064.43603515625,
  "summary_fg_p95": 1724.5185424804686,
  "summary_fg_stdv": 210.4877166748047,
  "tsnr": 39.52277755737305
}