{
  "bids_meta": {
    "AcquisitionMatrixPE": 238,
    "ConversionSoftware": "dcm2niix",
    "DeviceSerialNumber": "42292",
    "EchoTime": 0.003996,
    "EchoTrainLength": 159,
    "FlipAngle": 8,
    "ImageType": [
      "ORIGINAL",
      "PRIMARY",
      "M",
      "FFE",
      "M",
      "FFE"
    ],
    "InPlanePhaseEncodingDirectionDICOM": "ROW",
    "InstitutionName": "Klinikum_rechts_der_Isar",
    "InstitutionalDepartmentName": "MRT",
    "MRAcquisitionType": "3D",
    "MagneticFieldStrength": 3,
    "Manufacturer": "Philips",
    "ManufacturersModelName": "Ingenia",
    "Modality": "MR",
    "PatientPosition": "HFS",
    "PercentPhaseFOV": 100,
    "PhaseEncodingSteps": 238,
    "ProcedureStepDescription": "Studie_MR",
    "ReconMatrixPE": 256,
    "RepetitionTime": 0.009,
    "ScanOptions": "OTHER",
    "ScanningSequence": "GR",
    "SequenceVariant": "MP",
    "SliceThickness": 1,
    "SoftwareVersions": "5.1.8_5.1.8.1",
    "SpacingBetweenSlices": 1,
    "StationName": "mrkh",
    "dataset": "ds001927",
    "modality": "T1w",
    "session_id": "fro",
    "subject_id": "s020"
  },
  "cjv": 0.3355333643841791,
  "cnr": 3.6977381097380393,
  "efc": 0.7799367412335537,
  "fber": 737.4099731445312,
  "fwhm_avg": 3.682475245671744,
  "fwhm_x": 3.53095,
  "fwhm_y": 4.0189539538488175,
  "fwhm_z": 3.4975217831664134,
  "icvs_csf": 0.21815010425709364,
  "icvs_gm": 0.3754047309422504,
  "icvs_wm": 0.40644516480065596,
  "inu_med": 0.8420944213867188,
  "inu_range": 0.2386561244726182,
  "provenance": {
    "md5sum": "5863c2ee9d8dab7f1ef5ad6753b66125",
    "settings": {
      "testing": false
    },
    "software": "mriqc",
    "version": "22.0.0rc1",
    "warnings": {
      "large_rot_frame": true,
      "small_air_mask": true
    },
    "webapi_port": null,
    "webapi_url": "https://mriqc.nimh.nih.gov/api/v1"
  },
  "qi_1": 0.0,
  "qi_2": 0.002944877167065521,
  "rpve_csf": 21.25932660439601,
  "rpve_gm": 12.131677357536399,
  "rpve_wm": 15.506053282334728,
  "size_x": 170,
  "size_y": 256,
  "size_z": 256,
  "snr_csf": 2.4738378986410217,
  "snr_gm": 7.620346266154798,
  "snr_total": 10.586764527140927,
  "snr_wm": 21.666109416626963,
  "snrd_csf": 20.799969331810715,
  "snrd_gm": 42.93886953289672,
  "snrd_total": 43.53911999180328,
  "snrd_wm": 66.87852111070242,
  "spacing_x": 1.0,
  "spacing_y": 0.943651020526886,
  "spacing_z": 0.943651020526886,
  "summary_bg_k": 2.7580071339716357,
  "summary_bg_mad": 9.795788088652047,
  "summary_bg_mean": 14.277965545654297,
  "summary_bg_median": 13.132010459899902,
  "summary_bg_n": 153081.0,
  "summary_bg_p05": 0.0,
  "summary_bg_p95": 38.84111404418945,
  "summary_bg_stdv": 11.946640014648438,
  "summary_csf_k": -0.4150212659480297,
  "summary_csf_mad": 120.13188517122892,
  "summary_csf_mean": 289.0377197265625,
  "summary_csf_median": 311.00714111328125,
  "summary_csf_n": 6961.0,
  "summary_csf_p05": 65.0815200805664,
  "summary_csf_p95": 465.4720458984375,
  "summary_csf_stdv": 125.7094497680664,
  "summary_gm_k": 0.38136091470867584,
  "summary_gm_mad": 78.11664043182031,
  "summary_gm_mean": 643.6909790039062,
  "summary_gm_median": 642.0343627929688,
  "summary_gm_n": 11618.0,
  "summary_gm_p05": 505.9115875244141,
  "summary_gm_p95": 788.9986053466797,
  "summary_gm_stdv": 84.2490234375,
  "summary_wm_k": 0.9212890223564014,
  "summary_wm_mad": 41.98839157727837,
  "summary_wm_mean": 998.577392578125,
  "summary_wm_median": 999.9869384765625,
  "summary_wm_n": 263080.0,
  "summary_wm_p05": 920.47275390625,
  "summary_wm_p95": 1071.0964233398438,
  "summary_wm_stdv": 46.15434265136719,
  "tpm_overlap_csf": 0.16121311485767365,
  "tpm_overlap_gm": 0.415993869304657,
  "tpm_overlap_wm": 0.5075879693031311,
  "wm2max": 0.6312495764248505
}