{
  "aor": 0.0019041666666666669,
  "aqi": 0.013425640966666668,
  "bids_meta": {
    "AcquisitionMatrixPE": 62,
    "ConversionSoftware": "dcm2niix",
    "DeviceSerialNumber": "42292",
    "EchoTime": 0.03,
    "EchoTrainLength": 31,
    "FlipAngle": 70,
    "ImageType": [
      "ORIGINAL",
      "PRIMARY",
      "M",
      "FFE",
      "M",
      "FFE"
    ],
    "InPlanePhaseEncodingDirectionDICOM": "COL",
    "InstitutionName": "Klinikum_rechts_der_Isar",
    "InstitutionalDepartmentName": "MRT",
    "MRAcquisitionType": "2D",
    "MagneticFieldStrength": 3,
    "Manufacturer": "Philips",
    "ManufacturersModelName": "Ingenia",
    "Modality": "MR",
    "MultibandAccelerationFactor": 2,
    "PatientPosition": "HFS",
    "PercentPhaseFOV": 100,
    "PhaseEncodingSteps": 62,
    "ProcedureStepDescription": "Studie_MR",
    "ReconMatrixPE": 64,
    "RepetitionTime": 1.25,
    "ScanOptions": "FS",
    "ScanningSequence": "GR",
    "SequenceVariant": "SK",
    "SliceThickness": 3,
    "SoftwareVersions": "5.1.8_5.1.8.1",
    "SpacingBetweenSlices": 3.3,
    "StationName": "mrkh",
    "TaskName": "Rest Post",
    "dataset": "ds001927",
    "modality": "bold",
    "session_id": "fro",
    "subject_id": "s012",
    "task_id": "restpost"
  },
  "dummy_trs": 0,
  "dvars_nstd": 35.82633089794655,
  "dvars_std": 1.1938856251085133,
  "dvars_vstd": 0.9992917272787982,
  "efc": 0.5677562519359071,
  "fber": 2052.084228515625,
  "fd_mean": 0.18257286937820863,
  "fd_num": 193,
  "fd_perc": 32.166666666666664,
  "fwhm_avg": 1.7046197047959712,
  "fwhm_x": 1.7261566666666666,
  "fwhm_y": 1.7628266666666665,
  "fwhm_z": 1.6248757810545804,
  "gcor": 0.0230403,
  "gsr_x": 0.0105918413028121,
  "gsr_y": 0.020909631624817848,
  "provenance": {
    "md5sum": "30174013ef23750946bcda657eac96c1",
    "settings": {
      "fd_thres": 0.2,
      "testing": false
    },
    "software": "mriqc",
    "version": "22.0.0rc1",
    "webapi_port": null,
    "webapi_url": "https://mriqc.nimh.nih.gov/api/v1"
  },
  "size_t": 600,
  "size_x": 64,
  "size_y": 64,
  "size_z": 40,
  "snr": 5.477948720118608,
  "spacing_tr": 1.25,
  "spacing_x": 3.0,
  "spacing_y": 3.0,
  "spacing_z": 3.299999952316284,
  "summary_bg_k": 9.003862316949771,
  "summary_bg_mad": 32.77895119850314,
  "summary_bg_mean": 77.3416976928711,
  "summary_bg_median": 23.7481746673584,
  "summary_bg_n": 90073.0,
  "summary_bg_p05": 0.7126521348953248,
  "summary_bg_p95": 400.68825073242147,
  "summary_bg_stdv": 134.36654663085938,
  "summary_fg_k": 2.8945905315218425,
  "summary_fg_mad": 170.7177000595085,
  "summary_fg_mean": 1150.3482666015625,
  "summary_fg_median": 1122.697021484375,
  "summary_fg_n": 36561.0,
  "summary_fg_p05": 880.9364624023438,
  "summary_fg_p95": 1519.49609375,
  "summary_fg_stdv": 204.9456329345703,
  "tsnr": 41.620521545410156
}