{
  "bids_meta": {
    "AcquisitionMatrixPE": 238,
    "ConversionSoftware": "dcm2niix",
    "DeviceSerialNumber": "42292",
    "EchoTime": 0.003996,
    "EchoTrainLength": 159,
    "FlipAngle": 8,
    "ImageType": [
      "ORIGINAL",
      "PRIMARY",
      "M",
      "FFE",
      "M",
      "FFE"
    ],
    "InPlanePhaseEncodingDirectionDICOM": "ROW",
    "InstitutionName": "Klinikum_rechts_der_Isar",
    "InstitutionalDepartmentName": "MRT",
    "MRAcquisitionType": "3D",
    "MagneticFieldStrength": 3,
    "Manufacturer": "Philips",
    "ManufacturersModelName": "Ingenia",
    "Modality": "MR",
    "PatientPosition": "HFS",
    "PercentPhaseFOV": 100,
    "PhaseEncodingSteps": 238,
    "ProcedureStepDescription": "Studie_MR",
    "ReconMatrixPE": 256,
    "RepetitionTime": 0.009,
    "ScanOptions": "OTHER",
    "ScanningSequence": "GR",
    "SequenceVariant": "MP",
    "SliceThickness": 1,
    "SoftwareVersions": "5.1.8_5.1.8.1",
    "SpacingBetweenSlices": 1,
    "StationName": "mrkh",
    "dataset": "ds001927",
    "modality": "T1w",
    "session_id": "occ",
    "subject_id": "s017"
  },
  "cjv": 0.333035549091937,
  "cnr": 3.834813291752084,
  "efc": 0.7947611566753211,
  "fber": 710.7423095703125,
  "fwhm_avg": 3.552711311525209,
  "fwhm_x": 3.51561,
  "fwhm_y": 3.664002819675316,
  "fwhm_z": 3.4785211149003112,
  "icvs_csf": 0.2417395649334985,
  "icvs_gm": 0.37356663328074224,
  "icvs_wm": 0.38469380178575924,
  "inu_med": 1.3221776485443115,
  "inu_range": 0.3934495151042938,
  "provenance": {
    "md5sum": "ce2a6dee8529f2b10fbcb86c45f71d5d",
    "settings": {
      "testing": false
    },
    "software": "mriqc",
    "version": "22.0.0rc1",
    "warnings": {
      "large_rot_frame": true,
      "small_air_mask": true
    },
    "webapi_port": null,
    "webapi_url": "https://mriqc.nimh.nih.gov/api/v1"
  },
  "qi_1": 0.0,
  "qi_2": 0.002479934349766443,
  "rpve_csf": 20.129073536159346,
  "rpve_gm": 12.44510414439658,
  "rpve_wm": 16.85964928306736,
  "size_x": 170,
  "size_y": 256,
  "size_z": 256,
  "snr_csf": 3.5704194238463662,
  "snr_gm": 7.292915287685519,
  "snr_total": 10.708599441062512,
  "snr_wm": 21.262463611655654,
  "snrd_csf": 25.13451180132808,
  "snrd_gm": 43.23655042886622,
  "snrd_total": 45.924077160921485,
  "snrd_wm": 69.40116925257014,
  "spacing_x": 1.0,
  "spacing_y": 0.943651020526886,
  "spacing_z": 0.943651020526886,
  "summary_bg_k": 7.374973315295941,
  "summary_bg_mad": 9.439777258156665,
  "summary_bg_mean": 14.919703483581543,
  "summary_bg_median": 12.65874195098877,
  "summary_bg_n": 196429.0,
  "summary_bg_p05": 0.0,
  "summary_bg_p95": 38.04155960083008,
  "summary_bg_stdv": 12.50298023223877,
  "summary_csf_k": 1.0866331329062264,
  "summary_csf_mad": 89.18969001499694,
  "summary_csf_mean": 358.1499328613281,
  "summary_csf_median": 362.1600036621094,
  "summary_csf_n": 7438.0,
  "summary_csf_p05": 177.92781219482424,
  "summary_csf_p95": 512.2052520751953,
  "summary_csf_stdv": 101.42664337158203,
  "summary_gm_k": 0.09745238666470613,
  "summary_gm_mad": 83.20231714582383,
  "summary_gm_mean": 623.4961547851562,
  "summary_gm_median": 622.989990234375,
  "summary_gm_n": 14266.0,
  "summary_gm_p05": 481.27962493896484,
  "summary_gm_p95": 767.1602478027344,
  "summary_gm_stdv": 85.42100524902344,
  "summary_wm_k": 1.192610329993312,
  "summary_wm_mad": 42.35297924441455,
  "summary_wm_mean": 997.6741333007812,
  "summary_wm_median": 999.99267578125,
  "summary_wm_n": 239678.0,
  "summary_wm_p05": 917.0495544433594,
  "summary_wm_p95": 1069.018572998047,
  "summary_wm_stdv": 47.03079605102539,
  "tpm_overlap_csf": 0.13486802577972412,
  "tpm_overlap_gm": 0.41251856088638306,
  "tpm_overlap_wm": 0.4990619122982025,
  "wm2max": 0.586546769461693
}