{
  "aor": 0.0009272833333333334,
  "aqi": 0.014698467833333334,
  "bids_meta": {
    "AcquisitionMatrixPE": 62,
    "ConversionSoftware": "dcm2niix",
    "DeviceSerialNumber": "42292",
    "EchoTime": 0.03,
    "EchoTrainLength": 31,
    "FlipAngle": 70,
    "ImageType": [
      "ORIGINAL",
      "PRIMARY",
      "M",
      "FFE",
      "M",
      "FFE"
    ],
    "InPlanePhaseEncodingDirectionDICOM": "COL",
    "InstitutionName": "Klinikum_rechts_der_Isar",
    "InstitutionalDepartmentName": "MRT",
    "MRAcquisitionType": "2D",
    "MagneticFieldStrength": 3,
    "Manufacturer": "Philips",
    "ManufacturersModelName": "Ingenia",
    "Modality": "MR",
    "MultibandAccelerationFactor": 2,
    "PatientPosition": "HFS",
    "PercentPhaseFOV": 100,
    "PhaseEncodingSteps": 62,
    "ProcedureStepDescription": "Studie_MR",
    "ReconMatrixPE": 64,
    "RepetitionTime": 1.25,
    "ScanOptions": "FS",
    "ScanningSequence": "GR",
    "SequenceVariant": "SK",
    "SliceThickness": 3,
    "SoftwareVersions": "5.1.8_5.1.8.1",
    "SpacingBetweenSlices": 3.3,
    "StationName": "mrkh",
    "TaskName": "Rest Pre",
    "dataset": "ds001927",
    "modality": "bold",
    "session_id": "occ",
    "subject_id": "s015",
    "task_id": "restpre"
  },
  "dummy_trs": 0,
  "dvars_nstd": 29.59736510400669,
  "dvars_std": 1.0723432379131883,
  "dvars_vstd": 0.9827510644574287,
  "efc": 0.5165557525959827,
  "fber": 5629.64990234375,
  "fd_mean": 0.13476914427735698,
  "fd_num": 91,
  "fd_perc": 15.166666666666666,
  "fwhm_avg": 1.698765360959914,
  "fwhm_x": 1.7223933333333334,
  "fwhm_y": 1.8324299999999998,
  "fwhm_z": 1.5414727495464084,
  "gcor": 0.00286971,
  "gsr_x": -0.0028408830985426903,
  "gsr_y": 0.028299245983362198,
  "provenance": {
    "md5sum": "ab81d3186c99b7d4c6cd50423731decf",
    "settings": {
      "fd_thres": 0.2,
      "testing": false
    },
    "software": "mriqc",
    "version": "22.0.0rc1",
    "webapi_port": null,
    "webapi_url": "https://mriqc.nimh.nih.gov/api/v1"
  },
  "size_t": 600,
  "size_x": 64,
  "size_y": 64,
  "size_z": 40,
  "snr": 6.106313484581789,
  "spacing_tr": 1.25,
  "spacing_x": 3.0,
  "spacing_y": 3.0,
  "spacing_z": 3.299999952316284,
  "summary_bg_k": 14.714428561632118,
  "summary_bg_mad": 24.307788438533656,
  "summary_bg_mean": 58.652000427246094,
  "summary_bg_median": 17.824878692626953,
  "summary_bg_n": 96631.0,
  "summary_bg_p05": 0.7323250770568848,
  "summary_bg_p95": 259.9713897705078,
  "summary_bg_stdv": 104.52294158935547,
  "summary_fg_k": 2.8173523838910324,
  "summary_fg_mad": 192.71819943523826,
  "summary_fg_mean": 1411.850341796875,
  "summary_fg_median": 1401.1334228515625,
  "summary_fg_n": 31821.0,
  "summary_fg_p05": 1072.9952392578125,
  "summary_fg_p95": 1793.0406494140625,
  "summary_fg_stdv": 229.45291137695312,
  "tsnr": 42.429649353027344
}