{
  "aor": 0.00039164999999999995,
  "aqi": 0.010258052816666667,
  "bids_meta": {
    "AcquisitionMatrixPE": 62,
    "ConversionSoftware": "dcm2niix",
    "DeviceSerialNumber": "42292",
    "EchoTime": 0.03,
    "EchoTrainLength": 31,
    "FlipAngle": 70,
    "ImageType": [
      "ORIGINAL",
      "PRIMARY",
      "M",
      "FFE",
      "M",
      "FFE"
    ],
    "InPlanePhaseEncodingDirectionDICOM": "COL",
    "InstitutionName": "Klinikum_rechts_der_Isar",
    "InstitutionalDepartmentName": "MRT",
    "MRAcquisitionType": "2D",
    "MagneticFieldStrength": 3,
    "Manufacturer": "Philips",
    "ManufacturersModelName": "Ingenia",
    "Modality": "MR",
    "MultibandAccelerationFactor": 2,
    "PatientPosition": "HFS",
    "PercentPhaseFOV": 100,
    "PhaseEncodingSteps": 62,
    "ProcedureStepDescription": "Studie_MR",
    "ReconMatrixPE": 64,
    "RepetitionTime": 1.25,
    "ScanOptions": "FS",
    "ScanningSequence": "GR",
    "SequenceVariant": "SK",
    "SliceThickness": 3,
    "SoftwareVersions": "5.1.8_5.1.8.1",
    "SpacingBetweenSlices": 3.3,
    "StationName": "mrkh",
    "TaskName": "Rest Post",
    "dataset": "ds001927",
    "modality": "bold",
    "session_id": "fro",
    "subject_id": "s013",
    "task_id": "restpost"
  },
  "dummy_trs": 0,
  "dvars_nstd": 30.277047009215362,
  "dvars_std": 1.2292977563272136,
  "dvars_vstd": 0.9931926740901498,
  "efc": 0.5204467725249213,
  "fber": 28632.671875,
  "fd_mean": 0.10395869955728369,
  "fd_num": 9,
  "fd_perc": 1.5,
  "fwhm_avg": 1.6720069771882466,
  "fwhm_x": 1.6569433333333334,
  "fwhm_y": 1.8037533333333335,
  "fwhm_z": 1.555324264898073,
  "gcor": 0.0102056,
  "gsr_x": 0.0024688320700079203,
  "gsr_y": 0.022587575018405914,
  "provenance": {
    "md5sum": "b7fe7ac634231c7f3a8f98338be58cf4",
    "settings": {
      "fd_thres": 0.2,
      "testing": false
    },
    "software": "mriqc",
    "version": "22.0.0rc1",
    "webapi_port": null,
    "webapi_url": "https://mriqc.nimh.nih.gov/api/v1"
  },
  "size_t": 600,
  "size_x": 64,
  "size_y": 64,
  "size_z": 40,
  "snr": 6.610981072892925,
  "spacing_tr": 1.25,
  "spacing_x": 3.0,
  "spacing_y": 3.0,
  "spacing_z": 3.299999952316284,
  "summary_bg_k": 21.119256330678745,
  "summary_bg_mad": 9.899923978367287,
  "summary_bg_mean": 50.157371520996094,
  "summary_bg_median": 8.24154281616211,
  "summary_bg_n": 92688.0,
  "summary_bg_p05": 1.016732496023178,
  "summary_bg_p95": 231.25756683349607,
  "summary_bg_stdv": 109.38858032226562,
  "summary_fg_k": 2.108158782773854,
  "summary_fg_mad": 213.18107815076002,
  "summary_fg_mean": 1536.313232421875,
  "summary_fg_median": 1521.0859375,
  "summary_fg_n": 34541.0,
  "summary_fg_p05": 1206.437255859375,
  "summary_fg_p95": 1913.8060302734375,
  "summary_fg_stdv": 230.0814208984375,
  "tsnr": 53.894771575927734
}