{
  "aor": 0.00015984999999999998,
  "aqi": 0.0124557448,
  "bids_meta": {
    "AcquisitionMatrixPE": 62,
    "ConversionSoftware": "dcm2niix",
    "DeviceSerialNumber": "42292",
    "EchoTime": 0.03,
    "EchoTrainLength": 31,
    "FlipAngle": 70,
    "ImageType": [
      "ORIGINAL",
      "PRIMARY",
      "M",
      "FFE",
      "M",
      "FFE"
    ],
    "InPlanePhaseEncodingDirectionDICOM": "COL",
    "InstitutionName": "Klinikum_rechts_der_Isar",
    "InstitutionalDepartmentName": "MRT",
    "MRAcquisitionType": "2D",
    "MagneticFieldStrength": 3,
    "Manufacturer": "Philips",
    "ManufacturersModelName": "Ingenia",
    "Modality": "MR",
    "MultibandAccelerationFactor": 2,
    "PatientPosition": "HFS",
    "PercentPhaseFOV": 100,
    "PhaseEncodingSteps": 62,
    "ProcedureStepDescription": "Studie_MR",
    "ReconMatrixPE": 64,
    "RepetitionTime": 1.25,
    "ScanOptions": "FS",
    "ScanningSequence": "GR",
    "SequenceVariant": "SK",
    "SliceThickness": 3,
    "SoftwareVersions": "5.1.8_5.1.8.1",
    "SpacingBetweenSlices": 3.3,
    "StationName": "mrkh",
    "TaskName": "Rest Post",
    "dataset": "ds001927",
    "modality": "bold",
    "session_id": "occ",
    "subject_id": "s003",
    "task_id": "restpost"
  },
  "dummy_trs": 0,
  "dvars_nstd": 29.22546907681138,
  "dvars_std": 1.1912471295826372,
  "dvars_vstd": 0.9780045247913184,
  "efc": 0.5635434753626175,
  "fber": 26381.8046875,
  "fd_mean": 0.08338630457865687,
  "fd_num": 2,
  "fd_perc": 0.3333333333333333,
  "fwhm_avg": 1.6957263713040132,
  "fwhm_x": 1.6388733333333334,
  "fwhm_y": 1.8563633333333334,
  "fwhm_z": 1.591942447245373,
  "gcor": 0.0108172,
  "gsr_x": -0.011957949958741665,
  "gsr_y": 0.03077617846429348,
  "provenance": {
    "md5sum": "6a70b33cab9a2a41914109fc254dd059",
    "settings": {
      "fd_thres": 0.2,
      "testing": false
    },
    "software": "mriqc",
    "version": "22.0.0rc1",
    "webapi_port": null,
    "webapi_url": "https://mriqc.nimh.nih.gov/api/v1"
  },
  "size_t": 600,
  "size_x": 64,
  "size_y": 64,
  "size_z": 40,
  "snr": 6.307951919719001,
  "spacing_tr": 1.25,
  "spacing_x": 3.0,
  "spacing_y": 3.0,
  "spacing_z": 3.299999952316284,
  "summary_bg_k": 16.7763879734947,
  "summary_bg_mad": 9.674032639128164,
  "summary_bg_mean": 56.937923431396484,
  "summary_bg_median": 7.825040817260742,
  "summary_bg_n": 85211.0,
  "summary_bg_p05": 1.014230728149414,
  "summary_bg_p95": 273.92796325683594,
  "summary_bg_stdv": 118.16802978515625,
  "summary_fg_k": 4.5315444140596135,
  "summary_fg_mad": 183.37320852306334,
  "summary_fg_mean": 1504.5570068359375,
  "summary_fg_median": 1484.8541259765625,
  "summary_fg_n": 41218.0,
  "summary_fg_p05": 1205.1282104492188,
  "summary_fg_p95": 1874.7572387695313,
  "summary_fg_stdv": 235.3911590576172,
  "tsnr": 54.25277328491211
}