{
  "bids_meta": {
    "AcquisitionMatrixPE": 238,
    "ConversionSoftware": "dcm2niix",
    "DeviceSerialNumber": "42292",
    "EchoTime": 0.003996,
    "EchoTrainLength": 159,
    "FlipAngle": 8,
    "ImageType": [
      "ORIGINAL",
      "PRIMARY",
      "M",
      "FFE",
      "M",
      "FFE"
    ],
    "InPlanePhaseEncodingDirectionDICOM": "ROW",
    "InstitutionName": "Klinikum_rechts_der_Isar",
    "InstitutionalDepartmentName": "MRT",
    "MRAcquisitionType": "3D",
    "MagneticFieldStrength": 3,
    "Manufacturer": "Philips",
    "ManufacturersModelName": "Ingenia",
    "Modality": "MR",
    "PatientPosition": "HFS",
    "PercentPhaseFOV": 100,
    "PhaseEncodingSteps": 238,
    "ProcedureStepDescription": "Studie_MR",
    "ReconMatrixPE": 256,
    "RepetitionTime": 0.009,
    "ScanOptions": "OTHER",
    "ScanningSequence": "GR",
    "SequenceVariant": "MP",
    "SliceThickness": 1,
    "SoftwareVersions": "5.1.8_5.1.8.1",
    "SpacingBetweenSlices": 1,
    "StationName": "mrkh",
    "dataset": "ds001927",
    "modality": "T1w",
    "session_id": "fro",
    "subject_id": "s014"
  },
  "cjv": 0.3612363116957509,
  "cnr": 3.527528990518477,
  "efc": 0.7790030235535368,
  "fber": 430.2972717285156,
  "fwhm_avg": 3.564756671629451,
  "fwhm_x": 3.37506,
  "fwhm_y": 3.8216458431703155,
  "fwhm_z": 3.4975641717180386,
  "icvs_csf": 0.19255328505333197,
  "icvs_gm": 0.4294186817224692,
  "icvs_wm": 0.3780280332241988,
  "inu_med": 1.4662413597106934,
  "inu_range": 0.4815522909164429,
  "provenance": {
    "md5sum": "5de6419608007605eb607c9e195f246f",
    "settings": {
      "testing": false
    },
    "software": "mriqc",
    "version": "22.0.0rc1",
    "warnings": {
      "large_rot_frame": true,
      "small_air_mask": true
    },
    "webapi_port": null,
    "webapi_url": "https://mriqc.nimh.nih.gov/api/v1"
  },
  "qi_1": 0.0,
  "qi_2": 0.002344761075845095,
  "rpve_csf": 25.543228755780838,
  "rpve_gm": 12.309201007929872,
  "rpve_wm": 17.480908976019716,
  "size_x": 170,
  "size_y": 256,
  "size_z": 256,
  "snr_csf": 1.6538592470439162,
  "snr_gm": 7.118742507255383,
  "snr_total": 9.046154065251523,
  "snr_wm": 18.365860441455272,
  "snrd_csf": 11.783901317002726,
  "snrd_gm": 33.096947308057096,
  "snrd_total": 32.47268419461842,
  "snrd_wm": 52.53720395879544,
  "spacing_x": 1.0,
  "spacing_y": 0.943651020526886,
  "spacing_z": 0.943651020526886,
  "summary_bg_k": 118.48991844989578,
  "summary_bg_mad": 12.47010966241946,
  "summary_bg_mean": 18.023239135742188,
  "summary_bg_median": 16.802978515625,
  "summary_bg_n": 239291.0,
  "summary_bg_p05": 0.0,
  "summary_bg_p95": 42.25290298461914,
  "summary_bg_stdv": 14.416640281677246,
  "summary_csf_k": -0.905615360531542,
  "summary_csf_mad": 171.87926899199942,
  "summary_csf_mean": 228.7540283203125,
  "summary_csf_median": 224.29916381835938,
  "summary_csf_n": 7492.0,
  "summary_csf_p05": 38.11036434173584,
  "summary_csf_p95": 450.6390625,
  "summary_csf_stdv": 135.6126251220703,
  "summary_gm_k": 0.13551900606975753,
  "summary_gm_mad": 85.09923175797127,
  "summary_gm_mean": 632.3069458007812,
  "summary_gm_median": 629.9796142578125,
  "summary_gm_n": 20919.0,
  "summary_gm_p05": 489.0030853271484,
  "summary_gm_p95": 786.20302734375,
  "summary_gm_stdv": 88.4937973022461,
  "summary_wm_k": 1.0288561010814847,
  "summary_wm_mad": 48.570153647638875,
  "summary_wm_mean": 997.1085815429688,
  "summary_wm_median": 1000.0126953125,
  "summary_wm_n": 204955.0,
  "summary_wm_p05": 902.0957885742188,
  "summary_wm_p95": 1080.3458129882813,
  "summary_wm_stdv": 54.44940948486328,
  "tpm_overlap_csf": 0.15591596066951752,
  "tpm_overlap_gm": 0.419687420129776,
  "tpm_overlap_wm": 0.4706194996833801,
  "wm2max": 0.601308972833761
}