{
  "bids_meta": {
    "AcquisitionMatrixPE": 238,
    "ConversionSoftware": "dcm2niix",
    "DeviceSerialNumber": "42292",
    "EchoTime": 0.003996,
    "EchoTrainLength": 159,
    "FlipAngle": 8,
    "ImageType": [
      "ORIGINAL",
      "PRIMARY",
      "M",
      "FFE",
      "M",
      "FFE"
    ],
    "InPlanePhaseEncodingDirectionDICOM": "ROW",
    "InstitutionName": "Klinikum_rechts_der_Isar",
    "InstitutionalDepartmentName": "MRT",
    "MRAcquisitionType": "3D",
    "MagneticFieldStrength": 3,
    "Manufacturer": "Philips",
    "ManufacturersModelName": "Ingenia",
    "Modality": "MR",
    "PatientPosition": "HFS",
    "PercentPhaseFOV": 100,
    "PhaseEncodingSteps": 238,
    "ProcedureStepDescription": "Studie_MR",
    "ReconMatrixPE": 256,
    "RepetitionTime": 0.009,
    "ScanOptions": "OTHER",
    "ScanningSequence": "GR",
    "SequenceVariant": "MP",
    "SliceThickness": 1,
    "SoftwareVersions": "5.1.8_5.1.8.1",
    "SpacingBetweenSlices": 1,
    "StationName": "mrkh",
    "dataset": "ds001927",
    "modality": "T1w",
    "session_id": "occ",
    "subject_id": "s019"
  },
  "cjv": 0.3482676645811176,
  "cnr": 3.510610568841126,
  "efc": 0.7893282112003166,
  "fber": 313.9548645019531,
  "fwhm_avg": 3.55207781977901,
  "fwhm_x": 3.42605,
  "fwhm_y": 3.8233201909595205,
  "fwhm_z": 3.4068632683775104,
  "icvs_csf": 0.24343832101637233,
  "icvs_gm": 0.38330274473195625,
  "icvs_wm": 0.3732589342516714,
  "inu_med": 0.7514312863349915,
  "inu_range": 0.3094262480735779,
  "provenance": {
    "md5sum": "71ee8ccde1a0df2031ea6c6622034dc3",
    "settings": {
      "testing": false
    },
    "software": "mriqc",
    "version": "22.0.0rc1",
    "warnings": {
      "large_rot_frame": true,
      "small_air_mask": true
    },
    "webapi_port": null,
    "webapi_url": "https://mriqc.nimh.nih.gov/api/v1"
  },
  "qi_1": 0.0,
  "qi_2": 0.004618188682527848,
  "rpve_csf": 19.393465966667197,
  "rpve_gm": 11.731530736666752,
  "rpve_wm": 16.509974803793305,
  "size_x": 170,
  "size_y": 256,
  "size_z": 256,
  "snr_csf": 4.021714869490044,
  "snr_gm": 7.3119329799284305,
  "snr_total": 9.924907710684808,
  "snr_wm": 18.441075282635953,
  "snrd_csf": 21.611034022619794,
  "snrd_gm": 33.43092031465093,
  "snrd_total": 35.845177792073635,
  "snrd_wm": 52.493579038950166,
  "spacing_x": 1.0,
  "spacing_y": 0.943651020526886,
  "spacing_z": 0.943651020526886,
  "summary_bg_k": 1.728991583411859,
  "summary_bg_mad": 12.480384616568593,
  "summary_bg_mean": 16.947492599487305,
  "summary_bg_median": 16.863203048706055,
  "summary_bg_n": 148571.0,
  "summary_bg_p05": 0.0,
  "summary_bg_p95": 42.26072883605957,
  "summary_bg_stdv": 13.187437057495117,
  "summary_csf_k": 1.2793056639302396,
  "summary_csf_mad": 90.40878285482283,
  "summary_csf_mean": 397.91766357421875,
  "summary_csf_median": 411.69140625,
  "summary_csf_n": 8289.0,
  "summary_csf_p05": 203.97018737792968,
  "summary_csf_p95": 534.8059326171874,
  "summary_csf_stdv": 102.36095428466797,
  "summary_gm_k": 0.7861767624443461,
  "summary_gm_mad": 77.18110069573511,
  "summary_gm_mean": 643.55615234375,
  "summary_gm_median": 636.8609008789062,
  "summary_gm_n": 17865.0,
  "summary_gm_p05": 508.61640625,
  "summary_gm_p95": 800.4272338867187,
  "summary_gm_stdv": 87.09640502929688,
  "summary_wm_k": 0.7993044834242431,
  "summary_wm_mad": 49.29046087782103,
  "summary_wm_mean": 999.7083129882812,
  "summary_wm_median": 1000.005615234375,
  "summary_wm_n": 229596.0,
  "summary_wm_p05": 909.5929412841797,
  "summary_wm_p95": 1087.9847412109375,
  "summary_wm_stdv": 54.226959228515625,
  "tpm_overlap_csf": 0.13029050827026367,
  "tpm_overlap_gm": 0.405230849981308,
  "tpm_overlap_wm": 0.4698495864868164,
  "wm2max": 0.42632940515236367
}