{
  "aor": 0.002579216666666667,
  "aqi": 0.014611090316666665,
  "bids_meta": {
    "AcquisitionMatrixPE": 62,
    "ConversionSoftware": "dcm2niix",
    "DeviceSerialNumber": "42292",
    "EchoTime": 0.03,
    "EchoTrainLength": 31,
    "FlipAngle": 70,
    "ImageType": [
      "ORIGINAL",
      "PRIMARY",
      "M",
      "FFE",
      "M",
      "FFE"
    ],
    "InPlanePhaseEncodingDirectionDICOM": "COL",
    "InstitutionName": "Klinikum_rechts_der_Isar",
    "InstitutionalDepartmentName": "MRT",
    "MRAcquisitionType": "2D",
    "MagneticFieldStrength": 3,
    "Manufacturer": "Philips",
    "ManufacturersModelName": "Ingenia",
    "Modality": "MR",
    "MultibandAccelerationFactor": 2,
    "PatientPosition": "HFS",
    "PercentPhaseFOV": 100,
    "PhaseEncodingSteps": 62,
    "ProcedureStepDescription": "Studie_MR",
    "ReconMatrixPE": 64,
    "RepetitionTime": 1.25,
    "ScanOptions": "FS",
    "ScanningSequence": "GR",
    "SequenceVariant": "SK",
    "SliceThickness": 3,
    "SoftwareVersions": "5.1.8_5.1.8.1",
    "SpacingBetweenSlices": 3.3,
    "StationName": "mrkh",
    "TaskName": "Rest Pre",
    "dataset": "ds001927",
    "modality": "bold",
    "session_id": "ctr",
    "subject_id": "s016",
    "task_id": "restpre"
  },
  "dummy_trs": 0,
  "dvars_nstd": 29.099913983923237,
  "dvars_std": 1.17850661672788,
  "dvars_vstd": 1.0059407521035049,
  "efc": 0.5084445212798022,
  "fber": 38192.0234375,
  "fd_mean": 0.1453661224590488,
  "fd_num": 105,
  "fd_perc": 17.5,
  "fwhm_avg": 1.614170512634712,
  "fwhm_x": 1.5672366666666668,
  "fwhm_y": 1.7006566666666665,
  "fwhm_z": 1.5746182045708021,
  "gcor": 0.0100843,
  "gsr_x": -0.00651343259960413,
  "gsr_y": 0.02459048293530941,
  "provenance": {
    "md5sum": "de160673f88096d54be6cc4262311137",
    "settings": {
      "fd_thres": 0.2,
      "testing": false
    },
    "software": "mriqc",
    "version": "22.0.0rc1",
    "webapi_port": null,
    "webapi_url": "https://mriqc.nimh.nih.gov/api/v1"
  },
  "size_t": 600,
  "size_x": 64,
  "size_y": 64,
  "size_z": 40,
  "snr": 6.129821219146338,
  "spacing_tr": 1.25,
  "spacing_x": 3.0,
  "spacing_y": 3.0,
  "spacing_z": 3.299999952316284,
  "summary_bg_k": 18.65743485305184,
  "summary_bg_mad": 7.712924837362522,
  "summary_bg_mean": 45.404266357421875,
  "summary_bg_median": 6.322456359863281,
  "summary_bg_n": 95515.0,
  "summary_bg_p05": 0.8848265647888184,
  "summary_bg_p95": 217.6233566284181,
  "summary_bg_stdv": 95.69209289550781,
  "summary_fg_k": 1.4838649022334298,
  "summary_fg_mad": 222.29839406404818,
  "summary_fg_mean": 1357.17138671875,
  "summary_fg_median": 1345.330322265625,
  "summary_fg_n": 32649.0,
  "summary_fg_p05": 1048.5451171875,
  "summary_fg_p95": 1709.7579101562499,
  "summary_fg_stdv": 219.4696502685547,
  "tsnr": 45.15167236328125
}