{
  "aor": 0.00027755,
  "aqi": 0.009127021616666668,
  "bids_meta": {
    "AcquisitionMatrixPE": 62,
    "ConversionSoftware": "dcm2niix",
    "DeviceSerialNumber": "42292",
    "EchoTime": 0.03,
    "EchoTrainLength": 31,
    "FlipAngle": 70,
    "ImageType": [
      "ORIGINAL",
      "PRIMARY",
      "M",
      "FFE",
      "M",
      "FFE"
    ],
    "InPlanePhaseEncodingDirectionDICOM": "COL",
    "InstitutionName": "Klinikum_rechts_der_Isar",
    "InstitutionalDepartmentName": "MRT",
    "MRAcquisitionType": "2D",
    "MagneticFieldStrength": 3,
    "Manufacturer": "Philips",
    "ManufacturersModelName": "Ingenia",
    "Modality": "MR",
    "MultibandAccelerationFactor": 2,
    "PatientPosition": "HFS",
    "PercentPhaseFOV": 100,
    "PhaseEncodingSteps": 62,
    "ProcedureStepDescription": "Studie_MR",
    "ReconMatrixPE": 64,
    "RepetitionTime": 1.25,
    "ScanOptions": "FS",
    "ScanningSequence": "GR",
    "SequenceVariant": "SK",
    "SliceThickness": 3,
    "SoftwareVersions": "5.1.8_5.1.8.1",
    "SpacingBetweenSlices": 3.3,
    "StationName": "mrkh",
    "TaskName": "Rest Post",
    "dataset": "ds001927",
    "modality": "bold",
    "session_id": "ctr",
    "subject_id": "s016",
    "task_id": "restpost"
  },
  "dummy_trs": 0,
  "dvars_nstd": 32.51060282659432,
  "dvars_std": 1.2457438551752906,
  "dvars_vstd": 0.9922468593322209,
  "efc": 0.49952847135329426,
  "fber": 36211.5625,
  "fd_mean": 0.1292983945857971,
  "fd_num": 69,
  "fd_perc": 11.5,
  "fwhm_avg": 1.6695070784092971,
  "fwhm_x": 1.6108333333333331,
  "fwhm_y": 1.7985666666666666,
  "fwhm_z": 1.5991212352278916,
  "gcor": 0.0123908,
  "gsr_x": -0.0036949811037629843,
  "gsr_y": 0.02108049765229225,
  "provenance": {
    "md5sum": "3c6b80b322b45f04171ce2d8e81b6706",
    "settings": {
      "fd_thres": 0.2,
      "testing": false
    },
    "software": "mriqc",
    "version": "22.0.0rc1",
    "webapi_port": null,
    "webapi_url": "https://mriqc.nimh.nih.gov/api/v1"
  },
  "size_t": 600,
  "size_x": 64,
  "size_y": 64,
  "size_z": 40,
  "snr": 5.969127002180358,
  "spacing_tr": 1.25,
  "spacing_x": 3.0,
  "spacing_y": 3.0,
  "spacing_z": 3.299999952316284,
  "summary_bg_k": 25.82055818843398,
  "summary_bg_mad": 8.596443199568828,
  "summary_bg_mean": 40.754573822021484,
  "summary_bg_median": 6.8161516189575195,
  "summary_bg_n": 96288.0,
  "summary_bg_p05": 0.7987671345472336,
  "summary_bg_p95": 185.05626678466794,
  "summary_bg_stdv": 87.2339859008789,
  "summary_fg_k": 1.3173884653131385,
  "summary_fg_mad": 236.51287903031388,
  "summary_fg_mean": 1407.9014892578125,
  "summary_fg_median": 1396.5552978515625,
  "summary_fg_n": 32217.0,
  "summary_fg_p05": 1070.8761474609375,
  "summary_fg_p95": 1787.5398193359372,
  "summary_fg_stdv": 233.95944213867188,
  "tsnr": 53.119659423828125
}