{
  "bids_meta": {
    "AcquisitionMatrixPE": 238,
    "ConversionSoftware": "dcm2niix",
    "DeviceSerialNumber": "42292",
    "EchoTime": 0.003996,
    "EchoTrainLength": 159,
    "FlipAngle": 8,
    "ImageType": [
      "ORIGINAL",
      "PRIMARY",
      "M",
      "FFE",
      "M",
      "FFE"
    ],
    "InPlanePhaseEncodingDirectionDICOM": "ROW",
    "InstitutionName": "Klinikum_rechts_der_Isar",
    "InstitutionalDepartmentName": "MRT",
    "MRAcquisitionType": "3D",
    "MagneticFieldStrength": 3,
    "Manufacturer": "Philips",
    "ManufacturersModelName": "Ingenia",
    "Modality": "MR",
    "PatientPosition": "HFS",
    "PercentPhaseFOV": 100,
    "PhaseEncodingSteps": 238,
    "ProcedureStepDescription": "Studie_MR",
    "ReconMatrixPE": 256,
    "RepetitionTime": 0.009,
    "ScanOptions": "OTHER",
    "ScanningSequence": "GR",
    "SequenceVariant": "MP",
    "SliceThickness": 1,
    "SoftwareVersions": "5.1.8_5.1.8.1",
    "SpacingBetweenSlices": 1,
    "StationName": "mrkh",
    "dataset": "ds001927",
    "modality": "T1w",
    "session_id": "ctr",
    "subject_id": "s016"
  },
  "cjv": 0.24701615148305506,
  "cnr": 4.821862658054462,
  "efc": 0.7828976668423792,
  "fber": 1282.559814453125,
  "fwhm_avg": 4.263043167603776,
  "fwhm_x": 4.45944,
  "fwhm_y": 4.478170327882987,
  "fwhm_z": 3.851519174928342,
  "icvs_csf": 0.26026854710402963,
  "icvs_gm": 0.3884485551175567,
  "icvs_wm": 0.3512828977784136,
  "inu_med": 1.0363601446151733,
  "inu_range": 0.2909452438354492,
  "provenance": {
    "md5sum": "16a6b764c3961f28c8196e9cb138ef99",
    "settings": {
      "testing": false
    },
    "software": "mriqc",
    "version": "22.0.0rc1",
    "warnings": {
      "large_rot_frame": true,
      "small_air_mask": true
    },
    "webapi_port": null,
    "webapi_url": "https://mriqc.nimh.nih.gov/api/v1"
  },
  "qi_1": 0.0,
  "qi_2": 0.0020295480290864767,
  "rpve_csf": 21.610760517323516,
  "rpve_gm": 13.669168419765471,
  "rpve_wm": 20.026470375461187,
  "size_x": 170,
  "size_y": 256,
  "size_z": 256,
  "snr_csf": 2.812174239430802,
  "snr_gm": 9.435764768070856,
  "snr_total": 12.746577364489129,
  "snr_wm": 25.991793085965732,
  "snrd_csf": 18.942230486984823,
  "snrd_gm": 41.809207595774964,
  "snrd_total": 42.44673767433913,
  "snrd_wm": 66.58877494025761,
  "spacing_x": 1.0,
  "spacing_y": 0.943651020526886,
  "spacing_z": 0.943651020526886,
  "summary_bg_k": 4.485927310969262,
  "summary_bg_mad": 9.838540777327884,
  "summary_bg_mean": 9.20199966430664,
  "summary_bg_median": 6.877847671508789,
  "summary_bg_n": 123285.0,
  "summary_bg_p05": 0.0,
  "summary_bg_p95": 20.66514892578125,
  "summary_bg_stdv": 6.946690559387207,
  "summary_csf_k": -0.43719259224021867,
  "summary_csf_mad": 87.79703570940605,
  "summary_csf_mean": 265.38702392578125,
  "summary_csf_median": 284.4658203125,
  "summary_csf_n": 14674.0,
  "summary_csf_p05": 78.32313880920411,
  "summary_csf_p95": 411.0266784667968,
  "summary_csf_stdv": 101.15167236328125,
  "summary_gm_k": 0.5508716274465959,
  "summary_gm_mad": 60.896727842134396,
  "summary_gm_mean": 629.280029296875,
  "summary_gm_median": 627.8717041015625,
  "summary_gm_n": 17376.0,
  "summary_gm_p05": 522.7842102050781,
  "summary_gm_p95": 743.9887847900391,
  "summary_gm_stdv": 66.5397720336914,
  "summary_wm_k": 2.1873335098763995,
  "summary_wm_mad": 31.02497166864518,
  "summary_wm_mean": 996.0926513671875,
  "summary_wm_median": 1000.0,
  "summary_wm_n": 186235.0,
  "summary_wm_p05": 925.5347961425781,
  "summary_wm_p95": 1051.0390258789062,
  "summary_wm_stdv": 38.47357940673828,
  "tpm_overlap_csf": 0.16275323927402496,
  "tpm_overlap_gm": 0.4296511709690094,
  "tpm_overlap_wm": 0.5081419348716736,
  "wm2max": 0.6551717464882872
}