{
  "bids_meta": {
    "AcquisitionMatrixPE": 238,
    "ConversionSoftware": "dcm2niix",
    "DeviceSerialNumber": "42292",
    "EchoTime": 0.003996,
    "EchoTrainLength": 159,
    "FlipAngle": 8,
    "ImageType": [
      "ORIGINAL",
      "PRIMARY",
      "M",
      "FFE",
      "M",
      "FFE"
    ],
    "InPlanePhaseEncodingDirectionDICOM": "ROW",
    "InstitutionName": "Klinikum_rechts_der_Isar",
    "InstitutionalDepartmentName": "MRT",
    "MRAcquisitionType": "3D",
    "MagneticFieldStrength": 3,
    "Manufacturer": "Philips",
    "ManufacturersModelName": "Ingenia",
    "Modality": "MR",
    "PatientPosition": "HFS",
    "PercentPhaseFOV": 100,
    "PhaseEncodingSteps": 238,
    "ProcedureStepDescription": "Studie_MR",
    "ReconMatrixPE": 256,
    "RepetitionTime": 0.009,
    "ScanOptions": "OTHER",
    "ScanningSequence": "GR",
    "SequenceVariant": "MP",
    "SliceThickness": 1,
    "SoftwareVersions": "5.1.8_5.1.8.1",
    "SpacingBetweenSlices": 1,
    "StationName": "mrkh",
    "dataset": "ds001927",
    "modality": "T1w",
    "session_id": "fro",
    "subject_id": "s002"
  },
  "cjv": 0.3352856203517025,
  "cnr": 3.735089084694243,
  "efc": 0.7788811042836228,
  "fber": 1094.299560546875,
  "fwhm_avg": 3.4649520333900607,
  "fwhm_x": 3.37439,
  "fwhm_y": 3.711583968874869,
  "fwhm_z": 3.3088821312953134,
  "icvs_csf": 0.21323449678313017,
  "icvs_gm": 0.40849844945610503,
  "icvs_wm": 0.3782670537607648,
  "inu_med": 1.9547613859176636,
  "inu_range": 0.5417005181312562,
  "provenance": {
    "md5sum": "e1965334a3019c8c1e8ddae574b9222f",
    "settings": {
      "testing": false
    },
    "software": "mriqc",
    "version": "22.0.0rc1",
    "warnings": {
      "large_rot_frame": true,
      "small_air_mask": true
    },
    "webapi_port": null,
    "webapi_url": "https://mriqc.nimh.nih.gov/api/v1"
  },
  "qi_1": 0.0,
  "qi_2": 0.005100539510742536,
  "rpve_csf": 23.991383116388825,
  "rpve_gm": 13.02340179394354,
  "rpve_wm": 18.563510795225962,
  "size_x": 170,
  "size_y": 256,
  "size_z": 256,
  "snr_csf": 3.702664652507511,
  "snr_gm": 7.4586462823992,
  "snr_total": 10.458064903680404,
  "snr_wm": 20.212883776134497,
  "snrd_csf": 20.07651427360743,
  "snrd_gm": 36.973418309677996,
  "snrd_total": 38.53469090238454,
  "snrd_wm": 58.554140123868194,
  "spacing_x": 1.0,
  "spacing_y": 0.943651020526886,
  "spacing_z": 0.943651020526886,
  "summary_bg_k": 7.00240617353632,
  "summary_bg_mad": 11.18832009019259,
  "summary_bg_mean": 13.087796211242676,
  "summary_bg_median": 7.699134349822998,
  "summary_bg_n": 72861.0,
  "summary_bg_p05": 0.0,
  "summary_bg_p95": 30.7806453704834,
  "summary_bg_stdv": 11.074639320373535,
  "summary_csf_k": 2.133703001197725,
  "summary_csf_mad": 75.34409103162542,
  "summary_csf_mean": 340.63067626953125,
  "summary_csf_median": 342.8636779785156,
  "summary_csf_n": 4023.0,
  "summary_csf_p05": 188.6457962036133,
  "summary_csf_p95": 483.41951904296866,
  "summary_csf_stdv": 92.58766174316406,
  "summary_gm_k": 0.28590545523558175,
  "summary_gm_mad": 79.98459796938758,
  "summary_gm_mean": 635.22265625,
  "summary_gm_median": 631.4264526367188,
  "summary_gm_n": 11973.0,
  "summary_gm_p05": 502.411669921875,
  "summary_gm_p95": 784.7048217773437,
  "summary_gm_stdv": 84.6534423828125,
  "summary_wm_k": 1.2078104612193021,
  "summary_wm_mad": 43.58569095837893,
  "summary_wm_mean": 997.533203125,
  "summary_wm_median": 999.978759765625,
  "summary_wm_n": 200078.0,
  "summary_wm_p05": 911.5148315429688,
  "summary_wm_p95": 1072.8611267089843,
  "summary_wm_stdv": 49.47222137451172,
  "tpm_overlap_csf": 0.1481490284204483,
  "tpm_overlap_gm": 0.42551904916763306,
  "tpm_overlap_wm": 0.49184727668762207,
  "wm2max": 0.615050802015583
}