{
  "aor": 0.0005491666666666667,
  "aqi": 0.02001539633333333,
  "bids_meta": {
    "AcquisitionMatrixPE": 62,
    "ConversionSoftware": "dcm2niix",
    "DeviceSerialNumber": "42292",
    "EchoTime": 0.03,
    "EchoTrainLength": 31,
    "FlipAngle": 70,
    "ImageType": [
      "ORIGINAL",
      "PRIMARY",
      "M",
      "FFE",
      "M",
      "FFE"
    ],
    "InPlanePhaseEncodingDirectionDICOM": "COL",
    "InstitutionName": "Klinikum_rechts_der_Isar",
    "InstitutionalDepartmentName": "MRT",
    "MRAcquisitionType": "2D",
    "MagneticFieldStrength": 3,
    "Manufacturer": "Philips",
    "ManufacturersModelName": "Ingenia",
    "Modality": "MR",
    "MultibandAccelerationFactor": 2,
    "PatientPosition": "HFS",
    "PercentPhaseFOV": 100,
    "PhaseEncodingSteps": 62,
    "ProcedureStepDescription": "Studie_MR",
    "ReconMatrixPE": 64,
    "RepetitionTime": 1.25,
    "ScanOptions": "FS",
    "ScanningSequence": "GR",
    "SequenceVariant": "SK",
    "SliceThickness": 3,
    "SoftwareVersions": "5.1.8_5.1.8.1",
    "SpacingBetweenSlices": 3.3,
    "StationName": "mrkh",
    "TaskName": "Rest Post",
    "dataset": "ds001927",
    "modality": "bold",
    "session_id": "occ",
    "subject_id": "s019",
    "task_id": "restpost"
  },
  "dummy_trs": 0,
  "dvars_nstd": 30.313043196327232,
  "dvars_std": 1.1241759017863113,
  "dvars_vstd": 0.9569056864774639,
  "efc": 0.5458637389603925,
  "fber": 15926.9453125,
  "fd_mean": 0.09246499655252757,
  "fd_num": 8,
  "fd_perc": 1.3333333333333333,
  "fwhm_avg": 1.5862050577657316,
  "fwhm_x": 1.5313366666666666,
  "fwhm_y": 1.71983,
  "fwhm_z": 1.507448506630529,
  "gcor": 0.00879004,
  "gsr_x": -0.0058605666272342205,
  "gsr_y": 0.03105842135846615,
  "provenance": {
    "md5sum": "647a0c3069a63a5a09094128d3981825",
    "settings": {
      "fd_thres": 0.2,
      "testing": false
    },
    "software": "mriqc",
    "version": "22.0.0rc1",
    "webapi_port": null,
    "webapi_url": "https://mriqc.nimh.nih.gov/api/v1"
  },
  "size_t": 600,
  "size_x": 64,
  "size_y": 64,
  "size_z": 40,
  "snr": 6.545127543394883,
  "spacing_tr": 1.25,
  "spacing_x": 3.0,
  "spacing_y": 3.0,
  "spacing_z": 3.299999952316284,
  "summary_bg_k": 16.37967533908119,
  "summary_bg_mad": 11.44853556629081,
  "summary_bg_mean": 51.264984130859375,
  "summary_bg_median": 8.839452743530273,
  "summary_bg_n": 89545.0,
  "summary_bg_p05": 0.8752887606620788,
  "summary_bg_p95": 238.17774047851566,
  "summary_bg_stdv": 97.99877166748047,
  "summary_fg_k": 2.2604933033978547,
  "summary_fg_mad": 182.88908243242585,
  "summary_fg_mean": 1291.7835693359375,
  "summary_fg_median": 1279.72119140625,
  "summary_fg_n": 37579.0,
  "summary_fg_p05": 1021.3531372070313,
  "summary_fg_p95": 1602.2683959960937,
  "summary_fg_stdv": 195.52012634277344,
  "tsnr": 41.90721893310547
}