{
  "aor": 0.0011995833333333333,
  "aqi": 0.012604279633333333,
  "bids_meta": {
    "AcquisitionMatrixPE": 62,
    "ConversionSoftware": "dcm2niix",
    "DeviceSerialNumber": "42292",
    "EchoTime": 0.03,
    "EchoTrainLength": 31,
    "FlipAngle": 70,
    "ImageType": [
      "ORIGINAL",
      "PRIMARY",
      "M",
      "FFE",
      "M",
      "FFE"
    ],
    "InPlanePhaseEncodingDirectionDICOM": "COL",
    "InstitutionName": "Klinikum_rechts_der_Isar",
    "InstitutionalDepartmentName": "MRT",
    "MRAcquisitionType": "2D",
    "MagneticFieldStrength": 3,
    "Manufacturer": "Philips",
    "ManufacturersModelName": "Ingenia",
    "Modality": "MR",
    "MultibandAccelerationFactor": 2,
    "PatientPosition": "HFS",
    "PercentPhaseFOV": 100,
    "PhaseEncodingSteps": 62,
    "ProcedureStepDescription": "Studie_MR",
    "ReconMatrixPE": 64,
    "RepetitionTime": 1.25,
    "ScanOptions": "FS",
    "ScanningSequence": "GR",
    "SequenceVariant": "SK",
    "SliceThickness": 3,
    "SoftwareVersions": "5.1.8_5.1.8.1",
    "SpacingBetweenSlices": 3.3,
    "StationName": "mrkh",
    "TaskName": "Rest Pre",
    "dataset": "ds001927",
    "modality": "bold",
    "session_id": "occ",
    "subject_id": "s019",
    "task_id": "restpre"
  },
  "dummy_trs": 0,
  "dvars_nstd": 30.389436651719535,
  "dvars_std": 1.1942166469449078,
  "dvars_vstd": 0.9962840834724549,
  "efc": 0.5440522565879807,
  "fber": 19030.27734375,
  "fd_mean": 0.0987156326789466,
  "fd_num": 11,
  "fd_perc": 1.8333333333333333,
  "fwhm_avg": 1.5635548555901455,
  "fwhm_x": 1.51497,
  "fwhm_y": 1.7005066666666666,
  "fwhm_z": 1.47518790010377,
  "gcor": 0.00787929,
  "gsr_x": -0.004663708619773388,
  "gsr_y": 0.03173013776540756,
  "provenance": {
    "md5sum": "83b23a7dae04f9f433da8777aaa03274",
    "settings": {
      "fd_thres": 0.2,
      "testing": false
    },
    "software": "mriqc",
    "version": "22.0.0rc1",
    "webapi_port": null,
    "webapi_url": "https://mriqc.nimh.nih.gov/api/v1"
  },
  "size_t": 600,
  "size_x": 64,
  "size_y": 64,
  "size_z": 40,
  "snr": 6.665489509617215,
  "spacing_tr": 1.25,
  "spacing_x": 3.0,
  "spacing_y": 3.0,
  "spacing_z": 3.299999952316284,
  "summary_bg_k": 26.732516486304522,
  "summary_bg_mad": 11.4398940428257,
  "summary_bg_mean": 53.3311767578125,
  "summary_bg_median": 8.894634246826172,
  "summary_bg_n": 89895.0,
  "summary_bg_p05": 0.9065941751003265,
  "summary_bg_p95": 254.88961029052763,
  "summary_bg_stdv": 105.49955749511719,
  "summary_fg_k": 2.309648495079875,
  "summary_fg_mad": 194.52991690451927,
  "summary_fg_mean": 1369.306396484375,
  "summary_fg_median": 1356.660400390625,
  "summary_fg_n": 37534.0,
  "summary_fg_p05": 1090.0598022460938,
  "summary_fg_p95": 1691.9691650390623,
  "summary_fg_stdv": 203.53228759765625,
  "tsnr": 50.53099822998047
}