{
  "bids_meta": {
    "AcquisitionMatrixPE": 238,
    "ConversionSoftware": "dcm2niix",
    "DeviceSerialNumber": "42292",
    "EchoTime": 0.003996,
    "EchoTrainLength": 159,
    "FlipAngle": 8,
    "ImageType": [
      "ORIGINAL",
      "PRIMARY",
      "M",
      "FFE",
      "M",
      "FFE"
    ],
    "InPlanePhaseEncodingDirectionDICOM": "ROW",
    "InstitutionName": "Klinikum_rechts_der_Isar",
    "InstitutionalDepartmentName": "MRT",
    "MRAcquisitionType": "3D",
    "MagneticFieldStrength": 3,
    "Manufacturer": "Philips",
    "ManufacturersModelName": "Ingenia",
    "Modality": "MR",
    "PatientPosition": "HFS",
    "PercentPhaseFOV": 100,
    "PhaseEncodingSteps": 238,
    "ProcedureStepDescription": "Studie_MR",
    "ReconMatrixPE": 256,
    "RepetitionTime": 0.009,
    "ScanOptions": "OTHER",
    "ScanningSequence": "GR",
    "SequenceVariant": "MP",
    "SliceThickness": 1,
    "SoftwareVersions": "5.1.8_5.1.8.1",
    "SpacingBetweenSlices": 1,
    "StationName": "mrkh",
    "dataset": "ds001927",
    "modality": "T1w",
    "session_id": "fro",
    "subject_id": "s023"
  },
  "cjv": 0.3361427311440999,
  "cnr": 3.558759026932789,
  "efc": 0.790711825916121,
  "fber": 1021.2593383789062,
  "fwhm_avg": 3.4923819749849625,
  "fwhm_x": 3.4975,
  "fwhm_y": 3.65159357118697,
  "fwhm_z": 3.328052353767917,
  "icvs_csf": 0.22462186590644356,
  "icvs_gm": 0.3847062623968217,
  "icvs_wm": 0.39067187169673473,
  "inu_med": 1.1537916660308838,
  "inu_range": 0.34893044233322135,
  "provenance": {
    "md5sum": "dc318e5c8e76feb46c6ab68cd78b46d0",
    "settings": {
      "testing": false
    },
    "software": "mriqc",
    "version": "22.0.0rc1",
    "warnings": {
      "large_rot_frame": true,
      "small_air_mask": true
    },
    "webapi_port": null,
    "webapi_url": "https://mriqc.nimh.nih.gov/api/v1"
  },
  "qi_1": 0.0,
  "qi_2": 0.003284274172558415,
  "rpve_csf": 22.778585434491994,
  "rpve_gm": 13.216700997607287,
  "rpve_wm": 17.766344631563076,
  "size_x": 170,
  "size_y": 256,
  "size_z": 256,
  "snr_csf": 3.886180125126848,
  "snr_gm": 7.6186041298202785,
  "snr_total": 10.402636704993483,
  "snr_wm": 19.703125860033325,
  "snrd_csf": 19.798540767435295,
  "snrd_gm": 34.675965193600156,
  "snrd_total": 36.06268050683682,
  "snrd_wm": 53.71353555947501,
  "spacing_x": 1.0,
  "spacing_y": 0.943651020526886,
  "spacing_z": 0.943651020526886,
  "summary_bg_k": 2.161376616991153,
  "summary_bg_mad": 12.196889483533859,
  "summary_bg_mean": 16.740333557128906,
  "summary_bg_median": 16.4614315032959,
  "summary_bg_n": 125741.0,
  "summary_bg_p05": 0.0,
  "summary_bg_p95": 41.23164749145508,
  "summary_bg_stdv": 12.782362937927246,
  "summary_csf_k": 1.5687271352447834,
  "summary_csf_mad": 78.20828504832372,
  "summary_csf_mean": 357.4564514160156,
  "summary_csf_median": 368.595947265625,
  "summary_csf_n": 5036.0,
  "summary_csf_p05": 166.23617935180664,
  "summary_csf_p95": 487.9990997314453,
  "summary_csf_stdv": 94.83846282958984,
  "summary_gm_k": 0.5822676440345531,
  "summary_gm_mad": 73.77502479824055,
  "summary_gm_mean": 645.3859252929688,
  "summary_gm_median": 645.5738525390625,
  "summary_gm_n": 9767.0,
  "summary_gm_p05": 503.3026184082031,
  "summary_gm_p95": 790.2944458007809,
  "summary_gm_stdv": 84.73216247558594,
  "summary_wm_k": 1.1137244637048758,
  "summary_wm_mad": 45.36361009217342,
  "summary_wm_mean": 997.9933471679688,
  "summary_wm_median": 1000.0025634765625,
  "summary_wm_n": 221449.0,
  "summary_wm_p05": 911.459130859375,
  "summary_wm_p95": 1076.3885986328125,
  "summary_wm_stdv": 50.75338363647461,
  "tpm_overlap_csf": 0.13893724977970123,
  "tpm_overlap_gm": 0.41943106055259705,
  "tpm_overlap_wm": 0.504484236240387,
  "wm2max": 0.5289994688362328
}