{
  "aor": 0.002659083333333333,
  "aqi": 0.020668947249999996,
  "bids_meta": {
    "AcquisitionMatrixPE": 62,
    "ConversionSoftware": "dcm2niix",
    "DeviceSerialNumber": "42292",
    "EchoTime": 0.03,
    "EchoTrainLength": 31,
    "FlipAngle": 70,
    "ImageType": [
      "ORIGINAL",
      "PRIMARY",
      "M",
      "FFE",
      "M",
      "FFE"
    ],
    "InPlanePhaseEncodingDirectionDICOM": "COL",
    "InstitutionName": "Klinikum_rechts_der_Isar",
    "InstitutionalDepartmentName": "MRT",
    "MRAcquisitionType": "2D",
    "MagneticFieldStrength": 3,
    "Manufacturer": "Philips",
    "ManufacturersModelName": "Ingenia",
    "Modality": "MR",
    "MultibandAccelerationFactor": 2,
    "PatientPosition": "HFS",
    "PercentPhaseFOV": 100,
    "PhaseEncodingSteps": 62,
    "ProcedureStepDescription": "Studie_MR",
    "ReconMatrixPE": 64,
    "RepetitionTime": 1.25,
    "ScanOptions": "FS",
    "ScanningSequence": "GR",
    "SequenceVariant": "SK",
    "SliceThickness": 3,
    "SoftwareVersions": "5.1.8_5.1.8.1",
    "SpacingBetweenSlices": 3.3,
    "StationName": "mrkh",
    "TaskName": "Rest Pre",
    "dataset": "ds001927",
    "modality": "bold",
    "session_id": "occ",
    "subject_id": "s010",
    "task_id": "restpre"
  },
  "dummy_trs": 0,
  "dvars_nstd": 28.07578704612688,
  "dvars_std": 1.0694747628547574,
  "dvars_vstd": 1.0030493691318867,
  "efc": 0.5645317530307389,
  "fber": 8203.64453125,
  "fd_mean": 0.14938685954721337,
  "fd_num": 122,
  "fd_perc": 20.333333333333332,
  "fwhm_avg": 1.6821499064791468,
  "fwhm_x": 1.66163,
  "fwhm_y": 1.8299166666666666,
  "fwhm_z": 1.5549030527707741,
  "gcor": 0.0155499,
  "gsr_x": -0.007755349390208721,
  "gsr_y": 0.027630003169178963,
  "provenance": {
    "md5sum": "d289f27491065804726a963d61c23eb5",
    "settings": {
      "fd_thres": 0.2,
      "testing": false
    },
    "software": "mriqc",
    "version": "22.0.0rc1",
    "webapi_port": null,
    "webapi_url": "https://mriqc.nimh.nih.gov/api/v1"
  },
  "size_t": 600,
  "size_x": 64,
  "size_y": 64,
  "size_z": 40,
  "snr": 5.781230287628756,
  "spacing_tr": 1.25,
  "spacing_x": 3.0,
  "spacing_y": 3.0,
  "spacing_z": 3.299999952316284,
  "summary_bg_k": 20.457001923686725,
  "summary_bg_mad": 17.315523250827866,
  "summary_bg_mean": 52.68373107910156,
  "summary_bg_median": 12.920981407165527,
  "summary_bg_n": 85657.0,
  "summary_bg_p05": 0.6928736090660096,
  "summary_bg_p95": 225.55419311523437,
  "summary_bg_stdv": 99.45521545410156,
  "summary_fg_k": 2.186750592739358,
  "summary_fg_mad": 188.43752939456397,
  "summary_fg_mean": 1271.1917724609375,
  "summary_fg_median": 1246.0003662109375,
  "summary_fg_n": 40488.0,
  "summary_fg_p05": 990.2727416992187,
  "summary_fg_p95": 1653.327819824219,
  "summary_fg_stdv": 215.5224609375,
  "tsnr": 36.122840881347656
}