{
  "aor": 0.0003309,
  "aqi": 0.01586872055,
  "bids_meta": {
    "AcquisitionMatrixPE": 62,
    "ConversionSoftware": "dcm2niix",
    "DeviceSerialNumber": "42292",
    "EchoTime": 0.03,
    "EchoTrainLength": 31,
    "FlipAngle": 70,
    "ImageType": [
      "ORIGINAL",
      "PRIMARY",
      "M",
      "FFE",
      "M",
      "FFE"
    ],
    "InPlanePhaseEncodingDirectionDICOM": "COL",
    "InstitutionName": "Klinikum_rechts_der_Isar",
    "InstitutionalDepartmentName": "MRT",
    "MRAcquisitionType": "2D",
    "MagneticFieldStrength": 3,
    "Manufacturer": "Philips",
    "ManufacturersModelName": "Ingenia",
    "Modality": "MR",
    "MultibandAccelerationFactor": 2,
    "PatientPosition": "HFS",
    "PercentPhaseFOV": 100,
    "PhaseEncodingSteps": 62,
    "ProcedureStepDescription": "Studie_MR",
    "ReconMatrixPE": 64,
    "RepetitionTime": 1.25,
    "ScanOptions": "FS",
    "ScanningSequence": "GR",
    "SequenceVariant": "SK",
    "SliceThickness": 3,
    "SoftwareVersions": "5.1.8_5.1.8.1",
    "SpacingBetweenSlices": 3.3,
    "StationName": "mrkh",
    "TaskName": "Rest Post",
    "dataset": "ds001927",
    "modality": "bold",
    "session_id": "occ",
    "subject_id": "s010",
    "task_id": "restpost"
  },
  "dummy_trs": 0,
  "dvars_nstd": 28.97140134833053,
  "dvars_std": 1.0711253818864779,
  "dvars_vstd": 0.952228087195326,
  "efc": 0.5654076042554477,
  "fber": 7388.775390625,
  "fd_mean": 0.11070248872835782,
  "fd_num": 29,
  "fd_perc": 4.833333333333333,
  "fwhm_avg": 1.7199268764482072,
  "fwhm_x": 1.6895333333333333,
  "fwhm_y": 1.8588533333333332,
  "fwhm_z": 1.611393962677955,
  "gcor": 0.0205213,
  "gsr_x": -0.009780988097190857,
  "gsr_y": 0.025669589638710022,
  "provenance": {
    "md5sum": "51d0a09bf9dea2680e841a1c15743e9c",
    "settings": {
      "fd_thres": 0.2,
      "testing": false
    },
    "software": "mriqc",
    "version": "22.0.0rc1",
    "webapi_port": null,
    "webapi_url": "https://mriqc.nimh.nih.gov/api/v1"
  },
  "size_t": 600,
  "size_x": 64,
  "size_y": 64,
  "size_z": 40,
  "snr": 5.552106472373084,
  "spacing_tr": 1.25,
  "spacing_x": 3.0,
  "spacing_y": 3.0,
  "spacing_z": 3.299999952316284,
  "summary_bg_k": 23.167941280389577,
  "summary_bg_mad": 16.718065313764413,
  "summary_bg_mean": 52.038333892822266,
  "summary_bg_median": 12.50922679901123,
  "summary_bg_n": 85573.0,
  "summary_bg_p05": 0.6971091151237487,
  "summary_bg_p95": 221.66918945312457,
  "summary_bg_stdv": 98.30801391601562,
  "summary_fg_k": 2.18385022269584,
  "summary_fg_mad": 186.6348610110892,
  "summary_fg_mean": 1224.7635498046875,
  "summary_fg_median": 1199.79833984375,
  "summary_fg_n": 40579.0,
  "summary_fg_p05": 943.1156555175781,
  "summary_fg_p95": 1609.1632690429688,
  "summary_fg_stdv": 216.09519958496094,
  "tsnr": 41.166683197021484
}