{
  "bids_meta": {
    "AcquisitionMatrixPE": 238,
    "ConversionSoftware": "dcm2niix",
    "DeviceSerialNumber": "42292",
    "EchoTime": 0.003996,
    "EchoTrainLength": 159,
    "FlipAngle": 8,
    "ImageType": [
      "ORIGINAL",
      "PRIMARY",
      "M",
      "FFE",
      "M",
      "FFE"
    ],
    "InPlanePhaseEncodingDirectionDICOM": "ROW",
    "InstitutionName": "Klinikum_rechts_der_Isar",
    "InstitutionalDepartmentName": "MRT",
    "MRAcquisitionType": "3D",
    "MagneticFieldStrength": 3,
    "Manufacturer": "Philips",
    "ManufacturersModelName": "Ingenia",
    "Modality": "MR",
    "PatientPosition": "HFS",
    "PercentPhaseFOV": 100,
    "PhaseEncodingSteps": 238,
    "ProcedureStepDescription": "Studie_MR",
    "ReconMatrixPE": 256,
    "RepetitionTime": 0.009,
    "ScanOptions": "OTHER",
    "ScanningSequence": "GR",
    "SequenceVariant": "MP",
    "SliceThickness": 1,
    "SoftwareVersions": "5.1.8_5.1.8.1",
    "SpacingBetweenSlices": 1,
    "StationName": "mrkh",
    "dataset": "ds001927",
    "modality": "T1w",
    "session_id": "ctr",
    "subject_id": "s022"
  },
  "cjv": 0.2695486053771005,
  "cnr": 4.567043990714758,
  "efc": 0.8012277717593774,
  "fber": 468.9973449707031,
  "fwhm_avg": 4.476011553465127,
  "fwhm_x": 4.75681,
  "fwhm_y": 4.635993502722394,
  "fwhm_z": 4.035231157672985,
  "icvs_csf": 0.2598704844675738,
  "icvs_gm": 0.36579063904248066,
  "icvs_wm": 0.3743388764899455,
  "inu_med": 1.0785536766052246,
  "inu_range": 0.2534347295761106,
  "provenance": {
    "md5sum": "928a37cf96099a7dd804c48c0b72fdda",
    "settings": {
      "testing": false
    },
    "software": "mriqc",
    "version": "22.0.0rc1",
    "warnings": {
      "large_rot_frame": true,
      "small_air_mask": true
    },
    "webapi_port": null,
    "webapi_url": "https://mriqc.nimh.nih.gov/api/v1"
  },
  "qi_1": 0.0,
  "qi_2": 0.00083531471363184,
  "rpve_csf": 22.429252022837073,
  "rpve_gm": 14.723328904813666,
  "rpve_wm": 19.288116410389456,
  "size_x": 170,
  "size_y": 256,
  "size_z": 256,
  "snr_csf": 3.1116875234742816,
  "snr_gm": 10.159284931471426,
  "snr_total": 12.889125560082354,
  "snr_wm": 25.39640422530135,
  "snrd_csf": 19.07167676591869,
  "snrd_gm": 38.39501173100853,
  "snrd_total": 38.947986177638,
  "snrd_wm": 59.37727003598678,
  "spacing_x": 1.0,
  "spacing_y": 0.943651020526886,
  "spacing_z": 0.943651020526886,
  "summary_bg_k": 22.543308916247554,
  "summary_bg_mad": 11.033585318143599,
  "summary_bg_mean": 22.70777702331543,
  "summary_bg_median": 14.729721069335938,
  "summary_bg_n": 60462.0,
  "summary_bg_p05": 0.0,
  "summary_bg_p95": 58.92661628723144,
  "summary_bg_stdv": 19.630197525024414,
  "summary_csf_k": 0.07512067720172633,
  "summary_csf_mad": 88.05507039117293,
  "summary_csf_mean": 302.53009033203125,
  "summary_csf_median": 321.19873046875,
  "summary_csf_n": 17683.0,
  "summary_csf_p05": 88.8017692565918,
  "summary_csf_p95": 439.7145080566406,
  "summary_csf_stdv": 103.22040557861328,
  "summary_gm_k": 0.3890677859149103,
  "summary_gm_mad": 60.38445909463926,
  "summary_gm_mean": 646.5110473632812,
  "summary_gm_median": 646.6358032226562,
  "summary_gm_n": 22709.0,
  "summary_gm_p05": 541.5726196289063,
  "summary_gm_p95": 751.1997802734373,
  "summary_gm_stdv": 63.64833450317383,
  "summary_wm_k": 0.9747848710547493,
  "summary_wm_mad": 34.86757546543606,
  "summary_wm_mean": 999.268310546875,
  "summary_wm_median": 1000.0119018554688,
  "summary_wm_n": 214780.0,
  "summary_wm_p05": 932.6984741210938,
  "summary_wm_p95": 1062.4359313964844,
  "summary_wm_stdv": 39.37602996826172,
  "tpm_overlap_csf": 0.1391845941543579,
  "tpm_overlap_gm": 0.3766046166419983,
  "tpm_overlap_wm": 0.4523260295391083,
  "wm2max": 0.7001840998672664
}