{
  "aor": 0.0005039833333333333,
  "aqi": 0.01247332015,
  "bids_meta": {
    "AcquisitionMatrixPE": 62,
    "ConversionSoftware": "dcm2niix",
    "DeviceSerialNumber": "42292",
    "EchoTime": 0.03,
    "EchoTrainLength": 31,
    "FlipAngle": 70,
    "ImageType": [
      "ORIGINAL",
      "PRIMARY",
      "M",
      "FFE",
      "M",
      "FFE"
    ],
    "InPlanePhaseEncodingDirectionDICOM": "COL",
    "InstitutionName": "Klinikum_rechts_der_Isar",
    "InstitutionalDepartmentName": "MRT",
    "MRAcquisitionType": "2D",
    "MagneticFieldStrength": 3,
    "Manufacturer": "Philips",
    "ManufacturersModelName": "Ingenia",
    "Modality": "MR",
    "MultibandAccelerationFactor": 2,
    "PatientPosition": "HFS",
    "PercentPhaseFOV": 100,
    "PhaseEncodingSteps": 62,
    "ProcedureStepDescription": "Studie_MR",
    "ReconMatrixPE": 64,
    "RepetitionTime": 1.25,
    "ScanOptions": "FS",
    "ScanningSequence": "GR",
    "SequenceVariant": "SK",
    "SliceThickness": 3,
    "SoftwareVersions": "5.1.8_5.1.8.1",
    "SpacingBetweenSlices": 3.3,
    "StationName": "mrkh",
    "TaskName": "Rest Post",
    "dataset": "ds001927",
    "modality": "bold",
    "session_id": "ctr",
    "subject_id": "s017",
    "task_id": "restpost"
  },
  "dummy_trs": 0,
  "dvars_nstd": 30.85154910076793,
  "dvars_std": 1.1147315475792976,
  "dvars_vstd": 0.9604279631886478,
  "efc": 0.5359239452938019,
  "fber": 4026.081787109375,
  "fd_mean": 0.14701003237257015,
  "fd_num": 110,
  "fd_perc": 18.333333333333332,
  "fwhm_avg": 1.894575261198274,
  "fwhm_x": 1.93614,
  "fwhm_y": 1.94691,
  "fwhm_z": 1.800675783594822,
  "gcor": 0.00240539,
  "gsr_x": 0.015607170760631561,
  "gsr_y": 0.013214871287345886,
  "provenance": {
    "md5sum": "d28b67a94c05e8266682ac412f21a858",
    "settings": {
      "fd_thres": 0.2,
      "testing": false
    },
    "software": "mriqc",
    "version": "22.0.0rc1",
    "webapi_port": null,
    "webapi_url": "https://mriqc.nimh.nih.gov/api/v1"
  },
  "size_t": 600,
  "size_x": 64,
  "size_y": 64,
  "size_z": 40,
  "snr": 5.2602084716641535,
  "spacing_tr": 1.25,
  "spacing_x": 3.0,
  "spacing_y": 3.0,
  "spacing_z": 3.299999952316284,
  "summary_bg_k": 11.71642622030767,
  "summary_bg_mad": 27.822264784169636,
  "summary_bg_mean": 68.35220336914062,
  "summary_bg_median": 20.402151107788086,
  "summary_bg_n": 94457.0,
  "summary_bg_p05": 0.8648517251014709,
  "summary_bg_p95": 304.8423156738281,
  "summary_bg_stdv": 113.72483825683594,
  "summary_fg_k": 1.108267841987451,
  "summary_fg_mad": 217.97790804582615,
  "summary_fg_mean": 1338.752197265625,
  "summary_fg_median": 1305.015869140625,
  "summary_fg_n": 34278.0,
  "summary_fg_p05": 999.2907165527344,
  "summary_fg_p95": 1809.8755004882807,
  "summary_fg_stdv": 248.0884246826172,
  "tsnr": 44.45892333984375
}