{
  "bids_meta": {
    "AcquisitionMatrixPE": 238,
    "ConversionSoftware": "dcm2niix",
    "DeviceSerialNumber": "42292",
    "EchoTime": 0.003996,
    "EchoTrainLength": 159,
    "FlipAngle": 8,
    "ImageType": [
      "ORIGINAL",
      "PRIMARY",
      "M",
      "FFE",
      "M",
      "FFE"
    ],
    "InPlanePhaseEncodingDirectionDICOM": "ROW",
    "InstitutionName": "Klinikum_rechts_der_Isar",
    "InstitutionalDepartmentName": "MRT",
    "MRAcquisitionType": "3D",
    "MagneticFieldStrength": 3,
    "Manufacturer": "Philips",
    "ManufacturersModelName": "Ingenia",
    "Modality": "MR",
    "PatientPosition": "HFS",
    "PercentPhaseFOV": 100,
    "PhaseEncodingSteps": 238,
    "ProcedureStepDescription": "Studie_MR",
    "ReconMatrixPE": 256,
    "RepetitionTime": 0.009,
    "ScanOptions": "OTHER",
    "ScanningSequence": "GR",
    "SequenceVariant": "MP",
    "SliceThickness": 1,
    "SoftwareVersions": "5.1.8_5.1.8.1",
    "SpacingBetweenSlices": 1,
    "StationName": "mrkh",
    "dataset": "ds001927",
    "modality": "T1w",
    "session_id": "occ",
    "subject_id": "s023"
  },
  "cjv": 0.34998097216406326,
  "cnr": 3.400322633878972,
  "efc": 0.7905839823144928,
  "fber": 1184.205810546875,
  "fwhm_avg": 3.5019321425260586,
  "fwhm_x": 3.48284,
  "fwhm_y": 3.674939065994679,
  "fwhm_z": 3.348017361583498,
  "icvs_csf": 0.2243697013953696,
  "icvs_gm": 0.38785784757680014,
  "icvs_wm": 0.3877724510278302,
  "inu_med": 0.9726452827453613,
  "inu_range": 0.32147591114044194,
  "provenance": {
    "md5sum": "6c1fa5b97ffab33d49d4ba560ab1ad6e",
    "settings": {
      "testing": false
    },
    "software": "mriqc",
    "version": "22.0.0rc1",
    "warnings": {
      "large_rot_frame": true,
      "small_air_mask": true
    },
    "webapi_port": null,
    "webapi_url": "https://mriqc.nimh.nih.gov/api/v1"
  },
  "qi_1": 0.0,
  "qi_2": 0.003018483777574539,
  "rpve_csf": 22.78138242373529,
  "rpve_gm": 13.224444784954086,
  "rpve_wm": 17.800145609300994,
  "size_x": 170,
  "size_y": 256,
  "size_z": 256,
  "snr_csf": 3.974734135252809,
  "snr_gm": 7.353775033359002,
  "snr_total": 10.314289806673433,
  "snr_wm": 19.614360251408485,
  "snrd_csf": 21.011701856878197,
  "snrd_gm": 36.99900210443387,
  "snrd_total": 38.29991464599471,
  "snrd_wm": 56.88903997667205,
  "spacing_x": 1.0,
  "spacing_y": 0.943651020526886,
  "spacing_z": 0.943651020526886,
  "summary_bg_k": 2.0351485943893293,
  "summary_bg_mad": 11.516310567880703,
  "summary_bg_mean": 15.648568153381348,
  "summary_bg_median": 15.566754341125488,
  "summary_bg_n": 112213.0,
  "summary_bg_p05": 0.0,
  "summary_bg_p95": 39.33332061767578,
  "summary_bg_stdv": 12.33540153503418,
  "summary_csf_k": 1.028503842868715,
  "summary_csf_mad": 83.2711354433808,
  "summary_csf_mean": 363.7002868652344,
  "summary_csf_median": 369.35406494140625,
  "summary_csf_n": 5300.0,
  "summary_csf_p05": 195.59892807006835,
  "summary_csf_p95": 501.7339157104493,
  "summary_csf_stdv": 92.91670989990234,
  "summary_gm_k": 0.5472589577971076,
  "summary_gm_mad": 77.12626323574888,
  "summary_gm_mean": 650.3307495117188,
  "summary_gm_median": 650.38671875,
  "summary_gm_n": 10739.0,
  "summary_gm_p05": 501.44630737304686,
  "summary_gm_p95": 801.401531982422,
  "summary_gm_stdv": 88.43844604492188,
  "summary_wm_k": 1.1334734159348931,
  "summary_wm_mad": 45.23999958005925,
  "summary_wm_mean": 998.870361328125,
  "summary_wm_median": 1000.0236206054688,
  "summary_wm_n": 218694.0,
  "summary_wm_p05": 912.7783752441406,
  "summary_wm_p95": 1079.2882873535154,
  "summary_wm_stdv": 50.9841423034668,
  "tpm_overlap_csf": 0.1379711776971817,
  "tpm_overlap_gm": 0.42041316628456116,
  "tpm_overlap_wm": 0.5069134831428528,
  "wm2max": 0.5139507513342033
}