{
  "bids_meta": {
    "AcquisitionMatrixPE": 238,
    "ConversionSoftware": "dcm2niix",
    "DeviceSerialNumber": "42292",
    "EchoTime": 0.003996,
    "EchoTrainLength": 159,
    "FlipAngle": 8,
    "ImageType": [
      "ORIGINAL",
      "PRIMARY",
      "M",
      "FFE",
      "M",
      "FFE"
    ],
    "InPlanePhaseEncodingDirectionDICOM": "ROW",
    "InstitutionName": "Klinikum_rechts_der_Isar",
    "InstitutionalDepartmentName": "MRT",
    "MRAcquisitionType": "3D",
    "MagneticFieldStrength": 3,
    "Manufacturer": "Philips",
    "ManufacturersModelName": "Ingenia",
    "Modality": "MR",
    "PatientPosition": "HFS",
    "PercentPhaseFOV": 100,
    "PhaseEncodingSteps": 238,
    "ProcedureStepDescription": "Studie_MR",
    "ReconMatrixPE": 256,
    "RepetitionTime": 0.009,
    "ScanOptions": "OTHER",
    "ScanningSequence": "GR",
    "SequenceVariant": "MP",
    "SliceThickness": 1,
    "SoftwareVersions": "5.1.8_5.1.8.1",
    "SpacingBetweenSlices": 1,
    "StationName": "mrkh",
    "dataset": "ds001927",
    "modality": "T1w",
    "session_id": "ctr",
    "subject_id": "s010"
  },
  "cjv": 0.25779636682676854,
  "cnr": 4.626652310352552,
  "efc": 0.7922881178389191,
  "fber": 992.6109008789062,
  "fwhm_avg": 4.375563660412033,
  "fwhm_x": 4.57958,
  "fwhm_y": 4.668378356164228,
  "fwhm_z": 3.8787326250718723,
  "icvs_csf": 0.28529570719227715,
  "icvs_gm": 0.34637162744472666,
  "icvs_wm": 0.3683326653629962,
  "inu_med": 0.9398561120033264,
  "inu_range": 0.2908848524093628,
  "provenance": {
    "md5sum": "a49f15e49c89497d18dff1adefd7bac0",
    "settings": {
      "testing": false
    },
    "software": "mriqc",
    "version": "22.0.0rc1",
    "warnings": {
      "large_rot_frame": true,
      "small_air_mask": true
    },
    "webapi_port": null,
    "webapi_url": "https://mriqc.nimh.nih.gov/api/v1"
  },
  "qi_1": 0.0,
  "qi_2": 0.0027127048966792146,
  "rpve_csf": 17.74973154946745,
  "rpve_gm": 12.650197283263138,
  "rpve_wm": 16.671103961633815,
  "size_x": 170,
  "size_y": 256,
  "size_z": 256,
  "snr_csf": 4.068787112043244,
  "snr_gm": 10.510588551484732,
  "snr_total": 13.513644280743089,
  "snr_wm": 25.96155717870129,
  "snrd_csf": 19.288852080384864,
  "snrd_gm": 37.416401381622606,
  "snrd_total": 37.866453217714145,
  "snrd_wm": 56.89410619113495,
  "spacing_x": 1.0,
  "spacing_y": 0.943651020526886,
  "spacing_z": 0.943651020526886,
  "summary_bg_k": 2.947171829349923,
  "summary_bg_mad": 11.515098131774623,
  "summary_bg_mean": 12.150172233581543,
  "summary_bg_median": 7.999269008636475,
  "summary_bg_n": 144781.0,
  "summary_bg_p05": 0.0,
  "summary_bg_p95": 31.021677017211914,
  "summary_bg_stdv": 8.765420913696289,
  "summary_csf_k": 0.8708432282042384,
  "summary_csf_mad": 76.4009111402297,
  "summary_csf_mean": 333.6591491699219,
  "summary_csf_median": 339.03326416015625,
  "summary_csf_n": 19986.0,
  "summary_csf_p05": 179.33769989013672,
  "summary_csf_p95": 454.9302749633789,
  "summary_csf_stdv": 83.32330322265625,
  "summary_gm_k": 0.7242472265489202,
  "summary_gm_mad": 55.03644938311088,
  "summary_gm_mean": 657.5232543945312,
  "summary_gm_median": 657.6547241210938,
  "summary_gm_n": 16285.0,
  "summary_gm_p05": 552.665673828125,
  "summary_gm_p95": 763.8622314453124,
  "summary_gm_stdv": 62.568763732910156,
  "summary_wm_k": 1.5197065386991042,
  "summary_wm_mad": 33.220822830404025,
  "summary_wm_mean": 997.9902954101562,
  "summary_wm_median": 1000.0073852539062,
  "summary_wm_n": 242605.0,
  "summary_wm_p05": 931.3454833984375,
  "summary_wm_p95": 1056.344677734375,
  "summary_wm_stdv": 38.51869583129883,
  "tpm_overlap_csf": 0.12963448464870453,
  "tpm_overlap_gm": 0.39221835136413574,
  "tpm_overlap_wm": 0.5040796399116516,
  "wm2max": 0.6495520050566269
}