{
  "aor": 0.00048653333333333336,
  "aqi": 0.009934565066666666,
  "bids_meta": {
    "AcquisitionMatrixPE": 62,
    "ConversionSoftware": "dcm2niix",
    "DeviceSerialNumber": "42292",
    "EchoTime": 0.03,
    "EchoTrainLength": 31,
    "FlipAngle": 70,
    "ImageType": [
      "ORIGINAL",
      "PRIMARY",
      "M",
      "FFE",
      "M",
      "FFE"
    ],
    "InPlanePhaseEncodingDirectionDICOM": "COL",
    "InstitutionName": "Klinikum_rechts_der_Isar",
    "InstitutionalDepartmentName": "MRT",
    "MRAcquisitionType": "2D",
    "MagneticFieldStrength": 3,
    "Manufacturer": "Philips",
    "ManufacturersModelName": "Ingenia",
    "Modality": "MR",
    "MultibandAccelerationFactor": 2,
    "PatientPosition": "HFS",
    "PercentPhaseFOV": 100,
    "PhaseEncodingSteps": 62,
    "ProcedureStepDescription": "Studie_MR",
    "ReconMatrixPE": 64,
    "RepetitionTime": 1.25,
    "ScanOptions": "FS",
    "ScanningSequence": "GR",
    "SequenceVariant": "SK",
    "SliceThickness": 3,
    "SoftwareVersions": "5.1.8_5.1.8.1",
    "SpacingBetweenSlices": 3.3,
    "StationName": "mrkh",
    "TaskName": "Rest Post",
    "dataset": "ds001927",
    "modality": "bold",
    "session_id": "ctr",
    "subject_id": "s009",
    "task_id": "restpost"
  },
  "dummy_trs": 0,
  "dvars_nstd": 31.504250308080167,
  "dvars_std": 1.192098386444074,
  "dvars_vstd": 0.9880182995492484,
  "efc": 0.4975508108420046,
  "fber": 36491.27734375,
  "fd_mean": 0.1070966152011553,
  "fd_num": 25,
  "fd_perc": 4.166666666666667,
  "fwhm_avg": 1.6436828361346594,
  "fwhm_x": 1.6195866666666667,
  "fwhm_y": 1.68128,
  "fwhm_z": 1.6301818417373113,
  "gcor": 0.0104754,
  "gsr_x": -5.4082818678580225e-05,
  "gsr_y": 0.012053219601511955,
  "provenance": {
    "md5sum": "3c95934615ce1fcf16a0124e194b94c5",
    "settings": {
      "fd_thres": 0.2,
      "testing": false
    },
    "software": "mriqc",
    "version": "22.0.0rc1",
    "webapi_port": null,
    "webapi_url": "https://mriqc.nimh.nih.gov/api/v1"
  },
  "size_t": 600,
  "size_x": 64,
  "size_y": 64,
  "size_z": 40,
  "snr": 6.264936295817289,
  "spacing_tr": 1.25,
  "spacing_x": 3.0,
  "spacing_y": 3.0,
  "spacing_z": 3.299999952316284,
  "summary_bg_k": 27.044069704183514,
  "summary_bg_mad": 8.687305299911916,
  "summary_bg_mean": 41.51521301269531,
  "summary_bg_median": 6.720314979553223,
  "summary_bg_n": 97185.0,
  "summary_bg_p05": 0.5689585924148559,
  "summary_bg_p95": 178.78429565429718,
  "summary_bg_stdv": 93.92466735839844,
  "summary_fg_k": 1.2997754917746036,
  "summary_fg_mad": 198.0258502240705,
  "summary_fg_mean": 1353.7894287109375,
  "summary_fg_median": 1329.550537109375,
  "summary_fg_n": 31590.0,
  "summary_fg_p05": 1059.6084777832032,
  "summary_fg_p95": 1720.19140625,
  "summary_fg_stdv": 212.21755981445312,
  "tsnr": 53.1865348815918
}