{
  "aor": 0.0004346833333333333,
  "aqi": 0.022964094,
  "bids_meta": {
    "AcquisitionMatrixPE": 62,
    "ConversionSoftware": "dcm2niix",
    "DeviceSerialNumber": "42292",
    "EchoTime": 0.03,
    "EchoTrainLength": 31,
    "FlipAngle": 70,
    "ImageType": [
      "ORIGINAL",
      "PRIMARY",
      "M",
      "FFE",
      "M",
      "FFE"
    ],
    "InPlanePhaseEncodingDirectionDICOM": "COL",
    "InstitutionName": "Klinikum_rechts_der_Isar",
    "InstitutionalDepartmentName": "MRT",
    "MRAcquisitionType": "2D",
    "MagneticFieldStrength": 3,
    "Manufacturer": "Philips",
    "ManufacturersModelName": "Ingenia",
    "Modality": "MR",
    "MultibandAccelerationFactor": 2,
    "PatientPosition": "HFS",
    "PercentPhaseFOV": 100,
    "PhaseEncodingSteps": 62,
    "ProcedureStepDescription": "Studie_MR",
    "ReconMatrixPE": 64,
    "RepetitionTime": 1.25,
    "ScanOptions": "FS",
    "ScanningSequence": "GR",
    "SequenceVariant": "SK",
    "SliceThickness": 3,
    "SoftwareVersions": "5.1.8_5.1.8.1",
    "SpacingBetweenSlices": 3.3,
    "StationName": "mrkh",
    "TaskName": "Rest Post",
    "dataset": "ds001927",
    "modality": "bold",
    "session_id": "ctr",
    "subject_id": "s019",
    "task_id": "restpost"
  },
  "dummy_trs": 0,
  "dvars_nstd": 31.051813692370633,
  "dvars_std": 1.1477041085809687,
  "dvars_vstd": 0.94772749821369,
  "efc": 0.5410678820793774,
  "fber": 18661.748046875,
  "fd_mean": 0.09689253351214537,
  "fd_num": 14,
  "fd_perc": 2.3333333333333335,
  "fwhm_avg": 1.6301558660039241,
  "fwhm_x": 1.5668933333333335,
  "fwhm_y": 1.78345,
  "fwhm_z": 1.5401242646784388,
  "gcor": 0.0117398,
  "gsr_x": -0.0012150846887379885,
  "gsr_y": 0.02743035927414894,
  "provenance": {
    "md5sum": "342b99e474a44bb494376238500c817a",
    "settings": {
      "fd_thres": 0.2,
      "testing": false
    },
    "software": "mriqc",
    "version": "22.0.0rc1",
    "webapi_port": null,
    "webapi_url": "https://mriqc.nimh.nih.gov/api/v1"
  },
  "size_t": 600,
  "size_x": 64,
  "size_y": 64,
  "size_z": 40,
  "snr": 6.6791066748557295,
  "spacing_tr": 1.25,
  "spacing_x": 3.0,
  "spacing_y": 3.0,
  "spacing_z": 3.299999952316284,
  "summary_bg_k": 23.655738154717532,
  "summary_bg_mad": 11.785569474106602,
  "summary_bg_mean": 50.48884201049805,
  "summary_bg_median": 9.164380073547363,
  "summary_bg_n": 90129.0,
  "summary_bg_p05": 0.8661010622978211,
  "summary_bg_p95": 231.57010498046856,
  "summary_bg_stdv": 100.17901611328125,
  "summary_fg_k": 2.0678601878163683,
  "summary_fg_mad": 192.52789716073158,
  "summary_fg_mean": 1365.0787353515625,
  "summary_fg_median": 1350.8983154296875,
  "summary_fg_n": 37508.0,
  "summary_fg_p05": 1083.8794189453124,
  "summary_fg_p95": 1686.6899780273438,
  "summary_fg_stdv": 202.254638671875,
  "tsnr": 39.00136184692383
}