{
  "aor": 0.0038075333333333337,
  "aqi": 0.022427700616666667,
  "bids_meta": {
    "AcquisitionMatrixPE": 62,
    "ConversionSoftware": "dcm2niix",
    "DeviceSerialNumber": "42292",
    "EchoTime": 0.03,
    "EchoTrainLength": 31,
    "FlipAngle": 70,
    "ImageType": [
      "ORIGINAL",
      "PRIMARY",
      "M",
      "FFE",
      "M",
      "FFE"
    ],
    "InPlanePhaseEncodingDirectionDICOM": "COL",
    "InstitutionName": "Klinikum_rechts_der_Isar",
    "InstitutionalDepartmentName": "MRT",
    "MRAcquisitionType": "2D",
    "MagneticFieldStrength": 3,
    "Manufacturer": "Philips",
    "ManufacturersModelName": "Ingenia",
    "Modality": "MR",
    "MultibandAccelerationFactor": 2,
    "PatientPosition": "HFS",
    "PercentPhaseFOV": 100,
    "PhaseEncodingSteps": 62,
    "ProcedureStepDescription": "Studie_MR",
    "ReconMatrixPE": 64,
    "RepetitionTime": 1.25,
    "ScanOptions": "FS",
    "ScanningSequence": "GR",
    "SequenceVariant": "SK",
    "SliceThickness": 3,
    "SoftwareVersions": "5.1.8_5.1.8.1",
    "SpacingBetweenSlices": 3.3,
    "StationName": "mrkh",
    "TaskName": "Rest Pre",
    "dataset": "ds001927",
    "modality": "bold",
    "session_id": "ctr",
    "subject_id": "s019",
    "task_id": "restpre"
  },
  "dummy_trs": 0,
  "dvars_nstd": 33.66024380016691,
  "dvars_std": 1.1826508011686139,
  "dvars_vstd": 1.01081841851419,
  "efc": 0.5438478494395242,
  "fber": 18777.7578125,
  "fd_mean": 0.1593507158025108,
  "fd_num": 170,
  "fd_perc": 28.333333333333332,
  "fwhm_avg": 1.611648896280186,
  "fwhm_x": 1.56641,
  "fwhm_y": 1.73397,
  "fwhm_z": 1.5345666888405582,
  "gcor": 0.0574277,
  "gsr_x": -0.005411156453192234,
  "gsr_y": 0.030966609716415405,
  "provenance": {
    "md5sum": "89f814002fecb280e1b10fb253a13871",
    "settings": {
      "fd_thres": 0.2,
      "testing": false
    },
    "software": "mriqc",
    "version": "22.0.0rc1",
    "webapi_port": null,
    "webapi_url": "https://mriqc.nimh.nih.gov/api/v1"
  },
  "size_t": 600,
  "size_x": 64,
  "size_y": 64,
  "size_z": 40,
  "snr": 6.714107642649539,
  "spacing_tr": 1.25,
  "spacing_x": 3.0,
  "spacing_y": 3.0,
  "spacing_z": 3.299999952316284,
  "summary_bg_k": 15.2876524125755,
  "summary_bg_mad": 10.855305690852383,
  "summary_bg_mean": 49.07135009765625,
  "summary_bg_median": 8.445645332336426,
  "summary_bg_n": 89762.0,
  "summary_bg_p05": 0.8300827205181122,
  "summary_bg_p95": 226.15239944458,
  "summary_bg_stdv": 93.71788787841797,
  "summary_fg_k": 1.7604216660155947,
  "summary_fg_mad": 185.04728939723043,
  "summary_fg_mean": 1288.669677734375,
  "summary_fg_median": 1278.9871826171875,
  "summary_fg_n": 37649.0,
  "summary_fg_p05": 1015.0505126953125,
  "summary_fg_p95": 1594.3066162109374,
  "summary_fg_stdv": 190.48997497558594,
  "tsnr": 37.8289794921875
}