{
  "aor": 0.0002445833333333333,
  "aqi": 0.013020412933333333,
  "bids_meta": {
    "AcquisitionMatrixPE": 62,
    "ConversionSoftware": "dcm2niix",
    "DeviceSerialNumber": "42292",
    "EchoTime": 0.03,
    "EchoTrainLength": 31,
    "FlipAngle": 70,
    "ImageType": [
      "ORIGINAL",
      "PRIMARY",
      "M",
      "FFE",
      "M",
      "FFE"
    ],
    "InPlanePhaseEncodingDirectionDICOM": "COL",
    "InstitutionName": "Klinikum_rechts_der_Isar",
    "InstitutionalDepartmentName": "MRT",
    "MRAcquisitionType": "2D",
    "MagneticFieldStrength": 3,
    "Manufacturer": "Philips",
    "ManufacturersModelName": "Ingenia",
    "Modality": "MR",
    "MultibandAccelerationFactor": 2,
    "PatientPosition": "HFS",
    "PercentPhaseFOV": 100,
    "PhaseEncodingSteps": 62,
    "ProcedureStepDescription": "Studie_MR",
    "ReconMatrixPE": 64,
    "RepetitionTime": 1.25,
    "ScanOptions": "FS",
    "ScanningSequence": "GR",
    "SequenceVariant": "SK",
    "SliceThickness": 3,
    "SoftwareVersions": "5.1.8_5.1.8.1",
    "SpacingBetweenSlices": 3.3,
    "StationName": "mrkh",
    "TaskName": "Rest Post",
    "dataset": "ds001927",
    "modality": "bold",
    "session_id": "ctr",
    "subject_id": "s021",
    "task_id": "restpost"
  },
  "dummy_trs": 0,
  "dvars_nstd": 28.9500178878631,
  "dvars_std": 1.1408224048580973,
  "dvars_vstd": 0.9865305522871446,
  "efc": 0.5344115634772787,
  "fber": 9214.962890625,
  "fd_mean": 0.10451458820987333,
  "fd_num": 16,
  "fd_perc": 2.6666666666666665,
  "fwhm_avg": 1.5774496600426078,
  "fwhm_x": 1.5821266666666667,
  "fwhm_y": 1.6641465344121826,
  "fwhm_z": 1.4860757790489743,
  "gcor": 0.0094255,
  "gsr_x": 0.011607633903622627,
  "gsr_y": 0.018467368558049202,
  "provenance": {
    "md5sum": "dd115f3c631ef4ca4a5797094e536a2f",
    "settings": {
      "fd_thres": 0.2,
      "testing": false
    },
    "software": "mriqc",
    "version": "22.0.0rc1",
    "webapi_port": null,
    "webapi_url": "https://mriqc.nimh.nih.gov/api/v1"
  },
  "size_t": 600,
  "size_x": 64,
  "size_y": 64,
  "size_z": 40,
  "snr": 7.0145056572933,
  "spacing_tr": 1.25,
  "spacing_x": 3.0,
  "spacing_y": 3.000000238418579,
  "spacing_z": 3.299999952316284,
  "summary_bg_k": 13.919269609799436,
  "summary_bg_mad": 19.555658552991293,
  "summary_bg_mean": 67.2510986328125,
  "summary_bg_median": 14.305736541748047,
  "summary_bg_n": 93512.0,
  "summary_bg_p05": 0.5155639380216599,
  "summary_bg_p95": 338.0037368774412,
  "summary_bg_stdv": 130.98414611816406,
  "summary_fg_k": 3.885599701337732,
  "summary_fg_mad": 188.6874651445342,
  "summary_fg_mean": 1449.0335693359375,
  "summary_fg_median": 1438.543701171875,
  "summary_fg_n": 34312.0,
  "summary_fg_p05": 1169.8659545898438,
  "summary_fg_p95": 1766.9958374023438,
  "summary_fg_stdv": 205.07827758789062,
  "tsnr": 50.280635833740234
}