{
  "bids_meta": {
    "AcquisitionMatrixPE": 238,
    "ConversionSoftware": "dcm2niix",
    "DeviceSerialNumber": "42292",
    "EchoTime": 0.003996,
    "EchoTrainLength": 159,
    "FlipAngle": 8,
    "ImageType": [
      "ORIGINAL",
      "PRIMARY",
      "M",
      "FFE",
      "M",
      "FFE"
    ],
    "InPlanePhaseEncodingDirectionDICOM": "ROW",
    "InstitutionName": "Klinikum_rechts_der_Isar",
    "InstitutionalDepartmentName": "MRT",
    "MRAcquisitionType": "3D",
    "MagneticFieldStrength": 3,
    "Manufacturer": "Philips",
    "ManufacturersModelName": "Ingenia",
    "Modality": "MR",
    "PatientPosition": "HFS",
    "PercentPhaseFOV": 100,
    "PhaseEncodingSteps": 238,
    "ProcedureStepDescription": "Studie_MR",
    "ReconMatrixPE": 256,
    "RepetitionTime": 0.009,
    "ScanOptions": "OTHER",
    "ScanningSequence": "GR",
    "SequenceVariant": "MP",
    "SliceThickness": 1,
    "SoftwareVersions": "5.1.8_5.1.8.1",
    "SpacingBetweenSlices": 1,
    "StationName": "mrkh",
    "dataset": "ds001927",
    "modality": "T1w",
    "session_id": "ctr",
    "subject_id": "s015"
  },
  "cjv": 0.2602165027747158,
  "cnr": 4.52621688310385,
  "efc": 0.7885576690673204,
  "fber": 1241.2943115234375,
  "fwhm_avg": 4.61005053602013,
  "fwhm_x": 4.88178,
  "fwhm_y": 4.743745200954255,
  "fwhm_z": 4.2046264071061366,
  "icvs_csf": 0.2749954055395559,
  "icvs_gm": 0.3516328679165225,
  "icvs_wm": 0.3733717265439216,
  "inu_med": 1.1493637561798096,
  "inu_range": 0.32148146629333496,
  "provenance": {
    "md5sum": "bcf676031c687ed5078dd18eca19d2b7",
    "settings": {
      "testing": false
    },
    "software": "mriqc",
    "version": "22.0.0rc1",
    "warnings": {
      "large_rot_frame": true,
      "small_air_mask": true
    },
    "webapi_port": null,
    "webapi_url": "https://mriqc.nimh.nih.gov/api/v1"
  },
  "qi_1": 0.0,
  "qi_2": 0.0017083520335065931,
  "rpve_csf": 19.952113685864767,
  "rpve_gm": 13.860624072827061,
  "rpve_wm": 18.090043065140108,
  "size_x": 170,
  "size_y": 256,
  "size_z": 256,
  "snr_csf": 3.5625114813111085,
  "snr_gm": 10.506039263862496,
  "snr_total": 13.604763747575623,
  "snr_wm": 26.745740497553264,
  "snrd_csf": 22.83531365637931,
  "snrd_gm": 42.42152754917487,
  "snrd_total": 43.03853311941487,
  "snrd_wm": 63.85875815269044,
  "spacing_x": 1.0,
  "spacing_y": 0.943651020526886,
  "spacing_z": 0.943651020526886,
  "summary_bg_k": 131.92986883261523,
  "summary_bg_mad": 10.259193186712768,
  "summary_bg_mean": 12.760143280029297,
  "summary_bg_median": 14.057242393493652,
  "summary_bg_n": 221263.0,
  "summary_bg_p05": 0.0,
  "summary_bg_p95": 28.662700271606447,
  "summary_bg_stdv": 10.248658180236816,
  "summary_csf_k": 0.2429141978549656,
  "summary_csf_mad": 92.97306754518554,
  "summary_csf_mean": 342.4176940917969,
  "summary_csf_median": 357.5925598144531,
  "summary_csf_n": 18999.0,
  "summary_csf_p05": 139.94366302490235,
  "summary_csf_p95": 479.063671875,
  "summary_csf_stdv": 100.37389373779297,
  "summary_gm_k": 0.6412577408478928,
  "summary_gm_mad": 56.018999119959865,
  "summary_gm_mean": 664.0873413085938,
  "summary_gm_median": 664.305419921875,
  "summary_gm_n": 14448.0,
  "summary_gm_p05": 559.5825866699219,
  "summary_gm_p95": 771.0843841552734,
  "summary_gm_stdv": 63.2286262512207,
  "summary_wm_k": 1.5472401339680353,
  "summary_wm_mad": 31.335445802659628,
  "summary_wm_mean": 997.8075561523438,
  "summary_wm_median": 1000.0045166015625,
  "summary_wm_n": 226119.0,
  "summary_wm_p05": 931.7728454589844,
  "summary_wm_p95": 1054.5573120117188,
  "summary_wm_stdv": 37.389217376708984,
  "tpm_overlap_csf": 0.15355156362056732,
  "tpm_overlap_gm": 0.40433818101882935,
  "tpm_overlap_wm": 0.5135029554367065,
  "wm2max": 0.5795902106297157
}