{
  "bids_meta": {
    "AcquisitionMatrixPE": 238,
    "ConversionSoftware": "dcm2niix",
    "DeviceSerialNumber": "42292",
    "EchoTime": 0.003996,
    "EchoTrainLength": 159,
    "FlipAngle": 8,
    "ImageType": [
      "ORIGINAL",
      "PRIMARY",
      "M",
      "FFE",
      "M",
      "FFE"
    ],
    "InPlanePhaseEncodingDirectionDICOM": "ROW",
    "InstitutionName": "Klinikum_rechts_der_Isar",
    "InstitutionalDepartmentName": "MRT",
    "MRAcquisitionType": "3D",
    "MagneticFieldStrength": 3,
    "Manufacturer": "Philips",
    "ManufacturersModelName": "Ingenia",
    "Modality": "MR",
    "PatientPosition": "HFS",
    "PercentPhaseFOV": 100,
    "PhaseEncodingSteps": 238,
    "ProcedureStepDescription": "Studie_MR",
    "ReconMatrixPE": 256,
    "RepetitionTime": 0.009,
    "ScanOptions": "OTHER",
    "ScanningSequence": "GR",
    "SequenceVariant": "MP",
    "SliceThickness": 1,
    "SoftwareVersions": "5.1.8_5.1.8.1",
    "SpacingBetweenSlices": 1,
    "StationName": "mrkh",
    "dataset": "ds001927",
    "modality": "T1w",
    "session_id": "fro",
    "subject_id": "s012"
  },
  "cjv": 0.3658204028493993,
  "cnr": 3.504804991673137,
  "efc": 0.7828535614741151,
  "fber": 571.181640625,
  "fwhm_avg": 3.5609554585316494,
  "fwhm_x": 3.54864,
  "fwhm_y": 3.7612103656903493,
  "fwhm_z": 3.373016009904599,
  "icvs_csf": 0.2294715908427348,
  "icvs_gm": 0.38195842680501874,
  "icvs_wm": 0.38856998235224643,
  "inu_med": 1.1504981517791748,
  "inu_range": 0.4202001690864564,
  "provenance": {
    "md5sum": "bad25bb871dd02e69362294ff22910ff",
    "settings": {
      "testing": false
    },
    "software": "mriqc",
    "version": "22.0.0rc1",
    "warnings": {
      "large_rot_frame": true,
      "small_air_mask": true
    },
    "webapi_port": null,
    "webapi_url": "https://mriqc.nimh.nih.gov/api/v1"
  },
  "qi_1": 0.0,
  "qi_2": 0.002278148722682722,
  "rpve_csf": 21.697373782709604,
  "rpve_gm": 12.659296485897809,
  "rpve_wm": 16.7316370474165,
  "size_x": 170,
  "size_y": 256,
  "size_z": 256,
  "snr_csf": 3.7380470757390794,
  "snr_gm": 7.563708725666417,
  "snr_total": 9.662344379760748,
  "snr_wm": 17.68527733787675,
  "snrd_csf": 21.562003550765546,
  "snrd_gm": 37.35120291829992,
  "snrd_total": 39.10777348688769,
  "snrd_wm": 58.41011399159759,
  "spacing_x": 1.0,
  "spacing_y": 0.943651020526886,
  "spacing_z": 0.943651020526886,
  "summary_bg_k": 2.0924183980559965,
  "summary_bg_mad": 11.216216018070023,
  "summary_bg_mean": 18.117700576782227,
  "summary_bg_median": 14.959135055541992,
  "summary_bg_n": 289954.0,
  "summary_bg_p05": 0.0,
  "summary_bg_p95": 45.5608018875122,
  "summary_bg_stdv": 15.41330337524414,
  "summary_csf_k": 1.1845134209544348,
  "summary_csf_mad": 85.53471901239986,
  "summary_csf_mean": 363.4905090332031,
  "summary_csf_median": 369.1507568359375,
  "summary_csf_n": 6173.0,
  "summary_csf_p05": 185.31396484375,
  "summary_csf_p95": 510.4242370605468,
  "summary_csf_stdv": 98.74697875976562,
  "summary_gm_k": 0.16075934153743177,
  "summary_gm_mad": 81.65397331893539,
  "summary_gm_mean": 640.1424560546875,
  "summary_gm_median": 639.4686279296875,
  "summary_gm_n": 15949.0,
  "summary_gm_p05": 500.2541870117187,
  "summary_gm_p95": 780.7666625976562,
  "summary_gm_stdv": 84.54167175292969,
  "summary_wm_k": 1.178287114077781,
  "summary_wm_mad": 50.23803589802864,
  "summary_wm_mean": 999.8103637695312,
  "summary_wm_median": 1000.0062255859375,
  "summary_wm_n": 230618.0,
  "summary_wm_p05": 906.7743682861328,
  "summary_wm_p95": 1090.6352844238281,
  "summary_wm_stdv": 56.544437408447266,
  "tpm_overlap_csf": 0.13766378164291382,
  "tpm_overlap_gm": 0.42229577898979187,
  "tpm_overlap_wm": 0.5065816044807434,
  "wm2max": 0.5135353070254546
}