{
  "bids_meta": {
    "AcquisitionMatrixPE": 238,
    "ConversionSoftware": "dcm2niix",
    "DeviceSerialNumber": "42292",
    "EchoTime": 0.003996,
    "EchoTrainLength": 159,
    "FlipAngle": 8,
    "ImageType": [
      "ORIGINAL",
      "PRIMARY",
      "M",
      "FFE",
      "M",
      "FFE"
    ],
    "InPlanePhaseEncodingDirectionDICOM": "ROW",
    "InstitutionName": "Klinikum_rechts_der_Isar",
    "InstitutionalDepartmentName": "MRT",
    "MRAcquisitionType": "3D",
    "MagneticFieldStrength": 3,
    "Manufacturer": "Philips",
    "ManufacturersModelName": "Ingenia",
    "Modality": "MR",
    "PatientPosition": "HFS",
    "PercentPhaseFOV": 100,
    "PhaseEncodingSteps": 238,
    "ProcedureStepDescription": "Studie_MR",
    "ReconMatrixPE": 256,
    "RepetitionTime": 0.009,
    "ScanOptions": "OTHER",
    "ScanningSequence": "GR",
    "SequenceVariant": "MP",
    "SliceThickness": 1,
    "SoftwareVersions": "5.1.8_5.1.8.1",
    "SpacingBetweenSlices": 1,
    "StationName": "mrkh",
    "dataset": "ds001927",
    "modality": "T1w",
    "session_id": "fro",
    "subject_id": "s007"
  },
  "cjv": 0.3414484075552675,
  "cnr": 3.5960917564768553,
  "efc": 0.7917064899136201,
  "fber": 165.2124481201172,
  "fwhm_avg": 3.498560834792366,
  "fwhm_x": 3.38637,
  "fwhm_y": 3.7536334120873023,
  "fwhm_z": 3.355679092289795,
  "icvs_csf": 0.24058845423357209,
  "icvs_gm": 0.3613939475005044,
  "icvs_wm": 0.3980175982659235,
  "inu_med": 1.10025155544281,
  "inu_range": 0.36307970285415647,
  "provenance": {
    "md5sum": "3e83607981cbd310d6b044d62f5d9490",
    "settings": {
      "testing": false
    },
    "software": "mriqc",
    "version": "22.0.0rc1",
    "warnings": {
      "large_rot_frame": true,
      "small_air_mask": true
    },
    "webapi_port": null,
    "webapi_url": "https://mriqc.nimh.nih.gov/api/v1"
  },
  "qi_1": 0.0,
  "qi_2": 0.002882713399786663,
  "rpve_csf": 19.67445591679873,
  "rpve_gm": 12.258431183194434,
  "rpve_wm": 15.586096220550475,
  "size_x": 170,
  "size_y": 256,
  "size_z": 256,
  "snr_csf": 3.119645414331617,
  "snr_gm": 7.556595571704805,
  "snr_total": 10.743124493510779,
  "snr_wm": 21.553132494495912,
  "snrd_csf": 23.30182012101504,
  "snrd_gm": 41.03730329871233,
  "snrd_total": 42.586554183232465,
  "snrd_wm": 63.420539129970024,
  "spacing_x": 1.0,
  "spacing_y": 0.943651020526886,
  "spacing_z": 0.943651020526886,
  "summary_bg_k": 3.3852114074810586,
  "summary_bg_mad": 10.330005817946276,
  "summary_bg_mean": 15.522183418273926,
  "summary_bg_median": 13.880034446716309,
  "summary_bg_n": 143709.0,
  "summary_bg_p05": 0.0,
  "summary_bg_p95": 35.81612091064454,
  "summary_bg_stdv": 12.146589279174805,
  "summary_csf_k": 36.835476100441596,
  "summary_csf_mad": 94.51788222860951,
  "summary_csf_mean": 360.2283020019531,
  "summary_csf_median": 367.4165344238281,
  "summary_csf_n": 8789.0,
  "summary_csf_p05": 170.8456237792969,
  "summary_csf_p95": 509.8129028320312,
  "summary_csf_stdv": 117.76839447021484,
  "summary_gm_k": 0.30204865485145005,
  "summary_gm_mad": 79.0336295420026,
  "summary_gm_mean": 649.4572143554688,
  "summary_gm_median": 647.0646362304688,
  "summary_gm_n": 17313.0,
  "summary_gm_p05": 508.96995239257814,
  "summary_gm_p95": 797.2272827148437,
  "summary_gm_stdv": 85.62664794921875,
  "summary_wm_k": 1.3241745694909888,
  "summary_wm_mad": 41.4746297306252,
  "summary_wm_mean": 998.8283081054688,
  "summary_wm_median": 999.9971923828125,
  "summary_wm_n": 257164.0,
  "summary_wm_p05": 921.506787109375,
  "summary_wm_p95": 1071.0818603515625,
  "summary_wm_stdv": 46.39674758911133,
  "tpm_overlap_csf": 0.14636123180389404,
  "tpm_overlap_gm": 0.40591055154800415,
  "tpm_overlap_wm": 0.49983200430870056,
  "wm2max": 0.5916085684619405
}