{
  "aor": 0.00024535000000000003,
  "aqi": 0.012811824150000001,
  "bids_meta": {
    "AcquisitionMatrixPE": 62,
    "ConversionSoftware": "dcm2niix",
    "DeviceSerialNumber": "42292",
    "EchoTime": 0.03,
    "EchoTrainLength": 31,
    "FlipAngle": 70,
    "ImageType": [
      "ORIGINAL",
      "PRIMARY",
      "M",
      "FFE",
      "M",
      "FFE"
    ],
    "InPlanePhaseEncodingDirectionDICOM": "COL",
    "InstitutionName": "Klinikum_rechts_der_Isar",
    "InstitutionalDepartmentName": "MRT",
    "MRAcquisitionType": "2D",
    "MagneticFieldStrength": 3,
    "Manufacturer": "Philips",
    "ManufacturersModelName": "Ingenia",
    "Modality": "MR",
    "MultibandAccelerationFactor": 2,
    "PatientPosition": "HFS",
    "PercentPhaseFOV": 100,
    "PhaseEncodingSteps": 62,
    "ProcedureStepDescription": "Studie_MR",
    "ReconMatrixPE": 64,
    "RepetitionTime": 1.25,
    "ScanOptions": "FS",
    "ScanningSequence": "GR",
    "SequenceVariant": "SK",
    "SliceThickness": 3,
    "SoftwareVersions": "5.1.8_5.1.8.1",
    "SpacingBetweenSlices": 3.3,
    "StationName": "mrkh",
    "TaskName": "Rest Pre",
    "dataset": "ds001927",
    "modality": "bold",
    "session_id": "fro",
    "subject_id": "s015",
    "task_id": "restpre"
  },
  "dummy_trs": 0,
  "dvars_nstd": 28.03872345050084,
  "dvars_std": 1.0785227339232057,
  "dvars_vstd": 0.9878405209682801,
  "efc": 0.5057515111017586,
  "fber": 7978.0869140625,
  "fd_mean": 0.1531935963129514,
  "fd_num": 130,
  "fd_perc": 21.666666666666668,
  "fwhm_avg": 1.6390979868914253,
  "fwhm_x": 1.66321,
  "fwhm_y": 1.7813566666666667,
  "fwhm_z": 1.472727294007609,
  "gcor": 0.0109724,
  "gsr_x": 0.0029499013908207417,
  "gsr_y": 0.030743097886443138,
  "provenance": {
    "md5sum": "bfaceef615c3d4fcee8bed1f7346d8cf",
    "settings": {
      "fd_thres": 0.2,
      "testing": false
    },
    "software": "mriqc",
    "version": "22.0.0rc1",
    "webapi_port": null,
    "webapi_url": "https://mriqc.nimh.nih.gov/api/v1"
  },
  "size_t": 600,
  "size_x": 64,
  "size_y": 64,
  "size_z": 40,
  "snr": 6.743180221969784,
  "spacing_tr": 1.25,
  "spacing_x": 3.0,
  "spacing_y": 3.0,
  "spacing_z": 3.299999952316284,
  "summary_bg_k": 15.617419395572945,
  "summary_bg_mad": 20.234377457335356,
  "summary_bg_mean": 48.97727584838867,
  "summary_bg_median": 15.105571746826172,
  "summary_bg_n": 97775.0,
  "summary_bg_p05": 0.7774617791175842,
  "summary_bg_p95": 217.2397216796876,
  "summary_bg_stdv": 85.96025085449219,
  "summary_fg_k": 3.8309058685803095,
  "summary_fg_mad": 163.9209317103901,
  "summary_fg_mean": 1366.9677734375,
  "summary_fg_median": 1360.963623046875,
  "summary_fg_n": 31201.0,
  "summary_fg_p05": 1073.8868408203125,
  "summary_fg_p95": 1693.603759765625,
  "summary_fg_stdv": 201.82492065429688,
  "tsnr": 50.37223434448242
}