{
  "bids_meta": {
    "AcquisitionMatrixPE": 238,
    "ConversionSoftware": "dcm2niix",
    "DeviceSerialNumber": "42292",
    "EchoTime": 0.003996,
    "EchoTrainLength": 159,
    "FlipAngle": 8,
    "ImageType": [
      "ORIGINAL",
      "PRIMARY",
      "M",
      "FFE",
      "M",
      "FFE"
    ],
    "InPlanePhaseEncodingDirectionDICOM": "ROW",
    "InstitutionName": "Klinikum_rechts_der_Isar",
    "InstitutionalDepartmentName": "MRT",
    "MRAcquisitionType": "3D",
    "MagneticFieldStrength": 3,
    "Manufacturer": "Philips",
    "ManufacturersModelName": "Ingenia",
    "Modality": "MR",
    "PatientPosition": "HFS",
    "PercentPhaseFOV": 100,
    "PhaseEncodingSteps": 238,
    "ProcedureStepDescription": "Studie_MR",
    "ReconMatrixPE": 256,
    "RepetitionTime": 0.009,
    "ScanOptions": "OTHER",
    "ScanningSequence": "GR",
    "SequenceVariant": "MP",
    "SliceThickness": 1,
    "SoftwareVersions": "5.1.8_5.1.8.1",
    "SpacingBetweenSlices": 1,
    "StationName": "mrkh",
    "dataset": "ds001927",
    "modality": "T1w",
    "session_id": "ctr",
    "subject_id": "s019"
  },
  "cjv": 0.3574284123411284,
  "cnr": 3.495407792975329,
  "efc": 0.7905222474206347,
  "fber": 370.8487548828125,
  "fwhm_avg": 3.59540360051332,
  "fwhm_x": 3.45066,
  "fwhm_y": 3.8831198401651053,
  "fwhm_z": 3.4524309613748554,
  "icvs_csf": 0.20967503456775335,
  "icvs_gm": 0.4124569697633858,
  "icvs_wm": 0.37786799566886087,
  "inu_med": 0.9119291305541992,
  "inu_range": 0.3529781699180603,
  "provenance": {
    "md5sum": "e30a94f30a65262589acbc7ef154aba1",
    "settings": {
      "testing": false
    },
    "software": "mriqc",
    "version": "22.0.0rc1",
    "warnings": {
      "large_rot_frame": true,
      "small_air_mask": true
    },
    "webapi_port": null,
    "webapi_url": "https://mriqc.nimh.nih.gov/api/v1"
  },
  "qi_1": 0.0,
  "qi_2": 0.003111509054846966,
  "rpve_csf": 21.185989961774716,
  "rpve_gm": 11.142234911807158,
  "rpve_wm": 15.931273309238417,
  "size_x": 170,
  "size_y": 256,
  "size_z": 256,
  "snr_csf": 2.0540293311017153,
  "snr_gm": 6.987980907325854,
  "snr_total": 9.167208271693788,
  "snr_wm": 18.45961457665379,
  "snrd_csf": 18.822179206594562,
  "snrd_gm": 36.772655071970775,
  "snrd_total": 38.013764745161915,
  "snrd_wm": 58.4464599569204,
  "spacing_x": 1.0,
  "spacing_y": 0.943651020526886,
  "spacing_z": 0.943651020526886,
  "summary_bg_k": 7.086488687948936,
  "summary_bg_mad": 11.209300537026483,
  "summary_bg_mean": 16.648088455200195,
  "summary_bg_median": 15.08614730834961,
  "summary_bg_n": 198487.0,
  "summary_bg_p05": 0.0,
  "summary_bg_p95": 45.1356273651123,
  "summary_bg_stdv": 14.650094032287598,
  "summary_csf_k": 8.861507282385917,
  "summary_csf_mad": 168.21587668392385,
  "summary_csf_mean": 293.2792053222656,
  "summary_csf_median": 322.04510498046875,
  "summary_csf_n": 6470.0,
  "summary_csf_p05": 49.26790580749512,
  "summary_csf_p95": 497.6283187866205,
  "summary_csf_stdv": 156.77488708496094,
  "summary_gm_k": 0.32051265400798323,
  "summary_gm_mad": 83.74395017676042,
  "summary_gm_mean": 633.3035278320312,
  "summary_gm_median": 629.1754760742188,
  "summary_gm_n": 22683.0,
  "summary_gm_p05": 490.29982604980466,
  "summary_gm_p95": 789.9297119140624,
  "summary_gm_stdv": 90.03482055664062,
  "summary_wm_k": 0.9865750917251943,
  "summary_wm_mad": 48.80339383429647,
  "summary_wm_mean": 998.324462890625,
  "summary_wm_median": 1000.0115356445312,
  "summary_wm_n": 233798.0,
  "summary_wm_p05": 906.2251129150391,
  "summary_wm_p95": 1083.0646057128906,
  "summary_wm_stdv": 54.172821044921875,
  "tpm_overlap_csf": 0.15033559501171112,
  "tpm_overlap_gm": 0.41992536187171936,
  "tpm_overlap_wm": 0.47135990858078003,
  "wm2max": 0.4835715014468221
}