{
  "bids_meta": {
    "AcquisitionMatrixPE": 238,
    "ConversionSoftware": "dcm2niix",
    "DeviceSerialNumber": "42292",
    "EchoTime": 0.003996,
    "EchoTrainLength": 159,
    "FlipAngle": 8,
    "ImageType": [
      "ORIGINAL",
      "PRIMARY",
      "M",
      "FFE",
      "M",
      "FFE"
    ],
    "InPlanePhaseEncodingDirectionDICOM": "ROW",
    "InstitutionName": "Klinikum_rechts_der_Isar",
    "InstitutionalDepartmentName": "MRT",
    "MRAcquisitionType": "3D",
    "MagneticFieldStrength": 3,
    "Manufacturer": "Philips",
    "ManufacturersModelName": "Ingenia",
    "Modality": "MR",
    "PatientPosition": "HFS",
    "PercentPhaseFOV": 100,
    "PhaseEncodingSteps": 238,
    "ProcedureStepDescription": "Studie_MR",
    "ReconMatrixPE": 256,
    "RepetitionTime": 0.009,
    "ScanOptions": "OTHER",
    "ScanningSequence": "GR",
    "SequenceVariant": "MP",
    "SliceThickness": 1,
    "SoftwareVersions": "5.1.8_5.1.8.1",
    "SpacingBetweenSlices": 1,
    "StationName": "mrkh",
    "dataset": "ds001927",
    "modality": "T1w",
    "session_id": "ctr",
    "subject_id": "s003"
  },
  "cjv": 0.32912693594628967,
  "cnr": 3.730973516691528,
  "efc": 0.8005296580119766,
  "fber": 1267.994873046875,
  "fwhm_avg": 3.4697697214597816,
  "fwhm_x": 3.33058,
  "fwhm_y": 3.685832923762416,
  "fwhm_z": 3.392896240616929,
  "icvs_csf": 0.23689848115500178,
  "icvs_gm": 0.38029197943584686,
  "icvs_wm": 0.38280953940915136,
  "inu_med": 0.8719547986984253,
  "inu_range": 0.30311917662620547,
  "provenance": {
    "md5sum": "7f7d321666e0460185ed0924bafc5a03",
    "settings": {
      "testing": false
    },
    "software": "mriqc",
    "version": "22.0.0rc1",
    "warnings": {
      "large_rot_frame": true,
      "small_air_mask": true
    },
    "webapi_port": null,
    "webapi_url": "https://mriqc.nimh.nih.gov/api/v1"
  },
  "qi_1": 0.0,
  "qi_2": 0.007053329555630563,
  "rpve_csf": 18.439173285398137,
  "rpve_gm": 11.032837903746167,
  "rpve_wm": 14.761115641646102,
  "size_x": 170,
  "size_y": 256,
  "size_z": 256,
  "snr_csf": 3.688223056411386,
  "snr_gm": 7.697351705219029,
  "snr_total": 10.862580734386299,
  "snr_wm": 21.202167441528484,
  "snrd_csf": 22.114124823444115,
  "snrd_gm": 37.604373966038864,
  "snrd_total": 39.47766857433733,
  "snrd_wm": 58.71450693352901,
  "spacing_x": 1.0,
  "spacing_y": 0.943651020526886,
  "spacing_z": 0.943651020526886,
  "summary_bg_k": 2.856308466989785,
  "summary_bg_mad": 11.157995048344027,
  "summary_bg_mean": 14.875181198120117,
  "summary_bg_median": 15.040630340576172,
  "summary_bg_n": 44219.0,
  "summary_bg_p05": 0.0,
  "summary_bg_p95": 37.85710678100586,
  "summary_bg_stdv": 11.79564380645752,
  "summary_csf_k": 0.9264178433348986,
  "summary_csf_mad": 88.86885467773428,
  "summary_csf_mean": 365.75567626953125,
  "summary_csf_median": 376.6380615234375,
  "summary_csf_n": 10688.0,
  "summary_csf_p05": 173.3760673522949,
  "summary_csf_p95": 512.6755187988281,
  "summary_csf_stdv": 102.11433410644531,
  "summary_gm_k": 0.389871453889167,
  "summary_gm_mad": 76.11919047636479,
  "summary_gm_mean": 641.3226318359375,
  "summary_gm_median": 640.461181640625,
  "summary_gm_n": 16504.0,
  "summary_gm_p05": 504.8899139404297,
  "summary_gm_p95": 783.4448425292969,
  "summary_gm_stdv": 83.20287322998047,
  "summary_wm_k": 1.2415820429105064,
  "summary_wm_mad": 42.214618722436086,
  "summary_wm_mean": 998.0870361328125,
  "summary_wm_median": 999.9996948242188,
  "summary_wm_n": 245557.0,
  "summary_wm_p05": 917.5051513671875,
  "summary_wm_p95": 1070.8126953125,
  "summary_wm_stdv": 47.164878845214844,
  "tpm_overlap_csf": 0.13598744571208954,
  "tpm_overlap_gm": 0.40549832582473755,
  "tpm_overlap_wm": 0.46892717480659485,
  "wm2max": 0.574894194676385
}