{
  "aor": 0.0019718333333333333,
  "aqi": 0.017794600216666668,
  "bids_meta": {
    "AcquisitionMatrixPE": 62,
    "ConversionSoftware": "dcm2niix",
    "DeviceSerialNumber": "42292",
    "EchoTime": 0.03,
    "EchoTrainLength": 31,
    "FlipAngle": 70,
    "ImageType": [
      "ORIGINAL",
      "PRIMARY",
      "M",
      "FFE",
      "M",
      "FFE"
    ],
    "InPlanePhaseEncodingDirectionDICOM": "COL",
    "InstitutionName": "Klinikum_rechts_der_Isar",
    "InstitutionalDepartmentName": "MRT",
    "MRAcquisitionType": "2D",
    "MagneticFieldStrength": 3,
    "Manufacturer": "Philips",
    "ManufacturersModelName": "Ingenia",
    "Modality": "MR",
    "MultibandAccelerationFactor": 2,
    "PatientPosition": "HFS",
    "PercentPhaseFOV": 100,
    "PhaseEncodingSteps": 62,
    "ProcedureStepDescription": "Studie_MR",
    "ReconMatrixPE": 64,
    "RepetitionTime": 1.25,
    "ScanOptions": "FS",
    "ScanningSequence": "GR",
    "SequenceVariant": "SK",
    "SliceThickness": 3,
    "SoftwareVersions": "5.1.8_5.1.8.1",
    "SpacingBetweenSlices": 3.3,
    "StationName": "mrkh",
    "TaskName": "Rest Post",
    "dataset": "ds001927",
    "modality": "bold",
    "session_id": "occ",
    "subject_id": "s015",
    "task_id": "restpost"
  },
  "dummy_trs": 0,
  "dvars_nstd": 29.481712118464166,
  "dvars_std": 1.1050481861769617,
  "dvars_vstd": 1.0114987627712846,
  "efc": 0.5261972997055847,
  "fber": 6884.58740234375,
  "fd_mean": 0.1179055785821728,
  "fd_num": 62,
  "fd_perc": 10.333333333333334,
  "fwhm_avg": 1.5381126330379906,
  "fwhm_x": 1.5484333333333333,
  "fwhm_y": 1.6592166666666666,
  "fwhm_z": 1.4066878991139717,
  "gcor": 0.00722662,
  "gsr_x": 3.426659759497852e-06,
  "gsr_y": 0.031465284526348114,
  "provenance": {
    "md5sum": "02b70631aa35c026dd64d56c27b692d7",
    "settings": {
      "fd_thres": 0.2,
      "testing": false
    },
    "software": "mriqc",
    "version": "22.0.0rc1",
    "webapi_port": null,
    "webapi_url": "https://mriqc.nimh.nih.gov/api/v1"
  },
  "size_t": 600,
  "size_x": 64,
  "size_y": 64,
  "size_z": 40,
  "snr": 6.6262237723933985,
  "spacing_tr": 1.25,
  "spacing_x": 3.0,
  "spacing_y": 3.0,
  "spacing_z": 3.299999952316284,
  "summary_bg_k": 33.199657927131334,
  "summary_bg_mad": 19.212039667851837,
  "summary_bg_mean": 55.39174270629883,
  "summary_bg_median": 14.062052726745605,
  "summary_bg_n": 94771.0,
  "summary_bg_p05": 0.6119439601898193,
  "summary_bg_p95": 249.46297454833984,
  "summary_bg_stdv": 108.7657699584961,
  "summary_fg_k": 3.696617519201417,
  "summary_fg_mad": 155.77340632296404,
  "summary_fg_mean": 1241.73486328125,
  "summary_fg_median": 1229.725341796875,
  "summary_fg_n": 32898.0,
  "summary_fg_p05": 988.5725555419922,
  "summary_fg_p95": 1543.3883422851563,
  "summary_fg_stdv": 185.58181762695312,
  "tsnr": 42.734130859375
}