{
  "bids_meta": {
    "AcquisitionMatrixPE": 238,
    "ConversionSoftware": "dcm2niix",
    "DeviceSerialNumber": "42292",
    "EchoTime": 0.003996,
    "EchoTrainLength": 159,
    "FlipAngle": 8,
    "ImageType": [
      "ORIGINAL",
      "PRIMARY",
      "M",
      "FFE",
      "M",
      "FFE"
    ],
    "InPlanePhaseEncodingDirectionDICOM": "ROW",
    "InstitutionName": "Klinikum_rechts_der_Isar",
    "InstitutionalDepartmentName": "MRT",
    "MRAcquisitionType": "3D",
    "MagneticFieldStrength": 3,
    "Manufacturer": "Philips",
    "ManufacturersModelName": "Ingenia",
    "Modality": "MR",
    "PatientPosition": "HFS",
    "PercentPhaseFOV": 100,
    "PhaseEncodingSteps": 238,
    "ProcedureStepDescription": "Studie_MR",
    "ReconMatrixPE": 256,
    "RepetitionTime": 0.009,
    "ScanOptions": "OTHER",
    "ScanningSequence": "GR",
    "SequenceVariant": "MP",
    "SliceThickness": 1,
    "SoftwareVersions": "5.1.8_5.1.8.1",
    "SpacingBetweenSlices": 1,
    "StationName": "mrkh",
    "dataset": "ds001927",
    "modality": "T1w",
    "session_id": "occ",
    "subject_id": "s010"
  },
  "cjv": 0.3650819751407462,
  "cnr": 3.382067523359051,
  "efc": 0.7916118946638164,
  "fber": 567.3017578125,
  "fwhm_avg": 3.5779727332012494,
  "fwhm_x": 3.45538,
  "fwhm_y": 3.898040610337259,
  "fwhm_z": 3.3804975892664886,
  "icvs_csf": 0.23070435867302533,
  "icvs_gm": 0.3764788884922529,
  "icvs_wm": 0.3928167528347218,
  "inu_med": 0.9647170305252075,
  "inu_range": 0.3631916880607602,
  "provenance": {
    "md5sum": "6ac664272f862b631d1e0b85b05f502a",
    "settings": {
      "testing": false
    },
    "software": "mriqc",
    "version": "22.0.0rc1",
    "warnings": {
      "large_rot_frame": true,
      "small_air_mask": true
    },
    "webapi_port": null,
    "webapi_url": "https://mriqc.nimh.nih.gov/api/v1"
  },
  "qi_1": 0.0,
  "qi_2": 0.003209895071922746,
  "rpve_csf": 20.163709523879263,
  "rpve_gm": 11.853280815429338,
  "rpve_wm": 15.366822897276753,
  "size_x": 170,
  "size_y": 256,
  "size_z": 256,
  "snr_csf": 3.9110003305520786,
  "snr_gm": 7.7234178955016715,
  "snr_total": 9.890810417591021,
  "snr_wm": 18.038013026719316,
  "snrd_csf": 20.426356341740934,
  "snrd_gm": 35.68255559429559,
  "snrd_total": 36.90475555766023,
  "snrd_wm": 54.60535473694418,
  "spacing_x": 1.0,
  "spacing_y": 0.943651020526886,
  "spacing_z": 0.943651020526886,
  "summary_bg_k": 2.923452997280414,
  "summary_bg_mad": 11.997776015203211,
  "summary_bg_mean": 20.455846786499023,
  "summary_bg_median": 16.06315803527832,
  "summary_bg_n": 134836.0,
  "summary_bg_p05": 0.0,
  "summary_bg_p95": 48.669562339782715,
  "summary_bg_stdv": 16.34912872314453,
  "summary_csf_k": 1.27502694540338,
  "summary_csf_mad": 81.9912327469365,
  "summary_csf_mean": 366.8829345703125,
  "summary_csf_median": 374.0760803222656,
  "summary_csf_n": 9829.0,
  "summary_csf_p05": 190.8427490234375,
  "summary_csf_p95": 505.6919677734375,
  "summary_csf_stdv": 95.64229583740234,
  "summary_gm_k": 0.45258724047839083,
  "summary_gm_mad": 75.61841406784367,
  "summary_gm_mean": 654.86962890625,
  "summary_gm_median": 653.468994140625,
  "summary_gm_n": 14273.0,
  "summary_gm_p05": 515.7063842773438,
  "summary_gm_p95": 799.3553466796875,
  "summary_gm_stdv": 84.60581970214844,
  "summary_wm_k": 0.8620493153734636,
  "summary_wm_mad": 50.89739753530532,
  "summary_wm_mean": 998.6726684570312,
  "summary_wm_median": 1000.0098266601562,
  "summary_wm_n": 247533.0,
  "summary_wm_p05": 904.8976684570313,
  "summary_wm_p95": 1086.124267578125,
  "summary_wm_stdv": 55.43891143798828,
  "tpm_overlap_csf": 0.12682202458381653,
  "tpm_overlap_gm": 0.409160852432251,
  "tpm_overlap_wm": 0.4940447211265564,
  "wm2max": 0.5226612117089461
}