{
  "aor": 0.00047136666666666667,
  "aqi": 0.009695484683333332,
  "bids_meta": {
    "AcquisitionMatrixPE": 62,
    "ConversionSoftware": "dcm2niix",
    "DeviceSerialNumber": "42292",
    "EchoTime": 0.03,
    "EchoTrainLength": 31,
    "FlipAngle": 70,
    "ImageType": [
      "ORIGINAL",
      "PRIMARY",
      "M",
      "FFE",
      "M",
      "FFE"
    ],
    "InPlanePhaseEncodingDirectionDICOM": "COL",
    "InstitutionName": "Klinikum_rechts_der_Isar",
    "InstitutionalDepartmentName": "MRT",
    "MRAcquisitionType": "2D",
    "MagneticFieldStrength": 3,
    "Manufacturer": "Philips",
    "ManufacturersModelName": "Ingenia",
    "Modality": "MR",
    "MultibandAccelerationFactor": 2,
    "PatientPosition": "HFS",
    "PercentPhaseFOV": 100,
    "PhaseEncodingSteps": 62,
    "ProcedureStepDescription": "Studie_MR",
    "ReconMatrixPE": 64,
    "RepetitionTime": 1.25,
    "ScanOptions": "FS",
    "ScanningSequence": "GR",
    "SequenceVariant": "SK",
    "SliceThickness": 3,
    "SoftwareVersions": "5.1.8_5.1.8.1",
    "SpacingBetweenSlices": 3.3,
    "StationName": "mrkh",
    "TaskName": "Rest Post",
    "dataset": "ds001927",
    "modality": "bold",
    "session_id": "occ",
    "subject_id": "s023",
    "task_id": "restpost"
  },
  "dummy_trs": 0,
  "dvars_nstd": 38.307322952671115,
  "dvars_std": 1.2531335069115184,
  "dvars_vstd": 1.0058993525375628,
  "efc": 0.5284234236615208,
  "fber": 12370.794921875,
  "fd_mean": 0.1746294304408673,
  "fd_num": 234,
  "fd_perc": 39.0,
  "fwhm_avg": 1.599002835704061,
  "fwhm_x": 1.6184533333333333,
  "fwhm_y": 1.6377733333333333,
  "fwhm_z": 1.5407818404455162,
  "gcor": 0.0197135,
  "gsr_x": 0.010641774162650108,
  "gsr_y": 0.004806088749319315,
  "provenance": {
    "md5sum": "8830f3bd969e5deb94c24e3edc4805a2",
    "settings": {
      "fd_thres": 0.2,
      "testing": false
    },
    "software": "mriqc",
    "version": "22.0.0rc1",
    "webapi_port": null,
    "webapi_url": "https://mriqc.nimh.nih.gov/api/v1"
  },
  "size_t": 600,
  "size_x": 64,
  "size_y": 64,
  "size_z": 40,
  "snr": 5.613575319904934,
  "spacing_tr": 1.25,
  "spacing_x": 3.0,
  "spacing_y": 3.0,
  "spacing_z": 3.299999952316284,
  "summary_bg_k": 30.45520085992839,
  "summary_bg_mad": 15.07638856193187,
  "summary_bg_mean": 57.839149475097656,
  "summary_bg_median": 11.089208602905273,
  "summary_bg_n": 93133.0,
  "summary_bg_p05": 0.5577460646629334,
  "summary_bg_p95": 276.3458557128898,
  "summary_bg_stdv": 124.74406433105469,
  "summary_fg_k": 4.26198791520927,
  "summary_fg_mad": 188.43942970258328,
  "summary_fg_mean": 1319.4105224609375,
  "summary_fg_median": 1285.9984130859375,
  "summary_fg_n": 34495.0,
  "summary_fg_p05": 1033.464599609375,
  "summary_fg_p95": 1709.251232910156,
  "summary_fg_stdv": 229.0839080810547,
  "tsnr": 51.79749298095703
}