{
  "aor": 0.00053995,
  "aqi": 0.010656314183333333,
  "bids_meta": {
    "AcquisitionMatrixPE": 62,
    "ConversionSoftware": "dcm2niix",
    "DeviceSerialNumber": "42292",
    "EchoTime": 0.03,
    "EchoTrainLength": 31,
    "FlipAngle": 70,
    "ImageType": [
      "ORIGINAL",
      "PRIMARY",
      "M",
      "FFE",
      "M",
      "FFE"
    ],
    "InPlanePhaseEncodingDirectionDICOM": "COL",
    "InstitutionName": "Klinikum_rechts_der_Isar",
    "InstitutionalDepartmentName": "MRT",
    "MRAcquisitionType": "2D",
    "MagneticFieldStrength": 3,
    "Manufacturer": "Philips",
    "ManufacturersModelName": "Ingenia",
    "Modality": "MR",
    "MultibandAccelerationFactor": 2,
    "PatientPosition": "HFS",
    "PercentPhaseFOV": 100,
    "PhaseEncodingSteps": 62,
    "ProcedureStepDescription": "Studie_MR",
    "ReconMatrixPE": 64,
    "RepetitionTime": 1.25,
    "ScanOptions": "FS",
    "ScanningSequence": "GR",
    "SequenceVariant": "SK",
    "SliceThickness": 3,
    "SoftwareVersions": "5.1.8_5.1.8.1",
    "SpacingBetweenSlices": 3.3,
    "StationName": "mrkh",
    "TaskName": "Rest Pre",
    "dataset": "ds001927",
    "modality": "bold",
    "session_id": "ctr",
    "subject_id": "s008",
    "task_id": "restpre"
  },
  "dummy_trs": 0,
  "dvars_nstd": 26.92039566818031,
  "dvars_std": 1.1396658699666107,
  "dvars_vstd": 0.9990730548414023,
  "efc": 0.5111780712879771,
  "fber": 30355.744140625,
  "fd_mean": 0.10114553368060772,
  "fd_num": 31,
  "fd_perc": 5.166666666666667,
  "fwhm_avg": 1.595409704292322,
  "fwhm_x": 1.5514700000000001,
  "fwhm_y": 1.71445,
  "fwhm_z": 1.520309112876966,
  "gcor": 0.0158416,
  "gsr_x": -0.0009555771248415112,
  "gsr_y": 0.020511765033006668,
  "provenance": {
    "md5sum": "0392988661b3f4ef6126d62a759a378a",
    "settings": {
      "fd_thres": 0.2,
      "testing": false
    },
    "software": "mriqc",
    "version": "22.0.0rc1",
    "webapi_port": null,
    "webapi_url": "https://mriqc.nimh.nih.gov/api/v1"
  },
  "size_t": 600,
  "size_x": 64,
  "size_y": 64,
  "size_z": 40,
  "snr": 7.0407701854325015,
  "spacing_tr": 1.25,
  "spacing_x": 3.0,
  "spacing_y": 3.0,
  "spacing_z": 3.299999952316284,
  "summary_bg_k": 32.597650330587435,
  "summary_bg_mad": 9.685970186054249,
  "summary_bg_mean": 40.41242218017578,
  "summary_bg_median": 7.435192108154297,
  "summary_bg_n": 93864.0,
  "summary_bg_p05": 0.552039808034897,
  "summary_bg_p95": 169.832029724121,
  "summary_bg_stdv": 90.17144012451172,
  "summary_fg_k": 1.8008305290340614,
  "summary_fg_mad": 186.78869546979647,
  "summary_fg_mean": 1378.6282958984375,
  "summary_fg_median": 1368.9486083984375,
  "summary_fg_n": 33885.0,
  "summary_fg_p05": 1103.9594482421876,
  "summary_fg_p95": 1691.2314453125,
  "summary_fg_stdv": 194.4287872314453,
  "tsnr": 54.22889709472656
}