{
  "aor": 0.0011047666666666666,
  "aqi": 0.011819310083333333,
  "bids_meta": {
    "AcquisitionMatrixPE": 62,
    "ConversionSoftware": "dcm2niix",
    "DeviceSerialNumber": "42292",
    "EchoTime": 0.03,
    "EchoTrainLength": 31,
    "FlipAngle": 70,
    "ImageType": [
      "ORIGINAL",
      "PRIMARY",
      "M",
      "FFE",
      "M",
      "FFE"
    ],
    "InPlanePhaseEncodingDirectionDICOM": "COL",
    "InstitutionName": "Klinikum_rechts_der_Isar",
    "InstitutionalDepartmentName": "MRT",
    "MRAcquisitionType": "2D",
    "MagneticFieldStrength": 3,
    "Manufacturer": "Philips",
    "ManufacturersModelName": "Ingenia",
    "Modality": "MR",
    "MultibandAccelerationFactor": 2,
    "PatientPosition": "HFS",
    "PercentPhaseFOV": 100,
    "PhaseEncodingSteps": 62,
    "ProcedureStepDescription": "Studie_MR",
    "ReconMatrixPE": 64,
    "RepetitionTime": 1.25,
    "ScanOptions": "FS",
    "ScanningSequence": "GR",
    "SequenceVariant": "SK",
    "SliceThickness": 3,
    "SoftwareVersions": "5.1.8_5.1.8.1",
    "SpacingBetweenSlices": 3.3,
    "StationName": "mrkh",
    "TaskName": "Rest Post",
    "dataset": "ds001927",
    "modality": "bold",
    "session_id": "ctr",
    "subject_id": "s008",
    "task_id": "restpost"
  },
  "dummy_trs": 0,
  "dvars_nstd": 29.11606345065109,
  "dvars_std": 1.210405740534223,
  "dvars_vstd": 1.0088838855592661,
  "efc": 0.5121678057777513,
  "fber": 32410.107421875,
  "fd_mean": 0.09766277709302028,
  "fd_num": 15,
  "fd_perc": 2.5,
  "fwhm_avg": 1.5678220273623136,
  "fwhm_x": 1.5145833333333334,
  "fwhm_y": 1.7022766666666669,
  "fwhm_z": 1.48660608208694,
  "gcor": 0.0169366,
  "gsr_x": -0.0011005832348018885,
  "gsr_y": 0.01937926560640335,
  "provenance": {
    "md5sum": "45f82286033771bf252f7ddf730a2ec5",
    "settings": {
      "fd_thres": 0.2,
      "testing": false
    },
    "software": "mriqc",
    "version": "22.0.0rc1",
    "webapi_port": null,
    "webapi_url": "https://mriqc.nimh.nih.gov/api/v1"
  },
  "size_t": 600,
  "size_x": 64,
  "size_y": 64,
  "size_z": 40,
  "snr": 7.406807715526803,
  "spacing_tr": 1.25,
  "spacing_x": 3.0,
  "spacing_y": 3.0,
  "spacing_z": 3.299999952316284,
  "summary_bg_k": 35.19227287941152,
  "summary_bg_mad": 8.556189525517176,
  "summary_bg_mean": 38.37721252441406,
  "summary_bg_median": 6.810612201690674,
  "summary_bg_n": 93519.0,
  "summary_bg_p05": 0.8320261716842653,
  "summary_bg_p95": 158.92554931640618,
  "summary_bg_stdv": 87.44226837158203,
  "summary_fg_k": 2.475627220356685,
  "summary_fg_mad": 167.6672532342019,
  "summary_fg_mean": 1333.3603515625,
  "summary_fg_median": 1324.7244873046875,
  "summary_fg_n": 34198.0,
  "summary_fg_p05": 1082.78388671875,
  "summary_fg_p95": 1610.663311767578,
  "summary_fg_stdv": 178.84967041015625,
  "tsnr": 54.935794830322266
}