{
  "aor": 0.00075125,
  "aqi": 0.012406330566666669,
  "bids_meta": {
    "AcquisitionMatrixPE": 62,
    "ConversionSoftware": "dcm2niix",
    "DeviceSerialNumber": "42292",
    "EchoTime": 0.03,
    "EchoTrainLength": 31,
    "FlipAngle": 70,
    "ImageType": [
      "ORIGINAL",
      "PRIMARY",
      "M",
      "FFE",
      "M",
      "FFE"
    ],
    "InPlanePhaseEncodingDirectionDICOM": "COL",
    "InstitutionName": "Klinikum_rechts_der_Isar",
    "InstitutionalDepartmentName": "MRT",
    "MRAcquisitionType": "2D",
    "MagneticFieldStrength": 3,
    "Manufacturer": "Philips",
    "ManufacturersModelName": "Ingenia",
    "Modality": "MR",
    "MultibandAccelerationFactor": 2,
    "PatientPosition": "HFS",
    "PercentPhaseFOV": 100,
    "PhaseEncodingSteps": 62,
    "ProcedureStepDescription": "Studie_MR",
    "ReconMatrixPE": 64,
    "RepetitionTime": 1.25,
    "ScanOptions": "FS",
    "ScanningSequence": "GR",
    "SequenceVariant": "SK",
    "SliceThickness": 3,
    "SoftwareVersions": "5.1.8_5.1.8.1",
    "SpacingBetweenSlices": 3.3,
    "StationName": "mrkh",
    "TaskName": "Rest Pre",
    "dataset": "ds001927",
    "modality": "bold",
    "session_id": "ctr",
    "subject_id": "s001",
    "task_id": "restpre"
  },
  "dummy_trs": 0,
  "dvars_nstd": 33.78144913482468,
  "dvars_std": 1.2199736913856414,
  "dvars_vstd": 1.0069131083138552,
  "efc": 0.5334227834568632,
  "fber": 19716.671875,
  "fd_mean": 0.1363183029811676,
  "fd_num": 100,
  "fd_perc": 16.666666666666668,
  "fwhm_avg": 1.6321270780130568,
  "fwhm_x": 1.58526,
  "fwhm_y": 1.7942666666666665,
  "fwhm_z": 1.5168545673725038,
  "gcor": 0.028307,
  "gsr_x": -0.0012179652694612741,
  "gsr_y": 0.02709694392979145,
  "provenance": {
    "md5sum": "407133ea1562660c77ff96954554ff01",
    "settings": {
      "fd_thres": 0.2,
      "testing": false
    },
    "software": "mriqc",
    "version": "22.0.0rc1",
    "webapi_port": null,
    "webapi_url": "https://mriqc.nimh.nih.gov/api/v1"
  },
  "size_t": 600,
  "size_x": 64,
  "size_y": 64,
  "size_z": 40,
  "snr": 6.297250683189911,
  "spacing_tr": 1.25,
  "spacing_x": 3.0,
  "spacing_y": 3.0,
  "spacing_z": 3.299999952316284,
  "summary_bg_k": 20.36980884065592,
  "summary_bg_mad": 10.566695615087621,
  "summary_bg_mean": 44.732391357421875,
  "summary_bg_median": 8.317485809326172,
  "summary_bg_n": 90158.0,
  "summary_bg_p05": 0.8392152100801469,
  "summary_bg_p95": 202.25579147338868,
  "summary_bg_stdv": 94.71966552734375,
  "summary_fg_k": 2.947455945380346,
  "summary_fg_mad": 182.73995349833788,
  "summary_fg_mean": 1339.52880859375,
  "summary_fg_median": 1327.569091796875,
  "summary_fg_n": 36842.0,
  "summary_fg_p05": 1050.1724487304687,
  "summary_fg_p95": 1677.48525390625,
  "summary_fg_stdv": 210.81439208984375,
  "tsnr": 49.94349670410156
}