{
  "aor": 0.0005234166666666667,
  "aqi": 0.019903794833333332,
  "bids_meta": {
    "AcquisitionMatrixPE": 62,
    "ConversionSoftware": "dcm2niix",
    "DeviceSerialNumber": "42292",
    "EchoTime": 0.03,
    "EchoTrainLength": 31,
    "FlipAngle": 70,
    "ImageType": [
      "ORIGINAL",
      "PRIMARY",
      "M",
      "FFE",
      "M",
      "FFE"
    ],
    "InPlanePhaseEncodingDirectionDICOM": "COL",
    "InstitutionName": "Klinikum_rechts_der_Isar",
    "InstitutionalDepartmentName": "MRT",
    "MRAcquisitionType": "2D",
    "MagneticFieldStrength": 3,
    "Manufacturer": "Philips",
    "ManufacturersModelName": "Ingenia",
    "Modality": "MR",
    "MultibandAccelerationFactor": 2,
    "PatientPosition": "HFS",
    "PercentPhaseFOV": 100,
    "PhaseEncodingSteps": 62,
    "ProcedureStepDescription": "Studie_MR",
    "ReconMatrixPE": 64,
    "RepetitionTime": 1.25,
    "ScanOptions": "FS",
    "ScanningSequence": "GR",
    "SequenceVariant": "SK",
    "SliceThickness": 3,
    "SoftwareVersions": "5.1.8_5.1.8.1",
    "SpacingBetweenSlices": 3.3,
    "StationName": "mrkh",
    "TaskName": "Rest Post",
    "dataset": "ds001927",
    "modality": "bold",
    "session_id": "ctr",
    "subject_id": "s001",
    "task_id": "restpost"
  },
  "dummy_trs": 0,
  "dvars_nstd": 30.73363041427377,
  "dvars_std": 1.1212663544908177,
  "dvars_vstd": 0.9426379124373948,
  "efc": 0.5166915886562989,
  "fber": 15585.427734375,
  "fd_mean": 0.13859288304576609,
  "fd_num": 98,
  "fd_perc": 16.333333333333332,
  "fwhm_avg": 1.935077887231093,
  "fwhm_x": 1.9103066666666668,
  "fwhm_y": 2.1419633333333334,
  "fwhm_z": 1.7529636616932789,
  "gcor": 0.0116664,
  "gsr_x": -0.0032295186538249254,
  "gsr_y": 0.026924576610326767,
  "provenance": {
    "md5sum": "f360e0669e33aa3c455535b94eb469f8",
    "settings": {
      "fd_thres": 0.2,
      "testing": false
    },
    "software": "mriqc",
    "version": "22.0.0rc1",
    "webapi_port": null,
    "webapi_url": "https://mriqc.nimh.nih.gov/api/v1"
  },
  "size_t": 600,
  "size_x": 64,
  "size_y": 64,
  "size_z": 40,
  "snr": 5.457203417098526,
  "spacing_tr": 1.25,
  "spacing_x": 3.0,
  "spacing_y": 3.0,
  "spacing_z": 3.299999952316284,
  "summary_bg_k": 22.84734487538409,
  "summary_bg_mad": 13.522080468449301,
  "summary_bg_mean": 41.827735900878906,
  "summary_bg_median": 10.530411720275879,
  "summary_bg_n": 93154.0,
  "summary_bg_p05": 0.9617019444704056,
  "summary_bg_p95": 181.09031600952056,
  "summary_bg_stdv": 81.27899169921875,
  "summary_fg_k": 2.055159046689237,
  "summary_fg_mad": 217.5569445741167,
  "summary_fg_mean": 1412.3978271484375,
  "summary_fg_median": 1385.5595703125,
  "summary_fg_n": 35156.0,
  "summary_fg_p05": 1062.213623046875,
  "summary_fg_p95": 1847.9346008300781,
  "summary_fg_stdv": 253.8919219970703,
  "tsnr": 37.822975158691406
}