{
  "aor": 0.0024590999999999997,
  "aqi": 0.020359651666666666,
  "bids_meta": {
    "AcquisitionMatrixPE": 62,
    "ConversionSoftware": "dcm2niix",
    "DeviceSerialNumber": "42292",
    "EchoTime": 0.03,
    "EchoTrainLength": 31,
    "FlipAngle": 70,
    "ImageType": [
      "ORIGINAL",
      "PRIMARY",
      "M",
      "FFE",
      "M",
      "FFE"
    ],
    "InPlanePhaseEncodingDirectionDICOM": "COL",
    "InstitutionName": "Klinikum_rechts_der_Isar",
    "InstitutionalDepartmentName": "MRT",
    "MRAcquisitionType": "2D",
    "MagneticFieldStrength": 3,
    "Manufacturer": "Philips",
    "ManufacturersModelName": "Ingenia",
    "Modality": "MR",
    "MultibandAccelerationFactor": 2,
    "PatientPosition": "HFS",
    "PercentPhaseFOV": 100,
    "PhaseEncodingSteps": 62,
    "ProcedureStepDescription": "Studie_MR",
    "ReconMatrixPE": 64,
    "RepetitionTime": 1.25,
    "ScanOptions": "FS",
    "ScanningSequence": "GR",
    "SequenceVariant": "SK",
    "SliceThickness": 3,
    "SoftwareVersions": "5.1.8_5.1.8.1",
    "SpacingBetweenSlices": 3.3,
    "StationName": "mrkh",
    "TaskName": "Rest Pre",
    "dataset": "ds001927",
    "modality": "bold",
    "session_id": "occ",
    "subject_id": "s014",
    "task_id": "restpre"
  },
  "dummy_trs": 0,
  "dvars_nstd": 37.1335050523038,
  "dvars_std": 1.2610858613188634,
  "dvars_vstd": 1.023706499131889,
  "efc": 0.5254758213408433,
  "fber": 12519.12109375,
  "fd_mean": 0.13877420720190806,
  "fd_num": 83,
  "fd_perc": 13.833333333333334,
  "fwhm_avg": 1.6539083915417052,
  "fwhm_x": 1.5682533333333335,
  "fwhm_y": 1.7941233333333333,
  "fwhm_z": 1.5993485079584484,
  "gcor": 0.0297526,
  "gsr_x": -0.011819827370345592,
  "gsr_y": 0.02665613777935505,
  "provenance": {
    "md5sum": "f9e1e0800d40bd942b3bc9b754c1dc86",
    "settings": {
      "fd_thres": 0.2,
      "testing": false
    },
    "software": "mriqc",
    "version": "22.0.0rc1",
    "webapi_port": null,
    "webapi_url": "https://mriqc.nimh.nih.gov/api/v1"
  },
  "size_t": 600,
  "size_x": 64,
  "size_y": 64,
  "size_z": 40,
  "snr": 6.253939234956842,
  "spacing_tr": 1.25,
  "spacing_x": 3.0,
  "spacing_y": 3.0,
  "spacing_z": 3.299999952316284,
  "summary_bg_k": 13.763324560444318,
  "summary_bg_mad": 13.459093263928743,
  "summary_bg_mean": 54.0395622253418,
  "summary_bg_median": 10.323131561279297,
  "summary_bg_n": 93945.0,
  "summary_bg_p05": 0.9684993505477905,
  "summary_bg_p95": 277.1398925781251,
  "summary_bg_stdv": 107.61067962646484,
  "summary_fg_k": 4.2458360719018495,
  "summary_fg_mad": 159.0836524017698,
  "summary_fg_mean": 1334.691650390625,
  "summary_fg_median": 1314.4876708984375,
  "summary_fg_n": 33871.0,
  "summary_fg_p05": 1066.4090576171875,
  "summary_fg_p95": 1665.3143310546875,
  "summary_fg_stdv": 210.1824493408203,
  "tsnr": 41.907955169677734
}