{
  "bids_meta": {
    "AcquisitionMatrixPE": 238,
    "ConversionSoftware": "dcm2niix",
    "DeviceSerialNumber": "42292",
    "EchoTime": 0.003996,
    "EchoTrainLength": 159,
    "FlipAngle": 8,
    "ImageType": [
      "ORIGINAL",
      "PRIMARY",
      "M",
      "FFE",
      "M",
      "FFE"
    ],
    "InPlanePhaseEncodingDirectionDICOM": "ROW",
    "InstitutionName": "Klinikum_rechts_der_Isar",
    "InstitutionalDepartmentName": "MRT",
    "MRAcquisitionType": "3D",
    "MagneticFieldStrength": 3,
    "Manufacturer": "Philips",
    "ManufacturersModelName": "Ingenia",
    "Modality": "MR",
    "PatientPosition": "HFS",
    "PercentPhaseFOV": 100,
    "PhaseEncodingSteps": 238,
    "ProcedureStepDescription": "Studie_MR",
    "ReconMatrixPE": 256,
    "RepetitionTime": 0.009,
    "ScanOptions": "OTHER",
    "ScanningSequence": "GR",
    "SequenceVariant": "MP",
    "SliceThickness": 1,
    "SoftwareVersions": "5.1.8_5.1.8.1",
    "SpacingBetweenSlices": 1,
    "StationName": "mrkh",
    "dataset": "ds001927",
    "modality": "T1w",
    "session_id": "fro",
    "subject_id": "s016"
  },
  "cjv": 0.30872840351014647,
  "cnr": 3.8893937108065804,
  "efc": 0.7809504549252161,
  "fber": 647.3305053710938,
  "fwhm_avg": 3.5206119666239615,
  "fwhm_x": 3.44288,
  "fwhm_y": 3.772273777664588,
  "fwhm_z": 3.3466821222072967,
  "icvs_csf": 0.25049593706997547,
  "icvs_gm": 0.385412174832372,
  "icvs_wm": 0.3640918880976525,
  "inu_med": 0.9768875241279602,
  "inu_range": 0.29761677980422974,
  "provenance": {
    "md5sum": "7e32d42a7c719e76725ff3eb4a156628",
    "settings": {
      "testing": false
    },
    "software": "mriqc",
    "version": "22.0.0rc1",
    "warnings": {
      "large_rot_frame": true,
      "small_air_mask": true
    },
    "webapi_port": null,
    "webapi_url": "https://mriqc.nimh.nih.gov/api/v1"
  },
  "qi_1": 0.0,
  "qi_2": 0.001132863540863832,
  "rpve_csf": 22.35549179247483,
  "rpve_gm": 13.776701347604552,
  "rpve_wm": 19.848645888392177,
  "size_x": 170,
  "size_y": 256,
  "size_z": 256,
  "snr_csf": 3.5700633805627753,
  "snr_gm": 7.835657279318658,
  "snr_total": 10.50009926576562,
  "snr_wm": 20.094577137415428,
  "snrd_csf": 20.653501026467083,
  "snrd_gm": 40.7348148064723,
  "snrd_total": 42.02526704541897,
  "snrd_wm": 64.68748530331753,
  "spacing_x": 1.0,
  "spacing_y": 0.943651020526886,
  "spacing_z": 0.943651020526886,
  "summary_bg_k": 2.083096065645443,
  "summary_bg_mad": 10.127632204365955,
  "summary_bg_mean": 15.061946868896484,
  "summary_bg_median": 13.652243614196777,
  "summary_bg_n": 129995.0,
  "summary_bg_p05": 0.0,
  "summary_bg_p95": 34.432921981811525,
  "summary_bg_stdv": 11.366299629211426,
  "summary_csf_k": 1.0850695949338558,
  "summary_csf_mad": 78.85029506356679,
  "summary_csf_mean": 317.0965576171875,
  "summary_csf_median": 319.2786560058594,
  "summary_csf_n": 6437.0,
  "summary_csf_p05": 159.7405578613281,
  "summary_csf_p95": 454.1651184082031,
  "summary_csf_stdv": 89.42526245117188,
  "summary_gm_k": 0.6352526780616059,
  "summary_gm_mad": 70.66141535400588,
  "summary_gm_mean": 630.4263305664062,
  "summary_gm_median": 629.7119750976562,
  "summary_gm_n": 9631.0,
  "summary_gm_p05": 496.8246612548828,
  "summary_gm_p95": 768.1658325195312,
  "summary_gm_stdv": 80.36074829101562,
  "summary_wm_k": 1.1667148626872343,
  "summary_wm_mad": 43.65450925593591,
  "summary_wm_mean": 996.8597412109375,
  "summary_wm_median": 999.9918823242188,
  "summary_wm_n": 182439.0,
  "summary_wm_p05": 908.9788940429687,
  "summary_wm_p95": 1072.066845703125,
  "summary_wm_stdv": 49.764129638671875,
  "tpm_overlap_csf": 0.13758587837219238,
  "tpm_overlap_gm": 0.4160383343696594,
  "tpm_overlap_wm": 0.4977109730243683,
  "wm2max": 0.604704711920579
}