{
  "aor": 0.000988,
  "aqi": 0.023263462166666665,
  "bids_meta": {
    "AcquisitionMatrixPE": 62,
    "ConversionSoftware": "dcm2niix",
    "DeviceSerialNumber": "42292",
    "EchoTime": 0.03,
    "EchoTrainLength": 31,
    "FlipAngle": 70,
    "ImageType": [
      "ORIGINAL",
      "PRIMARY",
      "M",
      "FFE",
      "M",
      "FFE"
    ],
    "InPlanePhaseEncodingDirectionDICOM": "COL",
    "InstitutionName": "Klinikum_rechts_der_Isar",
    "InstitutionalDepartmentName": "MRT",
    "MRAcquisitionType": "2D",
    "MagneticFieldStrength": 3,
    "Manufacturer": "Philips",
    "ManufacturersModelName": "Ingenia",
    "Modality": "MR",
    "MultibandAccelerationFactor": 2,
    "PatientPosition": "HFS",
    "PercentPhaseFOV": 100,
    "PhaseEncodingSteps": 62,
    "ProcedureStepDescription": "Studie_MR",
    "ReconMatrixPE": 64,
    "RepetitionTime": 1.25,
    "ScanOptions": "FS",
    "ScanningSequence": "GR",
    "SequenceVariant": "SK",
    "SliceThickness": 3,
    "SoftwareVersions": "5.1.8_5.1.8.1",
    "SpacingBetweenSlices": 3.3,
    "StationName": "mrkh",
    "TaskName": "Rest Pre",
    "dataset": "ds001927",
    "modality": "bold",
    "session_id": "fro",
    "subject_id": "s013",
    "task_id": "restpre"
  },
  "dummy_trs": 0,
  "dvars_nstd": 32.690438332737855,
  "dvars_std": 1.1636350103839732,
  "dvars_vstd": 0.9533964353088478,
  "efc": 0.520995542170962,
  "fber": 30288.833984375,
  "fd_mean": 0.1499770872372091,
  "fd_num": 100,
  "fd_perc": 16.666666666666668,
  "fwhm_avg": 1.663838997415663,
  "fwhm_x": 1.63879,
  "fwhm_y": 1.79213,
  "fwhm_z": 1.560596992246989,
  "gcor": 0.0145713,
  "gsr_x": -0.0011591475922614336,
  "gsr_y": 0.02018841914832592,
  "provenance": {
    "md5sum": "708207679e02c322d9a827243e447379",
    "settings": {
      "fd_thres": 0.2,
      "testing": false
    },
    "software": "mriqc",
    "version": "22.0.0rc1",
    "webapi_port": null,
    "webapi_url": "https://mriqc.nimh.nih.gov/api/v1"
  },
  "size_t": 600,
  "size_x": 64,
  "size_y": 64,
  "size_z": 40,
  "snr": 7.122067378628645,
  "spacing_tr": 1.25,
  "spacing_x": 3.0,
  "spacing_y": 3.0,
  "spacing_z": 3.299999952316284,
  "summary_bg_k": 18.752534011942817,
  "summary_bg_mad": 9.992985519107183,
  "summary_bg_mean": 49.492210388183594,
  "summary_bg_median": 7.769804954528809,
  "summary_bg_n": 92988.0,
  "summary_bg_p05": 0.7927182018756868,
  "summary_bg_p95": 230.38325805664047,
  "summary_bg_stdv": 106.80545806884766,
  "summary_fg_k": 2.282849252577246,
  "summary_fg_mad": 193.1490264104766,
  "summary_fg_mean": 1505.030029296875,
  "summary_fg_median": 1491.79345703125,
  "summary_fg_n": 34382.0,
  "summary_fg_p05": 1203.0311462402344,
  "summary_fg_p95": 1850.3169860839841,
  "summary_fg_stdv": 209.4576873779297,
  "tsnr": 40.45177459716797
}