{
  "aor": 0.005509016666666667,
  "aqi": 0.01769075065,
  "bids_meta": {
    "AcquisitionMatrixPE": 62,
    "ConversionSoftware": "dcm2niix",
    "DeviceSerialNumber": "42292",
    "EchoTime": 0.03,
    "EchoTrainLength": 31,
    "FlipAngle": 70,
    "ImageType": [
      "ORIGINAL",
      "PRIMARY",
      "M",
      "FFE",
      "M",
      "FFE"
    ],
    "InPlanePhaseEncodingDirectionDICOM": "COL",
    "InstitutionName": "Klinikum_rechts_der_Isar",
    "InstitutionalDepartmentName": "MRT",
    "MRAcquisitionType": "2D",
    "MagneticFieldStrength": 3,
    "Manufacturer": "Philips",
    "ManufacturersModelName": "Ingenia",
    "Modality": "MR",
    "MultibandAccelerationFactor": 2,
    "PatientPosition": "HFS",
    "PercentPhaseFOV": 100,
    "PhaseEncodingSteps": 62,
    "ProcedureStepDescription": "Studie_MR",
    "ReconMatrixPE": 64,
    "RepetitionTime": 1.25,
    "ScanOptions": "FS",
    "ScanningSequence": "GR",
    "SequenceVariant": "SK",
    "SliceThickness": 3,
    "SoftwareVersions": "5.1.8_5.1.8.1",
    "SpacingBetweenSlices": 3.3,
    "StationName": "mrkh",
    "TaskName": "Rest Pre",
    "dataset": "ds001927",
    "modality": "bold",
    "session_id": "ctr",
    "subject_id": "s013",
    "task_id": "restpre"
  },
  "dummy_trs": 0,
  "dvars_nstd": 31.171321903923218,
  "dvars_std": 1.2519356159265445,
  "dvars_vstd": 1.0088283264106848,
  "efc": 0.521996479116894,
  "fber": 31349.400390625,
  "fd_mean": 0.10398138310523973,
  "fd_num": 28,
  "fd_perc": 4.666666666666667,
  "fwhm_avg": 1.815442735622282,
  "fwhm_x": 1.7926633333333333,
  "fwhm_y": 1.9201466666666667,
  "fwhm_z": 1.7335182068668453,
  "gcor": 0.0119848,
  "gsr_x": -0.006680958438664675,
  "gsr_y": 0.024423597380518913,
  "provenance": {
    "md5sum": "f3b27c9e7483b2dc5eaec7f719c94b5f",
    "settings": {
      "fd_thres": 0.2,
      "testing": false
    },
    "software": "mriqc",
    "version": "22.0.0rc1",
    "webapi_port": null,
    "webapi_url": "https://mriqc.nimh.nih.gov/api/v1"
  },
  "size_t": 600,
  "size_x": 64,
  "size_y": 64,
  "size_z": 40,
  "snr": 5.951278210185726,
  "spacing_tr": 1.25,
  "spacing_x": 3.0,
  "spacing_y": 3.0,
  "spacing_z": 3.299999952316284,
  "summary_bg_k": 18.308167612768905,
  "summary_bg_mad": 9.177396540843347,
  "summary_bg_mean": 53.69602966308594,
  "summary_bg_median": 7.494687080383301,
  "summary_bg_n": 92993.0,
  "summary_bg_p05": 1.0211275339126589,
  "summary_bg_p95": 265.76433715820303,
  "summary_bg_stdv": 119.94461059570312,
  "summary_fg_k": 1.5268482379285144,
  "summary_fg_mad": 219.71135092288262,
  "summary_fg_mean": 1489.3509521484375,
  "summary_fg_median": 1468.6019287109375,
  "summary_fg_n": 34288.0,
  "summary_fg_p05": 1132.019842529297,
  "summary_fg_p95": 1917.6676818847654,
  "summary_fg_stdv": 246.76724243164062,
  "tsnr": 42.26619338989258
}