{
  "aor": 0.0001872666666666667,
  "aqi": 0.010119985350000001,
  "bids_meta": {
    "AcquisitionMatrixPE": 62,
    "ConversionSoftware": "dcm2niix",
    "DeviceSerialNumber": "42292",
    "EchoTime": 0.03,
    "EchoTrainLength": 31,
    "FlipAngle": 70,
    "ImageType": [
      "ORIGINAL",
      "PRIMARY",
      "M",
      "FFE",
      "M",
      "FFE"
    ],
    "InPlanePhaseEncodingDirectionDICOM": "COL",
    "InstitutionName": "Klinikum_rechts_der_Isar",
    "InstitutionalDepartmentName": "MRT",
    "MRAcquisitionType": "2D",
    "MagneticFieldStrength": 3,
    "Manufacturer": "Philips",
    "ManufacturersModelName": "Ingenia",
    "Modality": "MR",
    "MultibandAccelerationFactor": 2,
    "PatientPosition": "HFS",
    "PercentPhaseFOV": 100,
    "PhaseEncodingSteps": 62,
    "ProcedureStepDescription": "Studie_MR",
    "ReconMatrixPE": 64,
    "RepetitionTime": 1.25,
    "ScanOptions": "FS",
    "ScanningSequence": "GR",
    "SequenceVariant": "SK",
    "SliceThickness": 3,
    "SoftwareVersions": "5.1.8_5.1.8.1",
    "SpacingBetweenSlices": 3.3,
    "StationName": "mrkh",
    "TaskName": "Rest Post",
    "dataset": "ds001927",
    "modality": "bold",
    "session_id": "ctr",
    "subject_id": "s003",
    "task_id": "restpost"
  },
  "dummy_trs": 0,
  "dvars_nstd": 27.60426613979964,
  "dvars_std": 1.1477868427545903,
  "dvars_vstd": 0.9813437292487475,
  "efc": 0.5511162340767162,
  "fber": 23577.6640625,
  "fd_mean": 0.09508434120842242,
  "fd_num": 7,
  "fd_perc": 1.1666666666666667,
  "fwhm_avg": 1.7809590988826784,
  "fwhm_x": 1.7323000000000002,
  "fwhm_y": 1.9551166666666668,
  "fwhm_z": 1.6554606299813681,
  "gcor": 0.0112353,
  "gsr_x": -0.007179343607276678,
  "gsr_y": 0.028376201167702675,
  "provenance": {
    "md5sum": "c905b0030c687330fcf3cce09c13f34b",
    "settings": {
      "fd_thres": 0.2,
      "testing": false
    },
    "software": "mriqc",
    "version": "22.0.0rc1",
    "webapi_port": null,
    "webapi_url": "https://mriqc.nimh.nih.gov/api/v1"
  },
  "size_t": 600,
  "size_x": 64,
  "size_y": 64,
  "size_z": 40,
  "snr": 6.11719167798239,
  "spacing_tr": 1.25,
  "spacing_x": 3.0,
  "spacing_y": 3.0,
  "spacing_z": 3.299999952316284,
  "summary_bg_k": 18.84968500648863,
  "summary_bg_mad": 10.143759548716345,
  "summary_bg_mean": 47.96390914916992,
  "summary_bg_median": 8.076435089111328,
  "summary_bg_n": 87003.0,
  "summary_bg_p05": 0.8672946572303772,
  "summary_bg_p95": 229.28523712158184,
  "summary_bg_stdv": 97.0596694946289,
  "summary_fg_k": 3.680145666389766,
  "summary_fg_mad": 181.99032723014327,
  "summary_fg_mean": 1423.139404296875,
  "summary_fg_median": 1409.31689453125,
  "summary_fg_n": 39787.0,
  "summary_fg_p05": 1101.5748291015625,
  "summary_fg_p95": 1780.2866577148436,
  "summary_fg_stdv": 230.38336181640625,
  "tsnr": 57.235084533691406
}