{
  "aor": 0.0002558166666666667,
  "aqi": 0.009316562933333333,
  "bids_meta": {
    "AcquisitionMatrixPE": 62,
    "ConversionSoftware": "dcm2niix",
    "DeviceSerialNumber": "42292",
    "EchoTime": 0.03,
    "EchoTrainLength": 31,
    "FlipAngle": 70,
    "ImageType": [
      "ORIGINAL",
      "PRIMARY",
      "M",
      "FFE",
      "M",
      "FFE"
    ],
    "InPlanePhaseEncodingDirectionDICOM": "COL",
    "InstitutionName": "Klinikum_rechts_der_Isar",
    "InstitutionalDepartmentName": "MRT",
    "MRAcquisitionType": "2D",
    "MagneticFieldStrength": 3,
    "Manufacturer": "Philips",
    "ManufacturersModelName": "Ingenia",
    "Modality": "MR",
    "MultibandAccelerationFactor": 2,
    "PatientPosition": "HFS",
    "PercentPhaseFOV": 100,
    "PhaseEncodingSteps": 62,
    "ProcedureStepDescription": "Studie_MR",
    "ReconMatrixPE": 64,
    "RepetitionTime": 1.25,
    "ScanOptions": "FS",
    "ScanningSequence": "GR",
    "SequenceVariant": "SK",
    "SliceThickness": 3,
    "SoftwareVersions": "5.1.8_5.1.8.1",
    "SpacingBetweenSlices": 3.3,
    "StationName": "mrkh",
    "TaskName": "Rest Pre",
    "dataset": "ds001927",
    "modality": "bold",
    "session_id": "ctr",
    "subject_id": "s003",
    "task_id": "restpre"
  },
  "dummy_trs": 0,
  "dvars_nstd": 30.07927347228715,
  "dvars_std": 1.2000735191986645,
  "dvars_vstd": 1.003418473539233,
  "efc": 0.554607733226182,
  "fber": 24194.15625,
  "fd_mean": 0.12780431961658326,
  "fd_num": 60,
  "fd_perc": 10.0,
  "fwhm_avg": 1.786638088787915,
  "fwhm_x": 1.72822,
  "fwhm_y": 1.9749366666666666,
  "fwhm_z": 1.6567575996970783,
  "gcor": 0.0107782,
  "gsr_x": -0.008868678472936153,
  "gsr_y": 0.029672374948859215,
  "provenance": {
    "md5sum": "357c25e031f940ea36b2025838f851a8",
    "settings": {
      "fd_thres": 0.2,
      "testing": false
    },
    "software": "mriqc",
    "version": "22.0.0rc1",
    "webapi_port": null,
    "webapi_url": "https://mriqc.nimh.nih.gov/api/v1"
  },
  "size_t": 600,
  "size_x": 64,
  "size_y": 64,
  "size_z": 40,
  "snr": 5.921260740316406,
  "spacing_tr": 1.25,
  "spacing_x": 3.0,
  "spacing_y": 3.0,
  "spacing_z": 3.299999952316284,
  "summary_bg_k": 17.859034563663897,
  "summary_bg_mad": 10.841535792420501,
  "summary_bg_mean": 51.4337043762207,
  "summary_bg_median": 8.300374984741211,
  "summary_bg_n": 86401.0,
  "summary_bg_p05": 0.6884849667549133,
  "summary_bg_p95": 244.74244689941406,
  "summary_bg_stdv": 101.64097595214844,
  "summary_fg_k": 3.427256283949662,
  "summary_fg_mad": 204.5496981452706,
  "summary_fg_mean": 1502.564453125,
  "summary_fg_median": 1489.145751953125,
  "summary_fg_n": 40407.0,
  "summary_fg_p05": 1155.0796264648438,
  "summary_fg_p95": 1892.8736328124999,
  "summary_fg_stdv": 251.48822021484375,
  "tsnr": 56.85855484008789
}