{
  "aor": 0.0021625999999999998,
  "aqi": 0.029017436333333334,
  "bids_meta": {
    "AcquisitionMatrixPE": 62,
    "ConversionSoftware": "dcm2niix",
    "DeviceSerialNumber": "42292",
    "EchoTime": 0.03,
    "EchoTrainLength": 31,
    "FlipAngle": 70,
    "ImageType": [
      "ORIGINAL",
      "PRIMARY",
      "M",
      "FFE",
      "M",
      "FFE"
    ],
    "InPlanePhaseEncodingDirectionDICOM": "COL",
    "InstitutionName": "Klinikum_rechts_der_Isar",
    "InstitutionalDepartmentName": "MRT",
    "MRAcquisitionType": "2D",
    "MagneticFieldStrength": 3,
    "Manufacturer": "Philips",
    "ManufacturersModelName": "Ingenia",
    "Modality": "MR",
    "MultibandAccelerationFactor": 2,
    "PatientPosition": "HFS",
    "PercentPhaseFOV": 100,
    "PhaseEncodingSteps": 62,
    "ProcedureStepDescription": "Studie_MR",
    "ReconMatrixPE": 64,
    "RepetitionTime": 1.25,
    "ScanOptions": "FS",
    "ScanningSequence": "GR",
    "SequenceVariant": "SK",
    "SliceThickness": 3,
    "SoftwareVersions": "5.1.8_5.1.8.1",
    "SpacingBetweenSlices": 3.3,
    "StationName": "mrkh",
    "TaskName": "Rest Post",
    "dataset": "ds001927",
    "modality": "bold",
    "session_id": "ctr",
    "subject_id": "s022",
    "task_id": "restpost"
  },
  "dummy_trs": 0,
  "dvars_nstd": 33.641232421986636,
  "dvars_std": 1.0867308866277114,
  "dvars_vstd": 0.9595251199165277,
  "efc": 0.5435715556777865,
  "fber": 11070.53515625,
  "fd_mean": 0.2253790277997588,
  "fd_num": 202,
  "fd_perc": 33.666666666666664,
  "fwhm_avg": 1.6290939467019834,
  "fwhm_x": 1.6063599999999998,
  "fwhm_y": 1.7636399999999999,
  "fwhm_z": 1.5172818401059505,
  "gcor": 0.0193055,
  "gsr_x": 0.01051325723528862,
  "gsr_y": 0.01978500559926033,
  "provenance": {
    "md5sum": "5d4472164e5046c1469747dd67c660e7",
    "settings": {
      "fd_thres": 0.2,
      "testing": false
    },
    "software": "mriqc",
    "version": "22.0.0rc1",
    "webapi_port": null,
    "webapi_url": "https://mriqc.nimh.nih.gov/api/v1"
  },
  "size_t": 600,
  "size_x": 64,
  "size_y": 64,
  "size_z": 40,
  "snr": 6.183074870513073,
  "spacing_tr": 1.25,
  "spacing_x": 3.0,
  "spacing_y": 3.0,
  "spacing_z": 3.299999952316284,
  "summary_bg_k": 27.582920393012017,
  "summary_bg_mad": 14.532518975207458,
  "summary_bg_mean": 51.876407623291016,
  "summary_bg_median": 10.788554191589355,
  "summary_bg_n": 90745.0,
  "summary_bg_p05": 0.6504509329795837,
  "summary_bg_p95": 231.42293090820314,
  "summary_bg_stdv": 101.55574798583984,
  "summary_fg_k": 2.9676711360171737,
  "summary_fg_mad": 167.34745854180693,
  "summary_fg_mean": 1215.0618896484375,
  "summary_fg_median": 1193.59375,
  "summary_fg_n": 36995.0,
  "summary_fg_p05": 965.3515808105469,
  "summary_fg_p95": 1537.702172851562,
  "summary_fg_stdv": 193.03948974609375,
  "tsnr": 32.65195846557617
}