{
  "aor": 0.0012110333333333334,
  "aqi": 0.035461968,
  "bids_meta": {
    "AcquisitionMatrixPE": 62,
    "ConversionSoftware": "dcm2niix",
    "DeviceSerialNumber": "42292",
    "EchoTime": 0.03,
    "EchoTrainLength": 31,
    "FlipAngle": 70,
    "ImageType": [
      "ORIGINAL",
      "PRIMARY",
      "M",
      "FFE",
      "M",
      "FFE"
    ],
    "InPlanePhaseEncodingDirectionDICOM": "COL",
    "InstitutionName": "Klinikum_rechts_der_Isar",
    "InstitutionalDepartmentName": "MRT",
    "MRAcquisitionType": "2D",
    "MagneticFieldStrength": 3,
    "Manufacturer": "Philips",
    "ManufacturersModelName": "Ingenia",
    "Modality": "MR",
    "MultibandAccelerationFactor": 2,
    "PatientPosition": "HFS",
    "PercentPhaseFOV": 100,
    "PhaseEncodingSteps": 62,
    "ProcedureStepDescription": "Studie_MR",
    "ReconMatrixPE": 64,
    "RepetitionTime": 1.25,
    "ScanOptions": "FS",
    "ScanningSequence": "GR",
    "SequenceVariant": "SK",
    "SliceThickness": 3,
    "SoftwareVersions": "5.1.8_5.1.8.1",
    "SpacingBetweenSlices": 3.3,
    "StationName": "mrkh",
    "TaskName": "Rest Pre",
    "dataset": "ds001927",
    "modality": "bold",
    "session_id": "ctr",
    "subject_id": "s022",
    "task_id": "restpre"
  },
  "dummy_trs": 0,
  "dvars_nstd": 36.80967108994996,
  "dvars_std": 1.0513686804674465,
  "dvars_vstd": 0.9398783950918197,
  "efc": 0.5422452451509863,
  "fber": 13918.4833984375,
  "fd_mean": 0.302097549412242,
  "fd_num": 307,
  "fd_perc": 51.166666666666664,
  "fwhm_avg": 1.615989502218204,
  "fwhm_x": 1.5878166666666667,
  "fwhm_y": 1.7510366666666668,
  "fwhm_z": 1.5091151733212784,
  "gcor": 0.032585,
  "gsr_x": 0.008606974966824055,
  "gsr_y": 0.020333724096417427,
  "provenance": {
    "md5sum": "7d673021d7749ba799b2cf2e1f6b2b0d",
    "settings": {
      "fd_thres": 0.2,
      "testing": false
    },
    "software": "mriqc",
    "version": "22.0.0rc1",
    "webapi_port": null,
    "webapi_url": "https://mriqc.nimh.nih.gov/api/v1"
  },
  "size_t": 600,
  "size_x": 64,
  "size_y": 64,
  "size_z": 40,
  "snr": 6.224274684440094,
  "spacing_tr": 1.25,
  "spacing_x": 3.0,
  "spacing_y": 3.0,
  "spacing_z": 3.299999952316284,
  "summary_bg_k": 16.124112206010853,
  "summary_bg_mad": 11.760310948239807,
  "summary_bg_mean": 48.842132568359375,
  "summary_bg_median": 9.085163116455078,
  "summary_bg_n": 90852.0,
  "summary_bg_p05": 0.8918036192655563,
  "summary_bg_p95": 218.82043838500968,
  "summary_bg_stdv": 92.8427963256836,
  "summary_fg_k": 2.50219710775034,
  "summary_fg_mad": 162.6062805244496,
  "summary_fg_mean": 1171.290771484375,
  "summary_fg_median": 1152.6856689453125,
  "summary_fg_n": 36619.0,
  "summary_fg_p05": 921.9002380371094,
  "summary_fg_p95": 1481.429931640625,
  "summary_fg_stdv": 185.18943786621094,
  "tsnr": 28.598281860351562
}