{
  "aor": 0.00034986666666666664,
  "aqi": 0.012496257883333334,
  "bids_meta": {
    "AcquisitionMatrixPE": 62,
    "ConversionSoftware": "dcm2niix",
    "DeviceSerialNumber": "42292",
    "EchoTime": 0.03,
    "EchoTrainLength": 31,
    "FlipAngle": 70,
    "ImageType": [
      "ORIGINAL",
      "PRIMARY",
      "M",
      "FFE",
      "M",
      "FFE"
    ],
    "InPlanePhaseEncodingDirectionDICOM": "COL",
    "InstitutionName": "Klinikum_rechts_der_Isar",
    "InstitutionalDepartmentName": "MRT",
    "MRAcquisitionType": "2D",
    "MagneticFieldStrength": 3,
    "Manufacturer": "Philips",
    "ManufacturersModelName": "Ingenia",
    "Modality": "MR",
    "MultibandAccelerationFactor": 2,
    "PatientPosition": "HFS",
    "PercentPhaseFOV": 100,
    "PhaseEncodingSteps": 62,
    "ProcedureStepDescription": "Studie_MR",
    "ReconMatrixPE": 64,
    "RepetitionTime": 1.25,
    "ScanOptions": "FS",
    "ScanningSequence": "GR",
    "SequenceVariant": "SK",
    "SliceThickness": 3,
    "SoftwareVersions": "5.1.8_5.1.8.1",
    "SpacingBetweenSlices": 3.3,
    "StationName": "mrkh",
    "TaskName": "Rest Pre",
    "dataset": "ds001927",
    "modality": "bold",
    "session_id": "ctr",
    "subject_id": "s012",
    "task_id": "restpre"
  },
  "dummy_trs": 0,
  "dvars_nstd": 35.52786465036725,
  "dvars_std": 1.186586799398998,
  "dvars_vstd": 0.9856195695325554,
  "efc": 0.5495944582722938,
  "fber": 3006.71826171875,
  "fd_mean": 0.1588712457073408,
  "fd_num": 136,
  "fd_perc": 22.666666666666668,
  "fwhm_avg": 1.6459657651036546,
  "fwhm_x": 1.6459733333333333,
  "fwhm_y": 1.7289966666666665,
  "fwhm_z": 1.5629272953109639,
  "gcor": 0.0286409,
  "gsr_x": 0.02231001667678356,
  "gsr_y": 0.012877382338047028,
  "provenance": {
    "md5sum": "c5c12db801683ebc2cbc7bfa05b6c73b",
    "settings": {
      "fd_thres": 0.2,
      "testing": false
    },
    "software": "mriqc",
    "version": "22.0.0rc1",
    "webapi_port": null,
    "webapi_url": "https://mriqc.nimh.nih.gov/api/v1"
  },
  "size_t": 600,
  "size_x": 64,
  "size_y": 64,
  "size_z": 40,
  "snr": 5.754610933891341,
  "spacing_tr": 1.25,
  "spacing_x": 3.0,
  "spacing_y": 3.0,
  "spacing_z": 3.299999952316284,
  "summary_bg_k": 10.913106299443578,
  "summary_bg_mad": 29.526122099358282,
  "summary_bg_mean": 66.89440155029297,
  "summary_bg_median": 21.82809066772461,
  "summary_bg_n": 91468.0,
  "summary_bg_p05": 0.8762830317020417,
  "summary_bg_p95": 328.9039474487304,
  "summary_bg_stdv": 119.26396179199219,
  "summary_fg_k": 3.1560976869678967,
  "summary_fg_mad": 175.61940885906975,
  "summary_fg_mean": 1252.5191650390625,
  "summary_fg_median": 1227.67529296875,
  "summary_fg_n": 35741.0,
  "summary_fg_p05": 968.3180541992188,
  "summary_fg_p95": 1623.497802734375,
  "summary_fg_stdv": 213.33468627929688,
  "tsnr": 45.130001068115234
}